{
  "aor": 0.0008328723404255319,
  "aqi": 0.004911436028368794,
  "bids_meta": {
    "EchoTime": 0.03,
    "EffectiveEchoSpacing": 0.00049999,
    "FlipAngle": 65,
    "ImageType": [
      "ORIGINAL",
      "PRIMARY",
      "M",
      "MB",
      "ND",
      "MOSAI"
    ],
    "MagneticFieldStrength": 3,
    "Manufacturer": "Siemens",
    "ManufacturersModelName": "Prisma",
    "PhaseEncodingDirection": "j-",
    "RepetitionTime": 1.224,
    "SliceTiming": [
      1.1375,
      1.07,
      1.0025,
      0.935,
      0.87,
      0.8025,
      0.735,
      0.6675,
      0.6025,
      0.535,
      0.4675,
      0.4,
      0.335,
      0.2675,
      0.2,
      0.1325,
      0.0675,
      0,
      1.1375,
      1.07,
      1.0025,
      0.935,
      0.87,
      0.8025,
      0.735,
      0.6675,
      0.6025,
      0.535,
      0.4675,
      0.4,
      0.335,
      0.2675,
      0.2,
      0.1325,
      0.0675,
      0,
      1.1375,
      1.07,
      1.0025,
      0.935,
      0.87,
      0.8025,
      0.735,
      0.6675,
      0.6025,
      0.535,
      0.4675,
      0.4,
      0.335,
      0.2675,
      0.2,
      0.1325,
      0.0675,
      0
    ],
    "TaskName": "illusion",
    "dataset": "ds002872",
    "modality": "bold",
    "run_id": 3,
    "subject_id": "19",
    "task_id": "illusion"
  },
  "dummy_trs": 2,
  "dvars_nstd": 40.55180119256226,
  "dvars_std": 1.1601561858007121,
  "dvars_vstd": 1.0047955179359433,
  "efc": 0.466004871450743,
  "fber": 14045.0068359375,
  "fd_mean": 0.2638510846994279,
  "fd_num": 185,
  "fd_perc": 65.60283687943263,
  "fwhm_avg": 2.6302200000000004,
  "fwhm_x": 2.4096800000000003,
  "fwhm_y": 2.6920200000000003,
  "fwhm_z": 2.7889600000000003,
  "gcor": 0.0104935,
  "gsr_x": 0.000997399096377194,
  "gsr_y": 0.03073924593627453,
  "provenance": {
    "md5sum": "a0da1c6cca42493be92df8f76291283f",
    "settings": {
      "fd_thres": 0.2,
      "testing": false
    },
    "software": "mriqc",
    "version": "23.0.1",
    "webapi_port": null,
    "webapi_url": "https://mriqc.nimh.nih.gov/api/v1"
  },
  "size_t": 282,
  "size_x": 84,
  "size_y": 84,
  "size_z": 54,
  "snr": 3.0640302371534607,
  "spacing_tr": 1.2239999771118164,
  "spacing_x": 2.5,
  "spacing_y": 2.5,
  "spacing_z": 2.5,
  "summary_bg_k": 97.94400579705652,
  "summary_bg_mad": 48.68402508115401,
  "summary_bg_mean": 400.3497314453125,
  "summary_bg_median": 71.24822235107422,
  "summary_bg_n": 253858.0,
  "summary_bg_p05": 33.33687973022461,
  "summary_bg_p95": 1811.7713745117185,
  "summary_bg_stdv": 1132.5897216796875,
  "summary_fg_k": 0.8503249460364386,
  "summary_fg_mad": 2545.2624261075434,
  "summary_fg_mean": 8773.294921875,
  "summary_fg_median": 8313.111328125,
  "summary_fg_n": 66862.0,
  "summary_fg_p05": 5181.152099609375,
  "summary_fg_p95": 13927.78125,
  "summary_fg_stdv": 2713.109375,
  "tsnr": 46.04004498105496
}