{
  "aor": 0.0012936395759717315,
  "aqi": 0.005221947667844524,
  "bids_meta": {
    "EchoTime": 0.03,
    "EffectiveEchoSpacing": 0.00049999,
    "FlipAngle": 65,
    "ImageType": [
      "ORIGINAL",
      "PRIMARY",
      "M",
      "MB",
      "ND",
      "MOSAI"
    ],
    "MagneticFieldStrength": 3,
    "Manufacturer": "Siemens",
    "ManufacturersModelName": "Prisma",
    "PhaseEncodingDirection": "j-",
    "RepetitionTime": 1.224,
    "SliceTiming": [
      1.1375,
      1.07,
      1.005,
      0.9375,
      0.87,
      0.8025,
      0.7375,
      0.67,
      0.6025,
      0.535,
      0.47,
      0.4025,
      0.335,
      0.2675,
      0.2025,
      0.135,
      0.0675,
      0,
      1.1375,
      1.07,
      1.005,
      0.9375,
      0.87,
      0.8025,
      0.7375,
      0.67,
      0.6025,
      0.535,
      0.47,
      0.4025,
      0.335,
      0.2675,
      0.2025,
      0.135,
      0.0675,
      0,
      1.1375,
      1.07,
      1.005,
      0.9375,
      0.87,
      0.8025,
      0.7375,
      0.67,
      0.6025,
      0.535,
      0.47,
      0.4025,
      0.335,
      0.2675,
      0.2025,
      0.135,
      0.0675,
      0
    ],
    "TaskName": "illusion",
    "dataset": "ds002872",
    "modality": "bold",
    "run_id": 2,
    "subject_id": "19",
    "task_id": "illusion"
  },
  "dummy_trs": 1,
  "dvars_nstd": 40.71110086258862,
  "dvars_std": 1.1602183280851064,
  "dvars_vstd": 1.00340735177305,
  "efc": 0.4657477523413278,
  "fber": 13397.712890625,
  "fd_mean": 0.2763417602138081,
  "fd_num": 185,
  "fd_perc": 65.37102473498233,
  "fwhm_avg": 2.631172,
  "fwhm_x": 2.403952,
  "fwhm_y": 2.691376,
  "fwhm_z": 2.798188,
  "gcor": 0.00950886,
  "gsr_x": 0.0013595997588708997,
  "gsr_y": 0.031229108572006226,
  "provenance": {
    "md5sum": "dee1b658c96ed5271cb0c5bcd4cff8e5",
    "settings": {
      "fd_thres": 0.2,
      "testing": false
    },
    "software": "mriqc",
    "version": "23.0.1",
    "webapi_port": null,
    "webapi_url": "https://mriqc.nimh.nih.gov/api/v1"
  },
  "size_t": 283,
  "size_x": 84,
  "size_y": 84,
  "size_z": 54,
  "snr": 3.0623207959524814,
  "spacing_tr": 1.2239999771118164,
  "spacing_x": 2.5,
  "spacing_y": 2.5,
  "spacing_z": 2.5,
  "summary_bg_k": 103.72462510800557,
  "summary_bg_mad": 55.112993337674986,
  "summary_bg_mean": 395.3858642578125,
  "summary_bg_median": 73.01060485839844,
  "summary_bg_n": 253560.0,
  "summary_bg_p05": 27.636043548583984,
  "summary_bg_p95": 1781.887664794921,
  "summary_bg_stdv": 1124.8533935546875,
  "summary_fg_k": 0.8270056890238839,
  "summary_fg_mad": 2560.1684422111275,
  "summary_fg_mean": 8784.5966796875,
  "summary_fg_median": 8330.6484375,
  "summary_fg_n": 66896.0,
  "summary_fg_p05": 5190.0626220703125,
  "summary_fg_p95": 13963.481201171875,
  "summary_fg_stdv": 2720.3505859375,
  "tsnr": 45.514293326064944
}