{
  "aor": 0.001247773851590106,
  "aqi": 0.002544220424028269,
  "bids_meta": {
    "EchoTime": 0.03,
    "EffectiveEchoSpacing": 0.00049999,
    "FlipAngle": 65,
    "ImageType": [
      "ORIGINAL",
      "PRIMARY",
      "M",
      "MB",
      "ND",
      "MOSAI"
    ],
    "MagneticFieldStrength": 3,
    "Manufacturer": "Siemens",
    "ManufacturersModelName": "Prisma",
    "PhaseEncodingDirection": "j-",
    "RepetitionTime": 1.224,
    "SliceTiming": [
      1.1375,
      1.07,
      1.005,
      0.9375,
      0.87,
      0.8025,
      0.7375,
      0.67,
      0.6025,
      0.535,
      0.47,
      0.4025,
      0.335,
      0.2675,
      0.2025,
      0.135,
      0.0675,
      0,
      1.1375,
      1.07,
      1.005,
      0.9375,
      0.87,
      0.8025,
      0.7375,
      0.67,
      0.6025,
      0.535,
      0.47,
      0.4025,
      0.335,
      0.2675,
      0.2025,
      0.135,
      0.0675,
      0,
      1.1375,
      1.07,
      1.005,
      0.9375,
      0.87,
      0.8025,
      0.7375,
      0.67,
      0.6025,
      0.535,
      0.47,
      0.4025,
      0.335,
      0.2675,
      0.2025,
      0.135,
      0.0675,
      0
    ],
    "TaskName": "illusion",
    "dataset": "ds002872",
    "modality": "bold",
    "run_id": 4,
    "subject_id": "15",
    "task_id": "illusion"
  },
  "dummy_trs": 1,
  "dvars_nstd": 31.28631365223406,
  "dvars_std": 1.1715360067730496,
  "dvars_vstd": 1.0147391606028369,
  "efc": 0.5266943069957581,
  "fber": 4804.33544921875,
  "fd_mean": 0.10153947966507215,
  "fd_num": 7,
  "fd_perc": 2.4734982332155475,
  "fwhm_avg": 2.974997333333333,
  "fwhm_x": 2.729588,
  "fwhm_y": 3.035324,
  "fwhm_z": 3.16008,
  "gcor": 0.0142692,
  "gsr_x": 0.023231087252497673,
  "gsr_y": 0.046083271503448486,
  "provenance": {
    "md5sum": "81a770918269ce219c72e34611cc7948",
    "settings": {
      "fd_thres": 0.2,
      "testing": false
    },
    "software": "mriqc",
    "version": "23.0.1",
    "webapi_port": null,
    "webapi_url": "https://mriqc.nimh.nih.gov/api/v1"
  },
  "size_t": 283,
  "size_x": 84,
  "size_y": 84,
  "size_z": 54,
  "snr": 2.2404742158803197,
  "spacing_tr": 1.2239999771118164,
  "spacing_x": 2.5,
  "spacing_y": 2.5,
  "spacing_z": 2.5,
  "summary_bg_k": 38.061538963228664,
  "summary_bg_mad": 135.5350580490113,
  "summary_bg_mean": 663.0160522460938,
  "summary_bg_median": 131.8288116455078,
  "summary_bg_n": 223633.0,
  "summary_bg_p05": 32.63600845336914,
  "summary_bg_p95": 3199.315625,
  "summary_bg_stdv": 1444.6065673828125,
  "summary_fg_k": 2.0685138194340507,
  "summary_fg_mad": 3562.7637139382505,
  "summary_fg_mean": 10527.892578125,
  "summary_fg_median": 9512.984375,
  "summary_fg_n": 89106.0,
  "summary_fg_p05": 5461.501953125,
  "summary_fg_p95": 18825.3076171875,
  "summary_fg_stdv": 4245.9453125,
  "tsnr": 58.220924377441406
}