{
  "aor": 0.0008593262411347517,
  "aqi": 0.0032040190070921986,
  "bids_meta": {
    "EchoTime": 0.03,
    "EffectiveEchoSpacing": 0.00049999,
    "FlipAngle": 65,
    "ImageType": [
      "ORIGINAL",
      "PRIMARY",
      "M",
      "MB",
      "ND",
      "MOSAI"
    ],
    "MagneticFieldStrength": 3,
    "Manufacturer": "Siemens",
    "ManufacturersModelName": "Prisma",
    "PhaseEncodingDirection": "j-",
    "RepetitionTime": 1.224,
    "SliceTiming": [
      1.1375,
      1.07,
      1.0025,
      0.9375,
      0.87,
      0.8025,
      0.735,
      0.67,
      0.6025,
      0.535,
      0.4675,
      0.4025,
      0.335,
      0.2675,
      0.2,
      0.135,
      0.0675,
      0,
      1.1375,
      1.07,
      1.0025,
      0.9375,
      0.87,
      0.8025,
      0.735,
      0.67,
      0.6025,
      0.535,
      0.4675,
      0.4025,
      0.335,
      0.2675,
      0.2,
      0.135,
      0.0675,
      0,
      1.1375,
      1.07,
      1.0025,
      0.9375,
      0.87,
      0.8025,
      0.735,
      0.67,
      0.6025,
      0.535,
      0.4675,
      0.4025,
      0.335,
      0.2675,
      0.2,
      0.135,
      0.0675,
      0
    ],
    "TaskName": "illusion",
    "dataset": "ds002872",
    "modality": "bold",
    "run_id": 3,
    "subject_id": "15",
    "task_id": "illusion"
  },
  "dummy_trs": 2,
  "dvars_nstd": 31.04548349772242,
  "dvars_std": 1.1505077087900355,
  "dvars_vstd": 0.9988092026690388,
  "efc": 0.5266567578799469,
  "fber": 4790.86767578125,
  "fd_mean": 0.09784680817092846,
  "fd_num": 3,
  "fd_perc": 1.0638297872340425,
  "fwhm_avg": 2.983844,
  "fwhm_x": 2.727824,
  "fwhm_y": 3.058312,
  "fwhm_z": 3.1653960000000003,
  "gcor": 0.0130231,
  "gsr_x": 0.022991497069597244,
  "gsr_y": 0.04632959142327309,
  "provenance": {
    "md5sum": "76bbdeadd87f6edf82d8c47c9fb13855",
    "settings": {
      "fd_thres": 0.2,
      "testing": false
    },
    "software": "mriqc",
    "version": "23.0.1",
    "webapi_port": null,
    "webapi_url": "https://mriqc.nimh.nih.gov/api/v1"
  },
  "size_t": 282,
  "size_x": 84,
  "size_y": 84,
  "size_z": 54,
  "snr": 2.250204428185907,
  "spacing_tr": 1.2239999771118164,
  "spacing_x": 2.5,
  "spacing_y": 2.5,
  "spacing_z": 2.5,
  "summary_bg_k": 38.96590543529848,
  "summary_bg_mad": 140.25935386566124,
  "summary_bg_mean": 659.422607421875,
  "summary_bg_median": 132.26731872558594,
  "summary_bg_n": 223393.0,
  "summary_bg_p05": 27.888592529296876,
  "summary_bg_p95": 3158.5830566406235,
  "summary_bg_stdv": 1447.786376953125,
  "summary_fg_k": 2.01255483707474,
  "summary_fg_mad": 3565.086433283014,
  "summary_fg_mean": 10536.7041015625,
  "summary_fg_median": 9532.3984375,
  "summary_fg_n": 89201.0,
  "summary_fg_p05": 5480.35595703125,
  "summary_fg_p95": 18784.1953125,
  "summary_fg_stdv": 4236.212890625,
  "tsnr": 54.43965148925781
}