{
  "aor": 0.004228657243816254,
  "aqi": 0.006521627455830389,
  "bids_meta": {
    "EchoTime": 0.03,
    "EffectiveEchoSpacing": 0.00049999,
    "FlipAngle": 65,
    "ImageType": [
      "ORIGINAL",
      "PRIMARY",
      "M",
      "MB",
      "ND",
      "MOSAI"
    ],
    "MagneticFieldStrength": 3,
    "Manufacturer": "Siemens",
    "ManufacturersModelName": "Prisma",
    "PhaseEncodingDirection": "j-",
    "RepetitionTime": 1.224,
    "SliceTiming": [
      1.135,
      1.07,
      1.0025,
      0.935,
      0.8675,
      0.8025,
      0.735,
      0.6675,
      0.6,
      0.535,
      0.4675,
      0.4,
      0.3325,
      0.2675,
      0.2,
      0.1325,
      0.065,
      0,
      1.135,
      1.07,
      1.0025,
      0.935,
      0.8675,
      0.8025,
      0.735,
      0.6675,
      0.6,
      0.535,
      0.4675,
      0.4,
      0.3325,
      0.2675,
      0.2,
      0.1325,
      0.065,
      0,
      1.135,
      1.07,
      1.0025,
      0.935,
      0.8675,
      0.8025,
      0.735,
      0.6675,
      0.6,
      0.535,
      0.4675,
      0.4,
      0.3325,
      0.2675,
      0.2,
      0.1325,
      0.065,
      0
    ],
    "TaskName": "illusion",
    "dataset": "ds002872",
    "modality": "bold",
    "run_id": 3,
    "subject_id": "04",
    "task_id": "illusion"
  },
  "dummy_trs": 1,
  "dvars_nstd": 43.67736108269503,
  "dvars_std": 1.2222821051773063,
  "dvars_vstd": 1.0533941197163126,
  "efc": 0.4680572999653891,
  "fber": 11471.806640625,
  "fd_mean": 0.30915716473954646,
  "fd_num": 200,
  "fd_perc": 70.6713780918728,
  "fwhm_avg": 2.6344893333333332,
  "fwhm_x": 2.3617879999999998,
  "fwhm_y": 2.78176,
  "fwhm_z": 2.75992,
  "gcor": 0.00898918,
  "gsr_x": 0.0026152858044952154,
  "gsr_y": 0.018002940341830254,
  "provenance": {
    "md5sum": "8972aa015d475f1a7498b6a2db234885",
    "settings": {
      "fd_thres": 0.2,
      "testing": false
    },
    "software": "mriqc",
    "version": "23.0.1",
    "webapi_port": null,
    "webapi_url": "https://mriqc.nimh.nih.gov/api/v1"
  },
  "size_t": 283,
  "size_x": 84,
  "size_y": 84,
  "size_z": 54,
  "snr": 3.0006616152365067,
  "spacing_tr": 1.2239999771118164,
  "spacing_x": 2.5,
  "spacing_y": 2.5,
  "spacing_z": 2.5,
  "summary_bg_k": 65.89089275539627,
  "summary_bg_mad": 59.76964723792277,
  "summary_bg_mean": 334.17877197265625,
  "summary_bg_median": 75.30192565917969,
  "summary_bg_n": 249696.0,
  "summary_bg_p05": 26.782605171203613,
  "summary_bg_p95": 1487.5570373535156,
  "summary_bg_stdv": 799.6927490234375,
  "summary_fg_k": 1.031068651296862,
  "summary_fg_mad": 2478.3516758385367,
  "summary_fg_mean": 8749.693359375,
  "summary_fg_median": 8293.0693359375,
  "summary_fg_n": 67034.0,
  "summary_fg_p05": 4989.894384765625,
  "summary_fg_p95": 13981.841162109375,
  "summary_fg_stdv": 2763.726318359375,
  "tsnr": 42.84542465209961
}