{
  "aor": 0.0007356846473029045,
  "aqi": 0.005840133962655602,
  "bids_meta": {
    "EchoTime": 0.03,
    "EffectiveEchoSpacing": 0.00049999,
    "FlipAngle": 65,
    "ImageType": [
      "ORIGINAL",
      "PRIMARY",
      "M",
      "MB",
      "ND",
      "MOSAI"
    ],
    "MagneticFieldStrength": 3,
    "Manufacturer": "Siemens",
    "ManufacturersModelName": "Prisma",
    "PhaseEncodingDirection": "j-",
    "RepetitionTime": 1.224,
    "SliceTiming": [
      1.1375,
      1.07,
      1.0025,
      0.935,
      0.87,
      0.8025,
      0.735,
      0.6675,
      0.6025,
      0.535,
      0.4675,
      0.4,
      0.335,
      0.2675,
      0.2,
      0.1325,
      0.0675,
      0,
      1.1375,
      1.07,
      1.0025,
      0.935,
      0.87,
      0.8025,
      0.735,
      0.6675,
      0.6025,
      0.535,
      0.4675,
      0.4,
      0.335,
      0.2675,
      0.2,
      0.1325,
      0.0675,
      0,
      1.1375,
      1.07,
      1.0025,
      0.935,
      0.87,
      0.8025,
      0.735,
      0.6675,
      0.6025,
      0.535,
      0.4675,
      0.4,
      0.335,
      0.2675,
      0.2,
      0.1325,
      0.0675,
      0
    ],
    "TaskName": "rest",
    "dataset": "ds002872",
    "modality": "bold",
    "subject_id": "04",
    "task_id": "rest"
  },
  "dummy_trs": 2,
  "dvars_nstd": 40.68296903569647,
  "dvars_std": 1.1597967533056133,
  "dvars_vstd": 0.9963127926403325,
  "efc": 0.4667818919243241,
  "fber": 10390.5087890625,
  "fd_mean": 0.23788840306608952,
  "fd_num": 297,
  "fd_perc": 61.61825726141079,
  "fwhm_avg": 2.6431093333333338,
  "fwhm_x": 2.3922920000000003,
  "fwhm_y": 2.791936,
  "fwhm_z": 2.7451,
  "gcor": 0.00630231,
  "gsr_x": 0.002853072015568614,
  "gsr_y": 0.01985372230410576,
  "provenance": {
    "md5sum": "1763fab6cfa1b7219baa06f6967aa689",
    "settings": {
      "fd_thres": 0.2,
      "testing": false
    },
    "software": "mriqc",
    "version": "23.0.1",
    "webapi_port": null,
    "webapi_url": "https://mriqc.nimh.nih.gov/api/v1"
  },
  "size_t": 482,
  "size_x": 84,
  "size_y": 84,
  "size_z": 54,
  "snr": 3.017431597866324,
  "spacing_tr": 1.2239999771118164,
  "spacing_x": 2.5,
  "spacing_y": 2.5,
  "spacing_z": 2.5,
  "summary_bg_k": 58.15385863090986,
  "summary_bg_mad": 69.46698127300218,
  "summary_bg_mean": 365.3808288574219,
  "summary_bg_median": 80.78216552734375,
  "summary_bg_n": 252585.0,
  "summary_bg_p05": 25.058507156372073,
  "summary_bg_p95": 1663.2635498046864,
  "summary_bg_stdv": 887.4795532226562,
  "summary_fg_k": 0.8719594483599571,
  "summary_fg_mad": 2488.05555349379,
  "summary_fg_mean": 8744.103515625,
  "summary_fg_median": 8297.7685546875,
  "summary_fg_n": 66659.0,
  "summary_fg_p05": 4991.54365234375,
  "summary_fg_p95": 13932.58271484375,
  "summary_fg_stdv": 2749.923583984375,
  "tsnr": 44.965272260131314
}