{
  "aor": 0.004059434628975266,
  "aqi": 0.022518919293286224,
  "bids_meta": {
    "EchoTime": 0.03,
    "EffectiveEchoSpacing": 0.00049999,
    "FlipAngle": 65,
    "ImageType": [
      "ORIGINAL",
      "PRIMARY",
      "M",
      "MB",
      "ND",
      "MOSAI"
    ],
    "MagneticFieldStrength": 3,
    "Manufacturer": "Siemens",
    "ManufacturersModelName": "Prisma",
    "PhaseEncodingDirection": "j-",
    "RepetitionTime": 1.224,
    "SliceTiming": [
      1.1375,
      1.07,
      1.0025,
      0.935,
      0.87,
      0.8025,
      0.735,
      0.6675,
      0.6025,
      0.535,
      0.4675,
      0.4,
      0.335,
      0.2675,
      0.2,
      0.1325,
      0.0675,
      0,
      1.1375,
      1.07,
      1.0025,
      0.935,
      0.87,
      0.8025,
      0.735,
      0.6675,
      0.6025,
      0.535,
      0.4675,
      0.4,
      0.335,
      0.2675,
      0.2,
      0.1325,
      0.0675,
      0,
      1.1375,
      1.07,
      1.0025,
      0.935,
      0.87,
      0.8025,
      0.735,
      0.6675,
      0.6025,
      0.535,
      0.4675,
      0.4,
      0.335,
      0.2675,
      0.2,
      0.1325,
      0.0675,
      0
    ],
    "TaskName": "illusion",
    "dataset": "ds002872",
    "modality": "bold",
    "run_id": 1,
    "subject_id": "33",
    "task_id": "illusion"
  },
  "dummy_trs": 1,
  "dvars_nstd": 49.64680752159576,
  "dvars_std": 1.016087589148936,
  "dvars_vstd": 0.9423127663120565,
  "efc": 0.4613260669528879,
  "fber": 11593.8408203125,
  "fd_mean": 0.618599652719299,
  "fd_num": 200,
  "fd_perc": 70.6713780918728,
  "fwhm_avg": 2.7911,
  "fwhm_x": 2.479524,
  "fwhm_y": 2.9873719999999997,
  "fwhm_z": 2.9064039999999998,
  "gcor": 0.0134937,
  "gsr_x": -0.005897519178688526,
  "gsr_y": 0.03021128475666046,
  "provenance": {
    "md5sum": "d94ddbd9d46e0e7b2af7be1c24b94829",
    "settings": {
      "fd_thres": 0.2,
      "testing": false
    },
    "software": "mriqc",
    "version": "23.0.1",
    "webapi_port": null,
    "webapi_url": "https://mriqc.nimh.nih.gov/api/v1"
  },
  "size_t": 283,
  "size_x": 84,
  "size_y": 84,
  "size_z": 54,
  "snr": 3.0523908347203266,
  "spacing_tr": 1.2239999771118164,
  "spacing_x": 2.5,
  "spacing_y": 2.5,
  "spacing_z": 2.5,
  "summary_bg_k": 156.0422987642179,
  "summary_bg_mad": 64.22862951441037,
  "summary_bg_mean": 324.26556396484375,
  "summary_bg_median": 78.72438049316406,
  "summary_bg_n": 251879.0,
  "summary_bg_p05": 25.116607666015625,
  "summary_bg_p95": 1345.0035400390616,
  "summary_bg_stdv": 859.712158203125,
  "summary_fg_k": 0.5866240021967566,
  "summary_fg_mad": 2650.8413678806364,
  "summary_fg_mean": 8878.2724609375,
  "summary_fg_median": 8420.4033203125,
  "summary_fg_n": 67083.0,
  "summary_fg_p05": 5222.945556640625,
  "summary_fg_p95": 14012.158398437487,
  "summary_fg_stdv": 2758.60498046875,
  "tsnr": 27.303887189249508
}