{
  "aor": 0.005292650176678446,
  "aqi": 0.014514101378091872,
  "bids_meta": {
    "EchoTime": 0.03,
    "EffectiveEchoSpacing": 0.00049999,
    "FlipAngle": 65,
    "ImageType": [
      "ORIGINAL",
      "PRIMARY",
      "M",
      "MB",
      "ND",
      "MOSAI"
    ],
    "MagneticFieldStrength": 3,
    "Manufacturer": "Siemens",
    "ManufacturersModelName": "Prisma",
    "PhaseEncodingDirection": "j-",
    "RepetitionTime": 1.224,
    "SliceTiming": [
      1.1375,
      1.07,
      1.005,
      0.9375,
      0.87,
      0.8025,
      0.7375,
      0.67,
      0.6025,
      0.535,
      0.47,
      0.4025,
      0.335,
      0.2675,
      0.2025,
      0.135,
      0.0675,
      0,
      1.1375,
      1.07,
      1.005,
      0.9375,
      0.87,
      0.8025,
      0.7375,
      0.67,
      0.6025,
      0.535,
      0.47,
      0.4025,
      0.335,
      0.2675,
      0.2025,
      0.135,
      0.0675,
      0,
      1.1375,
      1.07,
      1.005,
      0.9375,
      0.87,
      0.8025,
      0.7375,
      0.67,
      0.6025,
      0.535,
      0.47,
      0.4025,
      0.335,
      0.2675,
      0.2025,
      0.135,
      0.0675,
      0
    ],
    "TaskName": "illusion",
    "dataset": "ds002872",
    "modality": "bold",
    "run_id": 4,
    "subject_id": "33",
    "task_id": "illusion"
  },
  "dummy_trs": 1,
  "dvars_nstd": 48.843091301666696,
  "dvars_std": 1.0712763012056745,
  "dvars_vstd": 0.9789702830141842,
  "efc": 0.46039561832986525,
  "fber": 14375.2861328125,
  "fd_mean": 0.6876358737071353,
  "fd_num": 217,
  "fd_perc": 76.67844522968198,
  "fwhm_avg": 2.7410293333333335,
  "fwhm_x": 2.477208,
  "fwhm_y": 2.908252,
  "fwhm_z": 2.837628,
  "gcor": 0.0110541,
  "gsr_x": -0.004506209399551153,
  "gsr_y": 0.030619259923696518,
  "provenance": {
    "md5sum": "53d860bc80c8216e00596680dab93927",
    "settings": {
      "fd_thres": 0.2,
      "testing": false
    },
    "software": "mriqc",
    "version": "23.0.1",
    "webapi_port": null,
    "webapi_url": "https://mriqc.nimh.nih.gov/api/v1"
  },
  "size_t": 283,
  "size_x": 84,
  "size_y": 84,
  "size_z": 54,
  "snr": 3.0989490873828966,
  "spacing_tr": 1.2239999771118164,
  "spacing_x": 2.5,
  "spacing_y": 2.5,
  "spacing_z": 2.5,
  "summary_bg_k": 115.37131362896191,
  "summary_bg_mad": 50.010321309391514,
  "summary_bg_mean": 353.87603759765625,
  "summary_bg_median": 71.18374633789062,
  "summary_bg_n": 253967.0,
  "summary_bg_p05": 31.441696166992188,
  "summary_bg_p95": 1493.0215454101549,
  "summary_bg_stdv": 992.3713989257812,
  "summary_fg_k": 0.7684533928186164,
  "summary_fg_mad": 2621.5179863070093,
  "summary_fg_mean": 8909.7587890625,
  "summary_fg_median": 8472.5263671875,
  "summary_fg_n": 66325.0,
  "summary_fg_p05": 5313.62197265625,
  "summary_fg_p95": 13975.648632812492,
  "summary_fg_stdv": 2733.979248046875,
  "tsnr": 29.544960029423237
}