{
  "aor": 0.006906325088339222,
  "aqi": 0.012811169646643108,
  "bids_meta": {
    "EchoTime": 0.03,
    "EffectiveEchoSpacing": 0.00049999,
    "FlipAngle": 65,
    "ImageType": [
      "ORIGINAL",
      "PRIMARY",
      "M",
      "MB",
      "ND",
      "MOSAI"
    ],
    "MagneticFieldStrength": 3,
    "Manufacturer": "Siemens",
    "ManufacturersModelName": "Prisma",
    "PhaseEncodingDirection": "j-",
    "RepetitionTime": 1.224,
    "SliceTiming": [
      1.1375,
      1.07,
      1.0025,
      0.9375,
      0.87,
      0.8025,
      0.735,
      0.6675,
      0.6025,
      0.535,
      0.4675,
      0.4,
      0.335,
      0.2675,
      0.2,
      0.1325,
      0.0675,
      0,
      1.1375,
      1.07,
      1.0025,
      0.9375,
      0.87,
      0.8025,
      0.735,
      0.6675,
      0.6025,
      0.535,
      0.4675,
      0.4,
      0.335,
      0.2675,
      0.2,
      0.1325,
      0.0675,
      0,
      1.1375,
      1.07,
      1.0025,
      0.9375,
      0.87,
      0.8025,
      0.735,
      0.6675,
      0.6025,
      0.535,
      0.4675,
      0.4,
      0.335,
      0.2675,
      0.2,
      0.1325,
      0.0675,
      0
    ],
    "TaskName": "illusion",
    "dataset": "ds002872",
    "modality": "bold",
    "run_id": 2,
    "subject_id": "33",
    "task_id": "illusion"
  },
  "dummy_trs": 1,
  "dvars_nstd": 49.42406557648936,
  "dvars_std": 1.1328145656737583,
  "dvars_vstd": 1.015684529751773,
  "efc": 0.46064233448752295,
  "fber": 14060.8955078125,
  "fd_mean": 0.634844866442605,
  "fd_num": 219,
  "fd_perc": 77.3851590106007,
  "fwhm_avg": 2.7573346666666665,
  "fwhm_x": 2.48858,
  "fwhm_y": 2.929792,
  "fwhm_z": 2.853632,
  "gcor": 0.00905421,
  "gsr_x": -0.006377732381224632,
  "gsr_y": 0.033104367554187775,
  "provenance": {
    "md5sum": "3d5e6f7ea901a0f2c4549dd59fe88edd",
    "settings": {
      "fd_thres": 0.2,
      "testing": false
    },
    "software": "mriqc",
    "version": "23.0.1",
    "webapi_port": null,
    "webapi_url": "https://mriqc.nimh.nih.gov/api/v1"
  },
  "size_t": 283,
  "size_x": 84,
  "size_y": 84,
  "size_z": 54,
  "snr": 3.0752170785827264,
  "spacing_tr": 1.2239999771118164,
  "spacing_x": 2.5,
  "spacing_y": 2.5,
  "spacing_z": 2.5,
  "summary_bg_k": 143.30558998920145,
  "summary_bg_mad": 51.76010344200701,
  "summary_bg_mean": 332.88275146484375,
  "summary_bg_median": 71.28621673583984,
  "summary_bg_n": 252247.0,
  "summary_bg_p05": 28.82791500091553,
  "summary_bg_p95": 1404.456591796872,
  "summary_bg_stdv": 946.0548095703125,
  "summary_fg_k": 0.7111314542207281,
  "summary_fg_mad": 2627.6474750687707,
  "summary_fg_mean": 8891.939453125,
  "summary_fg_median": 8442.2158203125,
  "summary_fg_n": 66762.0,
  "summary_fg_p05": 5276.182934570313,
  "summary_fg_p95": 13987.737255859374,
  "summary_fg_stdv": 2745.2216796875,
  "tsnr": 30.94659253396094
}