{
  "aor": 0.011736702127659574,
  "aqi": 0.00669796439716312,
  "bids_meta": {
    "AcquisitionDateTime": "2019-11-07T15:16:08.677500",
    "AcquisitionMatrixPE": 84,
    "AcquisitionNumber": 1,
    "AcquisitionTime": "15:16:8.677500",
    "BandwidthPerPixelPhaseEncode": 23.81,
    "BaseResolution": 84,
    "BodyPartExamined": "HEAD",
    "ConsistencyInfo": "N4_VE11C_LATEST_20160120",
    "ConversionSoftware": "dcm2niix",
    "ConversionSoftwareVersion": "v1.0.20171215 GCC5.1.0",
    "DerivedVendorReportedEchoSpacing": 0.00049999,
    "DeviceSerialNumber": "66072",
    "DwellTime": 2.2e-06,
    "EchoTime": 0.03,
    "EchoTrainLength": 84,
    "EffectiveEchoSpacing": 0.00049999,
    "FlipAngle": 65,
    "ImageComments": "Unaliased_MB3_PE3_LB_SENSE1",
    "ImageOrientationPatientDICOM": [
      0.99907,
      -0.0408012,
      0.0139467,
      0.0406508,
      0.999114,
      0.0109061
    ],
    "ImageType": [
      "ORIGINAL",
      "PRIMARY",
      "M",
      "MB",
      "ND",
      "MOSAIC"
    ],
    "InPlanePhaseEncodingDirectionDICOM": "COL",
    "InstitutionAddress": "Boulevard_Jean_Moulin_27_Marseille_District_FR_13005",
    "InstitutionName": "Universite_d_aix_Marseille",
    "InstitutionalDepartmentName": "Department",
    "MRAcquisitionType": "2D",
    "MagneticFieldStrength": 3,
    "Manufacturer": "Siemens",
    "ManufacturersModelName": "Prisma",
    "Modality": "MR",
    "MultibandAccelerationFactor": 3,
    "PartialFourier": 1,
    "PatientPosition": "HFS",
    "PercentPhaseFOV": 100,
    "PhaseEncodingDirection": "j-",
    "PhaseEncodingSteps": 84,
    "PhaseResolution": 1,
    "PixelBandwidth": 2705,
    "ProcedureStepDescription": "Projets_archives_Aging",
    "ProtocolName": "task-illusion_run1_bold",
    "PulseSequenceDetails": "%CustomerSeq%_cmrr_mbep2d_bold",
    "ReceiveCoilActiveElements": "HC1-7",
    "ReceiveCoilName": "HeadNeck_64",
    "ReconMatrixPE": 84,
    "RepetitionTime": 1.224,
    "SAR": 0.0833303,
    "ScanOptions": "FS",
    "ScanningSequence": "EP",
    "SequenceName": "epfid2d1_84",
    "SequenceVariant": "SK_SS",
    "SeriesDescription": "task-illusion_run1_bold",
    "SeriesNumber": 16,
    "ShimSetting": [
      -607,
      -10755,
      -528,
      515,
      6,
      70,
      91,
      13
    ],
    "SliceThickness": 2.5,
    "SliceTiming": [
      1.1375,
      1.07,
      1.005,
      0.9375,
      0.87,
      0.8025,
      0.7375,
      0.67,
      0.6025,
      0.535,
      0.47,
      0.4025,
      0.335,
      0.2675,
      0.2025,
      0.135,
      0.0675,
      0,
      1.1375,
      1.07,
      1.005,
      0.9375,
      0.87,
      0.8025,
      0.7375,
      0.67,
      0.6025,
      0.535,
      0.47,
      0.4025,
      0.335,
      0.2675,
      0.2025,
      0.135,
      0.0675,
      0,
      1.1375,
      1.07,
      1.005,
      0.9375,
      0.87,
      0.8025,
      0.7375,
      0.67,
      0.6025,
      0.535,
      0.47,
      0.4025,
      0.335,
      0.2675,
      0.2025,
      0.135,
      0.0675,
      0
    ],
    "SoftwareVersions": "syngo_MR_E11",
    "SpacingBetweenSlices": 2.5,
    "StationName": "AWP66072",
    "TaskName": "illusion",
    "TotalReadoutTime": 0.04199916,
    "TxRefAmp": 229.525,
    "dataset": "ds002872",
    "modality": "bold",
    "run_id": 1,
    "subject_id": "36",
    "task_id": "illusion"
  },
  "dummy_trs": 2,
  "dvars_nstd": 30.418176087722404,
  "dvars_std": 1.1519789420996438,
  "dvars_vstd": 1.0435694273309606,
  "efc": 0.46172891972079977,
  "fber": 14351.4951171875,
  "fd_mean": 0.16133146400978932,
  "fd_num": 42,
  "fd_perc": 14.893617021276595,
  "fwhm_avg": 2.8449946666666666,
  "fwhm_x": 2.615436,
  "fwhm_y": 2.958044,
  "fwhm_z": 2.961504,
  "gcor": 0.00672146,
  "gsr_x": -0.001301377429626882,
  "gsr_y": 0.017814122140407562,
  "provenance": {
    "md5sum": "dd452bcb24eff90e40e76809e5676cd4",
    "settings": {
      "fd_thres": 0.2,
      "testing": false
    },
    "software": "mriqc",
    "version": "23.0.1",
    "webapi_port": null,
    "webapi_url": "https://mriqc.nimh.nih.gov/api/v1"
  },
  "size_t": 282,
  "size_x": 84,
  "size_y": 84,
  "size_z": 54,
  "snr": 2.946999881433475,
  "spacing_tr": 1.2239999771118164,
  "spacing_x": 2.5,
  "spacing_y": 2.5,
  "spacing_z": 2.5,
  "summary_bg_k": 30.7129836834223,
  "summary_bg_mad": 67.73107252006349,
  "summary_bg_mean": 410.5755920410156,
  "summary_bg_median": 83.49996948242188,
  "summary_bg_n": 251416.0,
  "summary_bg_p05": 27.974843502044678,
  "summary_bg_p95": 2084.8370361328125,
  "summary_bg_stdv": 958.2335205078125,
  "summary_fg_k": 1.1721357301543458,
  "summary_fg_mad": 3001.5976883435833,
  "summary_fg_mean": 10760.1884765625,
  "summary_fg_median": 10201.6484375,
  "summary_fg_n": 65928.0,
  "summary_fg_p05": 6045.28017578125,
  "summary_fg_p95": 17470.731249999997,
  "summary_fg_stdv": 3461.68017578125,
  "tsnr": 42.89968490600586
}