{
  "aor": 0.002310035335689046,
  "aqi": 0.005968438445229682,
  "bids_meta": {
    "AcquisitionDateTime": "2019-11-07T15:23:49.390000",
    "AcquisitionMatrixPE": 84,
    "AcquisitionNumber": 1,
    "AcquisitionTime": "15:23:49.390000",
    "BandwidthPerPixelPhaseEncode": 23.81,
    "BaseResolution": 84,
    "BodyPartExamined": "HEAD",
    "ConsistencyInfo": "N4_VE11C_LATEST_20160120",
    "ConversionSoftware": "dcm2niix",
    "ConversionSoftwareVersion": "v1.0.20171215 GCC5.1.0",
    "DerivedVendorReportedEchoSpacing": 0.00049999,
    "DeviceSerialNumber": "66072",
    "DwellTime": 2.2e-06,
    "EchoTime": 0.03,
    "EchoTrainLength": 84,
    "EffectiveEchoSpacing": 0.00049999,
    "FlipAngle": 65,
    "ImageComments": "Unaliased_MB3_PE3_LB_SENSE1",
    "ImageOrientationPatientDICOM": [
      0.99907,
      -0.0408012,
      0.0139467,
      0.0406508,
      0.999114,
      0.0109061
    ],
    "ImageType": [
      "ORIGINAL",
      "PRIMARY",
      "M",
      "MB",
      "ND",
      "MOSAIC"
    ],
    "InPlanePhaseEncodingDirectionDICOM": "COL",
    "InstitutionAddress": "Boulevard_Jean_Moulin_27_Marseille_District_FR_13005",
    "InstitutionName": "Universite_d_aix_Marseille",
    "InstitutionalDepartmentName": "Department",
    "MRAcquisitionType": "2D",
    "MagneticFieldStrength": 3,
    "Manufacturer": "Siemens",
    "ManufacturersModelName": "Prisma",
    "Modality": "MR",
    "MultibandAccelerationFactor": 3,
    "PartialFourier": 1,
    "PatientPosition": "HFS",
    "PercentPhaseFOV": 100,
    "PhaseEncodingDirection": "j-",
    "PhaseEncodingSteps": 84,
    "PhaseResolution": 1,
    "PixelBandwidth": 2705,
    "ProcedureStepDescription": "Projets_archives_Aging",
    "ProtocolName": "task-illusion_run2_bold",
    "PulseSequenceDetails": "%CustomerSeq%_cmrr_mbep2d_bold",
    "ReceiveCoilActiveElements": "HC1-7",
    "ReceiveCoilName": "HeadNeck_64",
    "ReconMatrixPE": 84,
    "RepetitionTime": 1.224,
    "SAR": 0.0833303,
    "ScanOptions": "FS",
    "ScanningSequence": "EP",
    "SequenceName": "epfid2d1_84",
    "SequenceVariant": "SK_SS",
    "SeriesDescription": "task-illusion_run2_bold",
    "SeriesNumber": 18,
    "ShimSetting": [
      -607,
      -10755,
      -528,
      515,
      6,
      70,
      91,
      13
    ],
    "SliceThickness": 2.5,
    "SliceTiming": [
      1.1375,
      1.07,
      1.005,
      0.9375,
      0.87,
      0.8025,
      0.7375,
      0.67,
      0.6025,
      0.535,
      0.47,
      0.4025,
      0.335,
      0.2675,
      0.2025,
      0.135,
      0.0675,
      0,
      1.1375,
      1.07,
      1.005,
      0.9375,
      0.87,
      0.8025,
      0.7375,
      0.67,
      0.6025,
      0.535,
      0.47,
      0.4025,
      0.335,
      0.2675,
      0.2025,
      0.135,
      0.0675,
      0,
      1.1375,
      1.07,
      1.005,
      0.9375,
      0.87,
      0.8025,
      0.7375,
      0.67,
      0.6025,
      0.535,
      0.47,
      0.4025,
      0.335,
      0.2675,
      0.2025,
      0.135,
      0.0675,
      0
    ],
    "SoftwareVersions": "syngo_MR_E11",
    "SpacingBetweenSlices": 2.5,
    "StationName": "AWP66072",
    "TaskName": "illusion",
    "TotalReadoutTime": 0.04199916,
    "TxRefAmp": 229.525,
    "dataset": "ds002872",
    "modality": "bold",
    "run_id": 2,
    "subject_id": "36",
    "task_id": "illusion"
  },
  "dummy_trs": 1,
  "dvars_nstd": 28.906724111276596,
  "dvars_std": 1.0394150291134754,
  "dvars_vstd": 0.9557997187588653,
  "efc": 0.4621639354608614,
  "fber": 14796.154296875,
  "fd_mean": 0.14789140393990535,
  "fd_num": 39,
  "fd_perc": 13.780918727915195,
  "fwhm_avg": 2.8614479999999998,
  "fwhm_x": 2.644212,
  "fwhm_y": 2.999468,
  "fwhm_z": 2.940664,
  "gcor": 0.0098388,
  "gsr_x": -0.0020546424202620983,
  "gsr_y": 0.022008411586284637,
  "provenance": {
    "md5sum": "559d2b2dfd653708ad7c47760604a22f",
    "settings": {
      "fd_thres": 0.2,
      "testing": false
    },
    "software": "mriqc",
    "version": "23.0.1",
    "webapi_port": null,
    "webapi_url": "https://mriqc.nimh.nih.gov/api/v1"
  },
  "size_t": 283,
  "size_x": 84,
  "size_y": 84,
  "size_z": 54,
  "snr": 2.930632377760633,
  "spacing_tr": 1.2239999771118164,
  "spacing_x": 2.5,
  "spacing_y": 2.5,
  "spacing_z": 2.5,
  "summary_bg_k": 32.592402089160096,
  "summary_bg_mad": 67.31926559205426,
  "summary_bg_mean": 430.60223388671875,
  "summary_bg_median": 82.40325164794922,
  "summary_bg_n": 252111.0,
  "summary_bg_p05": 28.61031150817871,
  "summary_bg_p95": 2193.992431640625,
  "summary_bg_stdv": 1015.131103515625,
  "summary_fg_k": 1.1378232272012259,
  "summary_fg_mad": 3012.8395486224767,
  "summary_fg_mean": 10739.076171875,
  "summary_fg_median": 10177.7626953125,
  "summary_fg_n": 65987.0,
  "summary_fg_p05": 6016.85078125,
  "summary_fg_p95": 17471.051171874995,
  "summary_fg_stdv": 3472.86328125,
  "tsnr": 44.77882385253906
}