{
  "aor": 0.0006446289752650177,
  "aqi": 0.0032435908833922254,
  "bids_meta": {
    "EchoTime": 0.03,
    "EffectiveEchoSpacing": 0.00049999,
    "FlipAngle": 65,
    "ImageType": [
      "ORIGINAL",
      "PRIMARY",
      "M",
      "MB",
      "ND",
      "MOSAI"
    ],
    "MagneticFieldStrength": 3,
    "Manufacturer": "Siemens",
    "ManufacturersModelName": "Prisma",
    "PhaseEncodingDirection": "j-",
    "RepetitionTime": 1.224,
    "SliceTiming": [
      1.1375,
      1.07,
      1.0025,
      0.9375,
      0.87,
      0.8025,
      0.735,
      0.67,
      0.6025,
      0.535,
      0.4675,
      0.4025,
      0.335,
      0.2675,
      0.2,
      0.135,
      0.0675,
      0,
      1.1375,
      1.07,
      1.0025,
      0.9375,
      0.87,
      0.8025,
      0.735,
      0.67,
      0.6025,
      0.535,
      0.4675,
      0.4025,
      0.335,
      0.2675,
      0.2,
      0.135,
      0.0675,
      0,
      1.1375,
      1.07,
      1.0025,
      0.9375,
      0.87,
      0.8025,
      0.735,
      0.67,
      0.6025,
      0.535,
      0.4675,
      0.4025,
      0.335,
      0.2675,
      0.2,
      0.135,
      0.0675,
      0
    ],
    "TaskName": "illusion",
    "dataset": "ds002872",
    "modality": "bold",
    "run_id": 2,
    "subject_id": "16",
    "task_id": "illusion"
  },
  "dummy_trs": 1,
  "dvars_nstd": 27.975827792092208,
  "dvars_std": 1.096738295992908,
  "dvars_vstd": 1.006998479290781,
  "efc": 0.49528219405039037,
  "fber": 8640.671875,
  "fd_mean": 0.10027715449827006,
  "fd_num": 7,
  "fd_perc": 2.4734982332155475,
  "fwhm_avg": 2.9090933333333333,
  "fwhm_x": 2.569348,
  "fwhm_y": 3.079608,
  "fwhm_z": 3.078324,
  "gcor": 0.017693,
  "gsr_x": 0.00043356826063245535,
  "gsr_y": 0.03463878110051155,
  "provenance": {
    "md5sum": "7320c54b20055ce9b77ec715af063532",
    "settings": {
      "fd_thres": 0.2,
      "testing": false
    },
    "software": "mriqc",
    "version": "23.0.1",
    "webapi_port": null,
    "webapi_url": "https://mriqc.nimh.nih.gov/api/v1"
  },
  "size_t": 283,
  "size_x": 84,
  "size_y": 84,
  "size_z": 54,
  "snr": 2.9133227943923083,
  "spacing_tr": 1.2239999771118164,
  "spacing_x": 2.5,
  "spacing_y": 2.5,
  "spacing_z": 2.5,
  "summary_bg_k": 53.04122976004564,
  "summary_bg_mad": 72.31222311061488,
  "summary_bg_mean": 471.1731262207031,
  "summary_bg_median": 88.85159301757812,
  "summary_bg_n": 242769.0,
  "summary_bg_p05": 35.55830383300781,
  "summary_bg_p95": 2214.121582031249,
  "summary_bg_stdv": 1134.0030517578125,
  "summary_fg_k": 0.5086816567554631,
  "summary_fg_mad": 2821.633813388905,
  "summary_fg_mean": 8995.1103515625,
  "summary_fg_median": 8541.310546875,
  "summary_fg_n": 73159.0,
  "summary_fg_p05": 5070.221728515625,
  "summary_fg_p95": 14472.57568359375,
  "summary_fg_stdv": 2931.79052734375,
  "tsnr": 52.95512265851721
}