{
  "aor": 0.0008416254416961131,
  "aqi": 0.004020205017667844,
  "bids_meta": {
    "EchoTime": 0.03,
    "EffectiveEchoSpacing": 0.00049999,
    "FlipAngle": 65,
    "ImageType": [
      "ORIGINAL",
      "PRIMARY",
      "M",
      "MB",
      "ND",
      "MOSAI"
    ],
    "MagneticFieldStrength": 3,
    "Manufacturer": "Siemens",
    "ManufacturersModelName": "Prisma",
    "PhaseEncodingDirection": "j-",
    "RepetitionTime": 1.224,
    "SliceTiming": [
      1.1375,
      1.07,
      1.0025,
      0.935,
      0.87,
      0.8025,
      0.735,
      0.6675,
      0.6025,
      0.535,
      0.4675,
      0.4,
      0.335,
      0.2675,
      0.2,
      0.1325,
      0.0675,
      0,
      1.1375,
      1.07,
      1.0025,
      0.935,
      0.87,
      0.8025,
      0.735,
      0.6675,
      0.6025,
      0.535,
      0.4675,
      0.4,
      0.335,
      0.2675,
      0.2,
      0.1325,
      0.0675,
      0,
      1.1375,
      1.07,
      1.0025,
      0.935,
      0.87,
      0.8025,
      0.735,
      0.6675,
      0.6025,
      0.535,
      0.4675,
      0.4,
      0.335,
      0.2675,
      0.2,
      0.1325,
      0.0675,
      0
    ],
    "TaskName": "illusion",
    "dataset": "ds002872",
    "modality": "bold",
    "run_id": 3,
    "subject_id": "16",
    "task_id": "illusion"
  },
  "dummy_trs": 1,
  "dvars_nstd": 27.50040884893618,
  "dvars_std": 1.0806432296099289,
  "dvars_vstd": 1.0023290755673764,
  "efc": 0.49562869236662166,
  "fber": 7885.11328125,
  "fd_mean": 0.10304692221465625,
  "fd_num": 4,
  "fd_perc": 1.4134275618374559,
  "fwhm_avg": 2.9175000000000004,
  "fwhm_x": 2.591104,
  "fwhm_y": 3.081884,
  "fwhm_z": 3.0795120000000002,
  "gcor": 0.0139797,
  "gsr_x": 0.00021495613327715546,
  "gsr_y": 0.03427746146917343,
  "provenance": {
    "md5sum": "0ed0fa31b2d0b94f54385b8cd12eaa68",
    "settings": {
      "fd_thres": 0.2,
      "testing": false
    },
    "software": "mriqc",
    "version": "23.0.1",
    "webapi_port": null,
    "webapi_url": "https://mriqc.nimh.nih.gov/api/v1"
  },
  "size_t": 283,
  "size_x": 84,
  "size_y": 84,
  "size_z": 54,
  "snr": 2.895830994568488,
  "spacing_tr": 1.2239999771118164,
  "spacing_x": 2.5,
  "spacing_y": 2.5,
  "spacing_z": 2.5,
  "summary_bg_k": 54.796327066782624,
  "summary_bg_mad": 82.63804443333557,
  "summary_bg_mean": 476.6013488769531,
  "summary_bg_median": 93.3992919921875,
  "summary_bg_n": 242729.0,
  "summary_bg_p05": 29.554771423339844,
  "summary_bg_p95": 2246.298193359369,
  "summary_bg_stdv": 1145.8551025390625,
  "summary_fg_k": 0.48582824704957783,
  "summary_fg_mad": 2834.609478508287,
  "summary_fg_mean": 9001.923828125,
  "summary_fg_median": 8541.70703125,
  "summary_fg_n": 73250.0,
  "summary_fg_p05": 5064.232568359375,
  "summary_fg_p95": 14540.488916015627,
  "summary_fg_stdv": 2949.636474609375,
  "tsnr": 50.32860853546299
}