{
  "aor": 0.0005889084507042254,
  "aqi": 0.0035282401408450706,
  "bids_meta": {
    "EchoTime": 0.03,
    "EffectiveEchoSpacing": 0.00049999,
    "FlipAngle": 65,
    "ImageType": [
      "ORIGINAL",
      "PRIMARY",
      "M",
      "MB",
      "ND",
      "MOSAI"
    ],
    "MagneticFieldStrength": 3,
    "Manufacturer": "Siemens",
    "ManufacturersModelName": "Prisma",
    "PhaseEncodingDirection": "j-",
    "RepetitionTime": 1.224,
    "SliceTiming": [
      1.1375,
      1.07,
      1.005,
      0.9375,
      0.87,
      0.8025,
      0.7375,
      0.67,
      0.6025,
      0.535,
      0.47,
      0.4025,
      0.335,
      0.2675,
      0.2025,
      0.135,
      0.0675,
      0,
      1.1375,
      1.07,
      1.005,
      0.9375,
      0.87,
      0.8025,
      0.7375,
      0.67,
      0.6025,
      0.535,
      0.47,
      0.4025,
      0.335,
      0.2675,
      0.2025,
      0.135,
      0.0675,
      0,
      1.1375,
      1.07,
      1.005,
      0.9375,
      0.87,
      0.8025,
      0.7375,
      0.67,
      0.6025,
      0.535,
      0.47,
      0.4025,
      0.335,
      0.2675,
      0.2025,
      0.135,
      0.0675,
      0
    ],
    "TaskName": "illusion",
    "dataset": "ds002872",
    "modality": "bold",
    "run_id": 4,
    "subject_id": "16",
    "task_id": "illusion"
  },
  "dummy_trs": 0,
  "dvars_nstd": 27.58829709257948,
  "dvars_std": 1.078514546996466,
  "dvars_vstd": 0.9985240354770316,
  "efc": 0.49543275984920043,
  "fber": 7778.7080078125,
  "fd_mean": 0.10270942661171888,
  "fd_num": 7,
  "fd_perc": 2.464788732394366,
  "fwhm_avg": 2.9181799999999996,
  "fwhm_x": 2.594124,
  "fwhm_y": 3.0828759999999997,
  "fwhm_z": 3.07754,
  "gcor": 0.0122539,
  "gsr_x": 0.00031524195219390094,
  "gsr_y": 0.03361397236585617,
  "provenance": {
    "md5sum": "c4e8a6e8f34a37aed4f51e636779bc79",
    "settings": {
      "fd_thres": 0.2,
      "testing": false
    },
    "software": "mriqc",
    "version": "23.0.1",
    "webapi_port": null,
    "webapi_url": "https://mriqc.nimh.nih.gov/api/v1"
  },
  "size_t": 284,
  "size_x": 84,
  "size_y": 84,
  "size_z": 54,
  "snr": 2.8945400530326824,
  "spacing_tr": 1.2239999771118164,
  "spacing_x": 2.5,
  "spacing_y": 2.5,
  "spacing_z": 2.5,
  "summary_bg_k": 54.1349714680988,
  "summary_bg_mad": 84.20031819668708,
  "summary_bg_mean": 478.75323486328125,
  "summary_bg_median": 94.34858703613281,
  "summary_bg_n": 242997.0,
  "summary_bg_p05": 29.20070457458496,
  "summary_bg_p95": 2262.0724609374997,
  "summary_bg_stdv": 1147.4888916015625,
  "summary_fg_k": 0.514237225059949,
  "summary_fg_mad": 2833.8898952049694,
  "summary_fg_mean": 9014.2138671875,
  "summary_fg_median": 8555.111328125,
  "summary_fg_n": 72948.0,
  "summary_fg_p05": 5071.077661132813,
  "summary_fg_p95": 14552.836230468749,
  "summary_fg_stdv": 2955.582763671875,
  "tsnr": 51.51427541254088
}