{
  "aor": 0.0006211983471074381,
  "aqi": 0.0035891289049586775,
  "bids_meta": {
    "EchoTime": 0.03,
    "EffectiveEchoSpacing": 0.00049999,
    "FlipAngle": 65,
    "ImageType": [
      "ORIGINAL",
      "PRIMARY",
      "M",
      "MB",
      "ND",
      "MOSAI"
    ],
    "MagneticFieldStrength": 3,
    "Manufacturer": "Siemens",
    "ManufacturersModelName": "Prisma",
    "PhaseEncodingDirection": "j-",
    "RepetitionTime": 1.224,
    "SliceTiming": [
      1.135,
      1.07,
      1.0025,
      0.935,
      0.8675,
      0.8025,
      0.735,
      0.6675,
      0.6,
      0.535,
      0.4675,
      0.4,
      0.3325,
      0.2675,
      0.2,
      0.1325,
      0.065,
      0,
      1.135,
      1.07,
      1.0025,
      0.935,
      0.8675,
      0.8025,
      0.735,
      0.6675,
      0.6,
      0.535,
      0.4675,
      0.4,
      0.3325,
      0.2675,
      0.2,
      0.1325,
      0.065,
      0,
      1.135,
      1.07,
      1.0025,
      0.935,
      0.8675,
      0.8025,
      0.735,
      0.6675,
      0.6,
      0.535,
      0.4675,
      0.4,
      0.3325,
      0.2675,
      0.2,
      0.1325,
      0.065,
      0
    ],
    "TaskName": "rest",
    "dataset": "ds002872",
    "modality": "bold",
    "subject_id": "16",
    "task_id": "rest"
  },
  "dummy_trs": 0,
  "dvars_nstd": 27.783162316335385,
  "dvars_std": 1.0903431763561087,
  "dvars_vstd": 0.9944246965631477,
  "efc": 0.49340932417643474,
  "fber": 8705.919921875,
  "fd_mean": 0.09080607956512794,
  "fd_num": 2,
  "fd_perc": 0.4132231404958678,
  "fwhm_avg": 2.8957119999999996,
  "fwhm_x": 2.571484,
  "fwhm_y": 3.053732,
  "fwhm_z": 3.0619199999999998,
  "gcor": 0.0142471,
  "gsr_x": 0.0007809983799234033,
  "gsr_y": 0.030130865052342415,
  "provenance": {
    "md5sum": "39726962bbff383a589c692abd65251a",
    "settings": {
      "fd_thres": 0.2,
      "testing": false
    },
    "software": "mriqc",
    "version": "23.0.1",
    "webapi_port": null,
    "webapi_url": "https://mriqc.nimh.nih.gov/api/v1"
  },
  "size_t": 484,
  "size_x": 84,
  "size_y": 84,
  "size_z": 54,
  "snr": 2.908844806553415,
  "spacing_tr": 1.2239999771118164,
  "spacing_x": 2.5,
  "spacing_y": 2.5,
  "spacing_z": 2.5,
  "summary_bg_k": 52.55157619018006,
  "summary_bg_mad": 74.58653550199304,
  "summary_bg_mean": 444.551025390625,
  "summary_bg_median": 87.9380111694336,
  "summary_bg_n": 242503.0,
  "summary_bg_p05": 31.95041275024414,
  "summary_bg_p95": 2103.3336669921873,
  "summary_bg_stdv": 1048.84326171875,
  "summary_fg_k": 0.4452201741042754,
  "summary_fg_mad": 2821.1332179621004,
  "summary_fg_mean": 8937.58203125,
  "summary_fg_median": 8481.6328125,
  "summary_fg_n": 73394.0,
  "summary_fg_p05": 5020.09091796875,
  "summary_fg_p95": 14388.416357421875,
  "summary_fg_stdv": 2915.7880859375,
  "tsnr": 52.104703853838146
}