{
  "aor": 0.001474310954063604,
  "aqi": 0.014571653568904594,
  "bids_meta": {
    "EchoTime": 0.03,
    "EffectiveEchoSpacing": 0.00049999,
    "FlipAngle": 65,
    "ImageType": [
      "ORIGINAL",
      "PRIMARY",
      "M",
      "MB",
      "ND",
      "MOSAI"
    ],
    "MagneticFieldStrength": 3,
    "Manufacturer": "Siemens",
    "ManufacturersModelName": "Prisma",
    "PhaseEncodingDirection": "j-",
    "RepetitionTime": 1.224,
    "SliceTiming": [
      1.135,
      1.07,
      1.0025,
      0.935,
      0.8675,
      0.8025,
      0.735,
      0.6675,
      0.6,
      0.535,
      0.4675,
      0.4,
      0.3325,
      0.2675,
      0.2,
      0.1325,
      0.065,
      0,
      1.135,
      1.07,
      1.0025,
      0.935,
      0.8675,
      0.8025,
      0.735,
      0.6675,
      0.6,
      0.535,
      0.4675,
      0.4,
      0.3325,
      0.2675,
      0.2,
      0.1325,
      0.065,
      0,
      1.135,
      1.07,
      1.0025,
      0.935,
      0.8675,
      0.8025,
      0.735,
      0.6675,
      0.6,
      0.535,
      0.4675,
      0.4,
      0.3325,
      0.2675,
      0.2,
      0.1325,
      0.065,
      0
    ],
    "TaskName": "illusion",
    "dataset": "ds002872",
    "modality": "bold",
    "run_id": 1,
    "subject_id": "28",
    "task_id": "illusion"
  },
  "dummy_trs": 1,
  "dvars_nstd": 49.74662664404258,
  "dvars_std": 1.0819620832624117,
  "dvars_vstd": 0.9658443113475177,
  "efc": 0.4567157434244425,
  "fber": 11288.220703125,
  "fd_mean": 0.44387345249208116,
  "fd_num": 224,
  "fd_perc": 79.15194346289752,
  "fwhm_avg": 2.6624028310736496,
  "fwhm_x": 2.405664229422019,
  "fwhm_y": 2.815412,
  "fwhm_z": 2.7661322637989296,
  "gcor": 0.00772724,
  "gsr_x": 0.0018624368822202086,
  "gsr_y": 0.029503125697374344,
  "provenance": {
    "md5sum": "92bd35e131c53ef64efad3300c557951",
    "settings": {
      "fd_thres": 0.2,
      "testing": false
    },
    "software": "mriqc",
    "version": "23.0.1",
    "webapi_port": null,
    "webapi_url": "https://mriqc.nimh.nih.gov/api/v1"
  },
  "size_t": 283,
  "size_x": 84,
  "size_y": 84,
  "size_z": 54,
  "snr": 3.2738309928146574,
  "spacing_tr": 1.2239999771118164,
  "spacing_x": 2.499999761581421,
  "spacing_y": 2.5,
  "spacing_z": 2.499999761581421,
  "summary_bg_k": 77.1409523966651,
  "summary_bg_mad": 57.14042970122117,
  "summary_bg_mean": 370.5724182128906,
  "summary_bg_median": 74.83745574951172,
  "summary_bg_n": 259741.0,
  "summary_bg_p05": 30.561838150024414,
  "summary_bg_p95": 1578.4947509765625,
  "summary_bg_stdv": 980.08837890625,
  "summary_fg_k": 0.9195916160585482,
  "summary_fg_mad": 2244.042249202059,
  "summary_fg_mean": 8366.0087890625,
  "summary_fg_median": 7993.08154296875,
  "summary_fg_n": 60983.0,
  "summary_fg_p05": 5043.2455078125,
  "summary_fg_p95": 12890.744921874995,
  "summary_fg_stdv": 2441.487060546875,
  "tsnr": 31.024644803255796
}