{
  "aor": 0.000842314049586777,
  "aqi": 0.009205008595041322,
  "bids_meta": {
    "EchoTime": 0.03,
    "EffectiveEchoSpacing": 0.00049999,
    "FlipAngle": 65,
    "ImageType": [
      "ORIGINAL",
      "PRIMARY",
      "M",
      "MB",
      "ND",
      "MOSAI"
    ],
    "MagneticFieldStrength": 3,
    "Manufacturer": "Siemens",
    "ManufacturersModelName": "Prisma",
    "PhaseEncodingDirection": "j-",
    "RepetitionTime": 1.224,
    "SliceTiming": [
      1.1375,
      1.07,
      1.0025,
      0.9375,
      0.87,
      0.8025,
      0.735,
      0.67,
      0.6025,
      0.535,
      0.4675,
      0.4025,
      0.335,
      0.2675,
      0.2,
      0.135,
      0.0675,
      0,
      1.1375,
      1.07,
      1.0025,
      0.9375,
      0.87,
      0.8025,
      0.735,
      0.67,
      0.6025,
      0.535,
      0.4675,
      0.4025,
      0.335,
      0.2675,
      0.2,
      0.135,
      0.0675,
      0,
      1.1375,
      1.07,
      1.0025,
      0.9375,
      0.87,
      0.8025,
      0.735,
      0.67,
      0.6025,
      0.535,
      0.4675,
      0.4025,
      0.335,
      0.2675,
      0.2,
      0.135,
      0.0675,
      0
    ],
    "TaskName": "rest",
    "dataset": "ds002872",
    "modality": "bold",
    "subject_id": "28",
    "task_id": "rest"
  },
  "dummy_trs": 0,
  "dvars_nstd": 41.89712170231885,
  "dvars_std": 1.13412727583851,
  "dvars_vstd": 0.9849958569358174,
  "efc": 0.45578578724884034,
  "fber": 10774.0048828125,
  "fd_mean": 0.29529071528257017,
  "fd_num": 323,
  "fd_perc": 66.73553719008264,
  "fwhm_avg": 2.6411534968349613,
  "fwhm_x": 2.406736229524253,
  "fwhm_y": 2.780144,
  "fwhm_z": 2.736580260980631,
  "gcor": 0.00945559,
  "gsr_x": 0.0037015394773334265,
  "gsr_y": 0.023028239607810974,
  "provenance": {
    "md5sum": "84aafd95a449b7dbceddda5af74ee833",
    "settings": {
      "fd_thres": 0.2,
      "testing": false
    },
    "software": "mriqc",
    "version": "23.0.1",
    "webapi_port": null,
    "webapi_url": "https://mriqc.nimh.nih.gov/api/v1"
  },
  "size_t": 484,
  "size_x": 84,
  "size_y": 84,
  "size_z": 54,
  "snr": 3.2782090581873278,
  "spacing_tr": 1.2239999771118164,
  "spacing_x": 2.499999761581421,
  "spacing_y": 2.5,
  "spacing_z": 2.499999761581421,
  "summary_bg_k": 53.6307820546737,
  "summary_bg_mad": 60.72235761432546,
  "summary_bg_mean": 357.6468505859375,
  "summary_bg_median": 75.51548767089844,
  "summary_bg_n": 259878.0,
  "summary_bg_p05": 26.960742950439453,
  "summary_bg_p95": 1557.9320983886698,
  "summary_bg_stdv": 906.4480590820312,
  "summary_fg_k": 0.9333597913104308,
  "summary_fg_mad": 2213.733603165841,
  "summary_fg_mean": 8257.1044921875,
  "summary_fg_median": 7884.146484375,
  "summary_fg_n": 60737.0,
  "summary_fg_p05": 4999.0234375,
  "summary_fg_p95": 12735.7548828125,
  "summary_fg_stdv": 2404.99658203125,
  "tsnr": 38.154914492042735
}