{
  "aor": 0.0006590425531914895,
  "aqi": 0.003447605815602837,
  "bids_meta": {
    "EchoTime": 0.03,
    "EffectiveEchoSpacing": 0.00049999,
    "FlipAngle": 65,
    "ImageType": [
      "ORIGINAL",
      "PRIMARY",
      "M",
      "MB",
      "ND",
      "MOSAI"
    ],
    "MagneticFieldStrength": 3,
    "Manufacturer": "Siemens",
    "ManufacturersModelName": "Prisma",
    "PhaseEncodingDirection": "j-",
    "RepetitionTime": 1.224,
    "SliceTiming": [
      1.1375,
      1.07,
      1.0025,
      0.9375,
      0.87,
      0.8025,
      0.735,
      0.67,
      0.6025,
      0.535,
      0.4675,
      0.4025,
      0.335,
      0.2675,
      0.2,
      0.1325,
      0.0675,
      0,
      1.1375,
      1.07,
      1.0025,
      0.9375,
      0.87,
      0.8025,
      0.735,
      0.67,
      0.6025,
      0.535,
      0.4675,
      0.4025,
      0.335,
      0.2675,
      0.2,
      0.1325,
      0.0675,
      0,
      1.1375,
      1.07,
      1.0025,
      0.9375,
      0.87,
      0.8025,
      0.735,
      0.67,
      0.6025,
      0.535,
      0.4675,
      0.4025,
      0.335,
      0.2675,
      0.2,
      0.1325,
      0.0675,
      0
    ],
    "TaskName": "illusion",
    "dataset": "ds002872",
    "modality": "bold",
    "run_id": 3,
    "subject_id": "02",
    "task_id": "illusion"
  },
  "dummy_trs": 2,
  "dvars_nstd": 27.29392565530251,
  "dvars_std": 1.0616667986120998,
  "dvars_vstd": 0.9876690462633455,
  "efc": 0.5438617011886999,
  "fber": 7750.74755859375,
  "fd_mean": 0.09457749171197262,
  "fd_num": 2,
  "fd_perc": 0.7092198581560284,
  "fwhm_avg": 2.8457733333333333,
  "fwhm_x": 2.615812,
  "fwhm_y": 2.975624,
  "fwhm_z": 2.945884,
  "gcor": 0.00966997,
  "gsr_x": -0.017801785841584206,
  "gsr_y": 0.07435962557792664,
  "provenance": {
    "md5sum": "e3fa7d49cb6212dff4d9d3d2dbc482fe",
    "settings": {
      "fd_thres": 0.2,
      "testing": false
    },
    "software": "mriqc",
    "version": "23.0.1",
    "webapi_port": null,
    "webapi_url": "https://mriqc.nimh.nih.gov/api/v1"
  },
  "size_t": 282,
  "size_x": 84,
  "size_y": 84,
  "size_z": 54,
  "snr": 2.6700740737594124,
  "spacing_tr": 1.2239999771118164,
  "spacing_x": 2.5,
  "spacing_y": 2.5,
  "spacing_z": 2.5,
  "summary_bg_k": 26.90585850694762,
  "summary_bg_mad": 77.74723978217092,
  "summary_bg_mean": 698.0034790039062,
  "summary_bg_median": 92.46453857421875,
  "summary_bg_n": 223987.0,
  "summary_bg_p05": 35.65248107910156,
  "summary_bg_p95": 3652.990258789057,
  "summary_bg_stdv": 1594.466064453125,
  "summary_fg_k": 0.4125933205010761,
  "summary_fg_mad": 3211.0409511111898,
  "summary_fg_mean": 9321.041015625,
  "summary_fg_median": 8771.1455078125,
  "summary_fg_n": 87788.0,
  "summary_fg_p05": 4999.329614257813,
  "summary_fg_p95": 15536.108007812498,
  "summary_fg_stdv": 3284.96337890625,
  "tsnr": 51.38553131138906
}