{
  "aor": 0.0011098220640569395,
  "aqi": 0.0022915325266903916,
  "bids_meta": {
    "EchoTime": 0.03,
    "EffectiveEchoSpacing": 0.00049999,
    "FlipAngle": 65,
    "ImageType": [
      "ORIGINAL",
      "PRIMARY",
      "M",
      "MB",
      "ND",
      "MOSAI"
    ],
    "MagneticFieldStrength": 3,
    "Manufacturer": "Siemens",
    "ManufacturersModelName": "Prisma",
    "PhaseEncodingDirection": "j-",
    "RepetitionTime": 1.224,
    "SliceTiming": [
      1.1375,
      1.07,
      1.0025,
      0.935,
      0.87,
      0.8025,
      0.735,
      0.6675,
      0.6,
      0.535,
      0.4675,
      0.4,
      0.3325,
      0.2675,
      0.2,
      0.1325,
      0.065,
      0,
      1.1375,
      1.07,
      1.0025,
      0.935,
      0.87,
      0.8025,
      0.735,
      0.6675,
      0.6,
      0.535,
      0.4675,
      0.4,
      0.3325,
      0.2675,
      0.2,
      0.1325,
      0.065,
      0,
      1.1375,
      1.07,
      1.0025,
      0.935,
      0.87,
      0.8025,
      0.735,
      0.6675,
      0.6,
      0.535,
      0.4675,
      0.4,
      0.3325,
      0.2675,
      0.2,
      0.1325,
      0.065,
      0
    ],
    "TaskName": "illusion",
    "dataset": "ds002872",
    "modality": "bold",
    "run_id": 2,
    "subject_id": "02",
    "task_id": "illusion"
  },
  "dummy_trs": 3,
  "dvars_nstd": 27.982833167821433,
  "dvars_std": 1.1184449177142857,
  "dvars_vstd": 1.0162835976428568,
  "efc": 0.5434779615362952,
  "fber": 7916.35498046875,
  "fd_mean": 0.08942634618126313,
  "fd_num": 2,
  "fd_perc": 0.7117437722419929,
  "fwhm_avg": 2.8365066666666667,
  "fwhm_x": 2.604064,
  "fwhm_y": 2.979024,
  "fwhm_z": 2.926432,
  "gcor": 0.0128519,
  "gsr_x": -0.017887981608510017,
  "gsr_y": 0.07483018189668655,
  "provenance": {
    "md5sum": "d65041c83783f631689267d856787d9c",
    "settings": {
      "fd_thres": 0.2,
      "testing": false
    },
    "software": "mriqc",
    "version": "23.0.1",
    "webapi_port": null,
    "webapi_url": "https://mriqc.nimh.nih.gov/api/v1"
  },
  "size_t": 281,
  "size_x": 84,
  "size_y": 84,
  "size_z": 54,
  "snr": 2.6734813103360415,
  "spacing_tr": 1.2239999771118164,
  "spacing_x": 2.5,
  "spacing_y": 2.5,
  "spacing_z": 2.5,
  "summary_bg_k": 28.191402073201882,
  "summary_bg_mad": 75.16688165314476,
  "summary_bg_mean": 696.4777221679688,
  "summary_bg_median": 91.74911499023438,
  "summary_bg_n": 223906.0,
  "summary_bg_p05": 37.08540725708008,
  "summary_bg_p95": 3645.3923950195312,
  "summary_bg_stdv": 1603.324462890625,
  "summary_fg_k": 0.3930467938193942,
  "summary_fg_mad": 3214.4397877400393,
  "summary_fg_mean": 9324.193359375,
  "summary_fg_median": 8776.080078125,
  "summary_fg_n": 87728.0,
  "summary_fg_p05": 5007.68310546875,
  "summary_fg_p95": 15524.883740234367,
  "summary_fg_stdv": 3282.62255859375,
  "tsnr": 57.65226587187499
}