{
  "aor": 0.0004551345755693582,
  "aqi": 0.002897940227743271,
  "bids_meta": {
    "EchoTime": 0.03,
    "EffectiveEchoSpacing": 0.00049999,
    "FlipAngle": 65,
    "ImageType": [
      "ORIGINAL",
      "PRIMARY",
      "M",
      "MB",
      "ND",
      "MOSAI"
    ],
    "MagneticFieldStrength": 3,
    "Manufacturer": "Siemens",
    "ManufacturersModelName": "Prisma",
    "PhaseEncodingDirection": "j-",
    "RepetitionTime": 1.224,
    "SliceTiming": [
      1.1375,
      1.07,
      1.0025,
      0.9375,
      0.87,
      0.8025,
      0.735,
      0.67,
      0.6025,
      0.535,
      0.4675,
      0.4025,
      0.335,
      0.2675,
      0.2,
      0.135,
      0.0675,
      0,
      1.1375,
      1.07,
      1.0025,
      0.9375,
      0.87,
      0.8025,
      0.735,
      0.67,
      0.6025,
      0.535,
      0.4675,
      0.4025,
      0.335,
      0.2675,
      0.2,
      0.135,
      0.0675,
      0,
      1.1375,
      1.07,
      1.0025,
      0.9375,
      0.87,
      0.8025,
      0.735,
      0.67,
      0.6025,
      0.535,
      0.4675,
      0.4025,
      0.335,
      0.2675,
      0.2,
      0.135,
      0.0675,
      0
    ],
    "TaskName": "rest",
    "dataset": "ds002872",
    "modality": "bold",
    "subject_id": "02",
    "task_id": "rest"
  },
  "dummy_trs": 1,
  "dvars_nstd": 25.201345052012464,
  "dvars_std": 1.0616506717219913,
  "dvars_vstd": 0.9968094615767632,
  "efc": 0.5409532451674504,
  "fber": 7730.77490234375,
  "fd_mean": 0.08452732054315466,
  "fd_num": 0,
  "fd_perc": 0.0,
  "fwhm_avg": 2.839946666666666,
  "fwhm_x": 2.612192,
  "fwhm_y": 2.9776160000000003,
  "fwhm_z": 2.9300319999999997,
  "gcor": 0.00991881,
  "gsr_x": -0.014275865629315376,
  "gsr_y": 0.060830943286418915,
  "provenance": {
    "md5sum": "2c0939b367da2814a6fd9fb01f5218a9",
    "settings": {
      "fd_thres": 0.2,
      "testing": false
    },
    "software": "mriqc",
    "version": "23.0.1",
    "webapi_port": null,
    "webapi_url": "https://mriqc.nimh.nih.gov/api/v1"
  },
  "size_t": 483,
  "size_x": 84,
  "size_y": 84,
  "size_z": 54,
  "snr": 2.674657184394924,
  "spacing_tr": 1.2239999771118164,
  "spacing_x": 2.5,
  "spacing_y": 2.5,
  "spacing_z": 2.5,
  "summary_bg_k": 20.08130738901516,
  "summary_bg_mad": 84.23820558782236,
  "summary_bg_mean": 642.3153076171875,
  "summary_bg_median": 92.30227661132812,
  "summary_bg_n": 224066.0,
  "summary_bg_p05": 28.425983905792236,
  "summary_bg_p95": 3394.6693115234375,
  "summary_bg_stdv": 1401.560546875,
  "summary_fg_k": 0.40883057112629384,
  "summary_fg_mad": 3192.4595583165155,
  "summary_fg_mean": 9268.853515625,
  "summary_fg_median": 8728.5244140625,
  "summary_fg_n": 87767.0,
  "summary_fg_p05": 4971.197802734375,
  "summary_fg_p95": 15435.083593749998,
  "summary_fg_stdv": 3263.3994140625,
  "tsnr": 54.21127456007525
}