{
  "aor": 0.0029518021201413425,
  "aqi": 0.002996232155477032,
  "bids_meta": {
    "EchoTime": 0.03,
    "EffectiveEchoSpacing": 0.00049999,
    "FlipAngle": 65,
    "ImageType": [
      "ORIGINAL",
      "PRIMARY",
      "M",
      "MB",
      "ND",
      "MOSAI"
    ],
    "MagneticFieldStrength": 3,
    "Manufacturer": "Siemens",
    "ManufacturersModelName": "Prisma",
    "PhaseEncodingDirection": "j-",
    "RepetitionTime": 1.224,
    "SliceTiming": [
      1.1375,
      1.07,
      1.0025,
      0.9375,
      0.87,
      0.8025,
      0.735,
      0.67,
      0.6025,
      0.535,
      0.4675,
      0.4025,
      0.335,
      0.2675,
      0.2,
      0.135,
      0.0675,
      0,
      1.1375,
      1.07,
      1.0025,
      0.9375,
      0.87,
      0.8025,
      0.735,
      0.67,
      0.6025,
      0.535,
      0.4675,
      0.4025,
      0.335,
      0.2675,
      0.2,
      0.135,
      0.0675,
      0,
      1.1375,
      1.07,
      1.0025,
      0.9375,
      0.87,
      0.8025,
      0.735,
      0.67,
      0.6025,
      0.535,
      0.4675,
      0.4025,
      0.335,
      0.2675,
      0.2,
      0.135,
      0.0675,
      0
    ],
    "TaskName": "illusion",
    "dataset": "ds002872",
    "modality": "bold",
    "run_id": 1,
    "subject_id": "02",
    "task_id": "illusion"
  },
  "dummy_trs": 1,
  "dvars_nstd": 28.920485855141845,
  "dvars_std": 1.149888103865249,
  "dvars_vstd": 1.0337927344680862,
  "efc": 0.5426097151780712,
  "fber": 7846.27197265625,
  "fd_mean": 0.10290355371759366,
  "fd_num": 5,
  "fd_perc": 1.7667844522968197,
  "fwhm_avg": 2.828253333333333,
  "fwhm_x": 2.599004,
  "fwhm_y": 2.982684,
  "fwhm_z": 2.903072,
  "gcor": 0.0154393,
  "gsr_x": -0.016245068982243538,
  "gsr_y": 0.07227283716201782,
  "provenance": {
    "md5sum": "ca837a32f9689fc8d584235d6461fbca",
    "settings": {
      "fd_thres": 0.2,
      "testing": false
    },
    "software": "mriqc",
    "version": "23.0.1",
    "webapi_port": null,
    "webapi_url": "https://mriqc.nimh.nih.gov/api/v1"
  },
  "size_t": 283,
  "size_x": 84,
  "size_y": 84,
  "size_z": 54,
  "snr": 2.678201811429524,
  "spacing_tr": 1.2239999771118164,
  "spacing_x": 2.5,
  "spacing_y": 2.5,
  "spacing_z": 2.5,
  "summary_bg_k": 30.016549716678874,
  "summary_bg_mad": 85.49322895397793,
  "summary_bg_mean": 683.6195068359375,
  "summary_bg_median": 92.34982299804688,
  "summary_bg_n": 223857.0,
  "summary_bg_p05": 26.67844581604004,
  "summary_bg_p95": 3550.2720703124983,
  "summary_bg_stdv": 1572.57275390625,
  "summary_fg_k": 0.3802871000092778,
  "summary_fg_mad": 3230.6792771280407,
  "summary_fg_mean": 9345.69140625,
  "summary_fg_median": 8799.96484375,
  "summary_fg_n": 87711.0,
  "summary_fg_p05": 5020.8359375,
  "summary_fg_p95": 15548.3291015625,
  "summary_fg_stdv": 3285.7548828125,
  "tsnr": 53.4684491250664
}