{
  "aor": 0.001188900709219858,
  "aqi": 0.0057768094326241136,
  "bids_meta": {
    "EchoTime": 0.03,
    "EffectiveEchoSpacing": 0.00049999,
    "FlipAngle": 65,
    "ImageType": [
      "ORIGINAL",
      "PRIMARY",
      "M",
      "MB",
      "ND",
      "MOSAI"
    ],
    "MagneticFieldStrength": 3,
    "Manufacturer": "Siemens",
    "ManufacturersModelName": "Prisma",
    "PhaseEncodingDirection": "j-",
    "RepetitionTime": 1.224,
    "SliceTiming": [
      1.1375,
      1.07,
      1.0025,
      0.935,
      0.87,
      0.8025,
      0.735,
      0.6675,
      0.6025,
      0.535,
      0.4675,
      0.4,
      0.335,
      0.2675,
      0.2,
      0.1325,
      0.0675,
      0,
      1.1375,
      1.07,
      1.0025,
      0.935,
      0.87,
      0.8025,
      0.735,
      0.6675,
      0.6025,
      0.535,
      0.4675,
      0.4,
      0.335,
      0.2675,
      0.2,
      0.1325,
      0.0675,
      0,
      1.1375,
      1.07,
      1.0025,
      0.935,
      0.87,
      0.8025,
      0.735,
      0.6675,
      0.6025,
      0.535,
      0.4675,
      0.4,
      0.335,
      0.2675,
      0.2,
      0.1325,
      0.0675,
      0
    ],
    "TaskName": "illusion",
    "dataset": "ds002872",
    "modality": "bold",
    "run_id": 1,
    "subject_id": "19",
    "task_id": "illusion"
  },
  "dummy_trs": 2,
  "dvars_nstd": 38.87607835804267,
  "dvars_std": 1.150136243238434,
  "dvars_vstd": 0.9996704734519578,
  "efc": 0.46477387601141207,
  "fber": 14019.2763671875,
  "fd_mean": 0.29294484904519297,
  "fd_num": 199,
  "fd_perc": 70.56737588652483,
  "fwhm_avg": 2.612762666666667,
  "fwhm_x": 2.383136,
  "fwhm_y": 2.68792,
  "fwhm_z": 2.767232,
  "gcor": 0.00728995,
  "gsr_x": 0.00043273597839288414,
  "gsr_y": 0.031175291165709496,
  "provenance": {
    "md5sum": "e2a1d7c8070621c550c2bb67aa20561e",
    "settings": {
      "fd_thres": 0.2,
      "testing": false
    },
    "software": "mriqc",
    "version": "23.0.1",
    "webapi_port": null,
    "webapi_url": "https://mriqc.nimh.nih.gov/api/v1"
  },
  "size_t": 282,
  "size_x": 84,
  "size_y": 84,
  "size_z": 54,
  "snr": 3.0598737242397682,
  "spacing_tr": 1.2239999771118164,
  "spacing_x": 2.5,
  "spacing_y": 2.5,
  "spacing_z": 2.5,
  "summary_bg_k": 102.49141420837796,
  "summary_bg_mad": 53.72066706144457,
  "summary_bg_mean": 390.9161071777344,
  "summary_bg_median": 71.59574127197266,
  "summary_bg_n": 253794.0,
  "summary_bg_p05": 27.75531768798828,
  "summary_bg_p95": 1754.4935485839833,
  "summary_bg_stdv": 1108.1751708984375,
  "summary_fg_k": 0.8314752401589467,
  "summary_fg_mad": 2561.509878691055,
  "summary_fg_mean": 8798.779296875,
  "summary_fg_median": 8343.775390625,
  "summary_fg_n": 67002.0,
  "summary_fg_p05": 5188.883618164063,
  "summary_fg_p95": 13959.60400390625,
  "summary_fg_stdv": 2726.816162109375,
  "tsnr": 45.073984949151054
}