{
  "aor": 0.0007943971631205674,
  "aqi": 0.005998923510638298,
  "bids_meta": {
    "EchoTime": 0.03,
    "EffectiveEchoSpacing": 0.00049999,
    "FlipAngle": 65,
    "ImageType": [
      "ORIGINAL",
      "PRIMARY",
      "M",
      "MB",
      "ND",
      "MOSAI"
    ],
    "MagneticFieldStrength": 3,
    "Manufacturer": "Siemens",
    "ManufacturersModelName": "Prisma",
    "PhaseEncodingDirection": "j-",
    "RepetitionTime": 1.224,
    "SliceTiming": [
      1.1375,
      1.07,
      1.005,
      0.9375,
      0.87,
      0.8025,
      0.7375,
      0.67,
      0.6025,
      0.535,
      0.47,
      0.4025,
      0.335,
      0.2675,
      0.2025,
      0.135,
      0.0675,
      0,
      1.1375,
      1.07,
      1.005,
      0.9375,
      0.87,
      0.8025,
      0.7375,
      0.67,
      0.6025,
      0.535,
      0.47,
      0.4025,
      0.335,
      0.2675,
      0.2025,
      0.135,
      0.0675,
      0,
      1.1375,
      1.07,
      1.005,
      0.9375,
      0.87,
      0.8025,
      0.7375,
      0.67,
      0.6025,
      0.535,
      0.47,
      0.4025,
      0.335,
      0.2675,
      0.2025,
      0.135,
      0.0675,
      0
    ],
    "TaskName": "illusion",
    "dataset": "ds002872",
    "modality": "bold",
    "run_id": 4,
    "subject_id": "19",
    "task_id": "illusion"
  },
  "dummy_trs": 2,
  "dvars_nstd": 40.07351214846974,
  "dvars_std": 1.1450666905693947,
  "dvars_vstd": 0.9981831554804264,
  "efc": 0.467338665289098,
  "fber": 11917.6083984375,
  "fd_mean": 0.28196736579977183,
  "fd_num": 194,
  "fd_perc": 68.79432624113475,
  "fwhm_avg": 2.624586666666667,
  "fwhm_x": 2.383576,
  "fwhm_y": 2.681944,
  "fwhm_z": 2.80824,
  "gcor": 0.00926843,
  "gsr_x": 0.0007628555176779628,
  "gsr_y": 0.03144043684005737,
  "provenance": {
    "md5sum": "788e7476d0c6dd48d787a22e7899a897",
    "settings": {
      "fd_thres": 0.2,
      "testing": false
    },
    "software": "mriqc",
    "version": "23.0.1",
    "webapi_port": null,
    "webapi_url": "https://mriqc.nimh.nih.gov/api/v1"
  },
  "size_t": 282,
  "size_x": 84,
  "size_y": 84,
  "size_z": 54,
  "snr": 3.0577122049806635,
  "spacing_tr": 1.2239999771118164,
  "spacing_x": 2.5,
  "spacing_y": 2.5,
  "spacing_z": 2.5,
  "summary_bg_k": 98.05852274954445,
  "summary_bg_mad": 63.320774325213826,
  "summary_bg_mean": 402.0823059082031,
  "summary_bg_median": 77.5709228515625,
  "summary_bg_n": 253426.0,
  "summary_bg_p05": 24.113473892211914,
  "summary_bg_p95": 1812.7960510253906,
  "summary_bg_stdv": 1125.97607421875,
  "summary_fg_k": 0.8342533754973891,
  "summary_fg_mad": 2547.9253910786238,
  "summary_fg_mean": 8785.17578125,
  "summary_fg_median": 8323.57421875,
  "summary_fg_n": 67064.0,
  "summary_fg_p05": 5182.9728515625,
  "summary_fg_p95": 13958.8822265625,
  "summary_fg_stdv": 2722.13720703125,
  "tsnr": 43.924619712342974
}