{
  "aor": 0.0009235269709543568,
  "aqi": 0.011469981161825725,
  "bids_meta": {
    "EchoTime": 0.03,
    "EffectiveEchoSpacing": 0.00049999,
    "FlipAngle": 65,
    "ImageType": [
      "ORIGINAL",
      "PRIMARY",
      "M",
      "MB",
      "ND",
      "MOSAI"
    ],
    "MagneticFieldStrength": 3,
    "Manufacturer": "Siemens",
    "ManufacturersModelName": "Prisma",
    "PhaseEncodingDirection": "j-",
    "RepetitionTime": 1.224,
    "SliceTiming": [
      1.1375,
      1.0725,
      1.005,
      0.9375,
      0.87,
      0.805,
      0.7375,
      0.67,
      0.6025,
      0.535,
      0.47,
      0.4025,
      0.335,
      0.2675,
      0.2025,
      0.135,
      0.0675,
      0,
      1.1375,
      1.0725,
      1.005,
      0.9375,
      0.87,
      0.805,
      0.7375,
      0.67,
      0.6025,
      0.535,
      0.47,
      0.4025,
      0.335,
      0.2675,
      0.2025,
      0.135,
      0.0675,
      0,
      1.1375,
      1.0725,
      1.005,
      0.9375,
      0.87,
      0.805,
      0.7375,
      0.67,
      0.6025,
      0.535,
      0.47,
      0.4025,
      0.335,
      0.2675,
      0.2025,
      0.135,
      0.0675,
      0
    ],
    "TaskName": "rest",
    "dataset": "ds002872",
    "modality": "bold",
    "subject_id": "19",
    "task_id": "rest"
  },
  "dummy_trs": 2,
  "dvars_nstd": 37.75775330866945,
  "dvars_std": 1.089380378773389,
  "dvars_vstd": 0.9623527707692298,
  "efc": 0.4656813334954913,
  "fber": 11642.8466796875,
  "fd_mean": 0.2738304676479059,
  "fd_num": 308,
  "fd_perc": 63.90041493775934,
  "fwhm_avg": 2.6513839999999997,
  "fwhm_x": 2.39274,
  "fwhm_y": 2.72302,
  "fwhm_z": 2.838392,
  "gcor": 0.0064025,
  "gsr_x": 0.0005704350769519806,
  "gsr_y": 0.026199370622634888,
  "provenance": {
    "md5sum": "1284210ac105ead085a42fbeb997d992",
    "settings": {
      "fd_thres": 0.2,
      "testing": false
    },
    "software": "mriqc",
    "version": "23.0.1",
    "webapi_port": null,
    "webapi_url": "https://mriqc.nimh.nih.gov/api/v1"
  },
  "size_t": 482,
  "size_x": 84,
  "size_y": 84,
  "size_z": 54,
  "snr": 3.0704723191390944,
  "spacing_tr": 1.2239999771118164,
  "spacing_x": 2.5,
  "spacing_y": 2.5,
  "spacing_z": 2.5,
  "summary_bg_k": 70.16920255885441,
  "summary_bg_mad": 63.99643562829912,
  "summary_bg_mean": 373.0391845703125,
  "summary_bg_median": 78.14627075195312,
  "summary_bg_n": 253652.0,
  "summary_bg_p05": 24.84440040588379,
  "summary_bg_p95": 1695.391796875,
  "summary_bg_stdv": 958.2681884765625,
  "summary_fg_k": 0.810134708470112,
  "summary_fg_mad": 2534.8154375258764,
  "summary_fg_mean": 8732.7451171875,
  "summary_fg_median": 8286.8369140625,
  "summary_fg_n": 67197.0,
  "summary_fg_p05": 5141.4501953125,
  "summary_fg_p95": 13841.7548828125,
  "summary_fg_stdv": 2698.860107421875,
  "tsnr": 35.86686617927626
}