{
  "aor": 0.0005289233954451345,
  "aqi": 0.00713739960662526,
  "bids_meta": {
    "EchoTime": 0.03,
    "EffectiveEchoSpacing": 0.00049999,
    "FlipAngle": 65,
    "ImageType": [
      "ORIGINAL",
      "PRIMARY",
      "M",
      "MB",
      "ND",
      "MOSAI"
    ],
    "MagneticFieldStrength": 3,
    "Manufacturer": "Siemens",
    "ManufacturersModelName": "Prisma",
    "PhaseEncodingDirection": "j-",
    "RepetitionTime": 1.224,
    "SliceTiming": [
      1.1375,
      1.07,
      1.005,
      0.9375,
      0.87,
      0.8025,
      0.7375,
      0.67,
      0.6025,
      0.535,
      0.47,
      0.4025,
      0.335,
      0.2675,
      0.2025,
      0.135,
      0.0675,
      0,
      1.1375,
      1.07,
      1.005,
      0.9375,
      0.87,
      0.8025,
      0.7375,
      0.67,
      0.6025,
      0.535,
      0.47,
      0.4025,
      0.335,
      0.2675,
      0.2025,
      0.135,
      0.0675,
      0,
      1.1375,
      1.07,
      1.005,
      0.9375,
      0.87,
      0.8025,
      0.7375,
      0.67,
      0.6025,
      0.535,
      0.47,
      0.4025,
      0.335,
      0.2675,
      0.2025,
      0.135,
      0.0675,
      0
    ],
    "TaskName": "rest",
    "dataset": "ds002872",
    "modality": "bold",
    "subject_id": "17",
    "task_id": "rest"
  },
  "dummy_trs": 1,
  "dvars_nstd": 39.88883659568464,
  "dvars_std": 1.0797884142323648,
  "dvars_vstd": 0.9698368412240665,
  "efc": 0.48569331943483984,
  "fber": 7928.97314453125,
  "fd_mean": 0.3224991192695661,
  "fd_num": 360,
  "fd_perc": 74.53416149068323,
  "fwhm_avg": 2.9755333333333334,
  "fwhm_x": 2.688408,
  "fwhm_y": 3.144116,
  "fwhm_z": 3.0940760000000003,
  "gcor": 0.00948257,
  "gsr_x": -0.004223395138978958,
  "gsr_y": 0.02719760127365589,
  "provenance": {
    "md5sum": "f531cb47e9c1469ee7ad3629c35c24e9",
    "settings": {
      "fd_thres": 0.2,
      "testing": false
    },
    "software": "mriqc",
    "version": "23.0.1",
    "webapi_port": null,
    "webapi_url": "https://mriqc.nimh.nih.gov/api/v1"
  },
  "size_t": 483,
  "size_x": 84,
  "size_y": 84,
  "size_z": 54,
  "snr": 2.851190076227147,
  "spacing_tr": 1.2239999771118164,
  "spacing_x": 2.5,
  "spacing_y": 2.5,
  "spacing_z": 2.5,
  "summary_bg_k": 73.72960874926396,
  "summary_bg_mad": 89.54396172431392,
  "summary_bg_mean": 377.61883544921875,
  "summary_bg_median": 95.44203186035156,
  "summary_bg_n": 242270.0,
  "summary_bg_p05": 23.846792221069336,
  "summary_bg_p95": 1613.431896972655,
  "summary_bg_stdv": 889.4310302734375,
  "summary_fg_k": 0.4182412451376485,
  "summary_fg_mad": 2975.674591252535,
  "summary_fg_mean": 9001.7841796875,
  "summary_fg_median": 8704.970703125,
  "summary_fg_n": 75446.0,
  "summary_fg_p05": 4592.3138427734375,
  "summary_fg_p95": 14455.348876953125,
  "summary_fg_stdv": 3053.08056640625,
  "tsnr": 37.49039617879316
}