{
  "aor": 0.0013345583038869256,
  "aqi": 0.010066569858657243,
  "bids_meta": {
    "EchoTime": 0.03,
    "EffectiveEchoSpacing": 0.00049999,
    "FlipAngle": 65,
    "ImageType": [
      "ORIGINAL",
      "PRIMARY",
      "M",
      "MB",
      "ND",
      "MOSAI"
    ],
    "MagneticFieldStrength": 3,
    "Manufacturer": "Siemens",
    "ManufacturersModelName": "Prisma",
    "PhaseEncodingDirection": "j-",
    "RepetitionTime": 1.224,
    "SliceTiming": [
      1.1375,
      1.07,
      1.0025,
      0.935,
      0.87,
      0.8025,
      0.735,
      0.6675,
      0.6025,
      0.535,
      0.4675,
      0.4,
      0.335,
      0.2675,
      0.2,
      0.1325,
      0.065,
      0,
      1.1375,
      1.07,
      1.0025,
      0.935,
      0.87,
      0.8025,
      0.735,
      0.6675,
      0.6025,
      0.535,
      0.4675,
      0.4,
      0.335,
      0.2675,
      0.2,
      0.1325,
      0.065,
      0,
      1.1375,
      1.07,
      1.0025,
      0.935,
      0.87,
      0.8025,
      0.735,
      0.6675,
      0.6025,
      0.535,
      0.4675,
      0.4,
      0.335,
      0.2675,
      0.2,
      0.1325,
      0.065,
      0
    ],
    "TaskName": "illusion",
    "dataset": "ds002872",
    "modality": "bold",
    "run_id": 1,
    "subject_id": "17",
    "task_id": "illusion"
  },
  "dummy_trs": 1,
  "dvars_nstd": 44.55134996468084,
  "dvars_std": 1.0790996675886526,
  "dvars_vstd": 0.9709286907446804,
  "efc": 0.48679680177023166,
  "fber": 6808.47705078125,
  "fd_mean": 0.3661728578502212,
  "fd_num": 232,
  "fd_perc": 81.97879858657244,
  "fwhm_avg": 2.9192506666666667,
  "fwhm_x": 2.606648,
  "fwhm_y": 3.1245640000000003,
  "fwhm_z": 3.02654,
  "gcor": 0.0209062,
  "gsr_x": -0.005628704559057951,
  "gsr_y": 0.03163405507802963,
  "provenance": {
    "md5sum": "04e8b9a1df49e53a13fdb1d8bed817ad",
    "settings": {
      "fd_thres": 0.2,
      "testing": false
    },
    "software": "mriqc",
    "version": "23.0.1",
    "webapi_port": null,
    "webapi_url": "https://mriqc.nimh.nih.gov/api/v1"
  },
  "size_t": 283,
  "size_x": 84,
  "size_y": 84,
  "size_z": 54,
  "snr": 2.946017335479502,
  "spacing_tr": 1.2239999771118164,
  "spacing_x": 2.5,
  "spacing_y": 2.5,
  "spacing_z": 2.5,
  "summary_bg_k": 139.61414641187642,
  "summary_bg_mad": 101.20529520359798,
  "summary_bg_mean": 391.61724853515625,
  "summary_bg_median": 102.66072082519531,
  "summary_bg_n": 242736.0,
  "summary_bg_p05": 20.142476081848145,
  "summary_bg_p95": 1638.8171081542969,
  "summary_bg_stdv": 976.981201171875,
  "summary_fg_k": 0.2520474168961728,
  "summary_fg_mad": 2964.970608633969,
  "summary_fg_mean": 9045.3046875,
  "summary_fg_median": 8740.31640625,
  "summary_fg_n": 73964.0,
  "summary_fg_p05": 4752.617822265625,
  "summary_fg_p95": 14335.056542968749,
  "summary_fg_stdv": 2966.804443359375,
  "tsnr": 31.300533294677734
}