{
  "aor": 0.0006432155477031802,
  "aqi": 0.0053882941342756185,
  "bids_meta": {
    "EchoTime": 0.03,
    "EffectiveEchoSpacing": 0.00049999,
    "FlipAngle": 66,
    "ImageType": [
      "ORIGINAL",
      "PRIMARY",
      "M",
      "MB",
      "ND",
      "MOSAI"
    ],
    "MagneticFieldStrength": 3,
    "Manufacturer": "Siemens",
    "ManufacturersModelName": "Prisma",
    "PhaseEncodingDirection": "j-",
    "RepetitionTime": 1.224,
    "SliceTiming": [
      1.1375,
      1.07,
      1.005,
      0.9375,
      0.87,
      0.8025,
      0.7375,
      0.67,
      0.6025,
      0.535,
      0.47,
      0.4025,
      0.335,
      0.2675,
      0.2025,
      0.135,
      0.0675,
      0,
      1.1375,
      1.07,
      1.005,
      0.9375,
      0.87,
      0.8025,
      0.7375,
      0.67,
      0.6025,
      0.535,
      0.47,
      0.4025,
      0.335,
      0.2675,
      0.2025,
      0.135,
      0.0675,
      0,
      1.1375,
      1.07,
      1.005,
      0.9375,
      0.87,
      0.8025,
      0.7375,
      0.67,
      0.6025,
      0.535,
      0.47,
      0.4025,
      0.335,
      0.2675,
      0.2025,
      0.135,
      0.0675,
      0
    ],
    "TaskName": "illusion",
    "dataset": "ds002872",
    "modality": "bold",
    "run_id": 2,
    "subject_id": "26",
    "task_id": "illusion"
  },
  "dummy_trs": 1,
  "dvars_nstd": 38.42038005790783,
  "dvars_std": 1.185812049787234,
  "dvars_vstd": 0.9859677260992911,
  "efc": 0.46556012987412704,
  "fber": 10236.6630859375,
  "fd_mean": 0.17708512866132928,
  "fd_num": 96,
  "fd_perc": 33.92226148409894,
  "fwhm_avg": 2.958410666666667,
  "fwhm_x": 2.73712,
  "fwhm_y": 3.0058800000000003,
  "fwhm_z": 3.132232,
  "gcor": 0.00693006,
  "gsr_x": -0.003347212914377451,
  "gsr_y": 0.026742657646536827,
  "provenance": {
    "md5sum": "12acc33c774cf253e506c11d17ac7804",
    "settings": {
      "fd_thres": 0.2,
      "testing": false
    },
    "software": "mriqc",
    "version": "23.0.1",
    "webapi_port": null,
    "webapi_url": "https://mriqc.nimh.nih.gov/api/v1"
  },
  "size_t": 283,
  "size_x": 84,
  "size_y": 84,
  "size_z": 54,
  "snr": 2.7200107553193837,
  "spacing_tr": 1.2239999771118164,
  "spacing_x": 2.5,
  "spacing_y": 2.5,
  "spacing_z": 2.5,
  "summary_bg_k": 38.389001323147276,
  "summary_bg_mad": 71.52377060863257,
  "summary_bg_mean": 392.85211181640625,
  "summary_bg_median": 83.50706481933594,
  "summary_bg_n": 253198.0,
  "summary_bg_p05": 28.127208709716797,
  "summary_bg_p95": 1833.8293457031243,
  "summary_bg_stdv": 910.9127197265625,
  "summary_fg_k": 1.9010127713597837,
  "summary_fg_mad": 2529.5495935134695,
  "summary_fg_mean": 9232.287109375,
  "summary_fg_median": 8506.6533203125,
  "summary_fg_n": 67803.0,
  "summary_fg_p05": 5441.53154296875,
  "summary_fg_p95": 15342.027441406248,
  "summary_fg_stdv": 3127.41064453125,
  "tsnr": 47.03784714685753
}