{
  "aor": 0.0007172438162544169,
  "aqi": 0.005476205618374558,
  "bids_meta": {
    "EchoTime": 0.03,
    "EffectiveEchoSpacing": 0.00049999,
    "FlipAngle": 66,
    "ImageType": [
      "ORIGINAL",
      "PRIMARY",
      "M",
      "MB",
      "ND",
      "MOSAI"
    ],
    "MagneticFieldStrength": 3,
    "Manufacturer": "Siemens",
    "ManufacturersModelName": "Prisma",
    "PhaseEncodingDirection": "j-",
    "RepetitionTime": 1.224,
    "SliceTiming": [
      1.135,
      1.07,
      1.0025,
      0.935,
      0.8675,
      0.8025,
      0.735,
      0.6675,
      0.6,
      0.535,
      0.4675,
      0.4,
      0.3325,
      0.2675,
      0.2,
      0.1325,
      0.065,
      0,
      1.135,
      1.07,
      1.0025,
      0.935,
      0.8675,
      0.8025,
      0.735,
      0.6675,
      0.6,
      0.535,
      0.4675,
      0.4,
      0.3325,
      0.2675,
      0.2,
      0.1325,
      0.065,
      0,
      1.135,
      1.07,
      1.0025,
      0.935,
      0.8675,
      0.8025,
      0.735,
      0.6675,
      0.6,
      0.535,
      0.4675,
      0.4,
      0.3325,
      0.2675,
      0.2,
      0.1325,
      0.065,
      0
    ],
    "TaskName": "illusion",
    "dataset": "ds002872",
    "modality": "bold",
    "run_id": 5,
    "subject_id": "26",
    "task_id": "illusion"
  },
  "dummy_trs": 1,
  "dvars_nstd": 37.79339752450355,
  "dvars_std": 1.1756446254255328,
  "dvars_vstd": 0.9804203431560282,
  "efc": 0.46698631915974853,
  "fber": 10271.4619140625,
  "fd_mean": 0.16726350535060622,
  "fd_num": 76,
  "fd_perc": 26.85512367491166,
  "fwhm_avg": 2.976050666666666,
  "fwhm_x": 2.755616,
  "fwhm_y": 3.0167919999999997,
  "fwhm_z": 3.155744,
  "gcor": 0.00634552,
  "gsr_x": -0.0034222695976495743,
  "gsr_y": 0.026872048154473305,
  "provenance": {
    "md5sum": "3f8f2c5b3186f3aea1fb4b312c93505a",
    "settings": {
      "fd_thres": 0.2,
      "testing": false
    },
    "software": "mriqc",
    "version": "23.0.1",
    "webapi_port": null,
    "webapi_url": "https://mriqc.nimh.nih.gov/api/v1"
  },
  "size_t": 283,
  "size_x": 84,
  "size_y": 84,
  "size_z": 54,
  "snr": 2.7249952078295467,
  "spacing_tr": 1.2239999771118164,
  "spacing_x": 2.5,
  "spacing_y": 2.5,
  "spacing_z": 2.5,
  "summary_bg_k": 37.92341050887629,
  "summary_bg_mad": 68.5742833025312,
  "summary_bg_mean": 401.5351867675781,
  "summary_bg_median": 82.90812683105469,
  "summary_bg_n": 253166.0,
  "summary_bg_p05": 30.84099006652832,
  "summary_bg_p95": 1871.8260192871094,
  "summary_bg_stdv": 927.0511474609375,
  "summary_fg_k": 1.9545879967636681,
  "summary_fg_mad": 2521.0677044055,
  "summary_fg_mean": 9215.5888671875,
  "summary_fg_median": 8496.9150390625,
  "summary_fg_n": 67822.0,
  "summary_fg_p05": 5441.086840820312,
  "summary_fg_p95": 15294.748583984372,
  "summary_fg_stdv": 3118.116455078125,
  "tsnr": 46.84703066200018
}