{
  "aor": 0.0007842355371900827,
  "aqi": 0.0030595352685950416,
  "bids_meta": {
    "AcquisitionDateTime": "2019-11-15T10:38:48.010000",
    "AcquisitionMatrixPE": 84,
    "AcquisitionNumber": 1,
    "AcquisitionTime": "10:38:48.010000",
    "BandwidthPerPixelPhaseEncode": 23.81,
    "BaseResolution": 84,
    "BodyPartExamined": "HEAD",
    "ConsistencyInfo": "N4_VE11C_LATEST_20160120",
    "ConversionSoftware": "dcm2niix",
    "ConversionSoftwareVersion": "v1.0.20171215 GCC5.1.0",
    "DerivedVendorReportedEchoSpacing": 0.00049999,
    "DeviceSerialNumber": "66072",
    "DwellTime": 2.3e-06,
    "EchoTime": 0.03,
    "EchoTrainLength": 84,
    "EffectiveEchoSpacing": 0.00049999,
    "FlipAngle": 65,
    "ImageComments": "Unaliased_MB3_PE3_LB_SENSE1",
    "ImageOrientationPatientDICOM": [
      0.998603,
      0.0442559,
      0.0288532,
      -0.0436,
      0.998785,
      -0.022979
    ],
    "ImageType": [
      "ORIGINAL",
      "PRIMARY",
      "M",
      "MB",
      "ND",
      "MOSAIC"
    ],
    "InPlanePhaseEncodingDirectionDICOM": "COL",
    "InstitutionAddress": "Boulevard_Jean_Moulin_27_Marseille_District_FR_13005",
    "InstitutionName": "Universite_d_aix_Marseille",
    "InstitutionalDepartmentName": "Department",
    "MRAcquisitionType": "2D",
    "MagneticFieldStrength": 3,
    "Manufacturer": "Siemens",
    "ManufacturersModelName": "Prisma",
    "Modality": "MR",
    "MultibandAccelerationFactor": 3,
    "PartialFourier": 1,
    "PatientPosition": "HFS",
    "PercentPhaseFOV": 100,
    "PhaseEncodingDirection": "j-",
    "PhaseEncodingSteps": 84,
    "PhaseResolution": 1,
    "PixelBandwidth": 2590,
    "ProcedureStepDescription": "Projets_archives_Aging",
    "ProtocolName": "task-rest_bold",
    "PulseSequenceDetails": "%CustomerSeq%_cmrr_mbep2d_bold",
    "ReceiveCoilActiveElements": "HC1-6",
    "ReceiveCoilName": "HeadNeck_64",
    "ReconMatrixPE": 84,
    "RepetitionTime": 1.224,
    "SAR": 0.085254,
    "ScanOptions": "FS",
    "ScanningSequence": "EP",
    "SequenceName": "epfid2d1_84",
    "SequenceVariant": "SK_SS",
    "SeriesDescription": "task-rest_bold",
    "SeriesNumber": 14,
    "ShimSetting": [
      -583,
      -10760,
      -508,
      366,
      150,
      69,
      39,
      2
    ],
    "SliceThickness": 2.5,
    "SliceTiming": [
      1.1375,
      1.07,
      1.0025,
      0.935,
      0.87,
      0.8025,
      0.735,
      0.6675,
      0.6025,
      0.535,
      0.4675,
      0.4,
      0.335,
      0.2675,
      0.2,
      0.1325,
      0.0675,
      0,
      1.1375,
      1.07,
      1.0025,
      0.935,
      0.87,
      0.8025,
      0.735,
      0.6675,
      0.6025,
      0.535,
      0.4675,
      0.4,
      0.335,
      0.2675,
      0.2,
      0.1325,
      0.0675,
      0,
      1.1375,
      1.07,
      1.0025,
      0.935,
      0.87,
      0.8025,
      0.735,
      0.6675,
      0.6025,
      0.535,
      0.4675,
      0.4,
      0.335,
      0.2675,
      0.2,
      0.1325,
      0.0675,
      0
    ],
    "SoftwareVersions": "syngo_MR_E11",
    "SpacingBetweenSlices": 2.5,
    "StationName": "AWP66072",
    "TaskName": "rest",
    "TotalReadoutTime": 0.04199916,
    "TxRefAmp": 227.611,
    "dataset": "ds002872",
    "modality": "bold",
    "subject_id": "37",
    "task_id": "rest"
  },
  "dummy_trs": 0,
  "dvars_nstd": 27.069353676314662,
  "dvars_std": 1.1119004558178056,
  "dvars_vstd": 1.0087712848033126,
  "efc": 0.46969708831964135,
  "fber": 16103.873046875,
  "fd_mean": 0.09943326592358125,
  "fd_num": 3,
  "fd_perc": 0.6198347107438017,
  "fwhm_avg": 3.004649333333333,
  "fwhm_x": 2.861976,
  "fwhm_y": 3.140632,
  "fwhm_z": 3.0113399999999997,
  "gcor": 0.0223593,
  "gsr_x": -0.011176246218383312,
  "gsr_y": 0.03921766206622124,
  "provenance": {
    "md5sum": "cb2360fb524dd210c2f1522b2b35de2f",
    "settings": {
      "fd_thres": 0.2,
      "testing": false
    },
    "software": "mriqc",
    "version": "23.0.1",
    "webapi_port": null,
    "webapi_url": "https://mriqc.nimh.nih.gov/api/v1"
  },
  "size_t": 484,
  "size_x": 84,
  "size_y": 84,
  "size_z": 54,
  "snr": 2.4924136504657004,
  "spacing_tr": 1.2239999771118164,
  "spacing_x": 2.5,
  "spacing_y": 2.5,
  "spacing_z": 2.5,
  "summary_bg_k": 31.29797309720457,
  "summary_bg_mad": 56.00939012196929,
  "summary_bg_mean": 453.9358825683594,
  "summary_bg_median": 74.84049224853516,
  "summary_bg_n": 246227.0,
  "summary_bg_p05": 30.434013175964356,
  "summary_bg_p95": 2321.796704101562,
  "summary_bg_stdv": 1048.913818359375,
  "summary_fg_k": 1.2659512842783753,
  "summary_fg_mad": 3671.3266822468318,
  "summary_fg_mean": 10531.3984375,
  "summary_fg_median": 9800.0087890625,
  "summary_fg_n": 71080.0,
  "summary_fg_p05": 5548.898022460938,
  "summary_fg_p95": 18037.892675781255,
  "summary_fg_stdv": 3931.907470703125,
  "tsnr": 50.58393859863281
}