{
  "aor": 0.0007353521126760563,
  "aqi": 0.004522422394366197,
  "bids_meta": {
    "AcquisitionDateTime": "2019-11-15T11:03:22.400000",
    "AcquisitionMatrixPE": 84,
    "AcquisitionNumber": 1,
    "AcquisitionTime": "11:03:22.400000",
    "BandwidthPerPixelPhaseEncode": 23.81,
    "BaseResolution": 84,
    "BodyPartExamined": "HEAD",
    "ConsistencyInfo": "N4_VE11C_LATEST_20160120",
    "ConversionSoftware": "dcm2niix",
    "ConversionSoftwareVersion": "v1.0.20171215 GCC5.1.0",
    "DerivedVendorReportedEchoSpacing": 0.00049999,
    "DeviceSerialNumber": "66072",
    "DwellTime": 2.2e-06,
    "EchoTime": 0.03,
    "EchoTrainLength": 84,
    "EffectiveEchoSpacing": 0.00049999,
    "FlipAngle": 65,
    "ImageComments": "Unaliased_MB3_PE3_LB_SENSE1",
    "ImageOrientationPatientDICOM": [
      0.998603,
      0.0442559,
      0.0288532,
      -0.0436,
      0.998785,
      -0.022979
    ],
    "ImageType": [
      "ORIGINAL",
      "PRIMARY",
      "M",
      "MB",
      "ND",
      "MOSAIC"
    ],
    "InPlanePhaseEncodingDirectionDICOM": "COL",
    "InstitutionAddress": "Boulevard_Jean_Moulin_27_Marseille_District_FR_13005",
    "InstitutionName": "Universite_d_aix_Marseille",
    "InstitutionalDepartmentName": "Department",
    "MRAcquisitionType": "2D",
    "MagneticFieldStrength": 3,
    "Manufacturer": "Siemens",
    "ManufacturersModelName": "Prisma",
    "Modality": "MR",
    "MultibandAccelerationFactor": 3,
    "PartialFourier": 1,
    "PatientPosition": "HFS",
    "PercentPhaseFOV": 100,
    "PhaseEncodingDirection": "j-",
    "PhaseEncodingSteps": 84,
    "PhaseResolution": 1,
    "PixelBandwidth": 2705,
    "ProcedureStepDescription": "Projets_archives_Aging",
    "ProtocolName": "task-illusion_run3_bold",
    "PulseSequenceDetails": "%CustomerSeq%_cmrr_mbep2d_bold",
    "ReceiveCoilActiveElements": "HC1-6",
    "ReceiveCoilName": "HeadNeck_64",
    "ReconMatrixPE": 84,
    "RepetitionTime": 1.224,
    "SAR": 0.0850782,
    "ScanOptions": "FS",
    "ScanningSequence": "EP",
    "SequenceName": "epfid2d1_84",
    "SequenceVariant": "SK_SS",
    "SeriesDescription": "task-illusion_run3_bold",
    "SeriesNumber": 20,
    "ShimSetting": [
      -583,
      -10760,
      -508,
      366,
      150,
      69,
      39,
      2
    ],
    "SliceThickness": 2.5,
    "SliceTiming": [
      1.1375,
      1.07,
      1.005,
      0.9375,
      0.87,
      0.8025,
      0.7375,
      0.67,
      0.6025,
      0.535,
      0.47,
      0.4025,
      0.335,
      0.2675,
      0.2025,
      0.135,
      0.0675,
      0,
      1.1375,
      1.07,
      1.005,
      0.9375,
      0.87,
      0.8025,
      0.7375,
      0.67,
      0.6025,
      0.535,
      0.47,
      0.4025,
      0.335,
      0.2675,
      0.2025,
      0.135,
      0.0675,
      0,
      1.1375,
      1.07,
      1.005,
      0.9375,
      0.87,
      0.8025,
      0.7375,
      0.67,
      0.6025,
      0.535,
      0.47,
      0.4025,
      0.335,
      0.2675,
      0.2025,
      0.135,
      0.0675,
      0
    ],
    "SoftwareVersions": "syngo_MR_E11",
    "SpacingBetweenSlices": 2.5,
    "StationName": "AWP66072",
    "TaskName": "illusion",
    "TotalReadoutTime": 0.04199916,
    "TxRefAmp": 227.611,
    "dataset": "ds002872",
    "modality": "bold",
    "run_id": 3,
    "subject_id": "37",
    "task_id": "illusion"
  },
  "dummy_trs": 0,
  "dvars_nstd": 28.070880748339242,
  "dvars_std": 1.064359832579504,
  "dvars_vstd": 0.9687455944522969,
  "efc": 0.47203479778056107,
  "fber": 13520.8330078125,
  "fd_mean": 0.1216673135701168,
  "fd_num": 23,
  "fd_perc": 8.098591549295774,
  "fwhm_avg": 3.040112,
  "fwhm_x": 2.88078,
  "fwhm_y": 3.1591,
  "fwhm_z": 3.080456,
  "gcor": 0.0120493,
  "gsr_x": -0.013313660398125648,
  "gsr_y": 0.0460967943072319,
  "provenance": {
    "md5sum": "de022276e3cc84cf72157e1bd52a20ac",
    "settings": {
      "fd_thres": 0.2,
      "testing": false
    },
    "software": "mriqc",
    "version": "23.0.1",
    "webapi_port": null,
    "webapi_url": "https://mriqc.nimh.nih.gov/api/v1"
  },
  "size_t": 284,
  "size_x": 84,
  "size_y": 84,
  "size_z": 54,
  "snr": 2.4776839516408486,
  "spacing_tr": 1.2239999771118164,
  "spacing_x": 2.5,
  "spacing_y": 2.5,
  "spacing_z": 2.5,
  "summary_bg_k": 32.17393721888876,
  "summary_bg_mad": 66.03230178084175,
  "summary_bg_mean": 477.9485778808594,
  "summary_bg_median": 81.70991516113281,
  "summary_bg_n": 245900.0,
  "summary_bg_p05": 28.23285846710205,
  "summary_bg_p95": 2452.86839599609,
  "summary_bg_stdv": 1119.63671875,
  "summary_fg_k": 1.264866705672044,
  "summary_fg_mad": 3700.506726301287,
  "summary_fg_mean": 10550.181640625,
  "summary_fg_median": 9809.05859375,
  "summary_fg_n": 71356.0,
  "summary_fg_p05": 5549.8021240234375,
  "summary_fg_p95": 18100.92529296875,
  "summary_fg_stdv": 3958.93505859375,
  "tsnr": 46.823280334472656
}