{
  "aor": 0.0005590106007067138,
  "aqi": 0.003748593074204947,
  "bids_meta": {
    "AcquisitionDateTime": "2019-11-15T10:56:56.287500",
    "AcquisitionMatrixPE": 84,
    "AcquisitionNumber": 1,
    "AcquisitionTime": "10:56:56.287500",
    "BandwidthPerPixelPhaseEncode": 23.81,
    "BaseResolution": 84,
    "BodyPartExamined": "HEAD",
    "ConsistencyInfo": "N4_VE11C_LATEST_20160120",
    "ConversionSoftware": "dcm2niix",
    "ConversionSoftwareVersion": "v1.0.20171215 GCC5.1.0",
    "DerivedVendorReportedEchoSpacing": 0.00049999,
    "DeviceSerialNumber": "66072",
    "DwellTime": 2.2e-06,
    "EchoTime": 0.03,
    "EchoTrainLength": 84,
    "EffectiveEchoSpacing": 0.00049999,
    "FlipAngle": 65,
    "ImageComments": "Unaliased_MB3_PE3_LB_SENSE1",
    "ImageOrientationPatientDICOM": [
      0.998603,
      0.0442559,
      0.0288532,
      -0.0436,
      0.998785,
      -0.022979
    ],
    "ImageType": [
      "ORIGINAL",
      "PRIMARY",
      "M",
      "MB",
      "ND",
      "MOSAIC"
    ],
    "InPlanePhaseEncodingDirectionDICOM": "COL",
    "InstitutionAddress": "Boulevard_Jean_Moulin_27_Marseille_District_FR_13005",
    "InstitutionName": "Universite_d_aix_Marseille",
    "InstitutionalDepartmentName": "Department",
    "MRAcquisitionType": "2D",
    "MagneticFieldStrength": 3,
    "Manufacturer": "Siemens",
    "ManufacturersModelName": "Prisma",
    "Modality": "MR",
    "MultibandAccelerationFactor": 3,
    "PartialFourier": 1,
    "PatientPosition": "HFS",
    "PercentPhaseFOV": 100,
    "PhaseEncodingDirection": "j-",
    "PhaseEncodingSteps": 84,
    "PhaseResolution": 1,
    "PixelBandwidth": 2705,
    "ProcedureStepDescription": "Projets_archives_Aging",
    "ProtocolName": "task-illusion_run2_bold",
    "PulseSequenceDetails": "%CustomerSeq%_cmrr_mbep2d_bold",
    "ReceiveCoilActiveElements": "HC1-6",
    "ReceiveCoilName": "HeadNeck_64",
    "ReconMatrixPE": 84,
    "RepetitionTime": 1.224,
    "SAR": 0.0850782,
    "ScanOptions": "FS",
    "ScanningSequence": "EP",
    "SequenceName": "epfid2d1_84",
    "SequenceVariant": "SK_SS",
    "SeriesDescription": "task-illusion_run2_bold",
    "SeriesNumber": 18,
    "ShimSetting": [
      -583,
      -10760,
      -508,
      366,
      150,
      69,
      39,
      2
    ],
    "SliceThickness": 2.5,
    "SliceTiming": [
      1.1375,
      1.07,
      1.005,
      0.9375,
      0.87,
      0.8025,
      0.7375,
      0.67,
      0.6025,
      0.535,
      0.47,
      0.4025,
      0.335,
      0.2675,
      0.2,
      0.135,
      0.0675,
      0,
      1.1375,
      1.07,
      1.005,
      0.9375,
      0.87,
      0.8025,
      0.7375,
      0.67,
      0.6025,
      0.535,
      0.47,
      0.4025,
      0.335,
      0.2675,
      0.2,
      0.135,
      0.0675,
      0,
      1.1375,
      1.07,
      1.005,
      0.9375,
      0.87,
      0.8025,
      0.7375,
      0.67,
      0.6025,
      0.535,
      0.47,
      0.4025,
      0.335,
      0.2675,
      0.2,
      0.135,
      0.0675,
      0
    ],
    "SoftwareVersions": "syngo_MR_E11",
    "SpacingBetweenSlices": 2.5,
    "StationName": "AWP66072",
    "TaskName": "illusion",
    "TotalReadoutTime": 0.04199916,
    "TxRefAmp": 227.611,
    "dataset": "ds002872",
    "modality": "bold",
    "run_id": 2,
    "subject_id": "37",
    "task_id": "illusion"
  },
  "dummy_trs": 1,
  "dvars_nstd": 27.923879231205675,
  "dvars_std": 1.0890306448936173,
  "dvars_vstd": 0.9802292026241134,
  "efc": 0.47207093111003834,
  "fber": 14724.453125,
  "fd_mean": 0.11113401572239834,
  "fd_num": 16,
  "fd_perc": 5.6537102473498235,
  "fwhm_avg": 3.0284986666666662,
  "fwhm_x": 2.880404,
  "fwhm_y": 3.132356,
  "fwhm_z": 3.072736,
  "gcor": 0.0166144,
  "gsr_x": -0.012235782109200954,
  "gsr_y": 0.04548158869147301,
  "provenance": {
    "md5sum": "15ef11673c1ebb27c6d08a7038551b8c",
    "settings": {
      "fd_thres": 0.2,
      "testing": false
    },
    "software": "mriqc",
    "version": "23.0.1",
    "webapi_port": null,
    "webapi_url": "https://mriqc.nimh.nih.gov/api/v1"
  },
  "size_t": 283,
  "size_x": 84,
  "size_y": 84,
  "size_z": 54,
  "snr": 2.4934429500186415,
  "spacing_tr": 1.2239999771118164,
  "spacing_x": 2.5,
  "spacing_y": 2.5,
  "spacing_z": 2.5,
  "summary_bg_k": 30.594535346125582,
  "summary_bg_mad": 59.18157542976392,
  "summary_bg_mean": 487.3630065917969,
  "summary_bg_median": 78.68964385986328,
  "summary_bg_n": 246531.0,
  "summary_bg_p05": 32.67287826538086,
  "summary_bg_p95": 2516.182373046875,
  "summary_bg_stdv": 1152.0064697265625,
  "summary_fg_k": 1.2434428164841984,
  "summary_fg_mad": 3671.198185228382,
  "summary_fg_mean": 10553.525390625,
  "summary_fg_median": 9812.4951171875,
  "summary_fg_n": 71061.0,
  "summary_fg_p05": 5565.078125,
  "summary_fg_p95": 18072.740234375,
  "summary_fg_stdv": 3935.2919921875,
  "tsnr": 49.84697341918945
}