{
  "aor": 0.014674946996466431,
  "aqi": 0.006936814204946996,
  "bids_meta": {
    "EchoTime": 0.03,
    "EffectiveEchoSpacing": 0.00049999,
    "FlipAngle": 65,
    "ImageType": [
      "ORIGINAL",
      "PRIMARY",
      "M",
      "MB",
      "ND",
      "MOSAI"
    ],
    "MagneticFieldStrength": 3,
    "Manufacturer": "Siemens",
    "ManufacturersModelName": "Prisma",
    "PhaseEncodingDirection": "j-",
    "RepetitionTime": 1.224,
    "SliceTiming": [
      1.1375,
      1.07,
      1.0025,
      0.9375,
      0.87,
      0.8025,
      0.735,
      0.67,
      0.6025,
      0.535,
      0.4675,
      0.4,
      0.335,
      0.2675,
      0.2,
      0.1325,
      0.0675,
      0,
      1.1375,
      1.07,
      1.0025,
      0.9375,
      0.87,
      0.8025,
      0.735,
      0.67,
      0.6025,
      0.535,
      0.4675,
      0.4,
      0.335,
      0.2675,
      0.2,
      0.1325,
      0.0675,
      0,
      1.1375,
      1.07,
      1.0025,
      0.9375,
      0.87,
      0.8025,
      0.735,
      0.67,
      0.6025,
      0.535,
      0.4675,
      0.4,
      0.335,
      0.2675,
      0.2,
      0.1325,
      0.0675,
      0
    ],
    "TaskName": "illusion",
    "dataset": "ds002872",
    "modality": "bold",
    "run_id": 2,
    "subject_id": "09",
    "task_id": "illusion"
  },
  "dummy_trs": 1,
  "dvars_nstd": 44.1737416653901,
  "dvars_std": 1.29082197287234,
  "dvars_vstd": 1.128073380141844,
  "efc": 0.49033094301715774,
  "fber": 7695.69140625,
  "fd_mean": 0.36852352408981354,
  "fd_num": 106,
  "fd_perc": 37.45583038869258,
  "fwhm_avg": 2.8276280000000003,
  "fwhm_x": 2.622468,
  "fwhm_y": 2.954996,
  "fwhm_z": 2.9054200000000003,
  "gcor": 0.0228601,
  "gsr_x": 0.012042367830872536,
  "gsr_y": 0.046740274876356125,
  "provenance": {
    "md5sum": "bb8d929fc7831deb013bba630b4e70cb",
    "settings": {
      "fd_thres": 0.2,
      "testing": false
    },
    "software": "mriqc",
    "version": "23.0.1",
    "webapi_port": null,
    "webapi_url": "https://mriqc.nimh.nih.gov/api/v1"
  },
  "size_t": 283,
  "size_x": 84,
  "size_y": 84,
  "size_z": 54,
  "snr": 2.6301842576573162,
  "spacing_tr": 1.2239999771118164,
  "spacing_x": 2.5,
  "spacing_y": 2.5,
  "spacing_z": 2.5,
  "summary_bg_k": 34.71104273673813,
  "summary_bg_mad": 101.01062957302908,
  "summary_bg_mean": 538.989990234375,
  "summary_bg_median": 100.32064819335938,
  "summary_bg_n": 244151.0,
  "summary_bg_p05": 21.5306978225708,
  "summary_bg_p95": 2629.9610595703125,
  "summary_bg_stdv": 1216.54248046875,
  "summary_fg_k": 1.7060360204829808,
  "summary_fg_mad": 3146.039919910746,
  "summary_fg_mean": 9764.7626953125,
  "summary_fg_median": 9145.2265625,
  "summary_fg_n": 71786.0,
  "summary_fg_p05": 5280.805908203125,
  "summary_fg_p95": 16302.41796875,
  "summary_fg_stdv": 3477.004638671875,
  "tsnr": 38.27707290649414
}