{
  "aor": 0.007818697183098591,
  "aqi": 0.00984749264084507,
  "bids_meta": {
    "EchoTime": 0.03,
    "EffectiveEchoSpacing": 0.00049999,
    "FlipAngle": 65,
    "ImageType": [
      "ORIGINAL",
      "PRIMARY",
      "M",
      "MB",
      "ND",
      "MOSAI"
    ],
    "MagneticFieldStrength": 3,
    "Manufacturer": "Siemens",
    "ManufacturersModelName": "Prisma",
    "PhaseEncodingDirection": "j-",
    "RepetitionTime": 1.224,
    "SliceTiming": [
      1.1375,
      1.07,
      1.0025,
      0.935,
      0.87,
      0.8025,
      0.735,
      0.6675,
      0.6025,
      0.535,
      0.4675,
      0.4,
      0.335,
      0.2675,
      0.2,
      0.1325,
      0.0675,
      0,
      1.1375,
      1.07,
      1.0025,
      0.935,
      0.87,
      0.8025,
      0.735,
      0.6675,
      0.6025,
      0.535,
      0.4675,
      0.4,
      0.335,
      0.2675,
      0.2,
      0.1325,
      0.0675,
      0,
      1.1375,
      1.07,
      1.0025,
      0.935,
      0.87,
      0.8025,
      0.735,
      0.6675,
      0.6025,
      0.535,
      0.4675,
      0.4,
      0.335,
      0.2675,
      0.2,
      0.1325,
      0.0675,
      0
    ],
    "TaskName": "illusion",
    "dataset": "ds002872",
    "modality": "bold",
    "run_id": 4,
    "subject_id": "09",
    "task_id": "illusion"
  },
  "dummy_trs": 0,
  "dvars_nstd": 45.468067384734965,
  "dvars_std": 1.1278426579151943,
  "dvars_vstd": 1.0136923310247354,
  "efc": 0.49084173410404486,
  "fber": 8046.49365234375,
  "fd_mean": 0.4501707637868652,
  "fd_num": 115,
  "fd_perc": 40.49295774647887,
  "fwhm_avg": 2.831612,
  "fwhm_x": 2.651856,
  "fwhm_y": 2.9365639999999997,
  "fwhm_z": 2.906416,
  "gcor": 0.0228492,
  "gsr_x": 0.01604592427611351,
  "gsr_y": 0.045834917575120926,
  "provenance": {
    "md5sum": "27550bb9131f797504297c2def9f0a22",
    "settings": {
      "fd_thres": 0.2,
      "testing": false
    },
    "software": "mriqc",
    "version": "23.0.1",
    "webapi_port": null,
    "webapi_url": "https://mriqc.nimh.nih.gov/api/v1"
  },
  "size_t": 284,
  "size_x": 84,
  "size_y": 84,
  "size_z": 54,
  "snr": 2.6338733064540194,
  "spacing_tr": 1.2239999771118164,
  "spacing_x": 2.5,
  "spacing_y": 2.5,
  "spacing_z": 2.5,
  "summary_bg_k": 31.01271366777214,
  "summary_bg_mad": 95.18129050394519,
  "summary_bg_mean": 565.3765869140625,
  "summary_bg_median": 98.70964050292969,
  "summary_bg_n": 245434.0,
  "summary_bg_p05": 27.36269054412842,
  "summary_bg_p95": 2780.947741699213,
  "summary_bg_stdv": 1277.8990478515625,
  "summary_fg_k": 1.8332560088030787,
  "summary_fg_mad": 3133.3263163163147,
  "summary_fg_mean": 9792.376953125,
  "summary_fg_median": 9158.61328125,
  "summary_fg_n": 71400.0,
  "summary_fg_p05": 5335.389721679688,
  "summary_fg_p95": 16311.987060546875,
  "summary_fg_stdv": 3477.217041015625,
  "tsnr": 33.59660339355469
}