{
  "aor": 0.010358480565371024,
  "aqi": 0.0091947725795053,
  "bids_meta": {
    "EchoTime": 0.03,
    "EffectiveEchoSpacing": 0.00049999,
    "FlipAngle": 65,
    "ImageType": [
      "ORIGINAL",
      "PRIMARY",
      "M",
      "MB",
      "ND",
      "MOSAI"
    ],
    "MagneticFieldStrength": 3,
    "Manufacturer": "Siemens",
    "ManufacturersModelName": "Prisma",
    "PhaseEncodingDirection": "j-",
    "RepetitionTime": 1.224,
    "SliceTiming": [
      1.135,
      1.07,
      1.0025,
      0.935,
      0.8675,
      0.8025,
      0.735,
      0.6675,
      0.6,
      0.535,
      0.4675,
      0.4,
      0.3325,
      0.2675,
      0.2,
      0.1325,
      0.065,
      0,
      1.135,
      1.07,
      1.0025,
      0.935,
      0.8675,
      0.8025,
      0.735,
      0.6675,
      0.6,
      0.535,
      0.4675,
      0.4,
      0.3325,
      0.2675,
      0.2,
      0.1325,
      0.065,
      0,
      1.135,
      1.07,
      1.0025,
      0.935,
      0.8675,
      0.8025,
      0.735,
      0.6675,
      0.6,
      0.535,
      0.4675,
      0.4,
      0.3325,
      0.2675,
      0.2,
      0.1325,
      0.065,
      0
    ],
    "TaskName": "illusion",
    "dataset": "ds002872",
    "modality": "bold",
    "run_id": 1,
    "subject_id": "09",
    "task_id": "illusion"
  },
  "dummy_trs": 1,
  "dvars_nstd": 44.467513774148934,
  "dvars_std": 1.1818832383333326,
  "dvars_vstd": 1.057415374184397,
  "efc": 0.4896112003341706,
  "fber": 8665.6357421875,
  "fd_mean": 0.3959209957628203,
  "fd_num": 110,
  "fd_perc": 38.869257950530034,
  "fwhm_avg": 2.8234186666666665,
  "fwhm_x": 2.621208,
  "fwhm_y": 2.940464,
  "fwhm_z": 2.9085840000000003,
  "gcor": 0.0209778,
  "gsr_x": 0.012484103441238403,
  "gsr_y": 0.04820706322789192,
  "provenance": {
    "md5sum": "95bb2c9e4d5eeed164c3336520913147",
    "settings": {
      "fd_thres": 0.2,
      "testing": false
    },
    "software": "mriqc",
    "version": "23.0.1",
    "webapi_port": null,
    "webapi_url": "https://mriqc.nimh.nih.gov/api/v1"
  },
  "size_t": 283,
  "size_x": 84,
  "size_y": 84,
  "size_z": 54,
  "snr": 2.6490668683812215,
  "spacing_tr": 1.2239999771118164,
  "spacing_x": 2.5,
  "spacing_y": 2.5,
  "spacing_z": 2.5,
  "summary_bg_k": 35.5700796942596,
  "summary_bg_mad": 87.47790838708931,
  "summary_bg_mean": 532.398193359375,
  "summary_bg_median": 93.9450912475586,
  "summary_bg_n": 244101.0,
  "summary_bg_p05": 27.906518936157227,
  "summary_bg_p95": 2592.1435546875,
  "summary_bg_stdv": 1219.2899169921875,
  "summary_fg_k": 1.7365615325918098,
  "summary_fg_mad": 3142.7605312145397,
  "summary_fg_mean": 9787.6298828125,
  "summary_fg_median": 9164.3046875,
  "summary_fg_n": 71409.0,
  "summary_fg_p05": 5330.8357421875,
  "summary_fg_p95": 16294.749609374978,
  "summary_fg_stdv": 3459.422119140625,
  "tsnr": 36.04749298095703
}