{
  "aor": 0.0031952282157676356,
  "aqi": 0.00962832763485477,
  "bids_meta": {
    "EchoTime": 0.03,
    "EffectiveEchoSpacing": 0.00049999,
    "FlipAngle": 65,
    "ImageType": [
      "ORIGINAL",
      "PRIMARY",
      "M",
      "MB",
      "ND",
      "MOSAI"
    ],
    "MagneticFieldStrength": 3,
    "Manufacturer": "Siemens",
    "ManufacturersModelName": "Prisma",
    "PhaseEncodingDirection": "j-",
    "RepetitionTime": 1.224,
    "SliceTiming": [
      1.1375,
      1.07,
      1.005,
      0.9375,
      0.87,
      0.8025,
      0.7375,
      0.67,
      0.6025,
      0.535,
      0.47,
      0.4025,
      0.335,
      0.2675,
      0.2025,
      0.135,
      0.0675,
      0,
      1.1375,
      1.07,
      1.005,
      0.9375,
      0.87,
      0.8025,
      0.7375,
      0.67,
      0.6025,
      0.535,
      0.47,
      0.4025,
      0.335,
      0.2675,
      0.2025,
      0.135,
      0.0675,
      0,
      1.1375,
      1.07,
      1.005,
      0.9375,
      0.87,
      0.8025,
      0.7375,
      0.67,
      0.6025,
      0.535,
      0.47,
      0.4025,
      0.335,
      0.2675,
      0.2025,
      0.135,
      0.0675,
      0
    ],
    "TaskName": "rest",
    "dataset": "ds002872",
    "modality": "bold",
    "subject_id": "09",
    "task_id": "rest"
  },
  "dummy_trs": 2,
  "dvars_nstd": 35.89309957671515,
  "dvars_std": 1.0407573808108106,
  "dvars_vstd": 0.9678652377962578,
  "efc": 0.48859420407699955,
  "fber": 8084.1455078125,
  "fd_mean": 0.24082252482303268,
  "fd_num": 153,
  "fd_perc": 31.74273858921162,
  "fwhm_avg": 2.821844,
  "fwhm_x": 2.621596,
  "fwhm_y": 2.940144,
  "fwhm_z": 2.903792,
  "gcor": 0.0203944,
  "gsr_x": 0.01307073887437582,
  "gsr_y": 0.04108601436018944,
  "provenance": {
    "md5sum": "f3639d74d6598baa877ce60edd3392e6",
    "settings": {
      "fd_thres": 0.2,
      "testing": false
    },
    "software": "mriqc",
    "version": "23.0.1",
    "webapi_port": null,
    "webapi_url": "https://mriqc.nimh.nih.gov/api/v1"
  },
  "size_t": 482,
  "size_x": 84,
  "size_y": 84,
  "size_z": 54,
  "snr": 2.6631870744216672,
  "spacing_tr": 1.2239999771118164,
  "spacing_x": 2.5,
  "spacing_y": 2.5,
  "spacing_z": 2.5,
  "summary_bg_k": 35.45602263258622,
  "summary_bg_mad": 94.93839607386799,
  "summary_bg_mean": 509.5624694824219,
  "summary_bg_median": 97.92543029785156,
  "summary_bg_n": 244004.0,
  "summary_bg_p05": 25.85381155014038,
  "summary_bg_p95": 2461.2447265624996,
  "summary_bg_stdv": 1125.744873046875,
  "summary_fg_k": 1.7214927848145596,
  "summary_fg_mad": 3107.842642832021,
  "summary_fg_mean": 9735.0673828125,
  "summary_fg_median": 9122.0537109375,
  "summary_fg_n": 71421.0,
  "summary_fg_p05": 5308.22216796875,
  "summary_fg_p95": 16153.3818359375,
  "summary_fg_stdv": 3425.215576171875,
  "tsnr": 35.43104553222656
}