{
  "aor": 0.009366077738515902,
  "aqi": 0.007270302120141342,
  "bids_meta": {
    "EchoTime": 0.03,
    "EffectiveEchoSpacing": 0.00049999,
    "FlipAngle": 65,
    "ImageType": [
      "ORIGINAL",
      "PRIMARY",
      "M",
      "MB",
      "ND",
      "MOSAI"
    ],
    "MagneticFieldStrength": 3,
    "Manufacturer": "Siemens",
    "ManufacturersModelName": "Prisma",
    "PhaseEncodingDirection": "j-",
    "RepetitionTime": 1.224,
    "SliceTiming": [
      1.1375,
      1.07,
      1.0025,
      0.9375,
      0.87,
      0.8025,
      0.735,
      0.67,
      0.6025,
      0.535,
      0.4675,
      0.4025,
      0.335,
      0.2675,
      0.2,
      0.135,
      0.0675,
      0,
      1.1375,
      1.07,
      1.0025,
      0.9375,
      0.87,
      0.8025,
      0.735,
      0.67,
      0.6025,
      0.535,
      0.4675,
      0.4025,
      0.335,
      0.2675,
      0.2,
      0.135,
      0.0675,
      0,
      1.1375,
      1.07,
      1.0025,
      0.9375,
      0.87,
      0.8025,
      0.735,
      0.67,
      0.6025,
      0.535,
      0.4675,
      0.4025,
      0.335,
      0.2675,
      0.2,
      0.135,
      0.0675,
      0
    ],
    "TaskName": "illusion",
    "dataset": "ds002872",
    "modality": "bold",
    "run_id": 3,
    "subject_id": "09",
    "task_id": "illusion"
  },
  "dummy_trs": 1,
  "dvars_nstd": 43.42073485897167,
  "dvars_std": 1.201809832375885,
  "dvars_vstd": 1.0610294129078022,
  "efc": 0.49069221475600333,
  "fber": 9120.1728515625,
  "fd_mean": 0.3283000347891371,
  "fd_num": 112,
  "fd_perc": 39.57597173144876,
  "fwhm_avg": 2.836376,
  "fwhm_x": 2.645976,
  "fwhm_y": 2.945512,
  "fwhm_z": 2.91764,
  "gcor": 0.0199284,
  "gsr_x": 0.0118833277374506,
  "gsr_y": 0.04898960515856743,
  "provenance": {
    "md5sum": "ecaaf031e5b4578aeaf02cfee0f5cd51",
    "settings": {
      "fd_thres": 0.2,
      "testing": false
    },
    "software": "mriqc",
    "version": "23.0.1",
    "webapi_port": null,
    "webapi_url": "https://mriqc.nimh.nih.gov/api/v1"
  },
  "size_t": 283,
  "size_x": 84,
  "size_y": 84,
  "size_z": 54,
  "snr": 2.629838382630712,
  "spacing_tr": 1.2239999771118164,
  "spacing_x": 2.5,
  "spacing_y": 2.5,
  "spacing_z": 2.5,
  "summary_bg_k": 35.780826113989335,
  "summary_bg_mad": 74.47235583399264,
  "summary_bg_mean": 541.3814697265625,
  "summary_bg_median": 91.058837890625,
  "summary_bg_n": 243876.0,
  "summary_bg_p05": 38.09247016906738,
  "summary_bg_p95": 2638.380126953125,
  "summary_bg_stdv": 1240.606201171875,
  "summary_fg_k": 1.7958815110359465,
  "summary_fg_mad": 3142.985672469401,
  "summary_fg_mean": 9764.5869140625,
  "summary_fg_median": 9145.728515625,
  "summary_fg_n": 71882.0,
  "summary_fg_p05": 5285.945361328125,
  "summary_fg_p95": 16269.199853515624,
  "summary_fg_stdv": 3477.65283203125,
  "tsnr": 37.851078033447266
}