{
  "aor": 0.00043732919254658385,
  "aqi": 0.0033032859834368528,
  "bids_meta": {
    "AcquisitionDateTime": "2019-11-06T16:25:35.502500",
    "AcquisitionMatrixPE": 84,
    "AcquisitionNumber": 1,
    "AcquisitionTime": "16:25:35.502500",
    "BandwidthPerPixelPhaseEncode": 23.81,
    "BaseResolution": 84,
    "BodyPartExamined": "HEAD",
    "ConsistencyInfo": "N4_VE11C_LATEST_20160120",
    "ConversionSoftware": "dcm2niix",
    "ConversionSoftwareVersion": "v1.0.20171215 GCC5.1.0",
    "DerivedVendorReportedEchoSpacing": 0.00049999,
    "DeviceSerialNumber": "66072",
    "DwellTime": 2.3e-06,
    "EchoTime": 0.03,
    "EchoTrainLength": 84,
    "EffectiveEchoSpacing": 0.00049999,
    "FlipAngle": 65,
    "ImageComments": "Unaliased_MB3_PE3_LB_SENSE1",
    "ImageOrientationPatientDICOM": [
      0.995943,
      0.04563,
      -0.0775581,
      -0.0398271,
      0.996404,
      0.0747881
    ],
    "ImageType": [
      "ORIGINAL",
      "PRIMARY",
      "M",
      "MB",
      "ND",
      "MOSAIC"
    ],
    "InPlanePhaseEncodingDirectionDICOM": "COL",
    "InstitutionAddress": "Boulevard_Jean_Moulin_27_Marseille_District_FR_13005",
    "InstitutionName": "Universite_d_aix_Marseille",
    "InstitutionalDepartmentName": "Department",
    "MRAcquisitionType": "2D",
    "MagneticFieldStrength": 3,
    "Manufacturer": "Siemens",
    "ManufacturersModelName": "Prisma",
    "Modality": "MR",
    "MultibandAccelerationFactor": 3,
    "PartialFourier": 1,
    "PatientPosition": "HFS",
    "PercentPhaseFOV": 100,
    "PhaseEncodingDirection": "j-",
    "PhaseEncodingSteps": 84,
    "PhaseResolution": 1,
    "PixelBandwidth": 2590,
    "ProcedureStepDescription": "Projets_archives_Aging",
    "ProtocolName": "task-rest_bold",
    "PulseSequenceDetails": "%CustomerSeq%_cmrr_mbep2d_bold",
    "ReceiveCoilActiveElements": "HC1-7",
    "ReceiveCoilName": "HeadNeck_64",
    "ReconMatrixPE": 84,
    "RepetitionTime": 1.224,
    "SAR": 0.0669197,
    "ScanOptions": "FS",
    "ScanningSequence": "EP",
    "SequenceName": "epfid2d1_84",
    "SequenceVariant": "SK_SS",
    "SeriesDescription": "task-rest_bold",
    "SeriesNumber": 14,
    "ShimSetting": [
      -619,
      -10766,
      -550,
      614,
      19,
      0,
      93,
      -9
    ],
    "SliceThickness": 2.5,
    "SliceTiming": [
      1.1375,
      1.07,
      1.0025,
      0.9375,
      0.87,
      0.8025,
      0.735,
      0.67,
      0.6025,
      0.535,
      0.4675,
      0.4025,
      0.335,
      0.2675,
      0.2,
      0.135,
      0.0675,
      0,
      1.1375,
      1.07,
      1.0025,
      0.9375,
      0.87,
      0.8025,
      0.735,
      0.67,
      0.6025,
      0.535,
      0.4675,
      0.4025,
      0.335,
      0.2675,
      0.2,
      0.135,
      0.0675,
      0,
      1.1375,
      1.07,
      1.0025,
      0.9375,
      0.87,
      0.8025,
      0.735,
      0.67,
      0.6025,
      0.535,
      0.4675,
      0.4025,
      0.335,
      0.2675,
      0.2,
      0.135,
      0.0675,
      0
    ],
    "SoftwareVersions": "syngo_MR_E11",
    "SpacingBetweenSlices": 2.5,
    "StationName": "AWP66072",
    "TaskName": "rest",
    "TotalReadoutTime": 0.04199916,
    "TxRefAmp": 230.177,
    "dataset": "ds002872",
    "modality": "bold",
    "subject_id": "35",
    "task_id": "rest"
  },
  "dummy_trs": 1,
  "dvars_nstd": 26.881818941576775,
  "dvars_std": 1.1383691638589215,
  "dvars_vstd": 0.995498943817428,
  "efc": 0.4905467273212169,
  "fber": 14108.791015625,
  "fd_mean": 0.08480977887207945,
  "fd_num": 2,
  "fd_perc": 0.4140786749482402,
  "fwhm_avg": 2.8769013333333326,
  "fwhm_x": 2.6580839999999997,
  "fwhm_y": 2.968308,
  "fwhm_z": 3.0043119999999996,
  "gcor": 0.00953034,
  "gsr_x": -0.008711854927241802,
  "gsr_y": 0.039570342749357224,
  "provenance": {
    "md5sum": "56e9cc8fa1c0c7ccb30407258990e968",
    "settings": {
      "fd_thres": 0.2,
      "testing": false
    },
    "software": "mriqc",
    "version": "23.0.1",
    "webapi_port": null,
    "webapi_url": "https://mriqc.nimh.nih.gov/api/v1"
  },
  "size_t": 483,
  "size_x": 84,
  "size_y": 84,
  "size_z": 54,
  "snr": 2.8400439457287616,
  "spacing_tr": 1.2239999771118164,
  "spacing_x": 2.5,
  "spacing_y": 2.5,
  "spacing_z": 2.5,
  "summary_bg_k": 37.45453940560566,
  "summary_bg_mad": 61.197737197963306,
  "summary_bg_mean": 455.71636962890625,
  "summary_bg_median": 80.59114074707031,
  "summary_bg_n": 240266.0,
  "summary_bg_p05": 35.56752300262451,
  "summary_bg_p95": 2240.0747680664062,
  "summary_bg_stdv": 1060.197265625,
  "summary_fg_k": 1.0433862618860967,
  "summary_fg_mad": 3335.592930112654,
  "summary_fg_mean": 10524.0078125,
  "summary_fg_median": 9982.3388671875,
  "summary_fg_n": 75293.0,
  "summary_fg_p05": 5838.6275390625,
  "summary_fg_p95": 17052.76249999999,
  "summary_fg_stdv": 3514.830322265625,
  "tsnr": 58.67961883544922
}