{
  "aor": 0.001708169014084507,
  "aqi": 0.00469884411971831,
  "bids_meta": {
    "AcquisitionDateTime": "2019-11-06T17:00:36.497500",
    "AcquisitionMatrixPE": 84,
    "AcquisitionNumber": 1,
    "AcquisitionTime": "17:00:36.497500",
    "BandwidthPerPixelPhaseEncode": 23.81,
    "BaseResolution": 84,
    "BodyPartExamined": "HEAD",
    "ConsistencyInfo": "N4_VE11C_LATEST_20160120",
    "ConversionSoftware": "dcm2niix",
    "ConversionSoftwareVersion": "v1.0.20171215 GCC5.1.0",
    "DerivedVendorReportedEchoSpacing": 0.00049999,
    "DeviceSerialNumber": "66072",
    "DwellTime": 2.2e-06,
    "EchoTime": 0.03,
    "EchoTrainLength": 84,
    "EffectiveEchoSpacing": 0.00049999,
    "FlipAngle": 65,
    "ImageComments": "Unaliased_MB3_PE3_LB_SENSE1",
    "ImageOrientationPatientDICOM": [
      0.995943,
      0.04563,
      -0.0775581,
      -0.0398271,
      0.996404,
      0.0747881
    ],
    "ImageType": [
      "ORIGINAL",
      "PRIMARY",
      "M",
      "MB",
      "ND",
      "MOSAIC"
    ],
    "InPlanePhaseEncodingDirectionDICOM": "COL",
    "InstitutionAddress": "Boulevard_Jean_Moulin_27_Marseille_District_FR_13005",
    "InstitutionName": "Universite_d_aix_Marseille",
    "InstitutionalDepartmentName": "Department",
    "MRAcquisitionType": "2D",
    "MagneticFieldStrength": 3,
    "Manufacturer": "Siemens",
    "ManufacturersModelName": "Prisma",
    "Modality": "MR",
    "MultibandAccelerationFactor": 3,
    "PartialFourier": 1,
    "PatientPosition": "HFS",
    "PercentPhaseFOV": 100,
    "PhaseEncodingDirection": "j-",
    "PhaseEncodingSteps": 84,
    "PhaseResolution": 1,
    "PixelBandwidth": 2705,
    "ProcedureStepDescription": "Projets_archives_Aging",
    "ProtocolName": "task-illusion_run3_bold",
    "PulseSequenceDetails": "%CustomerSeq%_cmrr_mbep2d_bold",
    "ReceiveCoilActiveElements": "HC1-7",
    "ReceiveCoilName": "HeadNeck_64",
    "ReconMatrixPE": 84,
    "RepetitionTime": 1.224,
    "SAR": 0.0667816,
    "ScanOptions": "FS",
    "ScanningSequence": "EP",
    "SequenceName": "epfid2d1_84",
    "SequenceVariant": "SK_SS",
    "SeriesDescription": "task-illusion_run3_bold",
    "SeriesNumber": 20,
    "ShimSetting": [
      -619,
      -10766,
      -550,
      614,
      19,
      0,
      93,
      -9
    ],
    "SliceThickness": 2.5,
    "SliceTiming": [
      1.1375,
      1.07,
      1.0025,
      0.9375,
      0.87,
      0.8025,
      0.735,
      0.6675,
      0.6025,
      0.535,
      0.4675,
      0.4,
      0.335,
      0.2675,
      0.2,
      0.1325,
      0.0675,
      0,
      1.1375,
      1.07,
      1.0025,
      0.9375,
      0.87,
      0.8025,
      0.735,
      0.6675,
      0.6025,
      0.535,
      0.4675,
      0.4,
      0.335,
      0.2675,
      0.2,
      0.1325,
      0.0675,
      0,
      1.1375,
      1.07,
      1.0025,
      0.9375,
      0.87,
      0.8025,
      0.735,
      0.6675,
      0.6025,
      0.535,
      0.4675,
      0.4,
      0.335,
      0.2675,
      0.2,
      0.1325,
      0.0675,
      0
    ],
    "SoftwareVersions": "syngo_MR_E11",
    "SpacingBetweenSlices": 2.5,
    "StationName": "AWP66072",
    "TaskName": "illusion",
    "TotalReadoutTime": 0.04199916,
    "TxRefAmp": 230.177,
    "dataset": "ds002872",
    "modality": "bold",
    "run_id": 3,
    "subject_id": "35",
    "task_id": "illusion"
  },
  "dummy_trs": 0,
  "dvars_nstd": 28.346930682508816,
  "dvars_std": 1.0991866635689038,
  "dvars_vstd": 1.0084965587985866,
  "efc": 0.4887260260958678,
  "fber": 13258.333984375,
  "fd_mean": 0.10587314448865254,
  "fd_num": 15,
  "fd_perc": 5.28169014084507,
  "fwhm_avg": 2.867184,
  "fwhm_x": 2.640092,
  "fwhm_y": 2.954052,
  "fwhm_z": 3.007408,
  "gcor": 0.010334,
  "gsr_x": -0.00691231619566679,
  "gsr_y": 0.040927767753601074,
  "provenance": {
    "md5sum": "e1c215c9664c6e84a0c28e1b200a5662",
    "settings": {
      "fd_thres": 0.2,
      "testing": false
    },
    "software": "mriqc",
    "version": "23.0.1",
    "webapi_port": null,
    "webapi_url": "https://mriqc.nimh.nih.gov/api/v1"
  },
  "size_t": 284,
  "size_x": 84,
  "size_y": 84,
  "size_z": 54,
  "snr": 2.839111239550771,
  "spacing_tr": 1.2239999771118164,
  "spacing_x": 2.5,
  "spacing_y": 2.5,
  "spacing_z": 2.5,
  "summary_bg_k": 50.14756114132805,
  "summary_bg_mad": 66.39152786463768,
  "summary_bg_mean": 436.0732116699219,
  "summary_bg_median": 82.10037231445312,
  "summary_bg_n": 240296.0,
  "summary_bg_p05": 29.915963172912598,
  "summary_bg_p95": 2098.0000610351562,
  "summary_bg_stdv": 1041.841552734375,
  "summary_fg_k": 1.2454033957222208,
  "summary_fg_mad": 3231.9512166289755,
  "summary_fg_mean": 10355.08984375,
  "summary_fg_median": 9804.755859375,
  "summary_fg_n": 74948.0,
  "summary_fg_p05": 5790.9754638671875,
  "summary_fg_p95": 16776.320898437494,
  "summary_fg_stdv": 3453.4365234375,
  "tsnr": 49.19770050048828
}