{
  "aor": 0.001188767605633803,
  "aqi": 0.0026036132394366197,
  "bids_meta": {
    "AcquisitionDateTime": "2019-11-06T16:44:31.675000",
    "AcquisitionMatrixPE": 84,
    "AcquisitionNumber": 1,
    "AcquisitionTime": "16:44:31.675000",
    "BandwidthPerPixelPhaseEncode": 23.81,
    "BaseResolution": 84,
    "BodyPartExamined": "HEAD",
    "ConsistencyInfo": "N4_VE11C_LATEST_20160120",
    "ConversionSoftware": "dcm2niix",
    "ConversionSoftwareVersion": "v1.0.20171215 GCC5.1.0",
    "DerivedVendorReportedEchoSpacing": 0.00049999,
    "DeviceSerialNumber": "66072",
    "DwellTime": 2.2e-06,
    "EchoTime": 0.03,
    "EchoTrainLength": 84,
    "EffectiveEchoSpacing": 0.00049999,
    "FlipAngle": 65,
    "ImageComments": "Unaliased_MB3_PE3_LB_SENSE1",
    "ImageOrientationPatientDICOM": [
      0.995943,
      0.04563,
      -0.0775581,
      -0.0398271,
      0.996404,
      0.0747881
    ],
    "ImageType": [
      "ORIGINAL",
      "PRIMARY",
      "M",
      "MB",
      "ND",
      "MOSAIC"
    ],
    "InPlanePhaseEncodingDirectionDICOM": "COL",
    "InstitutionAddress": "Boulevard_Jean_Moulin_27_Marseille_District_FR_13005",
    "InstitutionName": "Universite_d_aix_Marseille",
    "InstitutionalDepartmentName": "Department",
    "MRAcquisitionType": "2D",
    "MagneticFieldStrength": 3,
    "Manufacturer": "Siemens",
    "ManufacturersModelName": "Prisma",
    "Modality": "MR",
    "MultibandAccelerationFactor": 3,
    "PartialFourier": 1,
    "PatientPosition": "HFS",
    "PercentPhaseFOV": 100,
    "PhaseEncodingDirection": "j-",
    "PhaseEncodingSteps": 84,
    "PhaseResolution": 1,
    "PixelBandwidth": 2705,
    "ProcedureStepDescription": "Projets_archives_Aging",
    "ProtocolName": "task-illusion_run2_bold",
    "PulseSequenceDetails": "%CustomerSeq%_cmrr_mbep2d_bold",
    "ReceiveCoilActiveElements": "HC1-7",
    "ReceiveCoilName": "HeadNeck_64",
    "ReconMatrixPE": 84,
    "RepetitionTime": 1.224,
    "SAR": 0.0667816,
    "ScanOptions": "FS",
    "ScanningSequence": "EP",
    "SequenceName": "epfid2d1_84",
    "SequenceVariant": "SK_SS",
    "SeriesDescription": "task-illusion_run2_bold",
    "SeriesNumber": 18,
    "ShimSetting": [
      -619,
      -10766,
      -550,
      614,
      19,
      0,
      93,
      -9
    ],
    "SliceThickness": 2.5,
    "SliceTiming": [
      1.135,
      1.07,
      1.0025,
      0.935,
      0.8675,
      0.8025,
      0.735,
      0.6675,
      0.6,
      0.535,
      0.4675,
      0.4,
      0.3325,
      0.2675,
      0.2,
      0.1325,
      0.065,
      0,
      1.135,
      1.07,
      1.0025,
      0.935,
      0.8675,
      0.8025,
      0.735,
      0.6675,
      0.6,
      0.535,
      0.4675,
      0.4,
      0.3325,
      0.2675,
      0.2,
      0.1325,
      0.065,
      0,
      1.135,
      1.07,
      1.0025,
      0.935,
      0.8675,
      0.8025,
      0.735,
      0.6675,
      0.6,
      0.535,
      0.4675,
      0.4,
      0.3325,
      0.2675,
      0.2,
      0.1325,
      0.065,
      0
    ],
    "SoftwareVersions": "syngo_MR_E11",
    "SpacingBetweenSlices": 2.5,
    "StationName": "AWP66072",
    "TaskName": "illusion",
    "TotalReadoutTime": 0.04199916,
    "TxRefAmp": 230.177,
    "dataset": "ds002872",
    "modality": "bold",
    "run_id": 2,
    "subject_id": "35",
    "task_id": "illusion"
  },
  "dummy_trs": 0,
  "dvars_nstd": 27.599576896042407,
  "dvars_std": 1.1236074602826858,
  "dvars_vstd": 1.0080747683392226,
  "efc": 0.4890325746151131,
  "fber": 14905.9697265625,
  "fd_mean": 0.10960715301559222,
  "fd_num": 20,
  "fd_perc": 7.042253521126761,
  "fwhm_avg": 2.8620173333333336,
  "fwhm_x": 2.638992,
  "fwhm_y": 2.9460480000000002,
  "fwhm_z": 3.0010120000000002,
  "gcor": 0.0104827,
  "gsr_x": -0.008240079507231712,
  "gsr_y": 0.04598495364189148,
  "provenance": {
    "md5sum": "48b4d3f75b5d62763b746acadfe721ce",
    "settings": {
      "fd_thres": 0.2,
      "testing": false
    },
    "software": "mriqc",
    "version": "23.0.1",
    "webapi_port": null,
    "webapi_url": "https://mriqc.nimh.nih.gov/api/v1"
  },
  "size_t": 284,
  "size_x": 84,
  "size_y": 84,
  "size_z": 54,
  "snr": 2.8226650147254424,
  "spacing_tr": 1.2239999771118164,
  "spacing_x": 2.5,
  "spacing_y": 2.5,
  "spacing_z": 2.5,
  "summary_bg_k": 60.843786419894045,
  "summary_bg_mad": 56.06870122375102,
  "summary_bg_mean": 457.5459289550781,
  "summary_bg_median": 77.9054183959961,
  "summary_bg_n": 240734.0,
  "summary_bg_p05": 36.66851654052734,
  "summary_bg_p95": 2191.838378906248,
  "summary_bg_stdv": 1141.976806640625,
  "summary_fg_k": 1.2595224175236117,
  "summary_fg_mad": 3263.1379859518374,
  "summary_fg_mean": 10427.8447265625,
  "summary_fg_median": 9862.861328125,
  "summary_fg_n": 74789.0,
  "summary_fg_p05": 5822.0146484375,
  "summary_fg_p95": 16943.440234375,
  "summary_fg_stdv": 3494.14306640625,
  "tsnr": 58.285980224609375
}