{
  "aor": 0.0015526408450704224,
  "aqi": 0.0027354611971830986,
  "bids_meta": {
    "AcquisitionDateTime": "2019-11-06T16:36:33.130000",
    "AcquisitionMatrixPE": 84,
    "AcquisitionNumber": 1,
    "AcquisitionTime": "16:36:33.130000",
    "BandwidthPerPixelPhaseEncode": 23.81,
    "BaseResolution": 84,
    "BodyPartExamined": "HEAD",
    "ConsistencyInfo": "N4_VE11C_LATEST_20160120",
    "ConversionSoftware": "dcm2niix",
    "ConversionSoftwareVersion": "v1.0.20171215 GCC5.1.0",
    "DerivedVendorReportedEchoSpacing": 0.00049999,
    "DeviceSerialNumber": "66072",
    "DwellTime": 2.2e-06,
    "EchoTime": 0.03,
    "EchoTrainLength": 84,
    "EffectiveEchoSpacing": 0.00049999,
    "FlipAngle": 65,
    "ImageComments": "Unaliased_MB3_PE3_LB_SENSE1",
    "ImageOrientationPatientDICOM": [
      0.995943,
      0.04563,
      -0.0775581,
      -0.0398271,
      0.996404,
      0.0747881
    ],
    "ImageType": [
      "ORIGINAL",
      "PRIMARY",
      "M",
      "MB",
      "ND",
      "MOSAIC"
    ],
    "InPlanePhaseEncodingDirectionDICOM": "COL",
    "InstitutionAddress": "Boulevard_Jean_Moulin_27_Marseille_District_FR_13005",
    "InstitutionName": "Universite_d_aix_Marseille",
    "InstitutionalDepartmentName": "Department",
    "MRAcquisitionType": "2D",
    "MagneticFieldStrength": 3,
    "Manufacturer": "Siemens",
    "ManufacturersModelName": "Prisma",
    "Modality": "MR",
    "MultibandAccelerationFactor": 3,
    "PartialFourier": 1,
    "PatientPosition": "HFS",
    "PercentPhaseFOV": 100,
    "PhaseEncodingDirection": "j-",
    "PhaseEncodingSteps": 84,
    "PhaseResolution": 1,
    "PixelBandwidth": 2705,
    "ProcedureStepDescription": "Projets_archives_Aging",
    "ProtocolName": "task-illusion_run1_bold",
    "PulseSequenceDetails": "%CustomerSeq%_cmrr_mbep2d_bold",
    "ReceiveCoilActiveElements": "HC1-7",
    "ReceiveCoilName": "HeadNeck_64",
    "ReconMatrixPE": 84,
    "RepetitionTime": 1.224,
    "SAR": 0.0667816,
    "ScanOptions": "FS",
    "ScanningSequence": "EP",
    "SequenceName": "epfid2d1_84",
    "SequenceVariant": "SK_SS",
    "SeriesDescription": "task-illusion_run1_bold",
    "SeriesNumber": 16,
    "ShimSetting": [
      -619,
      -10766,
      -550,
      614,
      19,
      0,
      93,
      -9
    ],
    "SliceThickness": 2.5,
    "SliceTiming": [
      1.1375,
      1.07,
      1.0025,
      0.9375,
      0.87,
      0.8025,
      0.735,
      0.67,
      0.6025,
      0.535,
      0.4675,
      0.4025,
      0.335,
      0.2675,
      0.2,
      0.135,
      0.0675,
      0,
      1.1375,
      1.07,
      1.0025,
      0.9375,
      0.87,
      0.8025,
      0.735,
      0.67,
      0.6025,
      0.535,
      0.4675,
      0.4025,
      0.335,
      0.2675,
      0.2,
      0.135,
      0.0675,
      0,
      1.1375,
      1.07,
      1.0025,
      0.9375,
      0.87,
      0.8025,
      0.735,
      0.67,
      0.6025,
      0.535,
      0.4675,
      0.4025,
      0.335,
      0.2675,
      0.2,
      0.135,
      0.0675,
      0
    ],
    "SoftwareVersions": "syngo_MR_E11",
    "SpacingBetweenSlices": 2.5,
    "StationName": "AWP66072",
    "TaskName": "illusion",
    "TotalReadoutTime": 0.04199916,
    "TxRefAmp": 230.177,
    "dataset": "ds002872",
    "modality": "bold",
    "run_id": 1,
    "subject_id": "35",
    "task_id": "illusion"
  },
  "dummy_trs": 0,
  "dvars_nstd": 27.831515592049467,
  "dvars_std": 1.1525326633215558,
  "dvars_vstd": 1.012713192473498,
  "efc": 0.49107543118302377,
  "fber": 13709.888671875,
  "fd_mean": 0.09862222538079662,
  "fd_num": 11,
  "fd_perc": 3.8732394366197185,
  "fwhm_avg": 2.8705773333333333,
  "fwhm_x": 2.646512,
  "fwhm_y": 2.954544,
  "fwhm_z": 3.010676,
  "gcor": 0.0162054,
  "gsr_x": -0.009807286784052849,
  "gsr_y": 0.045193806290626526,
  "provenance": {
    "md5sum": "8b6b237cb7fd8b89176f520c5b4f0faa",
    "settings": {
      "fd_thres": 0.2,
      "testing": false
    },
    "software": "mriqc",
    "version": "23.0.1",
    "webapi_port": null,
    "webapi_url": "https://mriqc.nimh.nih.gov/api/v1"
  },
  "size_t": 284,
  "size_x": 84,
  "size_y": 84,
  "size_z": 54,
  "snr": 2.849219761764088,
  "spacing_tr": 1.2239999771118164,
  "spacing_x": 2.5,
  "spacing_y": 2.5,
  "spacing_z": 2.5,
  "summary_bg_k": 57.580783877438144,
  "summary_bg_mad": 63.41852707463647,
  "summary_bg_mean": 470.3887023925781,
  "summary_bg_median": 82.21043395996094,
  "summary_bg_n": 240343.0,
  "summary_bg_p05": 34.91885414123535,
  "summary_bg_p95": 2263.6335693359365,
  "summary_bg_stdv": 1157.9327392578125,
  "summary_fg_k": 0.9120242531350011,
  "summary_fg_mad": 3344.421942152153,
  "summary_fg_mean": 10551.9873046875,
  "summary_fg_median": 10008.0712890625,
  "summary_fg_n": 75209.0,
  "summary_fg_p05": 5869.61298828125,
  "summary_fg_p95": 17101.749999999978,
  "summary_fg_stdv": 3512.542236328125,
  "tsnr": 58.020103454589844
}