{
  "aor": 0.0023603521126760564,
  "aqi": 0.00327191911971831,
  "bids_meta": {
    "AcquisitionDateTime": "2019-11-06T17:07:15.040000",
    "AcquisitionMatrixPE": 84,
    "AcquisitionNumber": 1,
    "AcquisitionTime": "17:07:15.040000",
    "BandwidthPerPixelPhaseEncode": 23.81,
    "BaseResolution": 84,
    "BodyPartExamined": "HEAD",
    "ConsistencyInfo": "N4_VE11C_LATEST_20160120",
    "ConversionSoftware": "dcm2niix",
    "ConversionSoftwareVersion": "v1.0.20171215 GCC5.1.0",
    "DerivedVendorReportedEchoSpacing": 0.00049999,
    "DeviceSerialNumber": "66072",
    "DwellTime": 2.2e-06,
    "EchoTime": 0.03,
    "EchoTrainLength": 84,
    "EffectiveEchoSpacing": 0.00049999,
    "FlipAngle": 65,
    "ImageComments": "Unaliased_MB3_PE3_LB_SENSE1",
    "ImageOrientationPatientDICOM": [
      0.995943,
      0.04563,
      -0.0775581,
      -0.0398271,
      0.996404,
      0.0747881
    ],
    "ImageType": [
      "ORIGINAL",
      "PRIMARY",
      "M",
      "MB",
      "ND",
      "MOSAIC"
    ],
    "InPlanePhaseEncodingDirectionDICOM": "COL",
    "InstitutionAddress": "Boulevard_Jean_Moulin_27_Marseille_District_FR_13005",
    "InstitutionName": "Universite_d_aix_Marseille",
    "InstitutionalDepartmentName": "Department",
    "MRAcquisitionType": "2D",
    "MagneticFieldStrength": 3,
    "Manufacturer": "Siemens",
    "ManufacturersModelName": "Prisma",
    "Modality": "MR",
    "MultibandAccelerationFactor": 3,
    "PartialFourier": 1,
    "PatientPosition": "HFS",
    "PercentPhaseFOV": 100,
    "PhaseEncodingDirection": "j-",
    "PhaseEncodingSteps": 84,
    "PhaseResolution": 1,
    "PixelBandwidth": 2705,
    "ProcedureStepDescription": "Projets_archives_Aging",
    "ProtocolName": "task-illusion_run4_bold",
    "PulseSequenceDetails": "%CustomerSeq%_cmrr_mbep2d_bold",
    "ReceiveCoilActiveElements": "HC1-7",
    "ReceiveCoilName": "HeadNeck_64",
    "ReconMatrixPE": 84,
    "RepetitionTime": 1.224,
    "SAR": 0.0667816,
    "ScanOptions": "FS",
    "ScanningSequence": "EP",
    "SequenceName": "epfid2d1_84",
    "SequenceVariant": "SK_SS",
    "SeriesDescription": "task-illusion_run4_bold",
    "SeriesNumber": 22,
    "ShimSetting": [
      -619,
      -10766,
      -550,
      614,
      19,
      0,
      93,
      -9
    ],
    "SliceThickness": 2.5,
    "SliceTiming": [
      1.1375,
      1.07,
      1.0025,
      0.9375,
      0.87,
      0.8025,
      0.735,
      0.67,
      0.6025,
      0.535,
      0.4675,
      0.4025,
      0.335,
      0.2675,
      0.2,
      0.135,
      0.0675,
      0,
      1.1375,
      1.07,
      1.0025,
      0.9375,
      0.87,
      0.8025,
      0.735,
      0.67,
      0.6025,
      0.535,
      0.4675,
      0.4025,
      0.335,
      0.2675,
      0.2,
      0.135,
      0.0675,
      0,
      1.1375,
      1.07,
      1.0025,
      0.9375,
      0.87,
      0.8025,
      0.735,
      0.67,
      0.6025,
      0.535,
      0.4675,
      0.4025,
      0.335,
      0.2675,
      0.2,
      0.135,
      0.0675,
      0
    ],
    "SoftwareVersions": "syngo_MR_E11",
    "SpacingBetweenSlices": 2.5,
    "StationName": "AWP66072",
    "TaskName": "illusion",
    "TotalReadoutTime": 0.04199916,
    "TxRefAmp": 230.177,
    "dataset": "ds002872",
    "modality": "bold",
    "run_id": 4,
    "subject_id": "35",
    "task_id": "illusion"
  },
  "dummy_trs": 0,
  "dvars_nstd": 28.200197320954068,
  "dvars_std": 1.1335466807773862,
  "dvars_vstd": 1.0183574308480567,
  "efc": 0.4889338081293442,
  "fber": 15648.177734375,
  "fd_mean": 0.10431081707173843,
  "fd_num": 19,
  "fd_perc": 6.690140845070423,
  "fwhm_avg": 2.8587693333333335,
  "fwhm_x": 2.6375,
  "fwhm_y": 2.932084,
  "fwhm_z": 3.006724,
  "gcor": 0.0154671,
  "gsr_x": -0.007569145876914263,
  "gsr_y": 0.04661678895354271,
  "provenance": {
    "md5sum": "ed2c7a463131a6397e0c5776020d3a19",
    "settings": {
      "fd_thres": 0.2,
      "testing": false
    },
    "software": "mriqc",
    "version": "23.0.1",
    "webapi_port": null,
    "webapi_url": "https://mriqc.nimh.nih.gov/api/v1"
  },
  "size_t": 284,
  "size_x": 84,
  "size_y": 84,
  "size_z": 54,
  "snr": 2.8422238425527806,
  "spacing_tr": 1.2239999771118164,
  "spacing_x": 2.5,
  "spacing_y": 2.5,
  "spacing_z": 2.5,
  "summary_bg_k": 60.45744954395345,
  "summary_bg_mad": 52.700402431658475,
  "summary_bg_mean": 456.4156799316406,
  "summary_bg_median": 75.47026062011719,
  "summary_bg_n": 241102.0,
  "summary_bg_p05": 36.85366954803467,
  "summary_bg_p95": 2174.8577148437485,
  "summary_bg_stdv": 1140.62060546875,
  "summary_fg_k": 1.2420804214249754,
  "summary_fg_mad": 3235.065188036642,
  "summary_fg_mean": 10352.2587890625,
  "summary_fg_median": 9802.044921875,
  "summary_fg_n": 74696.0,
  "summary_fg_p05": 5797.3262939453125,
  "summary_fg_p95": 16791.21728515625,
  "summary_fg_stdv": 3448.70068359375,
  "tsnr": 54.356388092041016
}