{
  "bids_meta": {
    "AcquisitionDateTime": "2019-11-06T17:14:55.035000",
    "AcquisitionMatrixPE": 320,
    "AcquisitionNumber": 1,
    "AcquisitionTime": "17:14:55.035000",
    "BaseResolution": 320,
    "BodyPartExamined": "HEAD",
    "ConsistencyInfo": "N4_VE11C_LATEST_20160120",
    "ConversionSoftware": "dcm2niix",
    "ConversionSoftwareVersion": "v1.0.20171215 GCC5.1.0",
    "DeviceSerialNumber": "66072",
    "EchoTime": 0.00228,
    "FlipAngle": 8,
    "ImageOrientationPatientDICOM": [
      -0.023295,
      0.963293,
      0.267439,
      -0.086912,
      0.264548,
      -0.960448
    ],
    "ImageType": [
      "ORIGINAL",
      "PRIMARY",
      "M",
      "ND",
      "NORM"
    ],
    "InPlanePhaseEncodingDirectionDICOM": "ROW",
    "InstitutionAddress": "Boulevard_Jean_Moulin_27_Marseille_District_FR_13005",
    "InstitutionName": "Universite_d_aix_Marseille",
    "InversionTime": 1.01,
    "MRAcquisitionType": "3D",
    "MagneticFieldStrength": 3,
    "Manufacturer": "Siemens",
    "ManufacturersModelName": "Prisma",
    "Modality": "MR",
    "ParallelReductionFactorInPlane": 2,
    "PartialFourier": 1,
    "PatientPosition": "HFS",
    "PercentPhaseFOV": 100,
    "PhaseEncodingSteps": 319,
    "PhaseResolution": 1,
    "PixelBandwidth": 210,
    "ProcedureStepDescription": "Projets_archives_Aging",
    "ProtocolName": "T1w",
    "PulseSequenceDetails": "%SiemensSeq%_tfl",
    "ReceiveCoilActiveElements": "HC1-7;NC1,2",
    "ReceiveCoilName": "HeadNeck_64",
    "ReconMatrixPE": 320,
    "RepetitionTime": 2.4,
    "SAR": 0.0444348,
    "ScanOptions": "IR_WE",
    "ScanningSequence": "GR_IR",
    "SequenceName": "_tfl3d1_16ns",
    "SequenceVariant": "SK_SP_MP",
    "SeriesDescription": "T1w",
    "SeriesNumber": 24,
    "ShimSetting": [
      -617,
      -10810,
      -661,
      116,
      83,
      -307,
      112,
      29
    ],
    "SliceThickness": 0.8,
    "SoftwareVersions": "syngo_MR_E11",
    "StationName": "AWP66072",
    "TxRefAmp": 230.177,
    "dataset": "ds002872",
    "modality": "T1w",
    "subject_id": "35"
  },
  "cjv": 0.3513628968991553,
  "cnr": 3.814213917167301,
  "efc": 0.5756844059656896,
  "fber": 33077.74497270899,
  "fwhm_avg": 4.425769329676254,
  "fwhm_x": 4.39529562138106,
  "fwhm_y": 4.353837435122767,
  "fwhm_z": 4.528174932524935,
  "icvs_csf": 0.1836392820861289,
  "icvs_gm": 0.43774025947792283,
  "icvs_wm": 0.37862045843594827,
  "inu_med": 0.5911104679107666,
  "inu_range": 0.3193091660737991,
  "provenance": {
    "md5sum": "51f92c20c6ce7a93430b6c13576706fc",
    "settings": {
      "testing": false
    },
    "software": "mriqc",
    "version": "23.0.1",
    "warnings": {
      "large_rot_frame": true,
      "small_air_mask": false
    },
    "webapi_port": null,
    "webapi_url": "https://mriqc.nimh.nih.gov/api/v1"
  },
  "qi_1": 0.0,
  "qi_2": 0.005381320496291601,
  "rpve_csf": 30.705256574398742,
  "rpve_gm": 13.86775635716737,
  "rpve_wm": 18.139613396713358,
  "size_x": 256,
  "size_y": 320,
  "size_z": 320,
  "snr_csf": 2.3621695804863245,
  "snr_gm": 13.21182108829207,
  "snr_total": 13.33694407965369,
  "snr_wm": 24.436841570182683,
  "snrd_csf": 21.87155604069654,
  "snrd_gm": 55.69437725068139,
  "snrd_total": 51.12663991893445,
  "snrd_wm": 75.81398646542543,
  "spacing_x": 0.7999985218048096,
  "spacing_y": 0.800000011920929,
  "spacing_z": 0.800000011920929,
  "summary_bg_k": 700.398652279278,
  "summary_bg_mad": 0.0,
  "summary_bg_mean": 4.721267709041335,
  "summary_bg_median": 0.0,
  "summary_bg_n": 4066110.0,
  "summary_bg_p05": 0.0,
  "summary_bg_p95": 18.793563216924667,
  "summary_bg_stdv": 8.641647062670872,
  "summary_csf_k": 0.6667295432562703,
  "summary_csf_mad": 109.73921609101104,
  "summary_csf_mean": 298.27030579476383,
  "summary_csf_median": 288.4991095215082,
  "summary_csf_n": 82618.0,
  "summary_csf_p05": 100.48204943537712,
  "summary_csf_p95": 515.047859877348,
  "summary_csf_stdv": 122.1323675985451,
  "summary_gm_k": 0.20162215266444639,
  "summary_gm_mad": 54.42292476768733,
  "summary_gm_mean": 734.6678071942019,
  "summary_gm_median": 734.642666131258,
  "summary_gm_n": 111981.0,
  "summary_gm_p05": 643.8342532217503,
  "summary_gm_p95": 826.2002158761024,
  "summary_gm_stdv": 55.604702864446665,
  "summary_wm_k": 0.4339322681593636,
  "summary_wm_mad": 38.82522760711678,
  "summary_wm_mean": 1001.12045595318,
  "summary_wm_median": 1000.0325328409672,
  "summary_wm_n": 503716.0,
  "summary_wm_p05": 935.9650478363037,
  "summary_wm_p95": 1070.2233971953392,
  "summary_wm_stdv": 40.923109368011445,
  "tpm_overlap_csf": 0.14589020567147323,
  "tpm_overlap_gm": 0.46187969858759115,
  "tpm_overlap_wm": 0.5116377702336894,
  "wm2max": 0.7743896287328491
}