{
  "aor": 0.0018451943462897528,
  "aqi": 0.004435189399293287,
  "bids_meta": {
    "EchoTime": 0.03,
    "EffectiveEchoSpacing": 0.00049999,
    "FlipAngle": 65,
    "ImageType": [
      "ORIGINAL",
      "PRIMARY",
      "M",
      "MB",
      "ND",
      "MOSAI"
    ],
    "MagneticFieldStrength": 3,
    "Manufacturer": "Siemens",
    "ManufacturersModelName": "Prisma",
    "PhaseEncodingDirection": "j-",
    "RepetitionTime": 1.224,
    "SliceTiming": [
      1.1375,
      1.07,
      1.005,
      0.9375,
      0.87,
      0.8025,
      0.7375,
      0.67,
      0.6025,
      0.535,
      0.47,
      0.4025,
      0.335,
      0.2675,
      0.2025,
      0.135,
      0.0675,
      0,
      1.1375,
      1.07,
      1.005,
      0.9375,
      0.87,
      0.8025,
      0.7375,
      0.67,
      0.6025,
      0.535,
      0.47,
      0.4025,
      0.335,
      0.2675,
      0.2025,
      0.135,
      0.0675,
      0,
      1.1375,
      1.07,
      1.005,
      0.9375,
      0.87,
      0.8025,
      0.7375,
      0.67,
      0.6025,
      0.535,
      0.47,
      0.4025,
      0.335,
      0.2675,
      0.2025,
      0.135,
      0.0675,
      0
    ],
    "TaskName": "illusion",
    "dataset": "ds002872",
    "modality": "bold",
    "run_id": 4,
    "subject_id": "13",
    "task_id": "illusion"
  },
  "dummy_trs": 1,
  "dvars_nstd": 29.386642584432646,
  "dvars_std": 1.1488865685460985,
  "dvars_vstd": 1.0002230061702126,
  "efc": 0.511672844771425,
  "fber": 14695.232421875,
  "fd_mean": 0.13015315390338078,
  "fd_num": 37,
  "fd_perc": 13.074204946996467,
  "fwhm_avg": 2.999228,
  "fwhm_x": 2.739012,
  "fwhm_y": 3.2123280000000003,
  "fwhm_z": 3.046344,
  "gcor": 0.0190437,
  "gsr_x": -0.006991509348154068,
  "gsr_y": 0.04464062303304672,
  "provenance": {
    "md5sum": "e989264add49225bc39963c32247db31",
    "settings": {
      "fd_thres": 0.2,
      "testing": false
    },
    "software": "mriqc",
    "version": "23.0.1",
    "webapi_port": null,
    "webapi_url": "https://mriqc.nimh.nih.gov/api/v1"
  },
  "size_t": 283,
  "size_x": 84,
  "size_y": 84,
  "size_z": 54,
  "snr": 2.920917231752576,
  "spacing_tr": 1.2239999771118164,
  "spacing_x": 2.5,
  "spacing_y": 2.5,
  "spacing_z": 2.5,
  "summary_bg_k": 48.53026223410771,
  "summary_bg_mad": 65.13495767037709,
  "summary_bg_mean": 485.9366760253906,
  "summary_bg_median": 79.51589965820312,
  "summary_bg_n": 231617.0,
  "summary_bg_p05": 29.88268547058106,
  "summary_bg_p95": 2309.4034667968717,
  "summary_bg_stdv": 1196.59521484375,
  "summary_fg_k": 0.15369480705478455,
  "summary_fg_mad": 3550.324116662034,
  "summary_fg_mean": 10595.9404296875,
  "summary_fg_median": 10159.7529296875,
  "summary_fg_n": 84041.0,
  "summary_fg_p05": 5764.3427734375,
  "summary_fg_p95": 16888.2890625,
  "summary_fg_stdv": 3478.254150390625,
  "tsnr": 53.247686312533915
}