{
  "aor": 0.0011709540636042402,
  "aqi": 0.005786089505300354,
  "bids_meta": {
    "EchoTime": 0.03,
    "EffectiveEchoSpacing": 0.00049999,
    "FlipAngle": 65,
    "ImageType": [
      "ORIGINAL",
      "PRIMARY",
      "M",
      "MB",
      "ND",
      "MOSAI"
    ],
    "MagneticFieldStrength": 3,
    "Manufacturer": "Siemens",
    "ManufacturersModelName": "Prisma",
    "PhaseEncodingDirection": "j-",
    "RepetitionTime": 1.224,
    "SliceTiming": [
      1.1375,
      1.07,
      1.005,
      0.9375,
      0.87,
      0.8025,
      0.7375,
      0.67,
      0.6025,
      0.535,
      0.47,
      0.4025,
      0.335,
      0.2675,
      0.2025,
      0.135,
      0.0675,
      0,
      1.1375,
      1.07,
      1.005,
      0.9375,
      0.87,
      0.8025,
      0.7375,
      0.67,
      0.6025,
      0.535,
      0.47,
      0.4025,
      0.335,
      0.2675,
      0.2025,
      0.135,
      0.0675,
      0,
      1.1375,
      1.07,
      1.005,
      0.9375,
      0.87,
      0.8025,
      0.7375,
      0.67,
      0.6025,
      0.535,
      0.47,
      0.4025,
      0.335,
      0.2675,
      0.2025,
      0.135,
      0.0675,
      0
    ],
    "TaskName": "illusion",
    "dataset": "ds002872",
    "modality": "bold",
    "run_id": 2,
    "subject_id": "13",
    "task_id": "illusion"
  },
  "dummy_trs": 1,
  "dvars_nstd": 30.652212210425528,
  "dvars_std": 1.0910483597163108,
  "dvars_vstd": 0.9602719108156026,
  "efc": 0.5114812827248605,
  "fber": 14073.8486328125,
  "fd_mean": 0.14953297322382303,
  "fd_num": 47,
  "fd_perc": 16.607773851590107,
  "fwhm_avg": 2.9736360000000004,
  "fwhm_x": 2.717336,
  "fwhm_y": 3.198096,
  "fwhm_z": 3.0054760000000003,
  "gcor": 0.0159803,
  "gsr_x": -0.008417477831244469,
  "gsr_y": 0.045886874198913574,
  "provenance": {
    "md5sum": "d54a824b4b586ccf1fe42968175de144",
    "settings": {
      "fd_thres": 0.2,
      "testing": false
    },
    "software": "mriqc",
    "version": "23.0.1",
    "webapi_port": null,
    "webapi_url": "https://mriqc.nimh.nih.gov/api/v1"
  },
  "size_t": 283,
  "size_x": 84,
  "size_y": 84,
  "size_z": 54,
  "snr": 2.9549372781279324,
  "spacing_tr": 1.2239999771118164,
  "spacing_x": 2.5,
  "spacing_y": 2.5,
  "spacing_z": 2.5,
  "summary_bg_k": 62.70455947692376,
  "summary_bg_mad": 67.23051102733027,
  "summary_bg_mean": 483.6585998535156,
  "summary_bg_median": 81.68904876708984,
  "summary_bg_n": 231626.0,
  "summary_bg_p05": 30.608657836914062,
  "summary_bg_p95": 2263.3278198242188,
  "summary_bg_stdv": 1221.8433837890625,
  "summary_fg_k": 0.13982376359101378,
  "summary_fg_mad": 3523.788939407047,
  "summary_fg_mean": 10595.548828125,
  "summary_fg_median": 10178.3955078125,
  "summary_fg_n": 83886.0,
  "summary_fg_p05": 5797.094482421875,
  "summary_fg_p95": 16831.07666015625,
  "summary_fg_stdv": 3444.51806640625,
  "tsnr": 47.150626526912674
}