{
  "aor": 0.0017407420494699648,
  "aqi": 0.005334965371024736,
  "bids_meta": {
    "EchoTime": 0.03,
    "EffectiveEchoSpacing": 0.00049999,
    "FlipAngle": 65,
    "ImageType": [
      "ORIGINAL",
      "PRIMARY",
      "M",
      "MB",
      "ND",
      "MOSAI"
    ],
    "MagneticFieldStrength": 3,
    "Manufacturer": "Siemens",
    "ManufacturersModelName": "Prisma",
    "PhaseEncodingDirection": "j-",
    "RepetitionTime": 1.224,
    "SliceTiming": [
      1.1375,
      1.07,
      1.0025,
      0.9375,
      0.87,
      0.8025,
      0.735,
      0.67,
      0.6025,
      0.535,
      0.4675,
      0.4025,
      0.335,
      0.2675,
      0.2,
      0.135,
      0.0675,
      0,
      1.1375,
      1.07,
      1.0025,
      0.9375,
      0.87,
      0.8025,
      0.735,
      0.67,
      0.6025,
      0.535,
      0.4675,
      0.4025,
      0.335,
      0.2675,
      0.2,
      0.135,
      0.0675,
      0,
      1.1375,
      1.07,
      1.0025,
      0.9375,
      0.87,
      0.8025,
      0.735,
      0.67,
      0.6025,
      0.535,
      0.4675,
      0.4025,
      0.335,
      0.2675,
      0.2,
      0.135,
      0.0675,
      0
    ],
    "TaskName": "illusion",
    "dataset": "ds002872",
    "modality": "bold",
    "run_id": 1,
    "subject_id": "13",
    "task_id": "illusion"
  },
  "dummy_trs": 1,
  "dvars_nstd": 31.19163288634752,
  "dvars_std": 1.1473899382978718,
  "dvars_vstd": 0.9940952407446804,
  "efc": 0.5106018331878207,
  "fber": 14029.6806640625,
  "fd_mean": 0.1526281954704867,
  "fd_num": 38,
  "fd_perc": 13.42756183745583,
  "fwhm_avg": 3.0195160000000008,
  "fwhm_x": 2.735124,
  "fwhm_y": 3.2347360000000003,
  "fwhm_z": 3.0886880000000003,
  "gcor": 0.0173122,
  "gsr_x": -0.008718892931938171,
  "gsr_y": 0.04464440420269966,
  "provenance": {
    "md5sum": "43ee24b6a263d3b09fe3c0667e81d138",
    "settings": {
      "fd_thres": 0.2,
      "testing": false
    },
    "software": "mriqc",
    "version": "23.0.1",
    "webapi_port": null,
    "webapi_url": "https://mriqc.nimh.nih.gov/api/v1"
  },
  "size_t": 283,
  "size_x": 84,
  "size_y": 84,
  "size_z": 54,
  "snr": 2.9498141969627087,
  "spacing_tr": 1.2239999771118164,
  "spacing_x": 2.5,
  "spacing_y": 2.5,
  "spacing_z": 2.5,
  "summary_bg_k": 60.69297706676924,
  "summary_bg_mad": 67.9639450876102,
  "summary_bg_mean": 468.0687255859375,
  "summary_bg_median": 81.70671081542969,
  "summary_bg_n": 231393.0,
  "summary_bg_p05": 29.098939895629883,
  "summary_bg_p95": 2183.787255859375,
  "summary_bg_stdv": 1181.1201171875,
  "summary_fg_k": 0.11129890959001143,
  "summary_fg_mad": 3542.40870032554,
  "summary_fg_mean": 10600.6884765625,
  "summary_fg_median": 10179.201171875,
  "summary_fg_n": 83855.0,
  "summary_fg_p05": 5787.577880859375,
  "summary_fg_p95": 16862.1337890625,
  "summary_fg_stdv": 3450.7734375,
  "tsnr": 50.543817036785185
}