{
  "aor": 0.0033791519434628976,
  "aqi": 0.03979653003533569,
  "bids_meta": {
    "EchoTime": 0.03,
    "EffectiveEchoSpacing": 0.00049999,
    "FlipAngle": 65,
    "ImageType": [
      "ORIGINAL",
      "PRIMARY",
      "M",
      "MB",
      "ND",
      "NORM"
    ],
    "MagneticFieldStrength": 3,
    "Manufacturer": "Siemens",
    "ManufacturersModelName": "Prisma",
    "PhaseEncodingDirection": "j-",
    "RepetitionTime": 1.224,
    "SliceTiming": [
      1.1375,
      1.07,
      1.0025,
      0.935,
      0.87,
      0.8025,
      0.735,
      0.6675,
      0.6025,
      0.535,
      0.4675,
      0.4,
      0.335,
      0.2675,
      0.2,
      0.1325,
      0.0675,
      0,
      1.1375,
      1.07,
      1.0025,
      0.935,
      0.87,
      0.8025,
      0.735,
      0.6675,
      0.6025,
      0.535,
      0.4675,
      0.4,
      0.335,
      0.2675,
      0.2,
      0.1325,
      0.0675,
      0,
      1.1375,
      1.07,
      1.0025,
      0.935,
      0.87,
      0.8025,
      0.735,
      0.6675,
      0.6025,
      0.535,
      0.4675,
      0.4,
      0.335,
      0.2675,
      0.2,
      0.1325,
      0.0675,
      0
    ],
    "TaskName": "illusion",
    "dataset": "ds002872",
    "modality": "bold",
    "run_id": 4,
    "subject_id": "23",
    "task_id": "illusion"
  },
  "dummy_trs": 1,
  "dvars_nstd": 52.6948556828014,
  "dvars_std": 1.0864746095390065,
  "dvars_vstd": 0.9821493927659568,
  "efc": 0.472037598575265,
  "fber": 40524.07421875,
  "fd_mean": 0.9583458818974869,
  "fd_num": 261,
  "fd_perc": 92.226148409894,
  "fwhm_avg": 1.756704,
  "fwhm_x": 1.632896,
  "fwhm_y": 1.874548,
  "fwhm_z": 1.7626680000000001,
  "gcor": 0.00680288,
  "gsr_x": -0.00869157537817955,
  "gsr_y": 0.014707322232425213,
  "provenance": {
    "md5sum": "d67f7b90603b802029003930dc5bcfc8",
    "settings": {
      "fd_thres": 0.2,
      "testing": false
    },
    "software": "mriqc",
    "version": "23.0.1",
    "webapi_port": null,
    "webapi_url": "https://mriqc.nimh.nih.gov/api/v1"
  },
  "size_t": 283,
  "size_x": 84,
  "size_y": 84,
  "size_z": 54,
  "snr": 6.211852499521421,
  "spacing_tr": 1.2239999771118164,
  "spacing_x": 2.5,
  "spacing_y": 2.5,
  "spacing_z": 2.5,
  "summary_bg_k": 35.89033088978454,
  "summary_bg_mad": 54.082302464336436,
  "summary_bg_mean": 323.3271789550781,
  "summary_bg_median": 53.85159683227539,
  "summary_bg_n": 251131.0,
  "summary_bg_p05": 13.275969505310059,
  "summary_bg_p95": 1545.3290405273438,
  "summary_bg_stdv": 810.7776489257812,
  "summary_fg_k": 2.1893652300557482,
  "summary_fg_mad": 1518.156438602021,
  "summary_fg_mean": 10933.8115234375,
  "summary_fg_median": 10762.482421875,
  "summary_fg_n": 69736.0,
  "summary_fg_p05": 8655.645263671875,
  "summary_fg_p95": 13983.21630859375,
  "summary_fg_stdv": 1732.5596923828125,
  "tsnr": 28.234193801879883
}