{
  "aor": 0.002049979296066252,
  "aqi": 0.01539406695652174,
  "bids_meta": {
    "EchoTime": 0.03,
    "EffectiveEchoSpacing": 0.00049999,
    "FlipAngle": 65,
    "ImageType": [
      "ORIGINAL",
      "PRIMARY",
      "M",
      "MB",
      "ND",
      "MOSAI"
    ],
    "MagneticFieldStrength": 3,
    "Manufacturer": "Siemens",
    "ManufacturersModelName": "Prisma",
    "PhaseEncodingDirection": "j-",
    "RepetitionTime": 1.224,
    "SliceTiming": [
      1.1375,
      1.07,
      1.005,
      0.9375,
      0.87,
      0.8025,
      0.7375,
      0.67,
      0.6025,
      0.535,
      0.47,
      0.4025,
      0.335,
      0.2675,
      0.2025,
      0.135,
      0.0675,
      0,
      1.1375,
      1.07,
      1.005,
      0.9375,
      0.87,
      0.8025,
      0.7375,
      0.67,
      0.6025,
      0.535,
      0.47,
      0.4025,
      0.335,
      0.2675,
      0.2025,
      0.135,
      0.0675,
      0,
      1.1375,
      1.07,
      1.005,
      0.9375,
      0.87,
      0.8025,
      0.7375,
      0.67,
      0.6025,
      0.535,
      0.47,
      0.4025,
      0.335,
      0.2675,
      0.2025,
      0.135,
      0.0675,
      0
    ],
    "TaskName": "rest",
    "dataset": "ds002872",
    "modality": "bold",
    "subject_id": "23",
    "task_id": "rest"
  },
  "dummy_trs": 1,
  "dvars_nstd": 48.984633726659794,
  "dvars_std": 1.0503696863070535,
  "dvars_vstd": 0.9596177640456426,
  "efc": 0.4696451658947451,
  "fber": 11949.7783203125,
  "fd_mean": 0.6915647163056692,
  "fd_num": 453,
  "fd_perc": 93.7888198757764,
  "fwhm_avg": 2.6078093333333334,
  "fwhm_x": 2.340456,
  "fwhm_y": 2.733388,
  "fwhm_z": 2.749584,
  "gcor": 0.0113395,
  "gsr_x": -0.00301235169172287,
  "gsr_y": 0.022067103534936905,
  "provenance": {
    "md5sum": "fab699601f837cd6f5795d817126c270",
    "settings": {
      "fd_thres": 0.2,
      "testing": false
    },
    "software": "mriqc",
    "version": "23.0.1",
    "webapi_port": null,
    "webapi_url": "https://mriqc.nimh.nih.gov/api/v1"
  },
  "size_t": 483,
  "size_x": 84,
  "size_y": 84,
  "size_z": 54,
  "snr": 3.126808168851891,
  "spacing_tr": 1.2239999771118164,
  "spacing_x": 2.5,
  "spacing_y": 2.5,
  "spacing_z": 2.5,
  "summary_bg_k": 46.16975377852544,
  "summary_bg_mad": 59.48519488128009,
  "summary_bg_mean": 310.3919677734375,
  "summary_bg_median": 74.8530044555664,
  "summary_bg_n": 248483.0,
  "summary_bg_p05": 26.2132511138916,
  "summary_bg_p95": 1438.0395507812493,
  "summary_bg_stdv": 703.61181640625,
  "summary_fg_k": 0.8821792090962264,
  "summary_fg_mad": 2401.155372678647,
  "summary_fg_mean": 8698.8466796875,
  "summary_fg_median": 8247.6376953125,
  "summary_fg_n": 69009.0,
  "summary_fg_p05": 5175.90771484375,
  "summary_fg_p95": 13696.34296875,
  "summary_fg_stdv": 2637.69873046875,
  "tsnr": 27.95102332823444
}