{
  "aor": 0.002145729537366548,
  "aqi": 0.00933055619217082,
  "bids_meta": {
    "EchoTime": 0.03,
    "EffectiveEchoSpacing": 0.00049999,
    "FlipAngle": 65,
    "ImageType": [
      "ORIGINAL",
      "PRIMARY",
      "M",
      "MB",
      "ND",
      "MOSAI"
    ],
    "MagneticFieldStrength": 3,
    "Manufacturer": "Siemens",
    "ManufacturersModelName": "Prisma",
    "PhaseEncodingDirection": "j-",
    "RepetitionTime": 1.224,
    "SliceTiming": [
      1.135,
      1.07,
      1.0025,
      0.935,
      0.8675,
      0.8025,
      0.735,
      0.6675,
      0.6,
      0.535,
      0.4675,
      0.4,
      0.3325,
      0.2675,
      0.2,
      0.1325,
      0.065,
      0,
      1.135,
      1.07,
      1.0025,
      0.935,
      0.8675,
      0.8025,
      0.735,
      0.6675,
      0.6,
      0.535,
      0.4675,
      0.4,
      0.3325,
      0.2675,
      0.2,
      0.1325,
      0.065,
      0,
      1.135,
      1.07,
      1.0025,
      0.935,
      0.8675,
      0.8025,
      0.735,
      0.6675,
      0.6,
      0.535,
      0.4675,
      0.4,
      0.3325,
      0.2675,
      0.2,
      0.1325,
      0.065,
      0
    ],
    "TaskName": "illusion",
    "dataset": "ds002872",
    "modality": "bold",
    "run_id": 3,
    "subject_id": "17",
    "task_id": "illusion"
  },
  "dummy_trs": 3,
  "dvars_nstd": 46.372035905249994,
  "dvars_std": 1.105640567428571,
  "dvars_vstd": 0.9857983206785714,
  "efc": 0.4864062601878317,
  "fber": 7229.31396484375,
  "fd_mean": 0.43764422565555344,
  "fd_num": 241,
  "fd_perc": 85.76512455516014,
  "fwhm_avg": 2.9399040000000003,
  "fwhm_x": 2.625732,
  "fwhm_y": 3.108416,
  "fwhm_z": 3.085564,
  "gcor": 0.0174799,
  "gsr_x": -0.005430961027741432,
  "gsr_y": 0.032184913754463196,
  "provenance": {
    "md5sum": "8780eafd276601f1f3eaeb5511cc13bd",
    "settings": {
      "fd_thres": 0.2,
      "testing": false
    },
    "software": "mriqc",
    "version": "23.0.1",
    "webapi_port": null,
    "webapi_url": "https://mriqc.nimh.nih.gov/api/v1"
  },
  "size_t": 281,
  "size_x": 84,
  "size_y": 84,
  "size_z": 54,
  "snr": 2.8943471213864713,
  "spacing_tr": 1.2239999771118164,
  "spacing_x": 2.5,
  "spacing_y": 2.5,
  "spacing_z": 2.5,
  "summary_bg_k": 143.522414064303,
  "summary_bg_mad": 96.3894424334634,
  "summary_bg_mean": 399.0359191894531,
  "summary_bg_median": 99.71981048583984,
  "summary_bg_n": 243039.0,
  "summary_bg_p05": 23.301370429992676,
  "summary_bg_p95": 1675.772729492183,
  "summary_bg_stdv": 988.7459716796875,
  "summary_fg_k": 0.6356670113240797,
  "summary_fg_mad": 2900.263853703946,
  "summary_fg_mean": 9084.2900390625,
  "summary_fg_median": 8725.314453125,
  "summary_fg_n": 73757.0,
  "summary_fg_p05": 4850.9615234375,
  "summary_fg_p95": 14563.951171875,
  "summary_fg_stdv": 3014.5849609375,
  "tsnr": 31.953401565551758
}