{
  "aor": 0.0036797887323943668,
  "aqi": 0.007936172746478874,
  "bids_meta": {
    "EchoTime": 0.03,
    "EffectiveEchoSpacing": 0.00049999,
    "FlipAngle": 65,
    "ImageType": [
      "ORIGINAL",
      "PRIMARY",
      "M",
      "MB",
      "ND",
      "MOSAI"
    ],
    "MagneticFieldStrength": 3,
    "Manufacturer": "Siemens",
    "ManufacturersModelName": "Prisma",
    "PhaseEncodingDirection": "j-",
    "RepetitionTime": 1.224,
    "SliceTiming": [
      1.1375,
      1.07,
      1.005,
      0.9375,
      0.87,
      0.8025,
      0.7375,
      0.67,
      0.6025,
      0.535,
      0.47,
      0.4025,
      0.335,
      0.2675,
      0.2025,
      0.135,
      0.0675,
      0,
      1.1375,
      1.07,
      1.005,
      0.9375,
      0.87,
      0.8025,
      0.7375,
      0.67,
      0.6025,
      0.535,
      0.47,
      0.4025,
      0.335,
      0.2675,
      0.2025,
      0.135,
      0.0675,
      0,
      1.1375,
      1.07,
      1.005,
      0.9375,
      0.87,
      0.8025,
      0.7375,
      0.67,
      0.6025,
      0.535,
      0.47,
      0.4025,
      0.335,
      0.2675,
      0.2025,
      0.135,
      0.0675,
      0
    ],
    "TaskName": "illusion",
    "dataset": "ds002872",
    "modality": "bold",
    "run_id": 2,
    "subject_id": "17",
    "task_id": "illusion"
  },
  "dummy_trs": 0,
  "dvars_nstd": 46.68940720067137,
  "dvars_std": 1.1533107727915193,
  "dvars_vstd": 1.0183680387985865,
  "efc": 0.4866054243914498,
  "fber": 8720.775390625,
  "fd_mean": 0.39602067806841473,
  "fd_num": 231,
  "fd_perc": 81.33802816901408,
  "fwhm_avg": 2.8976066666666664,
  "fwhm_x": 2.64486,
  "fwhm_y": 3.040528,
  "fwhm_z": 3.007432,
  "gcor": 0.0141022,
  "gsr_x": -0.004286843817681074,
  "gsr_y": 0.032664623111486435,
  "provenance": {
    "md5sum": "113af3bb43886cc7fd681caab13761f0",
    "settings": {
      "fd_thres": 0.2,
      "testing": false
    },
    "software": "mriqc",
    "version": "23.0.1",
    "webapi_port": null,
    "webapi_url": "https://mriqc.nimh.nih.gov/api/v1"
  },
  "size_t": 284,
  "size_x": 84,
  "size_y": 84,
  "size_z": 54,
  "snr": 2.970957591857633,
  "spacing_tr": 1.2239999771118164,
  "spacing_x": 2.5,
  "spacing_y": 2.5,
  "spacing_z": 2.5,
  "summary_bg_k": 140.1950041886667,
  "summary_bg_mad": 78.72970468384047,
  "summary_bg_mean": 387.85919189453125,
  "summary_bg_median": 89.99786376953125,
  "summary_bg_n": 242923.0,
  "summary_bg_p05": 29.841279792785645,
  "summary_bg_p95": 1632.5495361328115,
  "summary_bg_stdv": 975.2815551757812,
  "summary_fg_k": 0.19292789433892032,
  "summary_fg_mad": 2928.6779831357553,
  "summary_fg_mean": 8975.251953125,
  "summary_fg_median": 8681.240234375,
  "summary_fg_n": 74033.0,
  "summary_fg_p05": 4715.607226562501,
  "summary_fg_p95": 14157.166992187496,
  "summary_fg_stdv": 2922.0146484375,
  "tsnr": 34.10621643066406
}