{
  "aor": 0.0024427464788732397,
  "aqi": 0.012583981654929577,
  "bids_meta": {
    "EchoTime": 0.03,
    "EffectiveEchoSpacing": 0.00049999,
    "FlipAngle": 65,
    "ImageType": [
      "ORIGINAL",
      "PRIMARY",
      "M",
      "MB",
      "ND",
      "MOSAI"
    ],
    "MagneticFieldStrength": 3,
    "Manufacturer": "Siemens",
    "ManufacturersModelName": "Prisma",
    "PhaseEncodingDirection": "j-",
    "RepetitionTime": 1.224,
    "SliceTiming": [
      1.1375,
      1.07,
      1.0025,
      0.935,
      0.87,
      0.8025,
      0.735,
      0.6675,
      0.6025,
      0.535,
      0.4675,
      0.4,
      0.335,
      0.2675,
      0.2,
      0.1325,
      0.0675,
      0,
      1.1375,
      1.07,
      1.0025,
      0.935,
      0.87,
      0.8025,
      0.735,
      0.6675,
      0.6025,
      0.535,
      0.4675,
      0.4,
      0.335,
      0.2675,
      0.2,
      0.1325,
      0.0675,
      0,
      1.1375,
      1.07,
      1.0025,
      0.935,
      0.87,
      0.8025,
      0.735,
      0.6675,
      0.6025,
      0.535,
      0.4675,
      0.4,
      0.335,
      0.2675,
      0.2,
      0.1325,
      0.0675,
      0
    ],
    "TaskName": "illusion",
    "dataset": "ds002872",
    "modality": "bold",
    "run_id": 4,
    "subject_id": "17",
    "task_id": "illusion"
  },
  "dummy_trs": 0,
  "dvars_nstd": 47.91310583325085,
  "dvars_std": 1.0635268692579511,
  "dvars_vstd": 0.9610728187632511,
  "efc": 0.48486493053971047,
  "fber": 7839.087890625,
  "fd_mean": 0.44587538057446013,
  "fd_num": 243,
  "fd_perc": 85.56338028169014,
  "fwhm_avg": 2.977109333333333,
  "fwhm_x": 2.6840479999999998,
  "fwhm_y": 3.148844,
  "fwhm_z": 3.098436,
  "gcor": 0.0216791,
  "gsr_x": -0.002974447328597307,
  "gsr_y": 0.028568841516971588,
  "provenance": {
    "md5sum": "5014f39876a917844cdcdedaa12c750e",
    "settings": {
      "fd_thres": 0.2,
      "testing": false
    },
    "software": "mriqc",
    "version": "23.0.1",
    "webapi_port": null,
    "webapi_url": "https://mriqc.nimh.nih.gov/api/v1"
  },
  "size_t": 284,
  "size_x": 84,
  "size_y": 84,
  "size_z": 54,
  "snr": 2.893164362782877,
  "spacing_tr": 1.2239999771118164,
  "spacing_x": 2.5,
  "spacing_y": 2.5,
  "spacing_z": 2.5,
  "summary_bg_k": 121.3893207591112,
  "summary_bg_mad": 82.2801021885884,
  "summary_bg_mean": 383.7890625,
  "summary_bg_median": 95.06318664550781,
  "summary_bg_n": 243379.0,
  "summary_bg_p05": 34.48195571899414,
  "summary_bg_p95": 1607.514099121092,
  "summary_bg_stdv": 898.0098876953125,
  "summary_fg_k": 0.5373099345130998,
  "summary_fg_mad": 2921.0014626645475,
  "summary_fg_mean": 9005.134765625,
  "summary_fg_median": 8653.5390625,
  "summary_fg_n": 73304.0,
  "summary_fg_p05": 4791.324145507812,
  "summary_fg_p95": 14425.29438476562,
  "summary_fg_stdv": 2991.0087890625,
  "tsnr": 28.815868377685547
}