{
  "bids_meta": {
    "AcquisitionDateTime": "2019-11-07T14:14:16.995000",
    "AcquisitionMatrixPE": 320,
    "AcquisitionNumber": 1,
    "AcquisitionTime": "14:14:16.995000",
    "BaseResolution": 320,
    "BodyPartExamined": "HEAD",
    "ConsistencyInfo": "N4_VE11C_LATEST_20160120",
    "ConversionSoftware": "dcm2niix",
    "ConversionSoftwareVersion": "v1.0.20171215 GCC5.1.0",
    "DeviceSerialNumber": "66072",
    "DwellTime": 7.4e-06,
    "EchoTime": 0.00228,
    "FlipAngle": 8,
    "ImageOrientationPatientDICOM": [
      -0.0534446,
      0.979234,
      0.195563,
      -0.0314264,
      0.194097,
      -0.980479
    ],
    "ImageType": [
      "ORIGINAL",
      "PRIMARY",
      "M",
      "ND",
      "NORM"
    ],
    "InPlanePhaseEncodingDirectionDICOM": "ROW",
    "InstitutionAddress": "Boulevard_Jean_Moulin_27_Marseille_District_FR_13005",
    "InstitutionName": "Universite_d_aix_Marseille",
    "InstitutionalDepartmentName": "Department",
    "InversionTime": 1.01,
    "MRAcquisitionType": "3D",
    "MagneticFieldStrength": 3,
    "Manufacturer": "Siemens",
    "ManufacturersModelName": "Prisma",
    "Modality": "MR",
    "ParallelReductionFactorInPlane": 2,
    "PartialFourier": 1,
    "PatientPosition": "HFS",
    "PercentPhaseFOV": 100,
    "PhaseEncodingSteps": 319,
    "PhaseResolution": 1,
    "PixelBandwidth": 210,
    "ProcedureStepDescription": "Projets_archives_Aging",
    "ProtocolName": "T1w",
    "PulseSequenceDetails": "%SiemensSeq%_tfl",
    "ReceiveCoilActiveElements": "HC1-7;NC1,2",
    "ReceiveCoilName": "HeadNeck_64",
    "ReconMatrixPE": 320,
    "RepetitionTime": 2.4,
    "SAR": 0.0502766,
    "ScanOptions": "IR_WE",
    "ScanningSequence": "GR_IR",
    "SequenceName": "_tfl3d1_16ns",
    "SequenceVariant": "SK_SP_MP",
    "SeriesDescription": "T1w",
    "SeriesNumber": 23,
    "ShimSetting": [
      -602,
      -10817,
      -606,
      148,
      79,
      -213,
      18,
      5
    ],
    "SliceThickness": 0.8,
    "SoftwareVersions": "syngo_MR_E11",
    "StationName": "AWP66072",
    "TxRefAmp": 239.629,
    "dataset": "ds002872",
    "modality": "T1w",
    "subject_id": "41"
  },
  "cjv": 0.3539891623144112,
  "cnr": 3.7888320488494913,
  "efc": 0.597711352487196,
  "fber": 39141.498614958444,
  "fwhm_avg": 4.346051713386129,
  "fwhm_x": 4.371567769300603,
  "fwhm_y": 4.224799937045575,
  "fwhm_z": 4.44178743381221,
  "icvs_csf": 0.20605777346908954,
  "icvs_gm": 0.4275818294021807,
  "icvs_wm": 0.36636039712872975,
  "inu_med": 0.6415308713912964,
  "inu_range": 0.32999110221862793,
  "provenance": {
    "md5sum": "2f20fced30aa4dbd7d75edeb247630b8",
    "settings": {
      "testing": false
    },
    "software": "mriqc",
    "version": "23.0.1",
    "warnings": {
      "large_rot_frame": true,
      "small_air_mask": false
    },
    "webapi_port": null,
    "webapi_url": "https://mriqc.nimh.nih.gov/api/v1"
  },
  "qi_1": 0.0,
  "qi_2": 0.005233062733019241,
  "rpve_csf": 27.2507149167978,
  "rpve_gm": 13.75594144617102,
  "rpve_wm": 18.152073000614564,
  "size_x": 256,
  "size_y": 320,
  "size_z": 320,
  "snr_csf": 2.9429168022199548,
  "snr_gm": 14.188174664817145,
  "snr_total": 13.29288069132523,
  "snr_wm": 22.74755060693859,
  "snrd_csf": 24.12132122064095,
  "snrd_gm": 65.50503835300015,
  "snrd_total": 59.380836718437614,
  "snrd_wm": 88.51615058167175,
  "spacing_x": 0.800001323223114,
  "spacing_y": 0.800000011920929,
  "spacing_z": 0.800000011920929,
  "summary_bg_k": 7.0464497886795545,
  "summary_bg_mad": 0.0,
  "summary_bg_mean": 4.758806282632881,
  "summary_bg_median": 0.0,
  "summary_bg_n": 4063802.0,
  "summary_bg_p05": 0.0,
  "summary_bg_p95": 19.79319640621543,
  "summary_bg_stdv": 7.401546971714356,
  "summary_csf_k": 2.24609082263882,
  "summary_csf_mad": 75.65407844589036,
  "summary_csf_mean": 285.6839374326516,
  "summary_csf_median": 272.51590971648693,
  "summary_csf_n": 120031.0,
  "summary_csf_p05": 164.37224774435163,
  "summary_csf_p95": 462.73862262815237,
  "summary_csf_stdv": 92.60023060076128,
  "summary_gm_k": 0.2954782575545072,
  "summary_gm_mad": 50.48140845939807,
  "summary_gm_mean": 740.1405505744335,
  "summary_gm_median": 740.0575181804597,
  "summary_gm_n": 104668.0,
  "summary_gm_p05": 654.9192405939102,
  "summary_gm_p95": 825.624087497592,
  "summary_gm_stdv": 52.15991488641383,
  "summary_wm_k": 0.45850378326288954,
  "summary_wm_mad": 41.54624451824675,
  "summary_wm_mean": 1001.1933596158607,
  "summary_wm_median": 1000.0305986441672,
  "summary_wm_n": 514261.0,
  "summary_wm_p05": 931.2285913527012,
  "summary_wm_p95": 1075.5629045590758,
  "summary_wm_stdv": 43.96207941790289,
  "tpm_overlap_csf": 0.1532269334821348,
  "tpm_overlap_gm": 0.4379364241048378,
  "tpm_overlap_wm": 0.49051828606622466,
  "wm2max": 0.7450654145963441
}