{
  "aor": 0.0010686278586278586,
  "aqi": 0.007544817775467776,
  "bids_meta": {
    "EchoTime": 0.03,
    "EffectiveEchoSpacing": 0.00049999,
    "FlipAngle": 65,
    "ImageType": [
      "ORIGINAL",
      "PRIMARY",
      "M",
      "MB",
      "ND",
      "MOSAI"
    ],
    "MagneticFieldStrength": 3,
    "Manufacturer": "Siemens",
    "ManufacturersModelName": "Prisma",
    "PhaseEncodingDirection": "j-",
    "RepetitionTime": 1.224,
    "SliceTiming": [
      1.1375,
      1.07,
      1.0025,
      0.935,
      0.87,
      0.8025,
      0.735,
      0.6675,
      0.6025,
      0.535,
      0.4675,
      0.4,
      0.335,
      0.2675,
      0.2,
      0.1325,
      0.0675,
      0,
      1.1375,
      1.07,
      1.0025,
      0.935,
      0.87,
      0.8025,
      0.735,
      0.6675,
      0.6025,
      0.535,
      0.4675,
      0.4,
      0.335,
      0.2675,
      0.2,
      0.1325,
      0.0675,
      0,
      1.1375,
      1.07,
      1.0025,
      0.935,
      0.87,
      0.8025,
      0.735,
      0.6675,
      0.6025,
      0.535,
      0.4675,
      0.4,
      0.335,
      0.2675,
      0.2,
      0.1325,
      0.0675,
      0
    ],
    "TaskName": "rest",
    "dataset": "ds002872",
    "modality": "bold",
    "subject_id": "20",
    "task_id": "rest"
  },
  "dummy_trs": 3,
  "dvars_nstd": 43.93939644089583,
  "dvars_std": 1.2013164431250012,
  "dvars_vstd": 1.0101841354375007,
  "efc": 0.4956729510785368,
  "fber": 10057.3701171875,
  "fd_mean": 0.242450448534394,
  "fd_num": 273,
  "fd_perc": 56.75675675675676,
  "fwhm_avg": 2.746245333333333,
  "fwhm_x": 2.468844,
  "fwhm_y": 2.923468,
  "fwhm_z": 2.846424,
  "gcor": 0.0322374,
  "gsr_x": -0.0047074854373931885,
  "gsr_y": 0.048036251217126846,
  "provenance": {
    "md5sum": "8b52c17697d9ebf6cb5dbc98196a2a8a",
    "settings": {
      "fd_thres": 0.2,
      "testing": false
    },
    "software": "mriqc",
    "version": "23.0.1",
    "webapi_port": null,
    "webapi_url": "https://mriqc.nimh.nih.gov/api/v1"
  },
  "size_t": 481,
  "size_x": 84,
  "size_y": 84,
  "size_z": 54,
  "snr": 2.842503683944183,
  "spacing_tr": 1.2239999771118164,
  "spacing_x": 2.5,
  "spacing_y": 2.5,
  "spacing_z": 2.5,
  "summary_bg_k": 34.60400175565489,
  "summary_bg_mad": 67.49290058164144,
  "summary_bg_mean": 522.7139892578125,
  "summary_bg_median": 81.56657409667969,
  "summary_bg_n": 243913.0,
  "summary_bg_p05": 31.60646209716797,
  "summary_bg_p95": 2551.331640625,
  "summary_bg_stdv": 1222.0242919921875,
  "summary_fg_k": 1.379266805054395,
  "summary_fg_mad": 2938.3974252185953,
  "summary_fg_mean": 9176.8330078125,
  "summary_fg_median": 8735.974609375,
  "summary_fg_n": 70342.0,
  "summary_fg_p05": 4934.781567382813,
  "summary_fg_p95": 14663.753857421872,
  "summary_fg_stdv": 3073.316162109375,
  "tsnr": 42.504188537597656
}