{
  "aor": 0.0028307042253521127,
  "aqi": 0.00767734559859155,
  "bids_meta": {
    "EchoTime": 0.03,
    "EffectiveEchoSpacing": 0.00049999,
    "FlipAngle": 65,
    "ImageType": [
      "ORIGINAL",
      "PRIMARY",
      "M",
      "MB",
      "ND",
      "MOSAI"
    ],
    "MagneticFieldStrength": 3,
    "Manufacturer": "Siemens",
    "ManufacturersModelName": "Prisma",
    "PhaseEncodingDirection": "j-",
    "RepetitionTime": 1.224,
    "SliceTiming": [
      1.1375,
      1.07,
      1.0025,
      0.935,
      0.87,
      0.8025,
      0.735,
      0.6675,
      0.6025,
      0.535,
      0.4675,
      0.4,
      0.335,
      0.2675,
      0.2,
      0.1325,
      0.065,
      0,
      1.1375,
      1.07,
      1.0025,
      0.935,
      0.87,
      0.8025,
      0.735,
      0.6675,
      0.6025,
      0.535,
      0.4675,
      0.4,
      0.335,
      0.2675,
      0.2,
      0.1325,
      0.065,
      0,
      1.1375,
      1.07,
      1.0025,
      0.935,
      0.87,
      0.8025,
      0.735,
      0.6675,
      0.6025,
      0.535,
      0.4675,
      0.4,
      0.335,
      0.2675,
      0.2,
      0.1325,
      0.065,
      0
    ],
    "TaskName": "illusion",
    "dataset": "ds002872",
    "modality": "bold",
    "run_id": 2,
    "subject_id": "20",
    "task_id": "illusion"
  },
  "dummy_trs": 0,
  "dvars_nstd": 45.06603964809189,
  "dvars_std": 1.1857944952650181,
  "dvars_vstd": 1.0082702588692583,
  "efc": 0.49830092751586236,
  "fber": 8853.490234375,
  "fd_mean": 0.25436937408060345,
  "fd_num": 135,
  "fd_perc": 47.53521126760563,
  "fwhm_avg": 2.77378,
  "fwhm_x": 2.496468,
  "fwhm_y": 2.948912,
  "fwhm_z": 2.87596,
  "gcor": 0.0263916,
  "gsr_x": -0.007290699053555727,
  "gsr_y": 0.05102715268731117,
  "provenance": {
    "md5sum": "5030335c80267cf63fcb7c0de6e43de4",
    "settings": {
      "fd_thres": 0.2,
      "testing": false
    },
    "software": "mriqc",
    "version": "23.0.1",
    "webapi_port": null,
    "webapi_url": "https://mriqc.nimh.nih.gov/api/v1"
  },
  "size_t": 284,
  "size_x": 84,
  "size_y": 84,
  "size_z": 54,
  "snr": 2.8478848128962477,
  "spacing_tr": 1.2239999771118164,
  "spacing_x": 2.5,
  "spacing_y": 2.5,
  "spacing_z": 2.5,
  "summary_bg_k": 35.2090096870869,
  "summary_bg_mad": 74.41082770618837,
  "summary_bg_mean": 556.1812133789062,
  "summary_bg_median": 87.20393371582031,
  "summary_bg_n": 244122.0,
  "summary_bg_p05": 32.41538619995117,
  "summary_bg_p95": 2732.8160156249996,
  "summary_bg_stdv": 1301.356201171875,
  "summary_fg_k": 1.376968717449122,
  "summary_fg_mad": 2949.4351381216984,
  "summary_fg_mean": 9237.6201171875,
  "summary_fg_median": 8782.7158203125,
  "summary_fg_n": 69772.0,
  "summary_fg_p05": 5015.393286132813,
  "summary_fg_p95": 14767.704736328122,
  "summary_fg_stdv": 3083.92138671875,
  "tsnr": 40.7276496887207
}