{
  "aor": 0.0026548239436619716,
  "aqi": 0.00811146028169014,
  "bids_meta": {
    "EchoTime": 0.03,
    "EffectiveEchoSpacing": 0.00049999,
    "FlipAngle": 65,
    "ImageType": [
      "ORIGINAL",
      "PRIMARY",
      "M",
      "MB",
      "ND",
      "MOSAI"
    ],
    "MagneticFieldStrength": 3,
    "Manufacturer": "Siemens",
    "ManufacturersModelName": "Prisma",
    "PhaseEncodingDirection": "j-",
    "RepetitionTime": 1.224,
    "SliceTiming": [
      1.1375,
      1.07,
      1.0025,
      0.935,
      0.87,
      0.8025,
      0.735,
      0.6675,
      0.6025,
      0.535,
      0.4675,
      0.4,
      0.335,
      0.2675,
      0.2,
      0.1325,
      0.0675,
      0,
      1.1375,
      1.07,
      1.0025,
      0.935,
      0.87,
      0.8025,
      0.735,
      0.6675,
      0.6025,
      0.535,
      0.4675,
      0.4,
      0.335,
      0.2675,
      0.2,
      0.1325,
      0.0675,
      0,
      1.1375,
      1.07,
      1.0025,
      0.935,
      0.87,
      0.8025,
      0.735,
      0.6675,
      0.6025,
      0.535,
      0.4675,
      0.4,
      0.335,
      0.2675,
      0.2,
      0.1325,
      0.0675,
      0
    ],
    "TaskName": "illusion",
    "dataset": "ds002872",
    "modality": "bold",
    "run_id": 1,
    "subject_id": "20",
    "task_id": "illusion"
  },
  "dummy_trs": 0,
  "dvars_nstd": 45.2324856260777,
  "dvars_std": 1.1976433304593643,
  "dvars_vstd": 1.0179112446996474,
  "efc": 0.49754348182724517,
  "fber": 9800.921875,
  "fd_mean": 0.2679336332782955,
  "fd_num": 140,
  "fd_perc": 49.29577464788732,
  "fwhm_avg": 2.7799746666666665,
  "fwhm_x": 2.47674,
  "fwhm_y": 2.980568,
  "fwhm_z": 2.882616,
  "gcor": 0.0237491,
  "gsr_x": -0.0073550995439291,
  "gsr_y": 0.05127451568841934,
  "provenance": {
    "md5sum": "c025cd202a25d2d4abbdd4cadf7c276c",
    "settings": {
      "fd_thres": 0.2,
      "testing": false
    },
    "software": "mriqc",
    "version": "23.0.1",
    "webapi_port": null,
    "webapi_url": "https://mriqc.nimh.nih.gov/api/v1"
  },
  "size_t": 284,
  "size_x": 84,
  "size_y": 84,
  "size_z": 54,
  "snr": 2.863992715898916,
  "spacing_tr": 1.2239999771118164,
  "spacing_x": 2.5,
  "spacing_y": 2.5,
  "spacing_z": 2.5,
  "summary_bg_k": 35.95879325951378,
  "summary_bg_mad": 66.24142898166485,
  "summary_bg_mean": 552.5411376953125,
  "summary_bg_median": 82.59815216064453,
  "summary_bg_n": 244420.0,
  "summary_bg_p05": 34.33878707885742,
  "summary_bg_p95": 2710.256079101554,
  "summary_bg_stdv": 1301.6046142578125,
  "summary_fg_k": 1.269769873447511,
  "summary_fg_mad": 2935.852098362997,
  "summary_fg_mean": 9237.1787109375,
  "summary_fg_median": 8779.380859375,
  "summary_fg_n": 69781.0,
  "summary_fg_p05": 5021.65576171875,
  "summary_fg_p95": 14750.330078125,
  "summary_fg_stdv": 3065.412109375,
  "tsnr": 39.9986686706543
}