{
  "aor": 0.0008201766784452297,
  "aqi": 0.003130707102473498,
  "bids_meta": {
    "EchoTime": 0.03,
    "EffectiveEchoSpacing": 0.00049999,
    "FlipAngle": 65,
    "ImageType": [
      "ORIGINAL",
      "PRIMARY",
      "M",
      "MB",
      "ND",
      "MOSAI"
    ],
    "MagneticFieldStrength": 3,
    "Manufacturer": "Siemens",
    "ManufacturersModelName": "Prisma",
    "PhaseEncodingDirection": "j-",
    "RepetitionTime": 1.224,
    "SliceTiming": [
      1.135,
      1.07,
      1.0025,
      0.935,
      0.8675,
      0.8025,
      0.735,
      0.6675,
      0.6,
      0.535,
      0.4675,
      0.4,
      0.3325,
      0.2675,
      0.2,
      0.1325,
      0.065,
      0,
      1.135,
      1.07,
      1.0025,
      0.935,
      0.8675,
      0.8025,
      0.735,
      0.6675,
      0.6,
      0.535,
      0.4675,
      0.4,
      0.3325,
      0.2675,
      0.2,
      0.1325,
      0.065,
      0,
      1.135,
      1.07,
      1.0025,
      0.935,
      0.8675,
      0.8025,
      0.735,
      0.6675,
      0.6,
      0.535,
      0.4675,
      0.4,
      0.3325,
      0.2675,
      0.2,
      0.1325,
      0.065,
      0
    ],
    "TaskName": "illusion",
    "dataset": "ds002872",
    "modality": "bold",
    "run_id": 2,
    "subject_id": "06",
    "task_id": "illusion"
  },
  "dummy_trs": 1,
  "dvars_nstd": 29.339034513262416,
  "dvars_std": 1.143998966312057,
  "dvars_vstd": 1.0084551260638301,
  "efc": 0.47061645687570336,
  "fber": 20557.080078125,
  "fd_mean": 0.0930836761670688,
  "fd_num": 9,
  "fd_perc": 3.1802120141342756,
  "fwhm_avg": 2.622256,
  "fwhm_x": 2.424688,
  "fwhm_y": 2.8009720000000002,
  "fwhm_z": 2.641108,
  "gcor": 0.0281083,
  "gsr_x": -0.0019100207136943936,
  "gsr_y": 0.032086215913295746,
  "provenance": {
    "md5sum": "75bdd8db9186c1e0a263d780ce80c947",
    "settings": {
      "fd_thres": 0.2,
      "testing": false
    },
    "software": "mriqc",
    "version": "23.0.1",
    "webapi_port": null,
    "webapi_url": "https://mriqc.nimh.nih.gov/api/v1"
  },
  "size_t": 283,
  "size_x": 84,
  "size_y": 84,
  "size_z": 54,
  "snr": 3.370593894299938,
  "spacing_tr": 1.2239999771118164,
  "spacing_x": 2.5,
  "spacing_y": 2.5,
  "spacing_z": 2.5,
  "summary_bg_k": 75.32739094661977,
  "summary_bg_mad": 31.276097938966817,
  "summary_bg_mean": 343.266845703125,
  "summary_bg_median": 60.42756271362305,
  "summary_bg_n": 248754.0,
  "summary_bg_p05": 35.4063606262207,
  "summary_bg_p95": 1551.0689086914053,
  "summary_bg_stdv": 973.7639770507812,
  "summary_fg_k": 0.16939916031604607,
  "summary_fg_mad": 2683.268585885827,
  "summary_fg_mean": 9121.1455078125,
  "summary_fg_median": 8829.20703125,
  "summary_fg_n": 69114.0,
  "summary_fg_p05": 5442.073022460938,
  "summary_fg_p95": 13849.669384765617,
  "summary_fg_stdv": 2619.462158203125,
  "tsnr": 56.58377185231075
}