{
  "aor": 0.0008701060070671378,
  "aqi": 0.005433103604240283,
  "bids_meta": {
    "EchoTime": 0.03,
    "EffectiveEchoSpacing": 0.00049999,
    "FlipAngle": 65,
    "ImageType": [
      "ORIGINAL",
      "PRIMARY",
      "M",
      "MB",
      "ND",
      "MOSAI"
    ],
    "MagneticFieldStrength": 3,
    "Manufacturer": "Siemens",
    "ManufacturersModelName": "Prisma",
    "PhaseEncodingDirection": "j-",
    "RepetitionTime": 1.224,
    "SliceTiming": [
      1.1375,
      1.07,
      1.0025,
      0.935,
      0.87,
      0.8025,
      0.735,
      0.6675,
      0.6025,
      0.535,
      0.4675,
      0.4,
      0.335,
      0.2675,
      0.2,
      0.1325,
      0.0675,
      0,
      1.1375,
      1.07,
      1.0025,
      0.935,
      0.87,
      0.8025,
      0.735,
      0.6675,
      0.6025,
      0.535,
      0.4675,
      0.4,
      0.335,
      0.2675,
      0.2,
      0.1325,
      0.0675,
      0,
      1.1375,
      1.07,
      1.0025,
      0.935,
      0.87,
      0.8025,
      0.735,
      0.6675,
      0.6025,
      0.535,
      0.4675,
      0.4,
      0.335,
      0.2675,
      0.2,
      0.1325,
      0.0675,
      0
    ],
    "TaskName": "illusion",
    "dataset": "ds002872",
    "modality": "bold",
    "run_id": 4,
    "subject_id": "24",
    "task_id": "illusion"
  },
  "dummy_trs": 1,
  "dvars_nstd": 31.679028003687918,
  "dvars_std": 1.061993262375886,
  "dvars_vstd": 0.9818660002482268,
  "efc": 0.4773135263484091,
  "fber": 16327.30859375,
  "fd_mean": 0.2205516561734075,
  "fd_num": 109,
  "fd_perc": 38.51590106007067,
  "fwhm_avg": 3.023648,
  "fwhm_x": 2.812184,
  "fwhm_y": 3.0548960000000003,
  "fwhm_z": 3.2038640000000003,
  "gcor": 0.0151844,
  "gsr_x": -0.0151095325127244,
  "gsr_y": 0.044250115752220154,
  "provenance": {
    "md5sum": "c1708ae84a835cab4c73b204eddda3c8",
    "settings": {
      "fd_thres": 0.2,
      "testing": false
    },
    "software": "mriqc",
    "version": "23.0.1",
    "webapi_port": null,
    "webapi_url": "https://mriqc.nimh.nih.gov/api/v1"
  },
  "size_t": 283,
  "size_x": 84,
  "size_y": 84,
  "size_z": 54,
  "snr": 2.7545286862977396,
  "spacing_tr": 1.2239999771118164,
  "spacing_x": 2.5,
  "spacing_y": 2.5,
  "spacing_z": 2.5,
  "summary_bg_k": 65.20319724513477,
  "summary_bg_mad": 49.77504225058818,
  "summary_bg_mean": 371.5024719238281,
  "summary_bg_median": 68.38224029541016,
  "summary_bg_n": 243898.0,
  "summary_bg_p05": 30.628528118133545,
  "summary_bg_p95": 1601.401544189453,
  "summary_bg_stdv": 941.6887817382812,
  "summary_fg_k": 2.25384631730884,
  "summary_fg_mad": 2859.1010102247774,
  "summary_fg_mean": 9617.5576171875,
  "summary_fg_median": 9058.1953125,
  "summary_fg_n": 73580.0,
  "summary_fg_p05": 5450.08544921875,
  "summary_fg_p95": 15785.640283203127,
  "summary_fg_stdv": 3288.451416015625,
  "tsnr": 45.24882507324219
}