{
  "aor": 0.002682296819787986,
  "aqi": 0.004276608657243815,
  "bids_meta": {
    "EchoTime": 0.03,
    "EffectiveEchoSpacing": 0.00049999,
    "FlipAngle": 65,
    "ImageType": [
      "ORIGINAL",
      "PRIMARY",
      "M",
      "MB",
      "ND",
      "MOSAI"
    ],
    "MagneticFieldStrength": 3,
    "Manufacturer": "Siemens",
    "ManufacturersModelName": "Prisma",
    "PhaseEncodingDirection": "j-",
    "RepetitionTime": 1.224,
    "SliceTiming": [
      1.1375,
      1.07,
      1.0025,
      0.935,
      0.87,
      0.8025,
      0.735,
      0.6675,
      0.6025,
      0.535,
      0.4675,
      0.4,
      0.335,
      0.2675,
      0.2,
      0.1325,
      0.0675,
      0,
      1.1375,
      1.07,
      1.0025,
      0.935,
      0.87,
      0.8025,
      0.735,
      0.6675,
      0.6025,
      0.535,
      0.4675,
      0.4,
      0.335,
      0.2675,
      0.2,
      0.1325,
      0.0675,
      0,
      1.1375,
      1.07,
      1.0025,
      0.935,
      0.87,
      0.8025,
      0.735,
      0.6675,
      0.6025,
      0.535,
      0.4675,
      0.4,
      0.335,
      0.2675,
      0.2,
      0.1325,
      0.0675,
      0
    ],
    "TaskName": "illusion",
    "dataset": "ds002872",
    "modality": "bold",
    "run_id": 2,
    "subject_id": "24",
    "task_id": "illusion"
  },
  "dummy_trs": 1,
  "dvars_nstd": 32.7552988643617,
  "dvars_std": 1.1283352919148941,
  "dvars_vstd": 1.019181096985816,
  "efc": 0.4777064070560564,
  "fber": 17626.287109375,
  "fd_mean": 0.2038465899974302,
  "fd_num": 84,
  "fd_perc": 29.681978798586574,
  "fwhm_avg": 3.026128,
  "fwhm_x": 2.809156,
  "fwhm_y": 3.0837440000000003,
  "fwhm_z": 3.1854839999999998,
  "gcor": 0.0125447,
  "gsr_x": -0.014779070392251015,
  "gsr_y": 0.0455021932721138,
  "provenance": {
    "md5sum": "91cbbc926a5f8c5d62a675ba19e4bbd8",
    "settings": {
      "fd_thres": 0.2,
      "testing": false
    },
    "software": "mriqc",
    "version": "23.0.1",
    "webapi_port": null,
    "webapi_url": "https://mriqc.nimh.nih.gov/api/v1"
  },
  "size_t": 283,
  "size_x": 84,
  "size_y": 84,
  "size_z": 54,
  "snr": 2.7582706200006335,
  "spacing_tr": 1.2239999771118164,
  "spacing_x": 2.5,
  "spacing_y": 2.5,
  "spacing_z": 2.5,
  "summary_bg_k": 68.41815844577708,
  "summary_bg_mad": 43.01083647117592,
  "summary_bg_mean": 367.98602294921875,
  "summary_bg_median": 65.38080596923828,
  "summary_bg_n": 243503.0,
  "summary_bg_p05": 33.31089477539062,
  "summary_bg_p95": 1581.9397216796867,
  "summary_bg_stdv": 946.95849609375,
  "summary_fg_k": 2.206687597661362,
  "summary_fg_mad": 2866.1024688948346,
  "summary_fg_mean": 9630.9521484375,
  "summary_fg_median": 9065.58984375,
  "summary_fg_n": 73832.0,
  "summary_fg_p05": 5477.351806640625,
  "summary_fg_p95": 15809.392089843748,
  "summary_fg_stdv": 3286.671142578125,
  "tsnr": 48.082828521728516
}