{
  "aor": 0.0027648056537102465,
  "aqi": 0.005557128692579505,
  "bids_meta": {
    "EchoTime": 0.03,
    "EffectiveEchoSpacing": 0.00049999,
    "FlipAngle": 65,
    "ImageType": [
      "ORIGINAL",
      "PRIMARY",
      "M",
      "MB",
      "ND",
      "MOSAI"
    ],
    "MagneticFieldStrength": 3,
    "Manufacturer": "Siemens",
    "ManufacturersModelName": "Prisma",
    "PhaseEncodingDirection": "j-",
    "RepetitionTime": 1.224,
    "SliceTiming": [
      1.1375,
      1.07,
      1.005,
      0.9375,
      0.87,
      0.8025,
      0.7375,
      0.67,
      0.6025,
      0.535,
      0.47,
      0.4025,
      0.335,
      0.2675,
      0.2025,
      0.135,
      0.0675,
      0,
      1.1375,
      1.07,
      1.005,
      0.9375,
      0.87,
      0.8025,
      0.7375,
      0.67,
      0.6025,
      0.535,
      0.47,
      0.4025,
      0.335,
      0.2675,
      0.2025,
      0.135,
      0.0675,
      0,
      1.1375,
      1.07,
      1.005,
      0.9375,
      0.87,
      0.8025,
      0.7375,
      0.67,
      0.6025,
      0.535,
      0.47,
      0.4025,
      0.335,
      0.2675,
      0.2025,
      0.135,
      0.0675,
      0
    ],
    "TaskName": "illusion",
    "dataset": "ds002872",
    "modality": "bold",
    "run_id": 3,
    "subject_id": "24",
    "task_id": "illusion"
  },
  "dummy_trs": 1,
  "dvars_nstd": 33.0268764359929,
  "dvars_std": 1.0923287272695028,
  "dvars_vstd": 1.0021957408865256,
  "efc": 0.4781458240449385,
  "fber": 16532.8515625,
  "fd_mean": 0.2123091713806165,
  "fd_num": 86,
  "fd_perc": 30.3886925795053,
  "fwhm_avg": 3.030358666666667,
  "fwhm_x": 2.8201039999999997,
  "fwhm_y": 3.060324,
  "fwhm_z": 3.210648,
  "gcor": 0.00885732,
  "gsr_x": -0.015055282972753048,
  "gsr_y": 0.04555779695510864,
  "provenance": {
    "md5sum": "ee12f6b07a2d75fbc5d42d9134c90d70",
    "settings": {
      "fd_thres": 0.2,
      "testing": false
    },
    "software": "mriqc",
    "version": "23.0.1",
    "webapi_port": null,
    "webapi_url": "https://mriqc.nimh.nih.gov/api/v1"
  },
  "size_t": 283,
  "size_x": 84,
  "size_y": 84,
  "size_z": 54,
  "snr": 2.750474191966476,
  "spacing_tr": 1.2239999771118164,
  "spacing_x": 2.5,
  "spacing_y": 2.5,
  "spacing_z": 2.5,
  "summary_bg_k": 68.11193357144862,
  "summary_bg_mad": 46.432301470219834,
  "summary_bg_mean": 371.84906005859375,
  "summary_bg_median": 67.42598724365234,
  "summary_bg_n": 243485.0,
  "summary_bg_p05": 32.810079956054686,
  "summary_bg_p95": 1601.3942626953117,
  "summary_bg_stdv": 959.3527221679688,
  "summary_fg_k": 2.2304800029508414,
  "summary_fg_mad": 2862.088294431156,
  "summary_fg_mean": 9621.392578125,
  "summary_fg_median": 9063.109375,
  "summary_fg_n": 74027.0,
  "summary_fg_p05": 5457.67734375,
  "summary_fg_p95": 15819.313085937498,
  "summary_fg_stdv": 3295.085693359375,
  "tsnr": 44.82365417480469
}