{
  "aor": 0.0003412629399585921,
  "aqi": 0.004030986977225672,
  "bids_meta": {
    "AcquisitionDateTime": "2019-11-06T14:45:34.475000",
    "AcquisitionMatrixPE": 84,
    "AcquisitionNumber": 1,
    "AcquisitionTime": "14:45:34.475000",
    "BandwidthPerPixelPhaseEncode": 23.81,
    "BaseResolution": 84,
    "BodyPartExamined": "HEAD",
    "ConsistencyInfo": "N4_VE11C_LATEST_20160120",
    "ConversionSoftware": "dcm2niix",
    "ConversionSoftwareVersion": "v1.0.20171215 GCC5.1.0",
    "DerivedVendorReportedEchoSpacing": 0.00049999,
    "DeviceSerialNumber": "66072",
    "DwellTime": 2.3e-06,
    "EchoTime": 0.03,
    "EchoTrainLength": 84,
    "EffectiveEchoSpacing": 0.00049999,
    "FlipAngle": 65,
    "ImageComments": "Unaliased_MB3_PE3_LB_SENSE1",
    "ImageOrientationPatientDICOM": [
      0.998934,
      -0.0256752,
      0.0383725,
      0.0237156,
      0.998433,
      0.050677
    ],
    "ImageType": [
      "ORIGINAL",
      "PRIMARY",
      "M",
      "MB",
      "ND",
      "MOSAIC"
    ],
    "InPlanePhaseEncodingDirectionDICOM": "COL",
    "InstitutionAddress": "Boulevard_Jean_Moulin_27_Marseille_District_FR_13005",
    "InstitutionName": "Universite_d_aix_Marseille",
    "InstitutionalDepartmentName": "Department",
    "MRAcquisitionType": "2D",
    "MagneticFieldStrength": 3,
    "Manufacturer": "Siemens",
    "ManufacturersModelName": "Prisma",
    "Modality": "MR",
    "MultibandAccelerationFactor": 3,
    "PartialFourier": 1,
    "PatientPosition": "HFS",
    "PercentPhaseFOV": 100,
    "PhaseEncodingDirection": "j-",
    "PhaseEncodingSteps": 84,
    "PhaseResolution": 1,
    "PixelBandwidth": 2590,
    "ProcedureStepDescription": "Projets_archives_Aging",
    "ProtocolName": "task-rest_bold",
    "PulseSequenceDetails": "%CustomerSeq%_cmrr_mbep2d_bold",
    "ReceiveCoilActiveElements": "HC1-6",
    "ReceiveCoilName": "HeadNeck_64",
    "ReconMatrixPE": 84,
    "RepetitionTime": 1.224,
    "SAR": 0.062508,
    "ScanOptions": "FS",
    "ScanningSequence": "EP",
    "SequenceName": "epfid2d1_84",
    "SequenceVariant": "SK_SS",
    "SeriesDescription": "task-rest_bold",
    "SeriesNumber": 14,
    "ShimSetting": [
      -618,
      -10788,
      -474,
      476,
      -42,
      37,
      135,
      24
    ],
    "SliceThickness": 2.5,
    "SliceTiming": [
      1.1375,
      1.07,
      1.0025,
      0.935,
      0.87,
      0.8025,
      0.735,
      0.6675,
      0.6025,
      0.535,
      0.4675,
      0.4,
      0.335,
      0.2675,
      0.2,
      0.1325,
      0.0675,
      0,
      1.1375,
      1.07,
      1.0025,
      0.935,
      0.87,
      0.8025,
      0.735,
      0.6675,
      0.6025,
      0.535,
      0.4675,
      0.4,
      0.335,
      0.2675,
      0.2,
      0.1325,
      0.0675,
      0,
      1.1375,
      1.07,
      1.0025,
      0.935,
      0.87,
      0.8025,
      0.735,
      0.6675,
      0.6025,
      0.535,
      0.4675,
      0.4,
      0.335,
      0.2675,
      0.2,
      0.1325,
      0.0675,
      0
    ],
    "SoftwareVersions": "syngo_MR_E11",
    "SpacingBetweenSlices": 2.5,
    "StationName": "AWP66072",
    "TaskName": "rest",
    "TotalReadoutTime": 0.04199916,
    "TxRefAmp": 231.09,
    "dataset": "ds002872",
    "modality": "bold",
    "subject_id": "34",
    "task_id": "rest"
  },
  "dummy_trs": 1,
  "dvars_nstd": 28.62947131195022,
  "dvars_std": 1.1207915977385894,
  "dvars_vstd": 0.9742703251037352,
  "efc": 0.44355665578841613,
  "fber": 18892.404296875,
  "fd_mean": 0.12606980021163416,
  "fd_num": 19,
  "fd_perc": 3.9337474120082816,
  "fwhm_avg": 3.1139333333333337,
  "fwhm_x": 2.9710360000000002,
  "fwhm_y": 3.196084,
  "fwhm_z": 3.17468,
  "gcor": 0.0165934,
  "gsr_x": -0.01664673537015915,
  "gsr_y": 0.032746847718954086,
  "provenance": {
    "md5sum": "c00b9dcc4a3ea8bd5dc8553d3f3b88bb",
    "settings": {
      "fd_thres": 0.2,
      "testing": false
    },
    "software": "mriqc",
    "version": "23.0.1",
    "webapi_port": null,
    "webapi_url": "https://mriqc.nimh.nih.gov/api/v1"
  },
  "size_t": 483,
  "size_x": 84,
  "size_y": 84,
  "size_z": 54,
  "snr": 2.4668593191678663,
  "spacing_tr": 1.2239999771118164,
  "spacing_x": 2.5,
  "spacing_y": 2.5,
  "spacing_z": 2.5,
  "summary_bg_k": 30.64317229689739,
  "summary_bg_mad": 48.928576625069496,
  "summary_bg_mean": 465.30023193359375,
  "summary_bg_median": 71.89291381835938,
  "summary_bg_n": 260111.0,
  "summary_bg_p05": 34.11396598815918,
  "summary_bg_p95": 2442.7216796875,
  "summary_bg_stdv": 1128.3822021484375,
  "summary_fg_k": 1.760312859360444,
  "summary_fg_mad": 3624.492595711133,
  "summary_fg_mean": 10778.552734375,
  "summary_fg_median": 9995.9873046875,
  "summary_fg_n": 61535.0,
  "summary_fg_p05": 5742.254296875,
  "summary_fg_p95": 18645.412695312498,
  "summary_fg_stdv": 4052.077880859375,
  "tsnr": 51.30474090576172
}