{
  "aor": 0.0008022968197879857,
  "aqi": 0.002828243745583039,
  "bids_meta": {
    "AcquisitionDateTime": "2019-11-06T15:21:33.802500",
    "AcquisitionMatrixPE": 84,
    "AcquisitionNumber": 1,
    "AcquisitionTime": "15:21:33.802500",
    "BandwidthPerPixelPhaseEncode": 23.81,
    "BaseResolution": 84,
    "BodyPartExamined": "HEAD",
    "ConsistencyInfo": "N4_VE11C_LATEST_20160120",
    "ConversionSoftware": "dcm2niix",
    "ConversionSoftwareVersion": "v1.0.20171215 GCC5.1.0",
    "DerivedVendorReportedEchoSpacing": 0.00049999,
    "DeviceSerialNumber": "66072",
    "DwellTime": 2.2e-06,
    "EchoTime": 0.03,
    "EchoTrainLength": 84,
    "EffectiveEchoSpacing": 0.00049999,
    "FlipAngle": 65,
    "ImageComments": "Unaliased_MB3_PE3_LB_SENSE1",
    "ImageOrientationPatientDICOM": [
      0.998934,
      -0.0256752,
      0.0383725,
      0.0237156,
      0.998433,
      0.050677
    ],
    "ImageType": [
      "ORIGINAL",
      "PRIMARY",
      "M",
      "MB",
      "ND",
      "MOSAIC"
    ],
    "InPlanePhaseEncodingDirectionDICOM": "COL",
    "InstitutionAddress": "Boulevard_Jean_Moulin_27_Marseille_District_FR_13005",
    "InstitutionName": "Universite_d_aix_Marseille",
    "InstitutionalDepartmentName": "Department",
    "MRAcquisitionType": "2D",
    "MagneticFieldStrength": 3,
    "Manufacturer": "Siemens",
    "ManufacturersModelName": "Prisma",
    "Modality": "MR",
    "MultibandAccelerationFactor": 3,
    "PartialFourier": 1,
    "PatientPosition": "HFS",
    "PercentPhaseFOV": 100,
    "PhaseEncodingDirection": "j-",
    "PhaseEncodingSteps": 84,
    "PhaseResolution": 1,
    "PixelBandwidth": 2705,
    "ProcedureStepDescription": "Projets_archives_Aging",
    "ProtocolName": "task-illusion_run4_bold",
    "PulseSequenceDetails": "%CustomerSeq%_cmrr_mbep2d_bold",
    "ReceiveCoilActiveElements": "HC1-6",
    "ReceiveCoilName": "HeadNeck_64",
    "ReconMatrixPE": 84,
    "RepetitionTime": 1.224,
    "SAR": 0.0623791,
    "ScanOptions": "FS",
    "ScanningSequence": "EP",
    "SequenceName": "epfid2d1_84",
    "SequenceVariant": "SK_SS",
    "SeriesDescription": "task-illusion_run4_bold",
    "SeriesNumber": 22,
    "ShimSetting": [
      -618,
      -10788,
      -474,
      476,
      -42,
      37,
      135,
      24
    ],
    "SliceThickness": 2.5,
    "SliceTiming": [
      1.1375,
      1.0725,
      1.005,
      0.9375,
      0.87,
      0.8025,
      0.7375,
      0.67,
      0.6025,
      0.535,
      0.47,
      0.4025,
      0.335,
      0.2675,
      0.2025,
      0.135,
      0.0675,
      0,
      1.1375,
      1.0725,
      1.005,
      0.9375,
      0.87,
      0.8025,
      0.7375,
      0.67,
      0.6025,
      0.535,
      0.47,
      0.4025,
      0.335,
      0.2675,
      0.2025,
      0.135,
      0.0675,
      0,
      1.1375,
      1.0725,
      1.005,
      0.9375,
      0.87,
      0.8025,
      0.7375,
      0.67,
      0.6025,
      0.535,
      0.47,
      0.4025,
      0.335,
      0.2675,
      0.2025,
      0.135,
      0.0675,
      0
    ],
    "SoftwareVersions": "syngo_MR_E11",
    "SpacingBetweenSlices": 2.5,
    "StationName": "AWP66072",
    "TaskName": "illusion",
    "TotalReadoutTime": 0.04199916,
    "TxRefAmp": 231.09,
    "dataset": "ds002872",
    "modality": "bold",
    "run_id": 4,
    "subject_id": "34",
    "task_id": "illusion"
  },
  "dummy_trs": 1,
  "dvars_nstd": 28.935109916418433,
  "dvars_std": 1.144423113971631,
  "dvars_vstd": 1.0047344283687945,
  "efc": 0.44415938065311306,
  "fber": 19424.69140625,
  "fd_mean": 0.13550244576543358,
  "fd_num": 26,
  "fd_perc": 9.187279151943462,
  "fwhm_avg": 3.086093333333333,
  "fwhm_x": 2.929888,
  "fwhm_y": 3.17484,
  "fwhm_z": 3.1535520000000004,
  "gcor": 0.021129,
  "gsr_x": -0.015661459416151047,
  "gsr_y": 0.03664232790470123,
  "provenance": {
    "md5sum": "eaa7deea5fe3597c89377a472cb93b9d",
    "settings": {
      "fd_thres": 0.2,
      "testing": false
    },
    "software": "mriqc",
    "version": "23.0.1",
    "webapi_port": null,
    "webapi_url": "https://mriqc.nimh.nih.gov/api/v1"
  },
  "size_t": 283,
  "size_x": 84,
  "size_y": 84,
  "size_z": 54,
  "snr": 2.4730049257692692,
  "spacing_tr": 1.2239999771118164,
  "spacing_x": 2.5,
  "spacing_y": 2.5,
  "spacing_z": 2.5,
  "summary_bg_k": 32.74908029792865,
  "summary_bg_mad": 44.341657242316586,
  "summary_bg_mean": 479.6417541503906,
  "summary_bg_median": 70.60706329345703,
  "summary_bg_n": 260578.0,
  "summary_bg_p05": 36.78876972198486,
  "summary_bg_p95": 2532.9479492187493,
  "summary_bg_stdv": 1186.238525390625,
  "summary_fg_k": 1.7418269744628354,
  "summary_fg_mad": 3586.045563864154,
  "summary_fg_mean": 10708.19921875,
  "summary_fg_median": 9929.8759765625,
  "summary_fg_n": 61021.0,
  "summary_fg_p05": 5728.0029296875,
  "summary_fg_p95": 18482.134765625,
  "summary_fg_stdv": 4015.27490234375,
  "tsnr": 56.73090362548828
}