{
  "aor": 0.0007212323943661972,
  "aqi": 0.002686464647887324,
  "bids_meta": {
    "AcquisitionDateTime": "2019-11-06T15:14:51.942500",
    "AcquisitionMatrixPE": 84,
    "AcquisitionNumber": 1,
    "AcquisitionTime": "15:14:51.942500",
    "BandwidthPerPixelPhaseEncode": 23.81,
    "BaseResolution": 84,
    "BodyPartExamined": "HEAD",
    "ConsistencyInfo": "N4_VE11C_LATEST_20160120",
    "ConversionSoftware": "dcm2niix",
    "ConversionSoftwareVersion": "v1.0.20171215 GCC5.1.0",
    "DerivedVendorReportedEchoSpacing": 0.00049999,
    "DeviceSerialNumber": "66072",
    "DwellTime": 2.2e-06,
    "EchoTime": 0.03,
    "EchoTrainLength": 84,
    "EffectiveEchoSpacing": 0.00049999,
    "FlipAngle": 65,
    "ImageComments": "Unaliased_MB3_PE3_LB_SENSE1",
    "ImageOrientationPatientDICOM": [
      0.998934,
      -0.0256752,
      0.0383725,
      0.0237156,
      0.998433,
      0.050677
    ],
    "ImageType": [
      "ORIGINAL",
      "PRIMARY",
      "M",
      "MB",
      "ND",
      "MOSAIC"
    ],
    "InPlanePhaseEncodingDirectionDICOM": "COL",
    "InstitutionAddress": "Boulevard_Jean_Moulin_27_Marseille_District_FR_13005",
    "InstitutionName": "Universite_d_aix_Marseille",
    "InstitutionalDepartmentName": "Department",
    "MRAcquisitionType": "2D",
    "MagneticFieldStrength": 3,
    "Manufacturer": "Siemens",
    "ManufacturersModelName": "Prisma",
    "Modality": "MR",
    "MultibandAccelerationFactor": 3,
    "PartialFourier": 1,
    "PatientPosition": "HFS",
    "PercentPhaseFOV": 100,
    "PhaseEncodingDirection": "j-",
    "PhaseEncodingSteps": 84,
    "PhaseResolution": 1,
    "PixelBandwidth": 2705,
    "ProcedureStepDescription": "Projets_archives_Aging",
    "ProtocolName": "task-illusion_run3_bold",
    "PulseSequenceDetails": "%CustomerSeq%_cmrr_mbep2d_bold",
    "ReceiveCoilActiveElements": "HC1-6",
    "ReceiveCoilName": "HeadNeck_64",
    "ReconMatrixPE": 84,
    "RepetitionTime": 1.224,
    "SAR": 0.0623791,
    "ScanOptions": "FS",
    "ScanningSequence": "EP",
    "SequenceName": "epfid2d1_84",
    "SequenceVariant": "SK_SS",
    "SeriesDescription": "task-illusion_run3_bold",
    "SeriesNumber": 20,
    "ShimSetting": [
      -618,
      -10788,
      -474,
      476,
      -42,
      37,
      135,
      24
    ],
    "SliceThickness": 2.5,
    "SliceTiming": [
      1.1375,
      1.07,
      1.005,
      0.9375,
      0.87,
      0.8025,
      0.7375,
      0.67,
      0.6025,
      0.535,
      0.47,
      0.4025,
      0.335,
      0.2675,
      0.2025,
      0.135,
      0.0675,
      0,
      1.1375,
      1.07,
      1.005,
      0.9375,
      0.87,
      0.8025,
      0.7375,
      0.67,
      0.6025,
      0.535,
      0.47,
      0.4025,
      0.335,
      0.2675,
      0.2025,
      0.135,
      0.0675,
      0,
      1.1375,
      1.07,
      1.005,
      0.9375,
      0.87,
      0.8025,
      0.7375,
      0.67,
      0.6025,
      0.535,
      0.47,
      0.4025,
      0.335,
      0.2675,
      0.2025,
      0.135,
      0.0675,
      0
    ],
    "SoftwareVersions": "syngo_MR_E11",
    "SpacingBetweenSlices": 2.5,
    "StationName": "AWP66072",
    "TaskName": "illusion",
    "TotalReadoutTime": 0.04199916,
    "TxRefAmp": 231.09,
    "dataset": "ds002872",
    "modality": "bold",
    "run_id": 3,
    "subject_id": "34",
    "task_id": "illusion"
  },
  "dummy_trs": 0,
  "dvars_nstd": 28.22383036816256,
  "dvars_std": 1.13233929689046,
  "dvars_vstd": 0.9987486450176676,
  "efc": 0.4438816403079655,
  "fber": 19321.158203125,
  "fd_mean": 0.12822018256366044,
  "fd_num": 15,
  "fd_perc": 5.28169014084507,
  "fwhm_avg": 3.082112,
  "fwhm_x": 2.93126,
  "fwhm_y": 3.1643719999999997,
  "fwhm_z": 3.150704,
  "gcor": 0.0201695,
  "gsr_x": -0.015683775767683983,
  "gsr_y": 0.035812199115753174,
  "provenance": {
    "md5sum": "21ffd3f2a11cc6af97cfb1ec9d201723",
    "settings": {
      "fd_thres": 0.2,
      "testing": false
    },
    "software": "mriqc",
    "version": "23.0.1",
    "webapi_port": null,
    "webapi_url": "https://mriqc.nimh.nih.gov/api/v1"
  },
  "size_t": 284,
  "size_x": 84,
  "size_y": 84,
  "size_z": 54,
  "snr": 2.4687587120206755,
  "spacing_tr": 1.2239999771118164,
  "spacing_x": 2.5,
  "spacing_y": 2.5,
  "spacing_z": 2.5,
  "summary_bg_k": 31.29081712826617,
  "summary_bg_mad": 46.599392839633325,
  "summary_bg_mean": 488.2537841796875,
  "summary_bg_median": 71.41331481933594,
  "summary_bg_n": 261099.0,
  "summary_bg_p05": 35.47748565673829,
  "summary_bg_p95": 2598.046093749999,
  "summary_bg_stdv": 1203.4593505859375,
  "summary_fg_k": 1.793954635949409,
  "summary_fg_mad": 3595.523214374249,
  "summary_fg_mean": 10752.8125,
  "summary_fg_median": 9966.83984375,
  "summary_fg_n": 60915.0,
  "summary_fg_p05": 5747.26650390625,
  "summary_fg_p95": 18552.751367187495,
  "summary_fg_stdv": 4037.153564453125,
  "tsnr": 57.92410659790039
}