{
  "aor": 0.0008106360424028269,
  "aqi": 0.0023055620141342755,
  "bids_meta": {
    "EchoTime": 0.03,
    "EffectiveEchoSpacing": 0.00049999,
    "FlipAngle": 65,
    "ImageType": [
      "ORIGINAL",
      "PRIMARY",
      "M",
      "MB",
      "ND",
      "MOSAI"
    ],
    "MagneticFieldStrength": 3,
    "Manufacturer": "Siemens",
    "ManufacturersModelName": "Prisma",
    "PhaseEncodingDirection": "j-",
    "RepetitionTime": 1.224,
    "SliceTiming": [
      1.1375,
      1.07,
      1.005,
      0.9375,
      0.87,
      0.8025,
      0.7375,
      0.67,
      0.6025,
      0.535,
      0.47,
      0.4025,
      0.335,
      0.2675,
      0.2025,
      0.135,
      0.0675,
      0,
      1.1375,
      1.07,
      1.005,
      0.9375,
      0.87,
      0.8025,
      0.7375,
      0.67,
      0.6025,
      0.535,
      0.47,
      0.4025,
      0.335,
      0.2675,
      0.2025,
      0.135,
      0.0675,
      0,
      1.1375,
      1.07,
      1.005,
      0.9375,
      0.87,
      0.8025,
      0.7375,
      0.67,
      0.6025,
      0.535,
      0.47,
      0.4025,
      0.335,
      0.2675,
      0.2025,
      0.135,
      0.0675,
      0
    ],
    "TaskName": "illusion",
    "dataset": "ds002872",
    "modality": "bold",
    "run_id": 3,
    "subject_id": "01",
    "task_id": "illusion"
  },
  "dummy_trs": 1,
  "dvars_nstd": 26.996124071205678,
  "dvars_std": 1.1351299809574464,
  "dvars_vstd": 1.0064760186170205,
  "efc": 0.47002881321325846,
  "fber": 27562.48828125,
  "fd_mean": 0.1220909315973353,
  "fd_num": 17,
  "fd_perc": 6.007067137809187,
  "fwhm_avg": 2.746062666666667,
  "fwhm_x": 2.576212,
  "fwhm_y": 2.8597639999999998,
  "fwhm_z": 2.802212,
  "gcor": 0.0148425,
  "gsr_x": -0.006576372776180506,
  "gsr_y": 0.030133221298456192,
  "provenance": {
    "md5sum": "2252365af59fd9e1002accc37c45f310",
    "settings": {
      "fd_thres": 0.2,
      "testing": false
    },
    "software": "mriqc",
    "version": "23.0.1",
    "webapi_port": null,
    "webapi_url": "https://mriqc.nimh.nih.gov/api/v1"
  },
  "size_t": 283,
  "size_x": 84,
  "size_y": 84,
  "size_z": 54,
  "snr": 3.151775358087137,
  "spacing_tr": 1.2239999771118164,
  "spacing_x": 2.5,
  "spacing_y": 2.5,
  "spacing_z": 2.5,
  "summary_bg_k": 96.52163370990044,
  "summary_bg_mad": 28.549732810455872,
  "summary_bg_mean": 317.8733825683594,
  "summary_bg_median": 58.410545349121094,
  "summary_bg_n": 244482.0,
  "summary_bg_p05": 35.39228782653809,
  "summary_bg_p95": 1536.1539672851559,
  "summary_bg_stdv": 857.3555908203125,
  "summary_fg_k": 0.3776558030088917,
  "summary_fg_mad": 3119.2473866554274,
  "summary_fg_mean": 10263.041015625,
  "summary_fg_median": 9837.8935546875,
  "summary_fg_n": 72675.0,
  "summary_fg_p05": 5930.591162109376,
  "summary_fg_p95": 15943.05546875,
  "summary_fg_stdv": 3121.360107421875,
  "tsnr": 62.36775207519531
}