{
  "aor": 0.000544679089026915,
  "aqi": 0.0029480953830227745,
  "bids_meta": {
    "EchoTime": 0.03,
    "EffectiveEchoSpacing": 0.00049999,
    "FlipAngle": 65,
    "ImageType": [
      "ORIGINAL",
      "PRIMARY",
      "M",
      "MB",
      "ND",
      "MOSAI"
    ],
    "MagneticFieldStrength": 3,
    "Manufacturer": "Siemens",
    "ManufacturersModelName": "Prisma",
    "PhaseEncodingDirection": "j-",
    "RepetitionTime": 1.224,
    "SliceTiming": [
      1.1375,
      1.07,
      1.005,
      0.9375,
      0.87,
      0.8025,
      0.7375,
      0.67,
      0.6025,
      0.535,
      0.47,
      0.4025,
      0.335,
      0.2675,
      0.2025,
      0.135,
      0.0675,
      0,
      1.1375,
      1.07,
      1.005,
      0.9375,
      0.87,
      0.8025,
      0.7375,
      0.67,
      0.6025,
      0.535,
      0.47,
      0.4025,
      0.335,
      0.2675,
      0.2025,
      0.135,
      0.0675,
      0,
      1.1375,
      1.07,
      1.005,
      0.9375,
      0.87,
      0.8025,
      0.7375,
      0.67,
      0.6025,
      0.535,
      0.47,
      0.4025,
      0.335,
      0.2675,
      0.2025,
      0.135,
      0.0675,
      0
    ],
    "TaskName": "rest",
    "dataset": "ds002872",
    "modality": "bold",
    "subject_id": "01",
    "task_id": "rest"
  },
  "dummy_trs": 1,
  "dvars_nstd": 28.531869417510393,
  "dvars_std": 1.1837434909751028,
  "dvars_vstd": 1.0000283906638998,
  "efc": 0.46942458022833633,
  "fber": 26966.697265625,
  "fd_mean": 0.13185067193906994,
  "fd_num": 67,
  "fd_perc": 13.871635610766045,
  "fwhm_avg": 2.775101333333333,
  "fwhm_x": 2.599704,
  "fwhm_y": 2.875296,
  "fwhm_z": 2.850304,
  "gcor": 0.0204876,
  "gsr_x": -0.0069902935065329075,
  "gsr_y": 0.03135327622294426,
  "provenance": {
    "md5sum": "e0fbe32ed30fe9e777575504ba30bcba",
    "settings": {
      "fd_thres": 0.2,
      "testing": false
    },
    "software": "mriqc",
    "version": "23.0.1",
    "webapi_port": null,
    "webapi_url": "https://mriqc.nimh.nih.gov/api/v1"
  },
  "size_t": 483,
  "size_x": 84,
  "size_y": 84,
  "size_z": 54,
  "snr": 3.1693805360767073,
  "spacing_tr": 1.2239999771118164,
  "spacing_x": 2.5,
  "spacing_y": 2.5,
  "spacing_z": 2.5,
  "summary_bg_k": 66.33114583752186,
  "summary_bg_mad": 32.24910371812946,
  "summary_bg_mean": 316.43212890625,
  "summary_bg_median": 58.941070556640625,
  "summary_bg_n": 244831.0,
  "summary_bg_p05": 31.79753303527832,
  "summary_bg_p95": 1509.052490234375,
  "summary_bg_stdv": 850.6093139648438,
  "summary_fg_k": 0.3208393865712025,
  "summary_fg_mad": 3094.293627635951,
  "summary_fg_mean": 10232.3046875,
  "summary_fg_median": 9805.720703125,
  "summary_fg_n": 72716.0,
  "summary_fg_p05": 5929.4205322265625,
  "summary_fg_p95": 15867.79345703125,
  "summary_fg_stdv": 3093.87060546875,
  "tsnr": 60.218353271484375
}