{
  "aor": 0.0013273144876325088,
  "aqi": 0.0029789788339222613,
  "bids_meta": {
    "EchoTime": 0.03,
    "EffectiveEchoSpacing": 0.00049999,
    "FlipAngle": 65,
    "ImageType": [
      "ORIGINAL",
      "PRIMARY",
      "M",
      "MB",
      "ND",
      "MOSAI"
    ],
    "MagneticFieldStrength": 3,
    "Manufacturer": "Siemens",
    "ManufacturersModelName": "Prisma",
    "PhaseEncodingDirection": "j-",
    "RepetitionTime": 1.224,
    "SliceTiming": [
      1.1375,
      1.0725,
      1.005,
      0.9375,
      0.87,
      0.8025,
      0.7375,
      0.67,
      0.6025,
      0.535,
      0.47,
      0.4025,
      0.335,
      0.2675,
      0.2025,
      0.135,
      0.0675,
      0,
      1.1375,
      1.0725,
      1.005,
      0.9375,
      0.87,
      0.8025,
      0.7375,
      0.67,
      0.6025,
      0.535,
      0.47,
      0.4025,
      0.335,
      0.2675,
      0.2025,
      0.135,
      0.0675,
      0,
      1.1375,
      1.0725,
      1.005,
      0.9375,
      0.87,
      0.8025,
      0.7375,
      0.67,
      0.6025,
      0.535,
      0.47,
      0.4025,
      0.335,
      0.2675,
      0.2025,
      0.135,
      0.0675,
      0
    ],
    "TaskName": "illusion",
    "dataset": "ds002872",
    "modality": "bold",
    "run_id": 1,
    "subject_id": "01",
    "task_id": "illusion"
  },
  "dummy_trs": 1,
  "dvars_nstd": 27.07356576726951,
  "dvars_std": 1.1288514817021276,
  "dvars_vstd": 1.009324208687943,
  "efc": 0.4695541246778849,
  "fber": 27783.556640625,
  "fd_mean": 0.13069241787179958,
  "fd_num": 23,
  "fd_perc": 8.12720848056537,
  "fwhm_avg": 2.767182666666667,
  "fwhm_x": 2.6016,
  "fwhm_y": 2.876156,
  "fwhm_z": 2.823792,
  "gcor": 0.0213686,
  "gsr_x": -0.006655258592218161,
  "gsr_y": 0.03064129501581192,
  "provenance": {
    "md5sum": "ccc96167c147d21119658804eeb2e8e0",
    "settings": {
      "fd_thres": 0.2,
      "testing": false
    },
    "software": "mriqc",
    "version": "23.0.1",
    "webapi_port": null,
    "webapi_url": "https://mriqc.nimh.nih.gov/api/v1"
  },
  "size_t": 283,
  "size_x": 84,
  "size_y": 84,
  "size_z": 54,
  "snr": 3.154069761946964,
  "spacing_tr": 1.2239999771118164,
  "spacing_x": 2.5,
  "spacing_y": 2.5,
  "spacing_z": 2.5,
  "summary_bg_k": 97.72666950064342,
  "summary_bg_mad": 29.8511186021722,
  "summary_bg_mean": 321.9909362792969,
  "summary_bg_median": 58.25794982910156,
  "summary_bg_n": 244885.0,
  "summary_bg_p05": 32.883392333984375,
  "summary_bg_p95": 1535.9900878906249,
  "summary_bg_stdv": 882.5625610351562,
  "summary_fg_k": 0.37411300763868427,
  "summary_fg_mad": 3116.571752964218,
  "summary_fg_mean": 10270.357421875,
  "summary_fg_median": 9844.98828125,
  "summary_fg_n": 72664.0,
  "summary_fg_p05": 5936.811499023437,
  "summary_fg_p95": 15960.439746093749,
  "summary_fg_stdv": 3121.3388671875,
  "tsnr": 58.52346575236879
}