{
  "bids_meta": {
    "AcquisitionDateTime": "2019-11-07T15:50:30.017500",
    "AcquisitionMatrixPE": 320,
    "AcquisitionNumber": 1,
    "AcquisitionTime": "15:50:30.017500",
    "BaseResolution": 320,
    "BodyPartExamined": "HEAD",
    "ConsistencyInfo": "N4_VE11C_LATEST_20160120",
    "ConversionSoftware": "dcm2niix",
    "ConversionSoftwareVersion": "v1.0.20171215 GCC5.1.0",
    "DeviceSerialNumber": "66072",
    "DwellTime": 7.4e-06,
    "EchoTime": 0.00228,
    "FlipAngle": 8,
    "ImageOrientationPatientDICOM": [
      0.037643,
      0.983602,
      0.17638,
      0.0209037,
      0.175692,
      -0.984223
    ],
    "ImageType": [
      "ORIGINAL",
      "PRIMARY",
      "M",
      "ND",
      "NORM"
    ],
    "InPlanePhaseEncodingDirectionDICOM": "ROW",
    "InstitutionAddress": "Boulevard_Jean_Moulin_27_Marseille_District_FR_13005",
    "InstitutionName": "Universite_d_aix_Marseille",
    "InstitutionalDepartmentName": "Department",
    "InversionTime": 1.01,
    "MRAcquisitionType": "3D",
    "MagneticFieldStrength": 3,
    "Manufacturer": "Siemens",
    "ManufacturersModelName": "Prisma",
    "Modality": "MR",
    "ParallelReductionFactorInPlane": 2,
    "PartialFourier": 1,
    "PatientPosition": "HFS",
    "PercentPhaseFOV": 100,
    "PhaseEncodingSteps": 319,
    "PhaseResolution": 1,
    "PixelBandwidth": 210,
    "ProcedureStepDescription": "Projets_archives_Aging",
    "ProtocolName": "T1w",
    "PulseSequenceDetails": "%SiemensSeq%_tfl",
    "ReceiveCoilActiveElements": "HC1-7;NC1,2",
    "ReceiveCoilName": "HeadNeck_64",
    "ReconMatrixPE": 320,
    "RepetitionTime": 2.4,
    "SAR": 0.0554459,
    "ScanOptions": "IR_WE",
    "ScanningSequence": "GR_IR",
    "SequenceName": "_tfl3d1_16ns",
    "SequenceVariant": "SK_SP_MP",
    "SeriesDescription": "T1w",
    "SeriesNumber": 23,
    "ShimSetting": [
      -608,
      -10786,
      -652,
      -18,
      83,
      -200,
      75,
      8
    ],
    "SliceThickness": 0.8,
    "SoftwareVersions": "syngo_MR_E11",
    "StationName": "AWP66072",
    "TxRefAmp": 229.525,
    "dataset": "ds002872",
    "modality": "T1w",
    "subject_id": "36"
  },
  "cjv": 0.444926029672961,
  "cnr": 3.052442169736589,
  "efc": 0.5844199795485449,
  "fber": 24423.8291015625,
  "fwhm_avg": 4.317232188070198,
  "fwhm_x": 4.407771691524997,
  "fwhm_y": 4.234474936901406,
  "fwhm_z": 4.309449935784192,
  "icvs_csf": 0.24533698130876808,
  "icvs_gm": 0.3873795236541634,
  "icvs_wm": 0.36728349503706853,
  "inu_med": 0.7418192028999329,
  "inu_range": 0.3939916491508484,
  "provenance": {
    "md5sum": "280b8438d0ac2a657612631629b05c4f",
    "settings": {
      "testing": false
    },
    "software": "mriqc",
    "version": "23.0.1",
    "warnings": {
      "large_rot_frame": true,
      "small_air_mask": false
    },
    "webapi_port": null,
    "webapi_url": "https://mriqc.nimh.nih.gov/api/v1"
  },
  "qi_1": 0.0,
  "qi_2": 0.004953179194761736,
  "rpve_csf": 28.125758391245213,
  "rpve_gm": 17.033345251584645,
  "rpve_wm": 20.865824658416386,
  "size_x": 256,
  "size_y": 320,
  "size_z": 320,
  "snr_csf": 3.2739297311372106,
  "snr_gm": 14.592789703316031,
  "snr_total": 12.352438406403005,
  "snr_wm": 19.190595784755775,
  "snrd_csf": 11.905435123798265,
  "snrd_gm": 31.420846066481722,
  "snrd_total": 28.068756471062652,
  "snrd_wm": 40.87998822290797,
  "spacing_x": 0.8000051379203796,
  "spacing_y": 0.800000011920929,
  "spacing_z": 0.800000011920929,
  "summary_bg_k": 3461.6077423025586,
  "summary_bg_mad": 0.0,
  "summary_bg_mean": 5.710309713007675,
  "summary_bg_median": 0.0,
  "summary_bg_n": 3320222.0,
  "summary_bg_p05": 0.0,
  "summary_bg_p95": 23.036649450659752,
  "summary_bg_stdv": 16.026405634694648,
  "summary_csf_k": 2.096317372103737,
  "summary_csf_mad": 65.35869532829894,
  "summary_csf_mean": 302.9090920723875,
  "summary_csf_median": 291.23909547924995,
  "summary_csf_n": 144598.0,
  "summary_csf_p05": 181.1169303022325,
  "summary_csf_p95": 476.8237396143377,
  "summary_csf_stdv": 88.95673161305238,
  "summary_gm_k": 0.10398728088568898,
  "summary_gm_mad": 52.188633601416846,
  "summary_gm_mean": 767.7413187965739,
  "summary_gm_median": 768.6387513298541,
  "summary_gm_n": 40990.0,
  "summary_gm_p05": 680.3141430951655,
  "summary_gm_p95": 853.6125741899014,
  "summary_gm_stdv": 52.67185993695823,
  "summary_wm_k": 0.263598064417081,
  "summary_wm_mad": 50.76554245214668,
  "summary_wm_mean": 1002.7452370537261,
  "summary_wm_median": 1000.0349142588675,
  "summary_wm_n": 352212.0,
  "summary_wm_p05": 921.8499221839011,
  "summary_wm_p95": 1092.9494003765285,
  "summary_wm_stdv": 52.110601766888436,
  "tpm_overlap_csf": 0.16861692889267788,
  "tpm_overlap_gm": 0.41260431364617833,
  "tpm_overlap_wm": 0.46750719546916325,
  "wm2max": 0.6203287452223263
}