{
  "aor": 0.00293387323943662,
  "aqi": 0.010406571514084506,
  "bids_meta": {
    "EchoTime": 0.03,
    "EffectiveEchoSpacing": 0.00049999,
    "FlipAngle": 65,
    "ImageType": [
      "ORIGINAL",
      "PRIMARY",
      "M",
      "MB",
      "ND",
      "MOSAI"
    ],
    "MagneticFieldStrength": 3,
    "Manufacturer": "Siemens",
    "ManufacturersModelName": "Prisma",
    "PhaseEncodingDirection": "j-",
    "RepetitionTime": 1.224,
    "SliceTiming": [
      1.1375,
      1.07,
      1.0025,
      0.9375,
      0.87,
      0.8025,
      0.735,
      0.67,
      0.6025,
      0.535,
      0.4675,
      0.4025,
      0.335,
      0.2675,
      0.2,
      0.135,
      0.0675,
      0,
      1.1375,
      1.07,
      1.0025,
      0.9375,
      0.87,
      0.8025,
      0.735,
      0.67,
      0.6025,
      0.535,
      0.4675,
      0.4025,
      0.335,
      0.2675,
      0.2,
      0.135,
      0.0675,
      0,
      1.1375,
      1.07,
      1.0025,
      0.9375,
      0.87,
      0.8025,
      0.735,
      0.67,
      0.6025,
      0.535,
      0.4675,
      0.4025,
      0.335,
      0.2675,
      0.2,
      0.135,
      0.0675,
      0
    ],
    "TaskName": "illusion",
    "dataset": "ds002872",
    "modality": "bold",
    "run_id": 3,
    "subject_id": "28",
    "task_id": "illusion"
  },
  "dummy_trs": 0,
  "dvars_nstd": 50.37080398123678,
  "dvars_std": 1.1606783649469972,
  "dvars_vstd": 1.0110043924381615,
  "efc": 0.4585578661125822,
  "fber": 10439.216796875,
  "fd_mean": 0.4140635107994289,
  "fd_num": 212,
  "fd_perc": 74.64788732394366,
  "fwhm_avg": 2.623901495737473,
  "fwhm_x": 2.382232227187369,
  "fwhm_y": 2.762912,
  "fwhm_z": 2.726560260025049,
  "gcor": 0.00577862,
  "gsr_x": 0.00068478420143947,
  "gsr_y": 0.02864163927733898,
  "provenance": {
    "md5sum": "59d9ee46dd3417cb1c0a676c285a4cd7",
    "settings": {
      "fd_thres": 0.2,
      "testing": false
    },
    "software": "mriqc",
    "version": "23.0.1",
    "webapi_port": null,
    "webapi_url": "https://mriqc.nimh.nih.gov/api/v1"
  },
  "size_t": 284,
  "size_x": 84,
  "size_y": 84,
  "size_z": 54,
  "snr": 3.3058893258281423,
  "spacing_tr": 1.2239999771118164,
  "spacing_x": 2.499999761581421,
  "spacing_y": 2.5,
  "spacing_z": 2.499999761581421,
  "summary_bg_k": 70.58911918941031,
  "summary_bg_mad": 58.60454916196739,
  "summary_bg_mean": 383.6199645996094,
  "summary_bg_median": 77.46830749511719,
  "summary_bg_n": 260035.0,
  "summary_bg_p05": 33.40140914916992,
  "summary_bg_p95": 1655.8513671874985,
  "summary_bg_stdv": 995.7154541015625,
  "summary_fg_k": 0.9448942170602295,
  "summary_fg_mad": 2231.5668175460496,
  "summary_fg_mean": 8374.4658203125,
  "summary_fg_median": 8001.18994140625,
  "summary_fg_n": 60521.0,
  "summary_fg_p05": 5092.03857421875,
  "summary_fg_p95": 12867.6337890625,
  "summary_fg_stdv": 2420.263671875,
  "tsnr": 36.21523759921547
}