{
  "aor": 0.002704894366197183,
  "aqi": 0.01275362911971831,
  "bids_meta": {
    "EchoTime": 0.03,
    "EffectiveEchoSpacing": 0.00049999,
    "FlipAngle": 65,
    "ImageType": [
      "ORIGINAL",
      "PRIMARY",
      "M",
      "MB",
      "ND",
      "MOSAI"
    ],
    "MagneticFieldStrength": 3,
    "Manufacturer": "Siemens",
    "ManufacturersModelName": "Prisma",
    "PhaseEncodingDirection": "j-",
    "RepetitionTime": 1.224,
    "SliceTiming": [
      1.135,
      1.07,
      1.0025,
      0.935,
      0.8675,
      0.8025,
      0.735,
      0.6675,
      0.6,
      0.535,
      0.4675,
      0.4,
      0.3325,
      0.2675,
      0.2,
      0.1325,
      0.065,
      0,
      1.135,
      1.07,
      1.0025,
      0.935,
      0.8675,
      0.8025,
      0.735,
      0.6675,
      0.6,
      0.535,
      0.4675,
      0.4,
      0.3325,
      0.2675,
      0.2,
      0.1325,
      0.065,
      0,
      1.135,
      1.07,
      1.0025,
      0.935,
      0.8675,
      0.8025,
      0.735,
      0.6675,
      0.6,
      0.535,
      0.4675,
      0.4,
      0.3325,
      0.2675,
      0.2,
      0.1325,
      0.065,
      0
    ],
    "TaskName": "illusion",
    "dataset": "ds002872",
    "modality": "bold",
    "run_id": 2,
    "subject_id": "28",
    "task_id": "illusion"
  },
  "dummy_trs": 0,
  "dvars_nstd": 50.61098900763249,
  "dvars_std": 1.1290025298939936,
  "dvars_vstd": 0.9959149082332154,
  "efc": 0.45870344588126,
  "fber": 10445.310546875,
  "fd_mean": 0.45530421429356066,
  "fd_num": 221,
  "fd_perc": 77.8169014084507,
  "fwhm_avg": 2.6434974965281324,
  "fwhm_x": 2.3863322275783756,
  "fwhm_y": 2.796828,
  "fwhm_z": 2.747332262006022,
  "gcor": 0.00881694,
  "gsr_x": 0.0008359852945432067,
  "gsr_y": 0.028210820630192757,
  "provenance": {
    "md5sum": "7416d6b97a74860c1440250297bf8266",
    "settings": {
      "fd_thres": 0.2,
      "testing": false
    },
    "software": "mriqc",
    "version": "23.0.1",
    "webapi_port": null,
    "webapi_url": "https://mriqc.nimh.nih.gov/api/v1"
  },
  "size_t": 284,
  "size_x": 84,
  "size_y": 84,
  "size_z": 54,
  "snr": 3.286417657443308,
  "spacing_tr": 1.2239999771118164,
  "spacing_x": 2.499999761581421,
  "spacing_y": 2.5,
  "spacing_z": 2.499999761581421,
  "summary_bg_k": 68.58787140134766,
  "summary_bg_mad": 62.023927215597226,
  "summary_bg_mean": 379.8992919921875,
  "summary_bg_median": 77.8133773803711,
  "summary_bg_n": 259756.0,
  "summary_bg_p05": 29.75,
  "summary_bg_p95": 1629.7420349121094,
  "summary_bg_stdv": 982.0537719726562,
  "summary_fg_k": 0.9212906731511676,
  "summary_fg_mad": 2246.4029747072086,
  "summary_fg_mean": 8375.5234375,
  "summary_fg_median": 8012.1689453125,
  "summary_fg_n": 61039.0,
  "summary_fg_p05": 5033.561669921875,
  "summary_fg_p95": 12880.25703125,
  "summary_fg_stdv": 2437.9443359375,
  "tsnr": 32.4469936080277
}