{
  "aor": 0.002485354609929078,
  "aqi": 0.004236385957446809,
  "bids_meta": {
    "EchoTime": 0.03,
    "EffectiveEchoSpacing": 0.00049999,
    "FlipAngle": 65,
    "ImageType": [
      "ORIGINAL",
      "PRIMARY",
      "M",
      "MB",
      "ND",
      "MOSAI"
    ],
    "MagneticFieldStrength": 3,
    "Manufacturer": "Siemens",
    "ManufacturersModelName": "Prisma",
    "PhaseEncodingDirection": "j-",
    "RepetitionTime": 1.224,
    "SliceTiming": [
      1.135,
      1.07,
      1.0025,
      0.935,
      0.8675,
      0.8025,
      0.735,
      0.6675,
      0.6,
      0.535,
      0.4675,
      0.4,
      0.3325,
      0.2675,
      0.2,
      0.1325,
      0.065,
      0,
      1.135,
      1.07,
      1.0025,
      0.935,
      0.8675,
      0.8025,
      0.735,
      0.6675,
      0.6,
      0.535,
      0.4675,
      0.4,
      0.3325,
      0.2675,
      0.2,
      0.1325,
      0.065,
      0,
      1.135,
      1.07,
      1.0025,
      0.935,
      0.8675,
      0.8025,
      0.735,
      0.6675,
      0.6,
      0.535,
      0.4675,
      0.4,
      0.3325,
      0.2675,
      0.2,
      0.1325,
      0.065,
      0
    ],
    "TaskName": "illusion",
    "dataset": "ds002872",
    "modality": "bold",
    "run_id": 2,
    "subject_id": "22",
    "task_id": "illusion"
  },
  "dummy_trs": 2,
  "dvars_nstd": 34.98251918359434,
  "dvars_std": 1.135878265480427,
  "dvars_vstd": 1.0150111785053384,
  "efc": 0.4730956526361181,
  "fber": 7539.8955078125,
  "fd_mean": 0.25997548959771277,
  "fd_num": 161,
  "fd_perc": 57.09219858156028,
  "fwhm_avg": 3.0675520000000005,
  "fwhm_x": 2.86348,
  "fwhm_y": 3.2215000000000003,
  "fwhm_z": 3.1176760000000003,
  "gcor": 0.0199917,
  "gsr_x": 0.004716744180768728,
  "gsr_y": 0.03050074726343155,
  "provenance": {
    "md5sum": "b2f795fde8cdb2da651410b7aeb5196d",
    "settings": {
      "fd_thres": 0.2,
      "testing": false
    },
    "software": "mriqc",
    "version": "23.0.1",
    "webapi_port": null,
    "webapi_url": "https://mriqc.nimh.nih.gov/api/v1"
  },
  "size_t": 282,
  "size_x": 84,
  "size_y": 84,
  "size_z": 54,
  "snr": 2.338612182033583,
  "spacing_tr": 1.2239999771118164,
  "spacing_x": 2.5,
  "spacing_y": 2.5,
  "spacing_z": 2.5,
  "summary_bg_k": 79.15901931461678,
  "summary_bg_mad": 99.07322595757704,
  "summary_bg_mean": 500.2681884765625,
  "summary_bg_median": 104.50340270996094,
  "summary_bg_n": 247144.0,
  "summary_bg_p05": 29.48902587890625,
  "summary_bg_p95": 2332.805798339841,
  "summary_bg_stdv": 1184.5772705078125,
  "summary_fg_k": 2.262498593966722,
  "summary_fg_mad": 3368.792216118839,
  "summary_fg_mean": 10246.8828125,
  "summary_fg_median": 9355.708984375,
  "summary_fg_n": 69850.0,
  "summary_fg_p05": 5440.455883789063,
  "summary_fg_p95": 18024.696093750004,
  "summary_fg_stdv": 4000.51025390625,
  "tsnr": 46.74769592285156
}