{
  "aor": 0.0027940492957746477,
  "aqi": 0.006260256866197184,
  "bids_meta": {
    "EchoTime": 0.03,
    "EffectiveEchoSpacing": 0.00049999,
    "FlipAngle": 65,
    "ImageType": [
      "ORIGINAL",
      "PRIMARY",
      "M",
      "MB",
      "ND",
      "MOSAI"
    ],
    "MagneticFieldStrength": 3,
    "Manufacturer": "Siemens",
    "ManufacturersModelName": "Prisma",
    "PhaseEncodingDirection": "j-",
    "RepetitionTime": 1.224,
    "SliceTiming": [
      1.1375,
      1.07,
      1.0025,
      0.9375,
      0.87,
      0.8025,
      0.735,
      0.67,
      0.6025,
      0.535,
      0.4675,
      0.4025,
      0.335,
      0.2675,
      0.2,
      0.135,
      0.0675,
      0,
      1.1375,
      1.07,
      1.0025,
      0.9375,
      0.87,
      0.8025,
      0.735,
      0.67,
      0.6025,
      0.535,
      0.4675,
      0.4025,
      0.335,
      0.2675,
      0.2,
      0.135,
      0.0675,
      0,
      1.1375,
      1.07,
      1.0025,
      0.9375,
      0.87,
      0.8025,
      0.735,
      0.67,
      0.6025,
      0.535,
      0.4675,
      0.4025,
      0.335,
      0.2675,
      0.2,
      0.135,
      0.0675,
      0
    ],
    "TaskName": "illusion",
    "dataset": "ds002872",
    "modality": "bold",
    "run_id": 1,
    "subject_id": "22",
    "task_id": "illusion"
  },
  "dummy_trs": 0,
  "dvars_nstd": 37.95368926530036,
  "dvars_std": 1.1385602963250885,
  "dvars_vstd": 1.0083637446289755,
  "efc": 0.4745563440191366,
  "fber": 6729.56103515625,
  "fd_mean": 0.3285404972374461,
  "fd_num": 187,
  "fd_perc": 65.84507042253522,
  "fwhm_avg": 3.0931533333333334,
  "fwhm_x": 2.887608,
  "fwhm_y": 3.257264,
  "fwhm_z": 3.134588,
  "gcor": 0.0202256,
  "gsr_x": 0.0039264666847884655,
  "gsr_y": 0.02844690904021263,
  "provenance": {
    "md5sum": "843eb64955f8e1eb97a13ca406c19da3",
    "settings": {
      "fd_thres": 0.2,
      "testing": false
    },
    "software": "mriqc",
    "version": "23.0.1",
    "webapi_port": null,
    "webapi_url": "https://mriqc.nimh.nih.gov/api/v1"
  },
  "size_t": 284,
  "size_x": 84,
  "size_y": 84,
  "size_z": 54,
  "snr": 2.3299424381764857,
  "spacing_tr": 1.2239999771118164,
  "spacing_x": 2.5,
  "spacing_y": 2.5,
  "spacing_z": 2.5,
  "summary_bg_k": 67.16065469355445,
  "summary_bg_mad": 110.38022268723988,
  "summary_bg_mean": 518.027099609375,
  "summary_bg_median": 111.25957489013672,
  "summary_bg_n": 247646.0,
  "summary_bg_p05": 25.914602756500244,
  "summary_bg_p95": 2416.947509765625,
  "summary_bg_stdv": 1219.2318115234375,
  "summary_fg_k": 2.1961232911142305,
  "summary_fg_mad": 3374.9122938313612,
  "summary_fg_mean": 10168.4951171875,
  "summary_fg_median": 9295.033203125,
  "summary_fg_n": 70703.0,
  "summary_fg_p05": 5356.902685546876,
  "summary_fg_p95": 17919.612109374997,
  "summary_fg_stdv": 3989.35498046875,
  "tsnr": 39.48110580444336
}