{
  "aor": 0.0030715320910973086,
  "aqi": 0.006067947888198757,
  "bids_meta": {
    "EchoTime": 0.03,
    "EffectiveEchoSpacing": 0.00049999,
    "FlipAngle": 65,
    "ImageType": [
      "ORIGINAL",
      "PRIMARY",
      "M",
      "MB",
      "ND",
      "MOSAI"
    ],
    "MagneticFieldStrength": 3,
    "Manufacturer": "Siemens",
    "ManufacturersModelName": "Prisma",
    "PhaseEncodingDirection": "j-",
    "RepetitionTime": 1.224,
    "SliceTiming": [
      1.135,
      1.07,
      1.0025,
      0.935,
      0.8675,
      0.8025,
      0.735,
      0.6675,
      0.6,
      0.535,
      0.4675,
      0.4,
      0.3325,
      0.2675,
      0.2,
      0.1325,
      0.065,
      0,
      1.135,
      1.07,
      1.0025,
      0.935,
      0.8675,
      0.8025,
      0.735,
      0.6675,
      0.6,
      0.535,
      0.4675,
      0.4,
      0.3325,
      0.2675,
      0.2,
      0.1325,
      0.065,
      0,
      1.135,
      1.07,
      1.0025,
      0.935,
      0.8675,
      0.8025,
      0.735,
      0.6675,
      0.6,
      0.535,
      0.4675,
      0.4,
      0.3325,
      0.2675,
      0.2,
      0.1325,
      0.065,
      0
    ],
    "TaskName": "rest",
    "dataset": "ds002872",
    "modality": "bold",
    "subject_id": "22",
    "task_id": "rest"
  },
  "dummy_trs": 1,
  "dvars_nstd": 29.35929573811202,
  "dvars_std": 1.106996891182573,
  "dvars_vstd": 1.0199116307883822,
  "efc": 0.4749201703289759,
  "fber": 7038.1337890625,
  "fd_mean": 0.20233603101206235,
  "fd_num": 195,
  "fd_perc": 40.37267080745342,
  "fwhm_avg": 3.024558666666666,
  "fwhm_x": 2.842324,
  "fwhm_y": 3.197528,
  "fwhm_z": 3.033824,
  "gcor": 0.0189191,
  "gsr_x": 0.006630788091570139,
  "gsr_y": 0.02542971819639206,
  "provenance": {
    "md5sum": "ab8b910a62278dd0916b3d96a9da6338",
    "settings": {
      "fd_thres": 0.2,
      "testing": false
    },
    "software": "mriqc",
    "version": "23.0.1",
    "webapi_port": null,
    "webapi_url": "https://mriqc.nimh.nih.gov/api/v1"
  },
  "size_t": 483,
  "size_x": 84,
  "size_y": 84,
  "size_z": 54,
  "snr": 2.379960947904221,
  "spacing_tr": 1.2239999771118164,
  "spacing_x": 2.5,
  "spacing_y": 2.5,
  "spacing_z": 2.5,
  "summary_bg_k": 61.7811044259787,
  "summary_bg_mad": 107.81261811352199,
  "summary_bg_mean": 473.45343017578125,
  "summary_bg_median": 106.94285583496094,
  "summary_bg_n": 246167.0,
  "summary_bg_p05": 23.44660129547119,
  "summary_bg_p95": 2193.9805664062496,
  "summary_bg_stdv": 1076.7183837890625,
  "summary_fg_k": 2.0958387431913215,
  "summary_fg_mad": 3265.3097665453515,
  "summary_fg_mean": 9997.3837890625,
  "summary_fg_median": 9163.751953125,
  "summary_fg_n": 71107.0,
  "summary_fg_p05": 5300.06640625,
  "summary_fg_p95": 17469.4361328125,
  "summary_fg_stdv": 3850.35205078125,
  "tsnr": 40.79114532470703
}