{
  "aor": 0.0025956382978723404,
  "aqi": 0.004053379361702128,
  "bids_meta": {
    "EchoTime": 0.03,
    "EffectiveEchoSpacing": 0.00049999,
    "FlipAngle": 65,
    "ImageType": [
      "ORIGINAL",
      "PRIMARY",
      "M",
      "MB",
      "ND",
      "MOSAI"
    ],
    "MagneticFieldStrength": 3,
    "Manufacturer": "Siemens",
    "ManufacturersModelName": "Prisma",
    "PhaseEncodingDirection": "j-",
    "RepetitionTime": 1.224,
    "SliceTiming": [
      1.135,
      1.07,
      1.0025,
      0.935,
      0.8675,
      0.8025,
      0.735,
      0.6675,
      0.6,
      0.535,
      0.4675,
      0.4,
      0.3325,
      0.2675,
      0.2,
      0.1325,
      0.065,
      0,
      1.135,
      1.07,
      1.0025,
      0.935,
      0.8675,
      0.8025,
      0.735,
      0.6675,
      0.6,
      0.535,
      0.4675,
      0.4,
      0.3325,
      0.2675,
      0.2,
      0.1325,
      0.065,
      0,
      1.135,
      1.07,
      1.0025,
      0.935,
      0.8675,
      0.8025,
      0.735,
      0.6675,
      0.6,
      0.535,
      0.4675,
      0.4,
      0.3325,
      0.2675,
      0.2,
      0.1325,
      0.065,
      0
    ],
    "TaskName": "illusion",
    "dataset": "ds002872",
    "modality": "bold",
    "run_id": 4,
    "subject_id": "22",
    "task_id": "illusion"
  },
  "dummy_trs": 2,
  "dvars_nstd": 35.3875037153025,
  "dvars_std": 1.1450524455160134,
  "dvars_vstd": 1.0183994134875445,
  "efc": 0.47293714612265286,
  "fber": 7437.4375,
  "fd_mean": 0.2674558509239595,
  "fd_num": 171,
  "fd_perc": 60.638297872340424,
  "fwhm_avg": 3.060636,
  "fwhm_x": 2.871032,
  "fwhm_y": 3.219084,
  "fwhm_z": 3.091792,
  "gcor": 0.0212323,
  "gsr_x": 0.005738432053476572,
  "gsr_y": 0.03010713681578636,
  "provenance": {
    "md5sum": "7a1f0b8fe31eb5d52c45b2543559c401",
    "settings": {
      "fd_thres": 0.2,
      "testing": false
    },
    "software": "mriqc",
    "version": "23.0.1",
    "webapi_port": null,
    "webapi_url": "https://mriqc.nimh.nih.gov/api/v1"
  },
  "size_t": 282,
  "size_x": 84,
  "size_y": 84,
  "size_z": 54,
  "snr": 2.308191686881732,
  "spacing_tr": 1.2239999771118164,
  "spacing_x": 2.5,
  "spacing_y": 2.5,
  "spacing_z": 2.5,
  "summary_bg_k": 78.20095186092853,
  "summary_bg_mad": 99.3356720686745,
  "summary_bg_mean": 504.67315673828125,
  "summary_bg_median": 105.68224334716797,
  "summary_bg_n": 247287.0,
  "summary_bg_p05": 29.999186515808105,
  "summary_bg_p95": 2365.527465820311,
  "summary_bg_stdv": 1189.4388427734375,
  "summary_fg_k": 2.3155243355284387,
  "summary_fg_mad": 3389.872966413215,
  "summary_fg_mean": 10230.7412109375,
  "summary_fg_median": 9332.953125,
  "summary_fg_n": 70375.0,
  "summary_fg_p05": 5378.512890625,
  "summary_fg_p95": 18111.165234375,
  "summary_fg_stdv": 4043.3759765625,
  "tsnr": 46.684226989746094
}