{
  "aor": 0.00619709219858156,
  "aqi": 0.00880631475177305,
  "bids_meta": {
    "EchoTime": 0.03,
    "EffectiveEchoSpacing": 0.00049999,
    "FlipAngle": 65,
    "ImageType": [
      "ORIGINAL",
      "PRIMARY",
      "M",
      "MB",
      "ND",
      "MOSAI"
    ],
    "MagneticFieldStrength": 3,
    "Manufacturer": "Siemens",
    "ManufacturersModelName": "Prisma",
    "PhaseEncodingDirection": "j-",
    "RepetitionTime": 1.224,
    "SliceTiming": [
      1.1375,
      1.07,
      1.0025,
      0.935,
      0.87,
      0.8025,
      0.735,
      0.6675,
      0.6025,
      0.535,
      0.4675,
      0.4,
      0.335,
      0.2675,
      0.2,
      0.1325,
      0.0675,
      0,
      1.1375,
      1.07,
      1.0025,
      0.935,
      0.87,
      0.8025,
      0.735,
      0.6675,
      0.6025,
      0.535,
      0.4675,
      0.4,
      0.335,
      0.2675,
      0.2,
      0.1325,
      0.0675,
      0,
      1.1375,
      1.07,
      1.0025,
      0.935,
      0.87,
      0.8025,
      0.735,
      0.6675,
      0.6025,
      0.535,
      0.4675,
      0.4,
      0.335,
      0.2675,
      0.2,
      0.1325,
      0.0675,
      0
    ],
    "TaskName": "illusion",
    "dataset": "ds002872",
    "modality": "bold",
    "run_id": 4,
    "subject_id": "04",
    "task_id": "illusion"
  },
  "dummy_trs": 2,
  "dvars_nstd": 44.208653677330936,
  "dvars_std": 1.2194678325622772,
  "dvars_vstd": 1.0569362224911028,
  "efc": 0.4688353976677025,
  "fber": 10542.7451171875,
  "fd_mean": 0.3128472818426704,
  "fd_num": 195,
  "fd_perc": 69.14893617021276,
  "fwhm_avg": 2.6669266666666664,
  "fwhm_x": 2.393696,
  "fwhm_y": 2.816392,
  "fwhm_z": 2.790692,
  "gcor": 0.0102716,
  "gsr_x": 0.0018430656054988503,
  "gsr_y": 0.027362441644072533,
  "provenance": {
    "md5sum": "30c82f6ea0b9c2b380e96a3eb27b52c2",
    "settings": {
      "fd_thres": 0.2,
      "testing": false
    },
    "software": "mriqc",
    "version": "23.0.1",
    "webapi_port": null,
    "webapi_url": "https://mriqc.nimh.nih.gov/api/v1"
  },
  "size_t": 282,
  "size_x": 84,
  "size_y": 84,
  "size_z": 54,
  "snr": 3.0183122885264613,
  "spacing_tr": 1.2239999771118164,
  "spacing_x": 2.5,
  "spacing_y": 2.5,
  "spacing_z": 2.5,
  "summary_bg_k": 89.75881313528382,
  "summary_bg_mad": 60.55536239144866,
  "summary_bg_mean": 374.0830993652344,
  "summary_bg_median": 79.33687591552734,
  "summary_bg_n": 251815.0,
  "summary_bg_p05": 32.907798767089844,
  "summary_bg_p95": 1660.5488525390622,
  "summary_bg_stdv": 970.0276489257812,
  "summary_fg_k": 0.8406768144446768,
  "summary_fg_mad": 2468.932301441034,
  "summary_fg_mean": 8717.4853515625,
  "summary_fg_median": 8274.2587890625,
  "summary_fg_n": 66841.0,
  "summary_fg_p05": 4952.5068359375,
  "summary_fg_p95": 13902.7939453125,
  "summary_fg_stdv": 2741.332275390625,
  "tsnr": 38.36724976776168
}