{
  "aor": 0.002857340425531915,
  "aqi": 0.00787020780141844,
  "bids_meta": {
    "EchoTime": 0.03,
    "EffectiveEchoSpacing": 0.00049999,
    "FlipAngle": 65,
    "ImageType": [
      "ORIGINAL",
      "PRIMARY",
      "M",
      "MB",
      "ND",
      "MOSAI"
    ],
    "MagneticFieldStrength": 3,
    "Manufacturer": "Siemens",
    "ManufacturersModelName": "Prisma",
    "PhaseEncodingDirection": "j-",
    "RepetitionTime": 1.224,
    "SliceTiming": [
      1.135,
      1.07,
      1.0025,
      0.935,
      0.8675,
      0.8025,
      0.735,
      0.6675,
      0.6,
      0.535,
      0.4675,
      0.4,
      0.3325,
      0.2675,
      0.2,
      0.1325,
      0.065,
      0,
      1.135,
      1.07,
      1.0025,
      0.935,
      0.8675,
      0.8025,
      0.735,
      0.6675,
      0.6,
      0.535,
      0.4675,
      0.4,
      0.3325,
      0.2675,
      0.2,
      0.1325,
      0.065,
      0,
      1.135,
      1.07,
      1.0025,
      0.935,
      0.8675,
      0.8025,
      0.735,
      0.6675,
      0.6,
      0.535,
      0.4675,
      0.4,
      0.3325,
      0.2675,
      0.2,
      0.1325,
      0.065,
      0
    ],
    "TaskName": "illusion",
    "dataset": "ds002872",
    "modality": "bold",
    "run_id": 2,
    "subject_id": "04",
    "task_id": "illusion"
  },
  "dummy_trs": 2,
  "dvars_nstd": 46.2917307924555,
  "dvars_std": 1.17477162188612,
  "dvars_vstd": 1.0162432354804274,
  "efc": 0.4674975719160923,
  "fber": 11179.103515625,
  "fd_mean": 0.3610726579580016,
  "fd_num": 221,
  "fd_perc": 78.36879432624113,
  "fwhm_avg": 2.6349066666666667,
  "fwhm_x": 2.363968,
  "fwhm_y": 2.78434,
  "fwhm_z": 2.756412,
  "gcor": 0.0115411,
  "gsr_x": 0.002200518734753132,
  "gsr_y": 0.019559159874916077,
  "provenance": {
    "md5sum": "1d8f0994997475ee35ff52c4cbd8eac2",
    "settings": {
      "fd_thres": 0.2,
      "testing": false
    },
    "software": "mriqc",
    "version": "23.0.1",
    "webapi_port": null,
    "webapi_url": "https://mriqc.nimh.nih.gov/api/v1"
  },
  "size_t": 282,
  "size_x": 84,
  "size_y": 84,
  "size_z": 54,
  "snr": 3.0002812494872977,
  "spacing_tr": 1.2239999771118164,
  "spacing_x": 2.5,
  "spacing_y": 2.5,
  "spacing_z": 2.5,
  "summary_bg_k": 68.49606788073983,
  "summary_bg_mad": 58.64868607798766,
  "summary_bg_mean": 332.7351379394531,
  "summary_bg_median": 76.2425308227539,
  "summary_bg_n": 249905.0,
  "summary_bg_p05": 29.421680450439453,
  "summary_bg_p95": 1475.9179199218747,
  "summary_bg_stdv": 795.6516723632812,
  "summary_fg_k": 1.0167621751442555,
  "summary_fg_mad": 2490.7851197364043,
  "summary_fg_mean": 8742.474609375,
  "summary_fg_median": 8288.951171875,
  "summary_fg_n": 67000.0,
  "summary_fg_p05": 4991.821337890625,
  "summary_fg_p95": 13962.637402343747,
  "summary_fg_stdv": 2762.7041015625,
  "tsnr": 39.76707077026367
}