{
  "aor": 0.0014875531914893617,
  "aqi": 0.006498014007092198,
  "bids_meta": {
    "EchoTime": 0.03,
    "EffectiveEchoSpacing": 0.00049999,
    "FlipAngle": 65,
    "ImageType": [
      "ORIGINAL",
      "PRIMARY",
      "M",
      "MB",
      "ND",
      "MOSAI"
    ],
    "MagneticFieldStrength": 3,
    "Manufacturer": "Siemens",
    "ManufacturersModelName": "Prisma",
    "PhaseEncodingDirection": "j-",
    "RepetitionTime": 1.224,
    "SliceTiming": [
      1.135,
      1.07,
      1.0025,
      0.935,
      0.8675,
      0.8025,
      0.735,
      0.6675,
      0.6,
      0.535,
      0.4675,
      0.4,
      0.3325,
      0.2675,
      0.2,
      0.1325,
      0.065,
      0,
      1.135,
      1.07,
      1.0025,
      0.935,
      0.8675,
      0.8025,
      0.735,
      0.6675,
      0.6,
      0.535,
      0.4675,
      0.4,
      0.3325,
      0.2675,
      0.2,
      0.1325,
      0.065,
      0,
      1.135,
      1.07,
      1.0025,
      0.935,
      0.8675,
      0.8025,
      0.735,
      0.6675,
      0.6,
      0.535,
      0.4675,
      0.4,
      0.3325,
      0.2675,
      0.2,
      0.1325,
      0.065,
      0
    ],
    "TaskName": "illusion",
    "dataset": "ds002872",
    "modality": "bold",
    "run_id": 1,
    "subject_id": "04",
    "task_id": "illusion"
  },
  "dummy_trs": 2,
  "dvars_nstd": 43.686691867900315,
  "dvars_std": 1.1789257858362998,
  "dvars_vstd": 1.0104791744483985,
  "efc": 0.467365903787043,
  "fber": 11652.94140625,
  "fd_mean": 0.281782974651293,
  "fd_num": 189,
  "fd_perc": 67.02127659574468,
  "fwhm_avg": 2.657310666666667,
  "fwhm_x": 2.376128,
  "fwhm_y": 2.812584,
  "fwhm_z": 2.78322,
  "gcor": 0.00743001,
  "gsr_x": -0.00012909695215057582,
  "gsr_y": 0.02780132368206978,
  "provenance": {
    "md5sum": "db70d959696885e3239316de6f143b88",
    "settings": {
      "fd_thres": 0.2,
      "testing": false
    },
    "software": "mriqc",
    "version": "23.0.1",
    "webapi_port": null,
    "webapi_url": "https://mriqc.nimh.nih.gov/api/v1"
  },
  "size_t": 282,
  "size_x": 84,
  "size_y": 84,
  "size_z": 54,
  "snr": 3.0064688897467255,
  "spacing_tr": 1.2239999771118164,
  "spacing_x": 2.5,
  "spacing_y": 2.5,
  "spacing_z": 2.5,
  "summary_bg_k": 103.896101581749,
  "summary_bg_mad": 53.4104813670402,
  "summary_bg_mean": 361.4723815917969,
  "summary_bg_median": 75.46453857421875,
  "summary_bg_n": 251615.0,
  "summary_bg_p05": 35.61701965332031,
  "summary_bg_p95": 1600.1212280273432,
  "summary_bg_stdv": 937.5015258789062,
  "summary_fg_k": 0.8492836185112655,
  "summary_fg_mad": 2494.8821838260687,
  "summary_fg_mean": 8739.5703125,
  "summary_fg_median": 8292.3935546875,
  "summary_fg_n": 66827.0,
  "summary_fg_p05": 4968.2828125,
  "summary_fg_p95": 13950.54208984375,
  "summary_fg_stdv": 2758.1630859375,
  "tsnr": 44.00928316882346
}