{
  "aor": 0.000354896265560166,
  "aqi": 0.0024723008298755188,
  "bids_meta": {
    "EchoTime": 0.03,
    "EffectiveEchoSpacing": 0.00049999,
    "FlipAngle": 65,
    "ImageType": [
      "ORIGINAL",
      "PRIMARY",
      "M",
      "MB",
      "ND",
      "MOSAI"
    ],
    "MagneticFieldStrength": 3,
    "Manufacturer": "Siemens",
    "ManufacturersModelName": "Prisma",
    "PhaseEncodingDirection": "j-",
    "RepetitionTime": 1.224,
    "SliceTiming": [
      1.1375,
      1.07,
      1.0025,
      0.935,
      0.87,
      0.8025,
      0.735,
      0.6675,
      0.6025,
      0.535,
      0.4675,
      0.4,
      0.335,
      0.2675,
      0.2,
      0.1325,
      0.0675,
      0,
      1.1375,
      1.07,
      1.0025,
      0.935,
      0.87,
      0.8025,
      0.735,
      0.6675,
      0.6025,
      0.535,
      0.4675,
      0.4,
      0.335,
      0.2675,
      0.2,
      0.1325,
      0.0675,
      0,
      1.1375,
      1.07,
      1.0025,
      0.935,
      0.87,
      0.8025,
      0.735,
      0.6675,
      0.6025,
      0.535,
      0.4675,
      0.4,
      0.335,
      0.2675,
      0.2,
      0.1325,
      0.0675,
      0
    ],
    "TaskName": "rest",
    "dataset": "ds002872",
    "modality": "bold",
    "subject_id": "13",
    "task_id": "rest"
  },
  "dummy_trs": 2,
  "dvars_nstd": 27.35065081509353,
  "dvars_std": 1.1599197465904374,
  "dvars_vstd": 0.9949641329937632,
  "efc": 0.5093936442196505,
  "fber": 16246.33984375,
  "fd_mean": 0.0846211259297373,
  "fd_num": 1,
  "fd_perc": 0.2074688796680498,
  "fwhm_avg": 2.949710666666667,
  "fwhm_x": 2.689632,
  "fwhm_y": 3.162432,
  "fwhm_z": 2.997068,
  "gcor": 0.0107049,
  "gsr_x": -0.0060070352628827095,
  "gsr_y": 0.03638004511594772,
  "provenance": {
    "md5sum": "8027e6d62b114a7459d09940074149e7",
    "settings": {
      "fd_thres": 0.2,
      "testing": false
    },
    "software": "mriqc",
    "version": "23.0.1",
    "webapi_port": null,
    "webapi_url": "https://mriqc.nimh.nih.gov/api/v1"
  },
  "size_t": 482,
  "size_x": 84,
  "size_y": 84,
  "size_z": 54,
  "snr": 2.9448352900149604,
  "spacing_tr": 1.2239999771118164,
  "spacing_x": 2.5,
  "spacing_y": 2.5,
  "spacing_z": 2.5,
  "summary_bg_k": 35.659650478688036,
  "summary_bg_mad": 55.979002160695984,
  "summary_bg_mean": 442.02215576171875,
  "summary_bg_median": 75.17635345458984,
  "summary_bg_n": 231142.0,
  "summary_bg_p05": 33.19502258300781,
  "summary_bg_p95": 2112.765417480469,
  "summary_bg_stdv": 1042.5020751953125,
  "summary_fg_k": 0.08457618300988434,
  "summary_fg_mad": 3519.1496540958688,
  "summary_fg_mean": 10523.4521484375,
  "summary_fg_median": 10111.8466796875,
  "summary_fg_n": 83983.0,
  "summary_fg_p05": 5718.79990234375,
  "summary_fg_p95": 16739.939062499994,
  "summary_fg_stdv": 3433.73583984375,
  "tsnr": 60.549301395658404
}