{
  "aor": 0.0024974558303886923,
  "aqi": 0.004544371908127209,
  "bids_meta": {
    "EchoTime": 0.03,
    "EffectiveEchoSpacing": 0.00049999,
    "FlipAngle": 65,
    "ImageType": [
      "ORIGINAL",
      "PRIMARY",
      "M",
      "MB",
      "ND",
      "MOSAI"
    ],
    "MagneticFieldStrength": 3,
    "Manufacturer": "Siemens",
    "ManufacturersModelName": "Prisma",
    "PhaseEncodingDirection": "j-",
    "RepetitionTime": 1.224,
    "SliceTiming": [
      1.1375,
      1.07,
      1.0025,
      0.9375,
      0.87,
      0.8025,
      0.735,
      0.67,
      0.6025,
      0.535,
      0.4675,
      0.4025,
      0.335,
      0.2675,
      0.2,
      0.135,
      0.0675,
      0,
      1.1375,
      1.07,
      1.0025,
      0.9375,
      0.87,
      0.8025,
      0.735,
      0.67,
      0.6025,
      0.535,
      0.4675,
      0.4025,
      0.335,
      0.2675,
      0.2,
      0.135,
      0.0675,
      0,
      1.1375,
      1.07,
      1.0025,
      0.9375,
      0.87,
      0.8025,
      0.735,
      0.67,
      0.6025,
      0.535,
      0.4675,
      0.4025,
      0.335,
      0.2675,
      0.2,
      0.135,
      0.0675,
      0
    ],
    "TaskName": "illusion",
    "dataset": "ds002872",
    "modality": "bold",
    "run_id": 3,
    "subject_id": "13",
    "task_id": "illusion"
  },
  "dummy_trs": 1,
  "dvars_nstd": 29.442903694787248,
  "dvars_std": 1.1639125351418427,
  "dvars_vstd": 1.0127516155319154,
  "efc": 0.5116327718625839,
  "fber": 15617.99609375,
  "fd_mean": 0.14347663126041812,
  "fd_num": 40,
  "fd_perc": 14.134275618374557,
  "fwhm_avg": 2.9908066666666664,
  "fwhm_x": 2.738776,
  "fwhm_y": 3.2049639999999995,
  "fwhm_z": 3.02868,
  "gcor": 0.02698,
  "gsr_x": -0.007600640412420034,
  "gsr_y": 0.04596167802810669,
  "provenance": {
    "md5sum": "190b0d19aed6e015e23fb1d28bc6d3bc",
    "settings": {
      "fd_thres": 0.2,
      "testing": false
    },
    "software": "mriqc",
    "version": "23.0.1",
    "webapi_port": null,
    "webapi_url": "https://mriqc.nimh.nih.gov/api/v1"
  },
  "size_t": 283,
  "size_x": 84,
  "size_y": 84,
  "size_z": 54,
  "snr": 2.935279132212804,
  "spacing_tr": 1.2239999771118164,
  "spacing_x": 2.5,
  "spacing_y": 2.5,
  "spacing_z": 2.5,
  "summary_bg_k": 54.09569374894572,
  "summary_bg_mad": 62.151417523250856,
  "summary_bg_mean": 489.8175048828125,
  "summary_bg_median": 76.62367248535156,
  "summary_bg_n": 231672.0,
  "summary_bg_p05": 29.332155227661133,
  "summary_bg_p95": 2318.2379882812497,
  "summary_bg_stdv": 1231.919921875,
  "summary_fg_k": 0.14700030609752623,
  "summary_fg_mad": 3533.4363507668686,
  "summary_fg_mean": 10576.3056640625,
  "summary_fg_median": 10147.525390625,
  "summary_fg_n": 83896.0,
  "summary_fg_p05": 5764.9664306640625,
  "summary_fg_p95": 16832.87548828125,
  "summary_fg_stdv": 3457.06982421875,
  "tsnr": 51.43917162367143
}