{
  "bids_meta": {
    "AcquisitionDateTime": "2019-11-15T14:33:50.027500",
    "AcquisitionMatrixPE": 320,
    "AcquisitionNumber": 1,
    "AcquisitionTime": "14:33:50.027500",
    "BaseResolution": 320,
    "BodyPartExamined": "HEAD",
    "ConsistencyInfo": "N4_VE11C_LATEST_20160120",
    "ConversionSoftware": "dcm2niix",
    "ConversionSoftwareVersion": "v1.0.20171215 GCC5.1.0",
    "DeviceSerialNumber": "66072",
    "DwellTime": 7.4e-06,
    "EchoTime": 0.00228,
    "FlipAngle": 8,
    "ImageOrientationPatientDICOM": [
      0.128225,
      0.9912,
      0.0328775,
      0.0826482,
      0.022356,
      -0.996328
    ],
    "ImageType": [
      "ORIGINAL",
      "PRIMARY",
      "M",
      "ND",
      "NORM"
    ],
    "InPlanePhaseEncodingDirectionDICOM": "ROW",
    "InstitutionAddress": "Boulevard_Jean_Moulin_27_Marseille_District_FR_13005",
    "InstitutionName": "Universite_d_aix_Marseille",
    "InstitutionalDepartmentName": "Department",
    "InversionTime": 1.01,
    "MRAcquisitionType": "3D",
    "MagneticFieldStrength": 3,
    "Manufacturer": "Siemens",
    "ManufacturersModelName": "Prisma",
    "Modality": "MR",
    "ParallelReductionFactorInPlane": 2,
    "PartialFourier": 1,
    "PatientPosition": "HFS",
    "PercentPhaseFOV": 100,
    "PhaseEncodingSteps": 319,
    "PhaseResolution": 1,
    "PixelBandwidth": 210,
    "ProcedureStepDescription": "Projets_archives_Aging",
    "ProtocolName": "T1w",
    "PulseSequenceDetails": "%SiemensSeq%_tfl",
    "ReceiveCoilActiveElements": "HC1-7;NC1,2",
    "ReceiveCoilName": "HeadNeck_64",
    "ReconMatrixPE": 320,
    "RepetitionTime": 2.4,
    "SAR": 0.0474347,
    "ScanOptions": "IR_WE",
    "ScanningSequence": "GR_IR",
    "SequenceName": "_tfl3d1_16ns",
    "SequenceVariant": "SK_SP_MP",
    "SeriesDescription": "T1w",
    "SeriesNumber": 23,
    "ShimSetting": [
      -614,
      -10774,
      -591,
      -322,
      30,
      -157,
      16,
      -17
    ],
    "SliceThickness": 0.8,
    "SoftwareVersions": "syngo_MR_E11",
    "StationName": "AWP66072",
    "TxRefAmp": 220.487,
    "dataset": "ds002872",
    "modality": "T1w",
    "subject_id": "38"
  },
  "cjv": 0.4314733440975819,
  "cnr": 3.066962183916992,
  "efc": 0.5710684308659449,
  "fber": 8681.506676744772,
  "fwhm_avg": 4.713061662254625,
  "fwhm_x": 4.645397628232332,
  "fwhm_y": 4.7720249288912875,
  "fwhm_z": 4.721762429640257,
  "icvs_csf": 0.22437948878618255,
  "icvs_gm": 0.38361522711926155,
  "icvs_wm": 0.39200528409455593,
  "inu_med": 0.7405360639095306,
  "inu_range": 0.3859503090381622,
  "provenance": {
    "md5sum": "a129c4562142776ec0afdc04c9aa058c",
    "settings": {
      "testing": false
    },
    "software": "mriqc",
    "version": "23.0.1",
    "warnings": {
      "large_rot_frame": true,
      "small_air_mask": false
    },
    "webapi_port": null,
    "webapi_url": "https://mriqc.nimh.nih.gov/api/v1"
  },
  "qi_1": 0.0,
  "qi_2": 0.001583692562571468,
  "rpve_csf": 30.278920932306313,
  "rpve_gm": 17.11544240362078,
  "rpve_wm": 19.77496356349062,
  "size_x": 256,
  "size_y": 320,
  "size_z": 320,
  "snr_csf": 2.5209599889950045,
  "snr_gm": 12.654085529905517,
  "snr_total": 11.032516888109301,
  "snr_wm": 17.922505145427383,
  "snrd_csf": 20.39978623301943,
  "snrd_gm": 55.961499678687275,
  "snrd_total": 50.619502676718334,
  "snrd_wm": 75.49722211844829,
  "spacing_x": 0.8000068664550781,
  "spacing_y": 0.800000011920929,
  "spacing_z": 0.800000011920929,
  "summary_bg_k": 2512.869783694745,
  "summary_bg_mad": 8.677946366868222,
  "summary_bg_mean": 9.476409295183622,
  "summary_bg_median": 5.853185877203941,
  "summary_bg_n": 4578320.0,
  "summary_bg_p05": 0.0,
  "summary_bg_p95": 36.498528495430946,
  "summary_bg_stdv": 23.959079067226625,
  "summary_csf_k": 0.6581670539238704,
  "summary_csf_mad": 92.69373284864973,
  "summary_csf_mean": 273.6885582705934,
  "summary_csf_median": 270.21586775779724,
  "summary_csf_n": 128184.0,
  "summary_csf_p05": 95.40320165455341,
  "summary_csf_p95": 464.5956969670948,
  "summary_csf_stdv": 107.18726791371182,
  "summary_gm_k": 0.1701022335216713,
  "summary_gm_mad": 57.8161267499628,
  "summary_gm_mean": 741.5524363093135,
  "summary_gm_median": 741.2668458372355,
  "summary_gm_n": 53079.0,
  "summary_gm_p05": 646.4228657633066,
  "summary_gm_p95": 838.4595565497875,
  "summary_gm_stdv": 58.5786986643332,
  "summary_wm_k": 0.3454272511055301,
  "summary_wm_mad": 53.83643160082578,
  "summary_wm_mean": 1004.1573307197349,
  "summary_wm_median": 1000.037311911583,
  "summary_wm_n": 441297.0,
  "summary_wm_p05": 919.8822186887264,
  "summary_wm_p95": 1102.7849569916725,
  "summary_wm_stdv": 55.79779002602303,
  "tpm_overlap_csf": 0.15950004502614867,
  "tpm_overlap_gm": 0.4261472132791743,
  "tpm_overlap_wm": 0.5047396599730649,
  "wm2max": 0.4691478942213516
}