{
  "aor": 0.0006449469964664312,
  "aqi": 0.007777520918727915,
  "bids_meta": {
    "EchoTime": 0.03,
    "EffectiveEchoSpacing": 0.00049999,
    "FlipAngle": 65,
    "ImageType": [
      "ORIGINAL",
      "PRIMARY",
      "M",
      "MB",
      "ND",
      "MOSAI"
    ],
    "MagneticFieldStrength": 3,
    "Manufacturer": "Siemens",
    "ManufacturersModelName": "Prisma",
    "PhaseEncodingDirection": "j-",
    "RepetitionTime": 1.224,
    "SliceTiming": [
      1.1375,
      1.07,
      1.005,
      0.9375,
      0.87,
      0.8025,
      0.7375,
      0.67,
      0.6025,
      0.535,
      0.47,
      0.4025,
      0.335,
      0.2675,
      0.2025,
      0.135,
      0.0675,
      0,
      1.1375,
      1.07,
      1.005,
      0.9375,
      0.87,
      0.8025,
      0.7375,
      0.67,
      0.6025,
      0.535,
      0.47,
      0.4025,
      0.335,
      0.2675,
      0.2025,
      0.135,
      0.0675,
      0,
      1.1375,
      1.07,
      1.005,
      0.9375,
      0.87,
      0.8025,
      0.7375,
      0.67,
      0.6025,
      0.535,
      0.47,
      0.4025,
      0.335,
      0.2675,
      0.2025,
      0.135,
      0.0675,
      0
    ],
    "TaskName": "illusion",
    "dataset": "ds002872",
    "modality": "bold",
    "run_id": 1,
    "subject_id": "18",
    "task_id": "illusion"
  },
  "dummy_trs": 1,
  "dvars_nstd": 37.316129745461005,
  "dvars_std": 1.0804918577659577,
  "dvars_vstd": 0.9671176617021274,
  "efc": 0.4572447242879234,
  "fber": 6808.10400390625,
  "fd_mean": 0.3197367048020748,
  "fd_num": 217,
  "fd_perc": 76.67844522968198,
  "fwhm_avg": 2.604272,
  "fwhm_x": 2.405888,
  "fwhm_y": 2.7403839999999997,
  "fwhm_z": 2.666544,
  "gcor": 0.0195012,
  "gsr_x": -0.008265750482678413,
  "gsr_y": 0.022355396300554276,
  "provenance": {
    "md5sum": "ac2c4efe3cdac9d31b902672e429ec86",
    "settings": {
      "fd_thres": 0.2,
      "testing": false
    },
    "software": "mriqc",
    "version": "23.0.1",
    "webapi_port": null,
    "webapi_url": "https://mriqc.nimh.nih.gov/api/v1"
  },
  "size_t": 283,
  "size_x": 84,
  "size_y": 84,
  "size_z": 54,
  "snr": 3.40279017987025,
  "spacing_tr": 1.2239999771118164,
  "spacing_x": 2.5,
  "spacing_y": 2.5,
  "spacing_z": 2.5,
  "summary_bg_k": 59.18878065080791,
  "summary_bg_mad": 90.28156967542202,
  "summary_bg_mean": 328.97589111328125,
  "summary_bg_median": 104.69964599609375,
  "summary_bg_n": 255557.0,
  "summary_bg_p05": 30.03816299438477,
  "summary_bg_p95": 1385.8113037109367,
  "summary_bg_stdv": 776.2465209960938,
  "summary_fg_k": 0.6297165825538125,
  "summary_fg_mad": 2444.792598180693,
  "summary_fg_mean": 9258.37109375,
  "summary_fg_median": 8972.435546875,
  "summary_fg_n": 64498.0,
  "summary_fg_p05": 5415.507958984375,
  "summary_fg_p95": 14068.093457031247,
  "summary_fg_stdv": 2636.767333984375,
  "tsnr": 38.67360929015558
}