{
  "aor": 0.00042724066390041496,
  "aqi": 0.0055335386929460575,
  "bids_meta": {
    "EchoTime": 0.03,
    "EffectiveEchoSpacing": 0.00049999,
    "FlipAngle": 65,
    "ImageType": [
      "ORIGINAL",
      "PRIMARY",
      "M",
      "MB",
      "ND",
      "MOSAI"
    ],
    "MagneticFieldStrength": 3,
    "Manufacturer": "Siemens",
    "ManufacturersModelName": "Prisma",
    "PhaseEncodingDirection": "j-",
    "RepetitionTime": 1.224,
    "SliceTiming": [
      1.1375,
      1.07,
      1.0025,
      0.935,
      0.87,
      0.8025,
      0.735,
      0.6675,
      0.6025,
      0.535,
      0.4675,
      0.4,
      0.335,
      0.2675,
      0.2,
      0.1325,
      0.0675,
      0,
      1.1375,
      1.07,
      1.0025,
      0.935,
      0.87,
      0.8025,
      0.735,
      0.6675,
      0.6025,
      0.535,
      0.4675,
      0.4,
      0.335,
      0.2675,
      0.2,
      0.1325,
      0.0675,
      0,
      1.1375,
      1.07,
      1.0025,
      0.935,
      0.87,
      0.8025,
      0.735,
      0.6675,
      0.6025,
      0.535,
      0.4675,
      0.4,
      0.335,
      0.2675,
      0.2,
      0.1325,
      0.0675,
      0
    ],
    "TaskName": "rest",
    "dataset": "ds002872",
    "modality": "bold",
    "subject_id": "18",
    "task_id": "rest"
  },
  "dummy_trs": 2,
  "dvars_nstd": 35.168398510207886,
  "dvars_std": 1.1259532384407487,
  "dvars_vstd": 0.9884135537006236,
  "efc": 0.45257047492870767,
  "fber": 15393.3251953125,
  "fd_mean": 0.25452480964887503,
  "fd_num": 302,
  "fd_perc": 62.655601659751035,
  "fwhm_avg": 2.5856706666666667,
  "fwhm_x": 2.376592,
  "fwhm_y": 2.71434,
  "fwhm_z": 2.66608,
  "gcor": 0.0100765,
  "gsr_x": -0.007457675877958536,
  "gsr_y": 0.019019169732928276,
  "provenance": {
    "md5sum": "91e7b7b7d27ad71119329ad3e6821c99",
    "settings": {
      "fd_thres": 0.2,
      "testing": false
    },
    "software": "mriqc",
    "version": "23.0.1",
    "webapi_port": null,
    "webapi_url": "https://mriqc.nimh.nih.gov/api/v1"
  },
  "size_t": 482,
  "size_x": 84,
  "size_y": 84,
  "size_z": 54,
  "snr": 3.413016902818892,
  "spacing_tr": 1.2239999771118164,
  "spacing_x": 2.5,
  "spacing_y": 2.5,
  "spacing_z": 2.5,
  "summary_bg_k": 41.7818657134624,
  "summary_bg_mad": 56.00514836299759,
  "summary_bg_mean": 303.2574768066406,
  "summary_bg_median": 71.63693237304688,
  "summary_bg_n": 255668.0,
  "summary_bg_p05": 23.221369934082034,
  "summary_bg_p95": 1341.8840148925779,
  "summary_bg_stdv": 714.628173828125,
  "summary_fg_k": 0.6292365533597328,
  "summary_fg_mad": 2424.328271611442,
  "summary_fg_mean": 9253.443359375,
  "summary_fg_median": 8965.888671875,
  "summary_fg_n": 64117.0,
  "summary_fg_p05": 5428.7587890625,
  "summary_fg_p95": 14047.631445312496,
  "summary_fg_stdv": 2626.9482421875,
  "tsnr": 45.86952658591326
}