{
  "aor": 0.0012513427561837453,
  "aqi": 0.006815064876325089,
  "bids_meta": {
    "EchoTime": 0.03,
    "EffectiveEchoSpacing": 0.00049999,
    "FlipAngle": 65,
    "ImageType": [
      "ORIGINAL",
      "PRIMARY",
      "M",
      "MB",
      "ND",
      "MOSAI"
    ],
    "MagneticFieldStrength": 3,
    "Manufacturer": "Siemens",
    "ManufacturersModelName": "Prisma",
    "PhaseEncodingDirection": "j-",
    "RepetitionTime": 1.224,
    "SliceTiming": [
      1.1375,
      1.07,
      1.0025,
      0.9375,
      0.87,
      0.8025,
      0.735,
      0.67,
      0.6025,
      0.535,
      0.4675,
      0.4025,
      0.335,
      0.2675,
      0.2,
      0.135,
      0.0675,
      0,
      1.1375,
      1.07,
      1.0025,
      0.9375,
      0.87,
      0.8025,
      0.735,
      0.67,
      0.6025,
      0.535,
      0.4675,
      0.4025,
      0.335,
      0.2675,
      0.2,
      0.135,
      0.0675,
      0,
      1.1375,
      1.07,
      1.0025,
      0.9375,
      0.87,
      0.8025,
      0.735,
      0.67,
      0.6025,
      0.535,
      0.4675,
      0.4025,
      0.335,
      0.2675,
      0.2,
      0.135,
      0.0675,
      0
    ],
    "TaskName": "illusion",
    "dataset": "ds002872",
    "modality": "bold",
    "run_id": 3,
    "subject_id": "18",
    "task_id": "illusion"
  },
  "dummy_trs": 1,
  "dvars_nstd": 38.43158847056737,
  "dvars_std": 1.1195654751773048,
  "dvars_vstd": 0.999720289148936,
  "efc": 0.45527979752430286,
  "fber": 13867.478515625,
  "fd_mean": 0.3681999530720816,
  "fd_num": 224,
  "fd_perc": 79.15194346289752,
  "fwhm_avg": 2.571968,
  "fwhm_x": 2.345008,
  "fwhm_y": 2.710004,
  "fwhm_z": 2.660892,
  "gcor": 0.0174021,
  "gsr_x": -0.00821317546069622,
  "gsr_y": 0.024252263829112053,
  "provenance": {
    "md5sum": "b15f79300f9c9c3a4609d1ccd61580cf",
    "settings": {
      "fd_thres": 0.2,
      "testing": false
    },
    "software": "mriqc",
    "version": "23.0.1",
    "webapi_port": null,
    "webapi_url": "https://mriqc.nimh.nih.gov/api/v1"
  },
  "size_t": 283,
  "size_x": 84,
  "size_y": 84,
  "size_z": 54,
  "snr": 3.3892500084984754,
  "spacing_tr": 1.2239999771118164,
  "spacing_x": 2.5,
  "spacing_y": 2.5,
  "spacing_z": 2.5,
  "summary_bg_k": 59.172208468155574,
  "summary_bg_mad": 59.272665789761675,
  "summary_bg_mean": 325.7032775878906,
  "summary_bg_median": 75.72791290283203,
  "summary_bg_n": 255601.0,
  "summary_bg_p05": 24.561838150024414,
  "summary_bg_p95": 1421.28271484375,
  "summary_bg_stdv": 797.8139038085938,
  "summary_fg_k": 0.6647441468435655,
  "summary_fg_mad": 2446.353746463997,
  "summary_fg_mean": 9274.2119140625,
  "summary_fg_median": 8969.0,
  "summary_fg_n": 64306.0,
  "summary_fg_p05": 5440.82666015625,
  "summary_fg_p95": 14110.629150390625,
  "summary_fg_stdv": 2646.28759765625,
  "tsnr": 40.66933169448748
}