{
  "aor": 0.0013398586572438162,
  "aqi": 0.004530143038869258,
  "bids_meta": {
    "AcquisitionDateTime": "2019-11-07T15:43:17.460000",
    "AcquisitionMatrixPE": 84,
    "AcquisitionNumber": 1,
    "AcquisitionTime": "15:43:17.460000",
    "BandwidthPerPixelPhaseEncode": 23.81,
    "BaseResolution": 84,
    "BodyPartExamined": "HEAD",
    "ConsistencyInfo": "N4_VE11C_LATEST_20160120",
    "ConversionSoftware": "dcm2niix",
    "ConversionSoftwareVersion": "v1.0.20171215 GCC5.1.0",
    "DerivedVendorReportedEchoSpacing": 0.00049999,
    "DeviceSerialNumber": "66072",
    "DwellTime": 2.2e-06,
    "EchoTime": 0.03,
    "EchoTrainLength": 84,
    "EffectiveEchoSpacing": 0.00049999,
    "FlipAngle": 65,
    "ImageComments": "Unaliased_MB3_PE3_LB_SENSE1",
    "ImageOrientationPatientDICOM": [
      0.99907,
      -0.0408012,
      0.0139467,
      0.0406508,
      0.999114,
      0.0109061
    ],
    "ImageType": [
      "ORIGINAL",
      "PRIMARY",
      "M",
      "MB",
      "ND",
      "MOSAIC"
    ],
    "InPlanePhaseEncodingDirectionDICOM": "COL",
    "InstitutionAddress": "Boulevard_Jean_Moulin_27_Marseille_District_FR_13005",
    "InstitutionName": "Universite_d_aix_Marseille",
    "InstitutionalDepartmentName": "Department",
    "MRAcquisitionType": "2D",
    "MagneticFieldStrength": 3,
    "Manufacturer": "Siemens",
    "ManufacturersModelName": "Prisma",
    "Modality": "MR",
    "MultibandAccelerationFactor": 3,
    "PartialFourier": 1,
    "PatientPosition": "HFS",
    "PercentPhaseFOV": 100,
    "PhaseEncodingDirection": "j-",
    "PhaseEncodingSteps": 84,
    "PhaseResolution": 1,
    "PixelBandwidth": 2705,
    "ProcedureStepDescription": "Projets_archives_Aging",
    "ProtocolName": "task-illusion_run4_bold",
    "PulseSequenceDetails": "%CustomerSeq%_cmrr_mbep2d_bold",
    "ReceiveCoilActiveElements": "HC1-7",
    "ReceiveCoilName": "HeadNeck_64",
    "ReconMatrixPE": 84,
    "RepetitionTime": 1.224,
    "SAR": 0.0833303,
    "ScanOptions": "FS",
    "ScanningSequence": "EP",
    "SequenceName": "epfid2d1_84",
    "SequenceVariant": "SK_SS",
    "SeriesDescription": "task-illusion_run4_bold",
    "SeriesNumber": 22,
    "ShimSetting": [
      -607,
      -10755,
      -528,
      515,
      6,
      70,
      91,
      13
    ],
    "SliceThickness": 2.5,
    "SliceTiming": [
      1.1375,
      1.07,
      1.0025,
      0.9375,
      0.87,
      0.8025,
      0.735,
      0.67,
      0.6025,
      0.535,
      0.4675,
      0.4025,
      0.335,
      0.2675,
      0.2,
      0.135,
      0.0675,
      0,
      1.1375,
      1.07,
      1.0025,
      0.9375,
      0.87,
      0.8025,
      0.735,
      0.67,
      0.6025,
      0.535,
      0.4675,
      0.4025,
      0.335,
      0.2675,
      0.2,
      0.135,
      0.0675,
      0,
      1.1375,
      1.07,
      1.0025,
      0.9375,
      0.87,
      0.8025,
      0.735,
      0.67,
      0.6025,
      0.535,
      0.4675,
      0.4025,
      0.335,
      0.2675,
      0.2,
      0.135,
      0.0675,
      0
    ],
    "SoftwareVersions": "syngo_MR_E11",
    "SpacingBetweenSlices": 2.5,
    "StationName": "AWP66072",
    "TaskName": "illusion",
    "TotalReadoutTime": 0.04199916,
    "TxRefAmp": 229.525,
    "dataset": "ds002872",
    "modality": "bold",
    "run_id": 4,
    "subject_id": "36",
    "task_id": "illusion"
  },
  "dummy_trs": 1,
  "dvars_nstd": 28.252951392056733,
  "dvars_std": 1.0885711018085105,
  "dvars_vstd": 0.9774113356737585,
  "efc": 0.46268802262810127,
  "fber": 13993.2666015625,
  "fd_mean": 0.13505547030025666,
  "fd_num": 42,
  "fd_perc": 14.840989399293287,
  "fwhm_avg": 2.9309666666666665,
  "fwhm_x": 2.700284,
  "fwhm_y": 3.029528,
  "fwhm_z": 3.063088,
  "gcor": 0.0118195,
  "gsr_x": -0.0011989815393462777,
  "gsr_y": 0.021471038460731506,
  "provenance": {
    "md5sum": "8b679d216eda50e95138a3413fd05625",
    "settings": {
      "fd_thres": 0.2,
      "testing": false
    },
    "software": "mriqc",
    "version": "23.0.1",
    "webapi_port": null,
    "webapi_url": "https://mriqc.nimh.nih.gov/api/v1"
  },
  "size_t": 283,
  "size_x": 84,
  "size_y": 84,
  "size_z": 54,
  "snr": 2.834303424207113,
  "spacing_tr": 1.2239999771118164,
  "spacing_x": 2.5,
  "spacing_y": 2.5,
  "spacing_z": 2.5,
  "summary_bg_k": 32.89820663508481,
  "summary_bg_mad": 71.303119962603,
  "summary_bg_mean": 444.2572326660156,
  "summary_bg_median": 84.56339263916016,
  "summary_bg_n": 251979.0,
  "summary_bg_p05": 26.109632682800292,
  "summary_bg_p95": 2290.698559570312,
  "summary_bg_stdv": 1058.7064208984375,
  "summary_fg_k": 1.131312011191322,
  "summary_fg_mad": 3063.8163066403035,
  "summary_fg_mean": 10708.4833984375,
  "summary_fg_median": 10074.9599609375,
  "summary_fg_n": 66085.0,
  "summary_fg_p05": 5964.98505859375,
  "summary_fg_p95": 17615.23515625,
  "summary_fg_stdv": 3554.624267578125,
  "tsnr": 50.378028869628906
}