{
  "aor": 0.0007004255319148936,
  "aqi": 0.0054937646099290785,
  "bids_meta": {
    "AcquisitionDateTime": "2019-11-07T15:32:39.650000",
    "AcquisitionMatrixPE": 84,
    "AcquisitionNumber": 1,
    "AcquisitionTime": "15:32:39.650000",
    "BandwidthPerPixelPhaseEncode": 23.81,
    "BaseResolution": 84,
    "BodyPartExamined": "HEAD",
    "ConsistencyInfo": "N4_VE11C_LATEST_20160120",
    "ConversionSoftware": "dcm2niix",
    "ConversionSoftwareVersion": "v1.0.20171215 GCC5.1.0",
    "DerivedVendorReportedEchoSpacing": 0.00049999,
    "DeviceSerialNumber": "66072",
    "DwellTime": 2.2e-06,
    "EchoTime": 0.03,
    "EchoTrainLength": 84,
    "EffectiveEchoSpacing": 0.00049999,
    "FlipAngle": 65,
    "ImageComments": "Unaliased_MB3_PE3_LB_SENSE1",
    "ImageOrientationPatientDICOM": [
      0.99907,
      -0.0408012,
      0.0139467,
      0.0406508,
      0.999114,
      0.0109061
    ],
    "ImageType": [
      "ORIGINAL",
      "PRIMARY",
      "M",
      "MB",
      "ND",
      "MOSAIC"
    ],
    "InPlanePhaseEncodingDirectionDICOM": "COL",
    "InstitutionAddress": "Boulevard_Jean_Moulin_27_Marseille_District_FR_13005",
    "InstitutionName": "Universite_d_aix_Marseille",
    "InstitutionalDepartmentName": "Department",
    "MRAcquisitionType": "2D",
    "MagneticFieldStrength": 3,
    "Manufacturer": "Siemens",
    "ManufacturersModelName": "Prisma",
    "Modality": "MR",
    "MultibandAccelerationFactor": 3,
    "PartialFourier": 1,
    "PatientPosition": "HFS",
    "PercentPhaseFOV": 100,
    "PhaseEncodingDirection": "j-",
    "PhaseEncodingSteps": 84,
    "PhaseResolution": 1,
    "PixelBandwidth": 2705,
    "ProcedureStepDescription": "Projets_archives_Aging",
    "ProtocolName": "task-illusion_run3_bold",
    "PulseSequenceDetails": "%CustomerSeq%_cmrr_mbep2d_bold",
    "ReceiveCoilActiveElements": "HC1-7",
    "ReceiveCoilName": "HeadNeck_64",
    "ReconMatrixPE": 84,
    "RepetitionTime": 1.224,
    "SAR": 0.0833303,
    "ScanOptions": "FS",
    "ScanningSequence": "EP",
    "SequenceName": "epfid2d1_84",
    "SequenceVariant": "SK_SS",
    "SeriesDescription": "task-illusion_run3_bold",
    "SeriesNumber": 20,
    "ShimSetting": [
      -607,
      -10755,
      -528,
      515,
      6,
      70,
      91,
      13
    ],
    "SliceThickness": 2.5,
    "SliceTiming": [
      1.135,
      1.07,
      1.0025,
      0.935,
      0.8675,
      0.8025,
      0.735,
      0.6675,
      0.6,
      0.535,
      0.4675,
      0.4,
      0.3325,
      0.2675,
      0.2,
      0.1325,
      0.065,
      0,
      1.135,
      1.07,
      1.0025,
      0.935,
      0.8675,
      0.8025,
      0.735,
      0.6675,
      0.6,
      0.535,
      0.4675,
      0.4,
      0.3325,
      0.2675,
      0.2,
      0.1325,
      0.065,
      0,
      1.135,
      1.07,
      1.0025,
      0.935,
      0.8675,
      0.8025,
      0.735,
      0.6675,
      0.6,
      0.535,
      0.4675,
      0.4,
      0.3325,
      0.2675,
      0.2,
      0.1325,
      0.065,
      0
    ],
    "SoftwareVersions": "syngo_MR_E11",
    "SpacingBetweenSlices": 2.5,
    "StationName": "AWP66072",
    "TaskName": "illusion",
    "TotalReadoutTime": 0.04199916,
    "TxRefAmp": 229.525,
    "dataset": "ds002872",
    "modality": "bold",
    "run_id": 3,
    "subject_id": "36",
    "task_id": "illusion"
  },
  "dummy_trs": 2,
  "dvars_nstd": 28.081394643380793,
  "dvars_std": 1.0677061043772245,
  "dvars_vstd": 0.9605737523487544,
  "efc": 0.462580084309126,
  "fber": 13234.61328125,
  "fd_mean": 0.13301411778125527,
  "fd_num": 33,
  "fd_perc": 11.702127659574469,
  "fwhm_avg": 2.922908,
  "fwhm_x": 2.6977640000000003,
  "fwhm_y": 3.028752,
  "fwhm_z": 3.042208,
  "gcor": 0.00767627,
  "gsr_x": -0.0012554263230413198,
  "gsr_y": 0.02064690925180912,
  "provenance": {
    "md5sum": "c5d64048b0bf0ba2bb96102e6cbba128",
    "settings": {
      "fd_thres": 0.2,
      "testing": false
    },
    "software": "mriqc",
    "version": "23.0.1",
    "webapi_port": null,
    "webapi_url": "https://mriqc.nimh.nih.gov/api/v1"
  },
  "size_t": 282,
  "size_x": 84,
  "size_y": 84,
  "size_z": 54,
  "snr": 2.8362463599127627,
  "spacing_tr": 1.2239999771118164,
  "spacing_x": 2.5,
  "spacing_y": 2.5,
  "spacing_z": 2.5,
  "summary_bg_k": 33.31909550703445,
  "summary_bg_mad": 76.23249068633841,
  "summary_bg_mean": 445.2255859375,
  "summary_bg_median": 87.61778259277344,
  "summary_bg_n": 252103.0,
  "summary_bg_p05": 25.427617835998536,
  "summary_bg_p95": 2291.3342773437494,
  "summary_bg_stdv": 1053.4180908203125,
  "summary_fg_k": 1.20126303529368,
  "summary_fg_mad": 3073.1477239237693,
  "summary_fg_mean": 10770.333984375,
  "summary_fg_median": 10141.986328125,
  "summary_fg_n": 65938.0,
  "summary_fg_p05": 6004.17314453125,
  "summary_fg_p95": 17745.743261718748,
  "summary_fg_stdv": 3575.821044921875,
  "tsnr": 47.0919075012207
}