{
  "aor": 0.0003142116182572614,
  "aqi": 0.0023476545435684648,
  "bids_meta": {
    "AcquisitionDateTime": "2019-11-07T15:03:03.525000",
    "AcquisitionMatrixPE": 84,
    "AcquisitionNumber": 1,
    "AcquisitionTime": "15:03:3.525000",
    "BandwidthPerPixelPhaseEncode": 23.81,
    "BaseResolution": 84,
    "BodyPartExamined": "HEAD",
    "ConsistencyInfo": "N4_VE11C_LATEST_20160120",
    "ConversionSoftware": "dcm2niix",
    "ConversionSoftwareVersion": "v1.0.20171215 GCC5.1.0",
    "DerivedVendorReportedEchoSpacing": 0.00049999,
    "DeviceSerialNumber": "66072",
    "DwellTime": 2.3e-06,
    "EchoTime": 0.03,
    "EchoTrainLength": 84,
    "EffectiveEchoSpacing": 0.00049999,
    "FlipAngle": 65,
    "ImageComments": "Unaliased_MB3_PE3_LB_SENSE1",
    "ImageOrientationPatientDICOM": [
      0.99907,
      -0.0408012,
      0.0139467,
      0.0406508,
      0.999114,
      0.0109061
    ],
    "ImageType": [
      "ORIGINAL",
      "PRIMARY",
      "M",
      "MB",
      "ND",
      "MOSAIC"
    ],
    "InPlanePhaseEncodingDirectionDICOM": "COL",
    "InstitutionAddress": "Boulevard_Jean_Moulin_27_Marseille_District_FR_13005",
    "InstitutionName": "Universite_d_aix_Marseille",
    "InstitutionalDepartmentName": "Department",
    "MRAcquisitionType": "2D",
    "MagneticFieldStrength": 3,
    "Manufacturer": "Siemens",
    "ManufacturersModelName": "Prisma",
    "Modality": "MR",
    "MultibandAccelerationFactor": 3,
    "PartialFourier": 1,
    "PatientPosition": "HFS",
    "PercentPhaseFOV": 100,
    "PhaseEncodingDirection": "j-",
    "PhaseEncodingSteps": 84,
    "PhaseResolution": 1,
    "PixelBandwidth": 2590,
    "ProcedureStepDescription": "Projets_archives_Aging",
    "ProtocolName": "task-rest_bold",
    "PulseSequenceDetails": "%CustomerSeq%_cmrr_mbep2d_bold",
    "ReceiveCoilActiveElements": "HC1-7",
    "ReceiveCoilName": "HeadNeck_64",
    "ReconMatrixPE": 84,
    "RepetitionTime": 1.224,
    "SAR": 0.0835026,
    "ScanOptions": "FS",
    "ScanningSequence": "EP",
    "SequenceName": "epfid2d1_84",
    "SequenceVariant": "SK_SS",
    "SeriesDescription": "task-rest_bold",
    "SeriesNumber": 14,
    "ShimSetting": [
      -607,
      -10755,
      -528,
      515,
      6,
      70,
      91,
      13
    ],
    "SliceThickness": 2.5,
    "SliceTiming": [
      1.135,
      1.07,
      1.0025,
      0.935,
      0.8675,
      0.8025,
      0.735,
      0.6675,
      0.6,
      0.535,
      0.4675,
      0.4,
      0.3325,
      0.2675,
      0.2,
      0.1325,
      0.065,
      0,
      1.135,
      1.07,
      1.0025,
      0.935,
      0.8675,
      0.8025,
      0.735,
      0.6675,
      0.6,
      0.535,
      0.4675,
      0.4,
      0.3325,
      0.2675,
      0.2,
      0.1325,
      0.065,
      0,
      1.135,
      1.07,
      1.0025,
      0.935,
      0.8675,
      0.8025,
      0.735,
      0.6675,
      0.6,
      0.535,
      0.4675,
      0.4,
      0.3325,
      0.2675,
      0.2,
      0.1325,
      0.065,
      0
    ],
    "SoftwareVersions": "syngo_MR_E11",
    "SpacingBetweenSlices": 2.5,
    "StationName": "AWP66072",
    "TaskName": "rest",
    "TotalReadoutTime": 0.04199916,
    "TxRefAmp": 229.525,
    "dataset": "ds002872",
    "modality": "bold",
    "subject_id": "36",
    "task_id": "rest"
  },
  "dummy_trs": 2,
  "dvars_nstd": 26.759333549147613,
  "dvars_std": 1.1519894056133044,
  "dvars_vstd": 1.0002252924740125,
  "efc": 0.46002262018681966,
  "fber": 18348.966796875,
  "fd_mean": 0.09864091976665941,
  "fd_num": 1,
  "fd_perc": 0.2074688796680498,
  "fwhm_avg": 2.8258053333333333,
  "fwhm_x": 2.618048,
  "fwhm_y": 2.94502,
  "fwhm_z": 2.914348,
  "gcor": 0.00823235,
  "gsr_x": -0.003052954562008381,
  "gsr_y": 0.020446060225367546,
  "provenance": {
    "md5sum": "4f80dcc9c495f7c3809224a76d88c46a",
    "settings": {
      "fd_thres": 0.2,
      "testing": false
    },
    "software": "mriqc",
    "version": "23.0.1",
    "webapi_port": null,
    "webapi_url": "https://mriqc.nimh.nih.gov/api/v1"
  },
  "size_t": 482,
  "size_x": 84,
  "size_y": 84,
  "size_z": 54,
  "snr": 2.973569716108361,
  "spacing_tr": 1.2239999771118164,
  "spacing_x": 2.5,
  "spacing_y": 2.5,
  "spacing_z": 2.5,
  "summary_bg_k": 31.904502392340248,
  "summary_bg_mad": 50.290141665237094,
  "summary_bg_mean": 418.375,
  "summary_bg_median": 73.85751342773438,
  "summary_bg_n": 252535.0,
  "summary_bg_p05": 36.08160285949707,
  "summary_bg_p95": 2142.506225585937,
  "summary_bg_stdv": 1013.7748413085938,
  "summary_fg_k": 1.1672395179311623,
  "summary_fg_mad": 2977.7775987939212,
  "summary_fg_mean": 10718.203125,
  "summary_fg_median": 10179.83203125,
  "summary_fg_n": 65713.0,
  "summary_fg_p05": 6039.07919921875,
  "summary_fg_p95": 17357.163281249996,
  "summary_fg_stdv": 3423.412109375,
  "tsnr": 64.41923522949219
}