{
  "aor": 0.0017207394366197185,
  "aqi": 0.006511242746478873,
  "bids_meta": {
    "EchoTime": 0.03,
    "EffectiveEchoSpacing": 0.00049999,
    "FlipAngle": 65,
    "ImageType": [
      "ORIGINAL",
      "PRIMARY",
      "M",
      "MB",
      "ND",
      "MOSAI"
    ],
    "MagneticFieldStrength": 3,
    "Manufacturer": "Siemens",
    "ManufacturersModelName": "Prisma",
    "PhaseEncodingDirection": "j-",
    "RepetitionTime": 1.224,
    "SliceTiming": [
      1.1375,
      1.07,
      1.0025,
      0.9375,
      0.87,
      0.8025,
      0.735,
      0.67,
      0.6025,
      0.535,
      0.4675,
      0.4025,
      0.335,
      0.2675,
      0.2,
      0.135,
      0.0675,
      0,
      1.1375,
      1.07,
      1.0025,
      0.9375,
      0.87,
      0.8025,
      0.735,
      0.67,
      0.6025,
      0.535,
      0.4675,
      0.4025,
      0.335,
      0.2675,
      0.2,
      0.135,
      0.0675,
      0,
      1.1375,
      1.07,
      1.0025,
      0.9375,
      0.87,
      0.8025,
      0.735,
      0.67,
      0.6025,
      0.535,
      0.4675,
      0.4025,
      0.335,
      0.2675,
      0.2,
      0.135,
      0.0675,
      0
    ],
    "TaskName": "illusion",
    "dataset": "ds002872",
    "modality": "bold",
    "run_id": 4,
    "subject_id": "18",
    "task_id": "illusion"
  },
  "dummy_trs": 0,
  "dvars_nstd": 39.83677115964668,
  "dvars_std": 1.135457609045935,
  "dvars_vstd": 1.0048975836395757,
  "efc": 0.4560675902852068,
  "fber": 14056.8330078125,
  "fd_mean": 0.34819693762746556,
  "fd_num": 219,
  "fd_perc": 77.11267605633803,
  "fwhm_avg": 2.5944053333333335,
  "fwhm_x": 2.357608,
  "fwhm_y": 2.7194320000000003,
  "fwhm_z": 2.706176,
  "gcor": 0.0145206,
  "gsr_x": -0.007884375751018524,
  "gsr_y": 0.02386370114982128,
  "provenance": {
    "md5sum": "80b5f39ceff7373d9df13ea30b8af834",
    "settings": {
      "fd_thres": 0.2,
      "testing": false
    },
    "software": "mriqc",
    "version": "23.0.1",
    "webapi_port": null,
    "webapi_url": "https://mriqc.nimh.nih.gov/api/v1"
  },
  "size_t": 284,
  "size_x": 84,
  "size_y": 84,
  "size_z": 54,
  "snr": 3.390914018298677,
  "spacing_tr": 1.2239999771118164,
  "spacing_x": 2.5,
  "spacing_y": 2.5,
  "spacing_z": 2.5,
  "summary_bg_k": 55.20415214004605,
  "summary_bg_mad": 55.43052575861836,
  "summary_bg_mean": 325.947509765625,
  "summary_bg_median": 74.71830749511719,
  "summary_bg_n": 255379.0,
  "summary_bg_p05": 28.960915374755864,
  "summary_bg_p95": 1430.8042236328106,
  "summary_bg_stdv": 791.70849609375,
  "summary_fg_k": 0.6594479313580344,
  "summary_fg_mad": 2429.9245882374953,
  "summary_fg_mean": 9263.12890625,
  "summary_fg_median": 8957.908203125,
  "summary_fg_n": 64404.0,
  "summary_fg_p05": 5446.377392578125,
  "summary_fg_p95": 14119.271923828124,
  "summary_fg_stdv": 2641.718017578125,
  "tsnr": 41.19662523001898
}