{
  "aor": 0.0008963829787234042,
  "aqi": 0.007186172695035462,
  "bids_meta": {
    "EchoTime": 0.03,
    "EffectiveEchoSpacing": 0.00049999,
    "FlipAngle": 65,
    "ImageType": [
      "ORIGINAL",
      "PRIMARY",
      "M",
      "MB",
      "ND",
      "MOSAI"
    ],
    "MagneticFieldStrength": 3,
    "Manufacturer": "Siemens",
    "ManufacturersModelName": "Prisma",
    "PhaseEncodingDirection": "j-",
    "RepetitionTime": 1.224,
    "SliceTiming": [
      1.1375,
      1.07,
      1.005,
      0.9375,
      0.87,
      0.8025,
      0.7375,
      0.67,
      0.6025,
      0.535,
      0.47,
      0.4025,
      0.335,
      0.2675,
      0.2025,
      0.135,
      0.0675,
      0,
      1.1375,
      1.07,
      1.005,
      0.9375,
      0.87,
      0.8025,
      0.7375,
      0.67,
      0.6025,
      0.535,
      0.47,
      0.4025,
      0.335,
      0.2675,
      0.2025,
      0.135,
      0.0675,
      0,
      1.1375,
      1.07,
      1.005,
      0.9375,
      0.87,
      0.8025,
      0.7375,
      0.67,
      0.6025,
      0.535,
      0.47,
      0.4025,
      0.335,
      0.2675,
      0.2025,
      0.135,
      0.0675,
      0
    ],
    "TaskName": "illusion",
    "dataset": "ds002872",
    "modality": "bold",
    "run_id": 2,
    "subject_id": "18",
    "task_id": "illusion"
  },
  "dummy_trs": 2,
  "dvars_nstd": 38.81588009996439,
  "dvars_std": 1.1131277485053381,
  "dvars_vstd": 0.9927165226334524,
  "efc": 0.454736566463592,
  "fber": 14577.986328125,
  "fd_mean": 0.3459048617255607,
  "fd_num": 223,
  "fd_perc": 79.07801418439716,
  "fwhm_avg": 2.5913653333333335,
  "fwhm_x": 2.3626080000000003,
  "fwhm_y": 2.70914,
  "fwhm_z": 2.7023479999999998,
  "gcor": 0.0118634,
  "gsr_x": -0.008615482598543167,
  "gsr_y": 0.025469955056905746,
  "provenance": {
    "md5sum": "4d11e730d83ba55a4c733539cf7adfd0",
    "settings": {
      "fd_thres": 0.2,
      "testing": false
    },
    "software": "mriqc",
    "version": "23.0.1",
    "webapi_port": null,
    "webapi_url": "https://mriqc.nimh.nih.gov/api/v1"
  },
  "size_t": 282,
  "size_x": 84,
  "size_y": 84,
  "size_z": 54,
  "snr": 3.411769919434682,
  "spacing_tr": 1.2239999771118164,
  "spacing_x": 2.5,
  "spacing_y": 2.5,
  "spacing_z": 2.5,
  "summary_bg_k": 64.59771099597192,
  "summary_bg_mad": 54.73009823881693,
  "summary_bg_mean": 321.7104187011719,
  "summary_bg_median": 73.4184341430664,
  "summary_bg_n": 255569.0,
  "summary_bg_p05": 26.95744514465332,
  "summary_bg_p95": 1400.0127197265588,
  "summary_bg_stdv": 810.3848876953125,
  "summary_fg_k": 0.6336894667935788,
  "summary_fg_mad": 2438.8068089015355,
  "summary_fg_mean": 9278.123046875,
  "summary_fg_median": 8982.3046875,
  "summary_fg_n": 64265.0,
  "summary_fg_p05": 5456.6296875,
  "summary_fg_p95": 14105.179492187497,
  "summary_fg_stdv": 2632.719970703125,
  "tsnr": 40.78593726456165
}