{
  "aor": 0.0007295035460992908,
  "aqi": 0.003188929574468085,
  "bids_meta": {
    "EchoTime": 0.03,
    "EffectiveEchoSpacing": 0.00049999,
    "FlipAngle": 65,
    "ImageType": [
      "ORIGINAL",
      "PRIMARY",
      "M",
      "MB",
      "ND",
      "MOSAI"
    ],
    "MagneticFieldStrength": 3,
    "Manufacturer": "Siemens",
    "ManufacturersModelName": "Prisma",
    "PhaseEncodingDirection": "j-",
    "RepetitionTime": 1.224,
    "SliceTiming": [
      1.1375,
      1.07,
      1.0025,
      0.935,
      0.87,
      0.8025,
      0.735,
      0.6675,
      0.6025,
      0.535,
      0.4675,
      0.4,
      0.335,
      0.2675,
      0.2,
      0.1325,
      0.0675,
      0,
      1.1375,
      1.07,
      1.0025,
      0.935,
      0.87,
      0.8025,
      0.735,
      0.6675,
      0.6025,
      0.535,
      0.4675,
      0.4,
      0.335,
      0.2675,
      0.2,
      0.1325,
      0.0675,
      0,
      1.1375,
      1.07,
      1.0025,
      0.935,
      0.87,
      0.8025,
      0.735,
      0.6675,
      0.6025,
      0.535,
      0.4675,
      0.4,
      0.335,
      0.2675,
      0.2,
      0.1325,
      0.0675,
      0
    ],
    "TaskName": "illusion",
    "dataset": "ds002872",
    "modality": "bold",
    "run_id": 2,
    "subject_id": "15",
    "task_id": "illusion"
  },
  "dummy_trs": 2,
  "dvars_nstd": 30.870699790711747,
  "dvars_std": 1.1371322386832732,
  "dvars_vstd": 0.9935208771174381,
  "efc": 0.5259888145100009,
  "fber": 4942.77490234375,
  "fd_mean": 0.09562842264723533,
  "fd_num": 4,
  "fd_perc": 1.4184397163120568,
  "fwhm_avg": 2.959225333333333,
  "fwhm_x": 2.7079519999999997,
  "fwhm_y": 3.040884,
  "fwhm_z": 3.12884,
  "gcor": 0.0084344,
  "gsr_x": 0.02247519977390766,
  "gsr_y": 0.044718801975250244,
  "provenance": {
    "md5sum": "ed4e78b3eece0d22da3365a42816d12e",
    "settings": {
      "fd_thres": 0.2,
      "testing": false
    },
    "software": "mriqc",
    "version": "23.0.1",
    "webapi_port": null,
    "webapi_url": "https://mriqc.nimh.nih.gov/api/v1"
  },
  "size_t": 282,
  "size_x": 84,
  "size_y": 84,
  "size_z": 54,
  "snr": 2.2598370107332193,
  "spacing_tr": 1.2239999771118164,
  "spacing_x": 2.5,
  "spacing_y": 2.5,
  "spacing_z": 2.5,
  "summary_bg_k": 40.14898432483415,
  "summary_bg_mad": 133.98124235304937,
  "summary_bg_mean": 645.8353271484375,
  "summary_bg_median": 129.28457641601562,
  "summary_bg_n": 223282.0,
  "summary_bg_p05": 31.14305238723755,
  "summary_bg_p95": 3090.3572509765613,
  "summary_bg_stdv": 1424.5111083984375,
  "summary_fg_k": 1.9352773004294317,
  "summary_fg_mad": 3556.2302739860957,
  "summary_fg_mean": 10503.2666015625,
  "summary_fg_median": 9506.421875,
  "summary_fg_n": 89086.0,
  "summary_fg_p05": 5470.0447998046875,
  "summary_fg_p95": 18717.32080078125,
  "summary_fg_stdv": 4206.6611328125,
  "tsnr": 54.43748474121094
}