{
  "aor": 0.0011303900709219857,
  "aqi": 0.0033255182269503547,
  "bids_meta": {
    "EchoTime": 0.03,
    "EffectiveEchoSpacing": 0.00049999,
    "FlipAngle": 65,
    "ImageType": [
      "ORIGINAL",
      "PRIMARY",
      "M",
      "MB",
      "ND",
      "MOSAI"
    ],
    "MagneticFieldStrength": 3,
    "Manufacturer": "Siemens",
    "ManufacturersModelName": "Prisma",
    "PhaseEncodingDirection": "j-",
    "RepetitionTime": 1.224,
    "SliceTiming": [
      1.135,
      1.07,
      1.0025,
      0.935,
      0.8675,
      0.8025,
      0.735,
      0.6675,
      0.6,
      0.535,
      0.4675,
      0.4,
      0.3325,
      0.2675,
      0.2,
      0.1325,
      0.065,
      0,
      1.135,
      1.07,
      1.0025,
      0.935,
      0.8675,
      0.8025,
      0.735,
      0.6675,
      0.6,
      0.535,
      0.4675,
      0.4,
      0.3325,
      0.2675,
      0.2,
      0.1325,
      0.065,
      0,
      1.135,
      1.07,
      1.0025,
      0.935,
      0.8675,
      0.8025,
      0.735,
      0.6675,
      0.6,
      0.535,
      0.4675,
      0.4,
      0.3325,
      0.2675,
      0.2,
      0.1325,
      0.065,
      0
    ],
    "TaskName": "illusion",
    "dataset": "ds002872",
    "modality": "bold",
    "run_id": 1,
    "subject_id": "15",
    "task_id": "illusion"
  },
  "dummy_trs": 2,
  "dvars_nstd": 31.309033044306062,
  "dvars_std": 1.1677178186476855,
  "dvars_vstd": 1.010006139501779,
  "efc": 0.5257952826737545,
  "fber": 4599.23193359375,
  "fd_mean": 0.09248518399575897,
  "fd_num": 7,
  "fd_perc": 2.482269503546099,
  "fwhm_avg": 2.952164,
  "fwhm_x": 2.691124,
  "fwhm_y": 3.037108,
  "fwhm_z": 3.12826,
  "gcor": 0.0135091,
  "gsr_x": 0.02000889927148819,
  "gsr_y": 0.04491711035370827,
  "provenance": {
    "md5sum": "352c4d805f074c1e18256ebf97ccd3ac",
    "settings": {
      "fd_thres": 0.2,
      "testing": false
    },
    "software": "mriqc",
    "version": "23.0.1",
    "webapi_port": null,
    "webapi_url": "https://mriqc.nimh.nih.gov/api/v1"
  },
  "size_t": 282,
  "size_x": 84,
  "size_y": 84,
  "size_z": 54,
  "snr": 2.2629374757284397,
  "spacing_tr": 1.2239999771118164,
  "spacing_x": 2.5,
  "spacing_y": 2.5,
  "spacing_z": 2.5,
  "summary_bg_k": 39.98820135556333,
  "summary_bg_mad": 147.57120183455334,
  "summary_bg_mean": 631.2925415039062,
  "summary_bg_median": 135.7233428955078,
  "summary_bg_n": 223061.0,
  "summary_bg_p05": 23.36686134338379,
  "summary_bg_p95": 3021.712646484375,
  "summary_bg_stdv": 1371.0765380859375,
  "summary_fg_k": 1.9205107441428018,
  "summary_fg_mad": 3562.170093909357,
  "summary_fg_mean": 10507.6484375,
  "summary_fg_median": 9522.43359375,
  "summary_fg_n": 89048.0,
  "summary_fg_p05": 5463.7236328125,
  "summary_fg_p95": 18692.14091796875,
  "summary_fg_stdv": 4207.97314453125,
  "tsnr": 54.02197265625
}