{
  "aor": 0.0006981535269709543,
  "aqi": 0.003860150145228216,
  "bids_meta": {
    "EchoTime": 0.03,
    "EffectiveEchoSpacing": 0.00049999,
    "FlipAngle": 65,
    "ImageType": [
      "ORIGINAL",
      "PRIMARY",
      "M",
      "MB",
      "ND",
      "MOSAI"
    ],
    "MagneticFieldStrength": 3,
    "Manufacturer": "Siemens",
    "ManufacturersModelName": "Prisma",
    "PhaseEncodingDirection": "j-",
    "RepetitionTime": 1.224,
    "SliceTiming": [
      1.1375,
      1.07,
      1.0025,
      0.935,
      0.87,
      0.8025,
      0.735,
      0.6675,
      0.6025,
      0.535,
      0.4675,
      0.4,
      0.335,
      0.2675,
      0.2,
      0.1325,
      0.0675,
      0,
      1.1375,
      1.07,
      1.0025,
      0.935,
      0.87,
      0.8025,
      0.735,
      0.6675,
      0.6025,
      0.535,
      0.4675,
      0.4,
      0.335,
      0.2675,
      0.2,
      0.1325,
      0.0675,
      0,
      1.1375,
      1.07,
      1.0025,
      0.935,
      0.87,
      0.8025,
      0.735,
      0.6675,
      0.6025,
      0.535,
      0.4675,
      0.4,
      0.335,
      0.2675,
      0.2,
      0.1325,
      0.0675,
      0
    ],
    "TaskName": "rest",
    "dataset": "ds002872",
    "modality": "bold",
    "subject_id": "15",
    "task_id": "rest"
  },
  "dummy_trs": 2,
  "dvars_nstd": 30.105938822224523,
  "dvars_std": 1.1299386889397087,
  "dvars_vstd": 1.0056111168399164,
  "efc": 0.5271428034839553,
  "fber": 3822.56640625,
  "fd_mean": 0.10893697774008379,
  "fd_num": 12,
  "fd_perc": 2.4896265560165975,
  "fwhm_avg": 2.9583013333333334,
  "fwhm_x": 2.7173480000000003,
  "fwhm_y": 3.025484,
  "fwhm_z": 3.132072,
  "gcor": 0.0101382,
  "gsr_x": 0.023206694051623344,
  "gsr_y": 0.04010439291596413,
  "provenance": {
    "md5sum": "f604b537c12de0f1e97d490fbde2c962",
    "settings": {
      "fd_thres": 0.2,
      "testing": false
    },
    "software": "mriqc",
    "version": "23.0.1",
    "webapi_port": null,
    "webapi_url": "https://mriqc.nimh.nih.gov/api/v1"
  },
  "size_t": 482,
  "size_x": 84,
  "size_y": 84,
  "size_z": 54,
  "snr": 2.226512827498389,
  "spacing_tr": 1.2239999771118164,
  "spacing_x": 2.5,
  "spacing_y": 2.5,
  "spacing_z": 2.5,
  "summary_bg_k": 28.635258990003116,
  "summary_bg_mad": 165.36621493346263,
  "summary_bg_mean": 648.671142578125,
  "summary_bg_median": 147.28533935546875,
  "summary_bg_n": 223156.0,
  "summary_bg_p05": 20.806607723236084,
  "summary_bg_p95": 3153.6920776367188,
  "summary_bg_stdv": 1336.1697998046875,
  "summary_fg_k": 2.1873057327012173,
  "summary_fg_mad": 3520.832060128978,
  "summary_fg_mean": 10446.576171875,
  "summary_fg_median": 9432.025390625,
  "summary_fg_n": 89261.0,
  "summary_fg_p05": 5432.87890625,
  "summary_fg_p95": 18690.654296875,
  "summary_fg_stdv": 4236.20849609375,
  "tsnr": 50.56121826171875
}