{
  "aor": 0.0008521126760563381,
  "aqi": 0.0027336162323943662,
  "bids_meta": {
    "EchoTime": 0.03,
    "EffectiveEchoSpacing": 0.00049999,
    "FlipAngle": 65,
    "ImageType": [
      "ORIGINAL",
      "PRIMARY",
      "M",
      "MB",
      "ND",
      "MOSAI"
    ],
    "MagneticFieldStrength": 3,
    "Manufacturer": "Siemens",
    "ManufacturersModelName": "Prisma",
    "PhaseEncodingDirection": "j-",
    "RepetitionTime": 1.224,
    "SliceTiming": [
      1.1375,
      1.07,
      1.005,
      0.9375,
      0.87,
      0.8025,
      0.7375,
      0.67,
      0.6025,
      0.535,
      0.47,
      0.4025,
      0.335,
      0.2675,
      0.2025,
      0.135,
      0.0675,
      0,
      1.1375,
      1.07,
      1.005,
      0.9375,
      0.87,
      0.8025,
      0.7375,
      0.67,
      0.6025,
      0.535,
      0.47,
      0.4025,
      0.335,
      0.2675,
      0.2025,
      0.135,
      0.0675,
      0,
      1.1375,
      1.07,
      1.005,
      0.9375,
      0.87,
      0.8025,
      0.7375,
      0.67,
      0.6025,
      0.535,
      0.47,
      0.4025,
      0.335,
      0.2675,
      0.2025,
      0.135,
      0.0675,
      0
    ],
    "TaskName": "illusion",
    "dataset": "ds002872",
    "modality": "bold",
    "run_id": 1,
    "subject_id": "21",
    "task_id": "illusion"
  },
  "dummy_trs": 0,
  "dvars_nstd": 24.449099025088337,
  "dvars_std": 1.0498982322261492,
  "dvars_vstd": 0.9985983973498241,
  "efc": 0.5124516195889416,
  "fber": 16121.630859375,
  "fd_mean": 0.10759036690051282,
  "fd_num": 17,
  "fd_perc": 5.985915492957746,
  "fwhm_avg": 2.9905493333333335,
  "fwhm_x": 2.789752,
  "fwhm_y": 3.05716,
  "fwhm_z": 3.124736,
  "gcor": 0.017701,
  "gsr_x": -0.018980013206601143,
  "gsr_y": 0.07845965772867203,
  "provenance": {
    "md5sum": "dbdd7dacc937d55222dd8509661c02cf",
    "settings": {
      "fd_thres": 0.2,
      "testing": false
    },
    "software": "mriqc",
    "version": "23.0.1",
    "webapi_port": null,
    "webapi_url": "https://mriqc.nimh.nih.gov/api/v1"
  },
  "size_t": 284,
  "size_x": 84,
  "size_y": 84,
  "size_z": 54,
  "snr": 2.425609732479873,
  "spacing_tr": 1.2239999771118164,
  "spacing_x": 2.5,
  "spacing_y": 2.5,
  "spacing_z": 2.5,
  "summary_bg_k": 70.27693290147263,
  "summary_bg_mad": 44.005642063613834,
  "summary_bg_mean": 504.6770935058594,
  "summary_bg_median": 68.45561981201172,
  "summary_bg_n": 226815.0,
  "summary_bg_p05": 35.58027954101563,
  "summary_bg_p95": 2509.535083007811,
  "summary_bg_stdv": 1348.5716552734375,
  "summary_fg_k": 1.2238162489913282,
  "summary_fg_mad": 3547.6169921522187,
  "summary_fg_mean": 9989.3623046875,
  "summary_fg_median": 9263.841796875,
  "summary_fg_n": 85940.0,
  "summary_fg_p05": 5102.603247070312,
  "summary_fg_p95": 17219.6681640625,
  "summary_fg_stdv": 3819.158447265625,
  "tsnr": 55.868709564208984
}