{
  "aor": 0.0012167844522968198,
  "aqi": 0.0024595667137809188,
  "bids_meta": {
    "EchoTime": 0.03,
    "EffectiveEchoSpacing": 0.00049999,
    "FlipAngle": 65,
    "ImageType": [
      "ORIGINAL",
      "PRIMARY",
      "M",
      "MB",
      "ND",
      "MOSAI"
    ],
    "MagneticFieldStrength": 3,
    "Manufacturer": "Siemens",
    "ManufacturersModelName": "Prisma",
    "PhaseEncodingDirection": "j-",
    "RepetitionTime": 1.224,
    "SliceTiming": [
      1.135,
      1.07,
      1.0025,
      0.935,
      0.8675,
      0.8025,
      0.735,
      0.6675,
      0.6,
      0.535,
      0.4675,
      0.4,
      0.3325,
      0.2675,
      0.2,
      0.1325,
      0.065,
      0,
      1.135,
      1.07,
      1.0025,
      0.935,
      0.8675,
      0.8025,
      0.735,
      0.6675,
      0.6,
      0.535,
      0.4675,
      0.4,
      0.3325,
      0.2675,
      0.2,
      0.1325,
      0.065,
      0,
      1.135,
      1.07,
      1.0025,
      0.935,
      0.8675,
      0.8025,
      0.735,
      0.6675,
      0.6,
      0.535,
      0.4675,
      0.4,
      0.3325,
      0.2675,
      0.2,
      0.1325,
      0.065,
      0
    ],
    "TaskName": "illusion",
    "dataset": "ds002872",
    "modality": "bold",
    "run_id": 3,
    "subject_id": "21",
    "task_id": "illusion"
  },
  "dummy_trs": 1,
  "dvars_nstd": 25.330005273829805,
  "dvars_std": 1.0793725569858152,
  "dvars_vstd": 1.014927854468085,
  "efc": 0.5136635634686929,
  "fber": 15450.5380859375,
  "fd_mean": 0.11043992211613894,
  "fd_num": 10,
  "fd_perc": 3.5335689045936394,
  "fwhm_avg": 2.990456,
  "fwhm_x": 2.79648,
  "fwhm_y": 3.0666599999999997,
  "fwhm_z": 3.108228,
  "gcor": 0.0214373,
  "gsr_x": -0.019323015585541725,
  "gsr_y": 0.08008498698472977,
  "provenance": {
    "md5sum": "b03d60e73858cabdb9fa7d0bf41a052a",
    "settings": {
      "fd_thres": 0.2,
      "testing": false
    },
    "software": "mriqc",
    "version": "23.0.1",
    "webapi_port": null,
    "webapi_url": "https://mriqc.nimh.nih.gov/api/v1"
  },
  "size_t": 283,
  "size_x": 84,
  "size_y": 84,
  "size_z": 54,
  "snr": 2.4138748292223395,
  "spacing_tr": 1.2239999771118164,
  "spacing_x": 2.5,
  "spacing_y": 2.5,
  "spacing_z": 2.5,
  "summary_bg_k": 65.4098286029432,
  "summary_bg_mad": 43.97265249017121,
  "summary_bg_mean": 519.8895874023438,
  "summary_bg_median": 69.3948974609375,
  "summary_bg_n": 226902.0,
  "summary_bg_p05": 36.877583503723145,
  "summary_bg_p95": 2590.1074584960866,
  "summary_bg_stdv": 1374.6165771484375,
  "summary_fg_k": 1.229738667567867,
  "summary_fg_mad": 3541.167889679779,
  "summary_fg_mean": 9952.12890625,
  "summary_fg_median": 9224.673828125,
  "summary_fg_n": 86171.0,
  "summary_fg_p05": 5059.5634765625,
  "summary_fg_p95": 17203.275390625,
  "summary_fg_stdv": 3821.4990234375,
  "tsnr": 58.24266815185547
}