{
  "aor": 0.0010709893992932862,
  "aqi": 0.0026622396113074203,
  "bids_meta": {
    "EchoTime": 0.03,
    "EffectiveEchoSpacing": 0.00049999,
    "FlipAngle": 65,
    "ImageType": [
      "ORIGINAL",
      "PRIMARY",
      "M",
      "MB",
      "ND",
      "MOSAI"
    ],
    "MagneticFieldStrength": 3,
    "Manufacturer": "Siemens",
    "ManufacturersModelName": "Prisma",
    "PhaseEncodingDirection": "j-",
    "RepetitionTime": 1.224,
    "SliceTiming": [
      1.1375,
      1.07,
      1.005,
      0.9375,
      0.87,
      0.8025,
      0.7375,
      0.67,
      0.6025,
      0.535,
      0.47,
      0.4025,
      0.335,
      0.2675,
      0.2025,
      0.135,
      0.0675,
      0,
      1.1375,
      1.07,
      1.005,
      0.9375,
      0.87,
      0.8025,
      0.7375,
      0.67,
      0.6025,
      0.535,
      0.47,
      0.4025,
      0.335,
      0.2675,
      0.2025,
      0.135,
      0.0675,
      0,
      1.1375,
      1.07,
      1.005,
      0.9375,
      0.87,
      0.8025,
      0.7375,
      0.67,
      0.6025,
      0.535,
      0.47,
      0.4025,
      0.335,
      0.2675,
      0.2025,
      0.135,
      0.0675,
      0
    ],
    "TaskName": "illusion",
    "dataset": "ds002872",
    "modality": "bold",
    "run_id": 2,
    "subject_id": "21",
    "task_id": "illusion"
  },
  "dummy_trs": 1,
  "dvars_nstd": 25.145429015922,
  "dvars_std": 1.070794271985816,
  "dvars_vstd": 1.010155679929078,
  "efc": 0.5133695415807059,
  "fber": 15229.119140625,
  "fd_mean": 0.11210883268239889,
  "fd_num": 20,
  "fd_perc": 7.067137809187279,
  "fwhm_avg": 2.9919853333333335,
  "fwhm_x": 2.79314,
  "fwhm_y": 3.060148,
  "fwhm_z": 3.122668,
  "gcor": 0.0209648,
  "gsr_x": -0.019687773659825325,
  "gsr_y": 0.07946841418743134,
  "provenance": {
    "md5sum": "f92c11b19fa6c6e9658b046a69808bec",
    "settings": {
      "fd_thres": 0.2,
      "testing": false
    },
    "software": "mriqc",
    "version": "23.0.1",
    "webapi_port": null,
    "webapi_url": "https://mriqc.nimh.nih.gov/api/v1"
  },
  "size_t": 283,
  "size_x": 84,
  "size_y": 84,
  "size_z": 54,
  "snr": 2.4136840569574325,
  "spacing_tr": 1.2239999771118164,
  "spacing_x": 2.5,
  "spacing_y": 2.5,
  "spacing_z": 2.5,
  "summary_bg_k": 66.04615244788738,
  "summary_bg_mad": 47.22362705694563,
  "summary_bg_mean": 515.7453002929688,
  "summary_bg_median": 70.29539489746094,
  "summary_bg_n": 226888.0,
  "summary_bg_p05": 34.78893699645996,
  "summary_bg_p95": 2564.83399658203,
  "summary_bg_stdv": 1364.8453369140625,
  "summary_fg_k": 1.2253793366400938,
  "summary_fg_mad": 3544.372351945509,
  "summary_fg_mean": 9964.392578125,
  "summary_fg_median": 9234.6279296875,
  "summary_fg_n": 86086.0,
  "summary_fg_p05": 5064.5281982421875,
  "summary_fg_p95": 17224.65234375,
  "summary_fg_stdv": 3825.925048828125,
  "tsnr": 56.85034942626953
}