{
  "aor": 0.0005128482328482328,
  "aqi": 0.007253034968814969,
  "bids_meta": {
    "EchoTime": 0.03,
    "EffectiveEchoSpacing": 0.00049999,
    "FlipAngle": 65,
    "ImageType": [
      "ORIGINAL",
      "PRIMARY",
      "M",
      "MB",
      "ND",
      "MOSAI"
    ],
    "MagneticFieldStrength": 3,
    "Manufacturer": "Siemens",
    "ManufacturersModelName": "Prisma",
    "PhaseEncodingDirection": "j-",
    "RepetitionTime": 1.224,
    "SliceTiming": [
      1.1375,
      1.07,
      1.0025,
      0.9375,
      0.87,
      0.8025,
      0.735,
      0.67,
      0.6025,
      0.535,
      0.4675,
      0.4025,
      0.335,
      0.2675,
      0.2,
      0.135,
      0.0675,
      0,
      1.1375,
      1.07,
      1.0025,
      0.9375,
      0.87,
      0.8025,
      0.735,
      0.67,
      0.6025,
      0.535,
      0.4675,
      0.4025,
      0.335,
      0.2675,
      0.2,
      0.135,
      0.0675,
      0,
      1.1375,
      1.07,
      1.0025,
      0.9375,
      0.87,
      0.8025,
      0.735,
      0.67,
      0.6025,
      0.535,
      0.4675,
      0.4025,
      0.335,
      0.2675,
      0.2,
      0.135,
      0.0675,
      0
    ],
    "TaskName": "rest",
    "dataset": "ds002872",
    "modality": "bold",
    "subject_id": "32",
    "task_id": "rest"
  },
  "dummy_trs": 3,
  "dvars_nstd": 36.4141576649375,
  "dvars_std": 1.1370573005833329,
  "dvars_vstd": 0.9745911667708337,
  "efc": 0.5379998533190825,
  "fber": 2410.083740234375,
  "fd_mean": 0.17435213833729293,
  "fd_num": 187,
  "fd_perc": 38.87733887733888,
  "fwhm_avg": 3.053048,
  "fwhm_x": 2.6239879999999998,
  "fwhm_y": 3.239476,
  "fwhm_z": 3.29568,
  "gcor": 0.0075939,
  "gsr_x": 0.03078911267220974,
  "gsr_y": 0.057690367102622986,
  "provenance": {
    "md5sum": "9ba547e64eae5b050c00b6059a37fbf5",
    "settings": {
      "fd_thres": 0.2,
      "testing": false
    },
    "software": "mriqc",
    "version": "23.0.1",
    "webapi_port": null,
    "webapi_url": "https://mriqc.nimh.nih.gov/api/v1"
  },
  "size_t": 481,
  "size_x": 84,
  "size_y": 84,
  "size_z": 54,
  "snr": 2.069746519600464,
  "spacing_tr": 1.2239999771118164,
  "spacing_x": 2.5,
  "spacing_y": 2.5,
  "spacing_z": 2.5,
  "summary_bg_k": 54.1302650004183,
  "summary_bg_mad": 187.42766272993717,
  "summary_bg_mean": 772.0357055664062,
  "summary_bg_median": 166.91246032714844,
  "summary_bg_n": 220789.0,
  "summary_bg_p05": 31.28461456298828,
  "summary_bg_p95": 3578.6483886718697,
  "summary_bg_stdv": 1666.0181884765625,
  "summary_fg_k": 2.5932247159190167,
  "summary_fg_mad": 3491.474292029287,
  "summary_fg_mean": 9765.5947265625,
  "summary_fg_median": 8734.484375,
  "summary_fg_n": 87400.0,
  "summary_fg_p05": 4951.797192382813,
  "summary_fg_p95": 18053.34736328125,
  "summary_fg_stdv": 4220.05029296875,
  "tsnr": 42.27109909057617
}