{
  "aor": 0.0011865602836879433,
  "aqi": 0.005062772056737589,
  "bids_meta": {
    "EchoTime": 0.03,
    "EffectiveEchoSpacing": 0.00049999,
    "FlipAngle": 65,
    "ImageType": [
      "ORIGINAL",
      "PRIMARY",
      "M",
      "MB",
      "ND",
      "MOSAI"
    ],
    "MagneticFieldStrength": 3,
    "Manufacturer": "Siemens",
    "ManufacturersModelName": "Prisma",
    "PhaseEncodingDirection": "j-",
    "RepetitionTime": 1.224,
    "SliceTiming": [
      1.1375,
      1.07,
      1.005,
      0.9375,
      0.87,
      0.8025,
      0.735,
      0.67,
      0.6025,
      0.535,
      0.4675,
      0.4025,
      0.335,
      0.2675,
      0.2,
      0.135,
      0.0675,
      0,
      1.1375,
      1.07,
      1.005,
      0.9375,
      0.87,
      0.8025,
      0.735,
      0.67,
      0.6025,
      0.535,
      0.4675,
      0.4025,
      0.335,
      0.2675,
      0.2,
      0.135,
      0.0675,
      0,
      1.1375,
      1.07,
      1.005,
      0.9375,
      0.87,
      0.8025,
      0.735,
      0.67,
      0.6025,
      0.535,
      0.4675,
      0.4025,
      0.335,
      0.2675,
      0.2,
      0.135,
      0.0675,
      0
    ],
    "TaskName": "illusion",
    "dataset": "ds002872",
    "modality": "bold",
    "run_id": 4,
    "subject_id": "32",
    "task_id": "illusion"
  },
  "dummy_trs": 2,
  "dvars_nstd": 38.729857420889694,
  "dvars_std": 1.1765516798576516,
  "dvars_vstd": 1.0109818532740218,
  "efc": 0.5427281487826953,
  "fber": 2355.85205078125,
  "fd_mean": 0.19168171489346622,
  "fd_num": 126,
  "fd_perc": 44.680851063829785,
  "fwhm_avg": 2.9469746666666663,
  "fwhm_x": 2.586168,
  "fwhm_y": 3.12104,
  "fwhm_z": 3.133716,
  "gcor": 0.0139637,
  "gsr_x": 0.04116801917552948,
  "gsr_y": 0.03912448137998581,
  "provenance": {
    "md5sum": "39bee588bea5ecabdf4fc39b53a9f5d3",
    "settings": {
      "fd_thres": 0.2,
      "testing": false
    },
    "software": "mriqc",
    "version": "23.0.1",
    "webapi_port": null,
    "webapi_url": "https://mriqc.nimh.nih.gov/api/v1"
  },
  "size_t": 282,
  "size_x": 84,
  "size_y": 84,
  "size_z": 54,
  "snr": 2.092044604834009,
  "spacing_tr": 1.2239999771118164,
  "spacing_x": 2.5,
  "spacing_y": 2.5,
  "spacing_z": 2.5,
  "summary_bg_k": 26.343098814237884,
  "summary_bg_mad": 184.97650009567127,
  "summary_bg_mean": 719.4884643554688,
  "summary_bg_median": 165.02197265625,
  "summary_bg_n": 217074.0,
  "summary_bg_p05": 29.578840351104738,
  "summary_bg_p95": 3445.7951782226546,
  "summary_bg_stdv": 1389.6220703125,
  "summary_fg_k": 2.3732572392140208,
  "summary_fg_mad": 3478.2083322372387,
  "summary_fg_mean": 9678.4052734375,
  "summary_fg_median": 8677.724609375,
  "summary_fg_n": 88128.0,
  "summary_fg_p05": 4884.586499023438,
  "summary_fg_p95": 17828.694433593733,
  "summary_fg_stdv": 4147.93994140625,
  "tsnr": 45.79111862182617
}