{
  "aor": 0.0008852669039145906,
  "aqi": 0.0023365811387900354,
  "bids_meta": {
    "EchoTime": 0.03,
    "EffectiveEchoSpacing": 0.00049999,
    "FlipAngle": 65,
    "ImageType": [
      "ORIGINAL",
      "PRIMARY",
      "M",
      "MB",
      "ND",
      "MOSAI"
    ],
    "MagneticFieldStrength": 3,
    "Manufacturer": "Siemens",
    "ManufacturersModelName": "Prisma",
    "PhaseEncodingDirection": "j-",
    "RepetitionTime": 1.224,
    "SliceTiming": [
      1.135,
      1.07,
      1.0025,
      0.935,
      0.8675,
      0.8025,
      0.735,
      0.6675,
      0.6,
      0.535,
      0.4675,
      0.4,
      0.3325,
      0.2675,
      0.2,
      0.1325,
      0.065,
      0,
      1.135,
      1.07,
      1.0025,
      0.935,
      0.8675,
      0.8025,
      0.735,
      0.6675,
      0.6,
      0.535,
      0.4675,
      0.4,
      0.3325,
      0.2675,
      0.2,
      0.1325,
      0.065,
      0,
      1.135,
      1.07,
      1.0025,
      0.935,
      0.8675,
      0.8025,
      0.735,
      0.6675,
      0.6,
      0.535,
      0.4675,
      0.4,
      0.3325,
      0.2675,
      0.2,
      0.1325,
      0.065,
      0
    ],
    "TaskName": "illusion",
    "dataset": "ds002872",
    "modality": "bold",
    "run_id": 4,
    "subject_id": "02",
    "task_id": "illusion"
  },
  "dummy_trs": 3,
  "dvars_nstd": 26.729650218107135,
  "dvars_std": 1.0879558039642852,
  "dvars_vstd": 1.009881956035715,
  "efc": 0.5440276559693997,
  "fber": 7761.73583984375,
  "fd_mean": 0.08779331142562022,
  "fd_num": 1,
  "fd_perc": 0.35587188612099646,
  "fwhm_avg": 2.838632,
  "fwhm_x": 2.614772,
  "fwhm_y": 2.9761040000000003,
  "fwhm_z": 2.92502,
  "gcor": 0.0124641,
  "gsr_x": -0.018685409799218178,
  "gsr_y": 0.07430189847946167,
  "provenance": {
    "md5sum": "75bb1e6b07cb4e711036ad362a547c8a",
    "settings": {
      "fd_thres": 0.2,
      "testing": false
    },
    "software": "mriqc",
    "version": "23.0.1",
    "webapi_port": null,
    "webapi_url": "https://mriqc.nimh.nih.gov/api/v1"
  },
  "size_t": 281,
  "size_x": 84,
  "size_y": 84,
  "size_z": 54,
  "snr": 2.665690804510378,
  "spacing_tr": 1.2239999771118164,
  "spacing_x": 2.5,
  "spacing_y": 2.5,
  "spacing_z": 2.5,
  "summary_bg_k": 26.837645161678225,
  "summary_bg_mad": 76.2643208456621,
  "summary_bg_mean": 704.6190795898438,
  "summary_bg_median": 92.35409545898438,
  "summary_bg_n": 224102.0,
  "summary_bg_p05": 36.74732971191406,
  "summary_bg_p95": 3687.040832519523,
  "summary_bg_stdv": 1609.14794921875,
  "summary_fg_k": 0.43483430524612876,
  "summary_fg_mad": 3219.4258340193155,
  "summary_fg_mean": 9326.4248046875,
  "summary_fg_median": 8779.68359375,
  "summary_fg_n": 87787.0,
  "summary_fg_p05": 4991.742236328125,
  "summary_fg_p95": 15539.64912109375,
  "summary_fg_stdv": 3293.56787109375,
  "tsnr": 56.476063875015825
}