{
  "aor": 0.0011448591549295774,
  "aqi": 0.0028067814436619717,
  "bids_meta": {
    "AcquisitionDateTime": "2019-11-07T14:07:13.117500",
    "AcquisitionMatrixPE": 84,
    "AcquisitionNumber": 1,
    "AcquisitionTime": "14:07:13.117500",
    "BandwidthPerPixelPhaseEncode": 23.81,
    "BaseResolution": 84,
    "BodyPartExamined": "HEAD",
    "ConsistencyInfo": "N4_VE11C_LATEST_20160120",
    "ConversionSoftware": "dcm2niix",
    "ConversionSoftwareVersion": "v1.0.20171215 GCC5.1.0",
    "DerivedVendorReportedEchoSpacing": 0.00049999,
    "DeviceSerialNumber": "66072",
    "DwellTime": 2.2e-06,
    "EchoTime": 0.03,
    "EchoTrainLength": 84,
    "EffectiveEchoSpacing": 0.00049999,
    "FlipAngle": 65,
    "ImageComments": "Unaliased_MB3_PE3_LB_SENSE1",
    "ImageOrientationPatientDICOM": [
      0.998079,
      0.0584942,
      -0.0204051,
      -0.0565003,
      0.994565,
      0.0874557
    ],
    "ImageType": [
      "ORIGINAL",
      "PRIMARY",
      "M",
      "MB",
      "ND",
      "MOSAIC"
    ],
    "InPlanePhaseEncodingDirectionDICOM": "COL",
    "InstitutionAddress": "Boulevard_Jean_Moulin_27_Marseille_District_FR_13005",
    "InstitutionName": "Universite_d_aix_Marseille",
    "InstitutionalDepartmentName": "Department",
    "MRAcquisitionType": "2D",
    "MagneticFieldStrength": 3,
    "Manufacturer": "Siemens",
    "ManufacturersModelName": "Prisma",
    "Modality": "MR",
    "MultibandAccelerationFactor": 3,
    "PartialFourier": 1,
    "PatientPosition": "HFS",
    "PercentPhaseFOV": 100,
    "PhaseEncodingDirection": "j-",
    "PhaseEncodingSteps": 84,
    "PhaseResolution": 1,
    "PixelBandwidth": 2705,
    "ProcedureStepDescription": "Projets_archives_Aging",
    "ProtocolName": "task-illusion_run4_bold",
    "PulseSequenceDetails": "%CustomerSeq%_cmrr_mbep2d_bold",
    "ReceiveCoilActiveElements": "HC1-7",
    "ReceiveCoilName": "HeadNeck_64",
    "ReconMatrixPE": 84,
    "RepetitionTime": 1.224,
    "SAR": 0.0755613,
    "ScanOptions": "FS",
    "ScanningSequence": "EP",
    "SequenceName": "epfid2d1_84",
    "SequenceVariant": "SK_SS",
    "SeriesDescription": "task-illusion_run4_bold",
    "SeriesNumber": 22,
    "ShimSetting": [
      -602,
      -10780,
      -533,
      485,
      108,
      56,
      -59,
      20
    ],
    "SliceThickness": 2.5,
    "SliceTiming": [
      1.1375,
      1.07,
      1.0025,
      0.935,
      0.87,
      0.8025,
      0.735,
      0.6675,
      0.6025,
      0.535,
      0.4675,
      0.4,
      0.335,
      0.2675,
      0.2,
      0.1325,
      0.0675,
      0,
      1.1375,
      1.07,
      1.0025,
      0.935,
      0.87,
      0.8025,
      0.735,
      0.6675,
      0.6025,
      0.535,
      0.4675,
      0.4,
      0.335,
      0.2675,
      0.2,
      0.1325,
      0.0675,
      0,
      1.1375,
      1.07,
      1.0025,
      0.935,
      0.87,
      0.8025,
      0.735,
      0.6675,
      0.6025,
      0.535,
      0.4675,
      0.4,
      0.335,
      0.2675,
      0.2,
      0.1325,
      0.0675,
      0
    ],
    "SoftwareVersions": "syngo_MR_E11",
    "SpacingBetweenSlices": 2.5,
    "StationName": "AWP66072",
    "TaskName": "illusion",
    "TotalReadoutTime": 0.04199916,
    "TxRefAmp": 239.629,
    "dataset": "ds002872",
    "modality": "bold",
    "run_id": 4,
    "subject_id": "41",
    "task_id": "illusion"
  },
  "dummy_trs": 0,
  "dvars_nstd": 28.351884653392226,
  "dvars_std": 1.1398672521554771,
  "dvars_vstd": 1.0087977172791518,
  "efc": 0.509100945784106,
  "fber": 11624.376953125,
  "fd_mean": 0.08568658131872173,
  "fd_num": 12,
  "fd_perc": 4.225352112676056,
  "fwhm_avg": 2.8495786666666665,
  "fwhm_x": 2.578708,
  "fwhm_y": 2.99308,
  "fwhm_z": 2.976948,
  "gcor": 0.0231991,
  "gsr_x": -0.008983275853097439,
  "gsr_y": 0.04259812831878662,
  "provenance": {
    "md5sum": "2b9246f921f8cc9bf88d19476545878d",
    "settings": {
      "fd_thres": 0.2,
      "testing": false
    },
    "software": "mriqc",
    "version": "23.0.1",
    "webapi_port": null,
    "webapi_url": "https://mriqc.nimh.nih.gov/api/v1"
  },
  "size_t": 284,
  "size_x": 84,
  "size_y": 84,
  "size_z": 54,
  "snr": 2.5506061253443337,
  "spacing_tr": 1.2239999771118164,
  "spacing_x": 2.5,
  "spacing_y": 2.5,
  "spacing_z": 2.5,
  "summary_bg_k": 28.617525494865163,
  "summary_bg_mad": 70.07889176658202,
  "summary_bg_mean": 559.3193969726562,
  "summary_bg_median": 88.64944458007812,
  "summary_bg_n": 231859.0,
  "summary_bg_p05": 37.04383506774902,
  "summary_bg_p95": 2962.6149902343705,
  "summary_bg_stdv": 1265.9337158203125,
  "summary_fg_k": 0.9127362984734528,
  "summary_fg_mad": 3764.9257203026687,
  "summary_fg_mean": 10766.173828125,
  "summary_fg_median": 10067.4072265625,
  "summary_fg_n": 81875.0,
  "summary_fg_p05": 5647.271240234375,
  "summary_fg_p95": 18260.8130859375,
  "summary_fg_stdv": 3947.04052734375,
  "tsnr": 55.09499740600586
}