{
  "bids_meta": {
    "AcquisitionDateTime": "2019-11-15T11:17:23.000000",
    "AcquisitionMatrixPE": 320,
    "AcquisitionNumber": 1,
    "AcquisitionTime": "11:17:23.000000",
    "BaseResolution": 320,
    "BodyPartExamined": "HEAD",
    "ConsistencyInfo": "N4_VE11C_LATEST_20160120",
    "ConversionSoftware": "dcm2niix",
    "ConversionSoftwareVersion": "v1.0.20171215 GCC5.1.0",
    "DeviceSerialNumber": "66072",
    "DwellTime": 7.4e-06,
    "EchoTime": 0.00228,
    "FlipAngle": 8,
    "ImageOrientationPatientDICOM": [
      -0.0473797,
      0.991442,
      0.121645,
      0.0232334,
      0.122843,
      -0.992154
    ],
    "ImageType": [
      "ORIGINAL",
      "PRIMARY",
      "M",
      "ND",
      "NORM"
    ],
    "InPlanePhaseEncodingDirectionDICOM": "ROW",
    "InstitutionAddress": "Boulevard_Jean_Moulin_27_Marseille_District_FR_13005",
    "InstitutionName": "Universite_d_aix_Marseille",
    "InstitutionalDepartmentName": "Department",
    "InversionTime": 1.01,
    "MRAcquisitionType": "3D",
    "MagneticFieldStrength": 3,
    "Manufacturer": "Siemens",
    "ManufacturersModelName": "Prisma",
    "Modality": "MR",
    "ParallelReductionFactorInPlane": 2,
    "PartialFourier": 1,
    "PatientPosition": "HFS",
    "PercentPhaseFOV": 100,
    "PhaseEncodingSteps": 319,
    "PhaseResolution": 1,
    "PixelBandwidth": 210,
    "ProcedureStepDescription": "Projets_archives_Aging",
    "ProtocolName": "T1w",
    "PulseSequenceDetails": "%SiemensSeq%_tfl",
    "ReceiveCoilActiveElements": "HC1-7;NC1,2",
    "ReceiveCoilName": "HeadNeck_64",
    "ReconMatrixPE": 320,
    "RepetitionTime": 2.4,
    "SAR": 0.0566088,
    "ScanOptions": "IR_WE",
    "ScanningSequence": "GR_IR",
    "SequenceName": "_tfl3d1_16ns",
    "SequenceVariant": "SK_SP_MP",
    "SeriesDescription": "T1w",
    "SeriesNumber": 23,
    "ShimSetting": [
      -593,
      -10792,
      -668,
      -143,
      89,
      -191,
      55,
      -20
    ],
    "SliceThickness": 0.8,
    "SoftwareVersions": "syngo_MR_E11",
    "StationName": "AWP66072",
    "TxRefAmp": 227.611,
    "dataset": "ds002872",
    "modality": "T1w",
    "subject_id": "37"
  },
  "cjv": 0.35216548245932355,
  "cnr": 3.758246177793831,
  "efc": 0.5812391500258604,
  "fber": 41502.96794431918,
  "fwhm_avg": 4.4718482225090055,
  "fwhm_x": 4.444269801209429,
  "fwhm_y": 4.367062434925699,
  "fwhm_z": 4.604212431391889,
  "icvs_csf": 0.18764362816568497,
  "icvs_gm": 0.4501934120657349,
  "icvs_wm": 0.36216295976858015,
  "inu_med": 0.6363872289657593,
  "inu_range": 0.3686839818954467,
  "provenance": {
    "md5sum": "82b90cf4a059a1be9f11d9795bef0d73",
    "settings": {
      "testing": false
    },
    "software": "mriqc",
    "version": "23.0.1",
    "warnings": {
      "large_rot_frame": true,
      "small_air_mask": false
    },
    "webapi_port": null,
    "webapi_url": "https://mriqc.nimh.nih.gov/api/v1"
  },
  "qi_1": 0.0,
  "qi_2": 0.002876338682794636,
  "rpve_csf": 32.741051621950405,
  "rpve_gm": 15.037488702721724,
  "rpve_wm": 20.791396762182885,
  "size_x": 256,
  "size_y": 320,
  "size_z": 320,
  "snr_csf": 2.64236221123068,
  "snr_gm": 13.32551041372012,
  "snr_total": 13.373539332963906,
  "snr_wm": 24.152745373940913,
  "snrd_csf": 14.767690862064333,
  "snrd_gm": 39.237222004030606,
  "snrd_total": 35.76237047218223,
  "snrd_wm": 53.28219855045176,
  "spacing_x": 0.7999964356422424,
  "spacing_y": 0.800000011920929,
  "spacing_z": 0.800000011920929,
  "summary_bg_k": 3139.3602437765035,
  "summary_bg_mad": 0.0,
  "summary_bg_mean": 4.148020774391562,
  "summary_bg_median": 0.0,
  "summary_bg_n": 3658186.0,
  "summary_bg_p05": 0.0,
  "summary_bg_p95": 17.58220497891307,
  "summary_bg_stdv": 12.295990984245938,
  "summary_csf_k": 1.3948204361979153,
  "summary_csf_mad": 88.1145381784498,
  "summary_csf_mean": 284.1883493691985,
  "summary_csf_median": 277.168836440891,
  "summary_csf_n": 81005.0,
  "summary_csf_p05": 118.9932775720954,
  "summary_csf_p95": 473.684530773759,
  "summary_csf_stdv": 104.89369112396696,
  "summary_gm_k": 0.21552985578698536,
  "summary_gm_mad": 53.945731323961695,
  "summary_gm_mean": 736.7459947388745,
  "summary_gm_median": 736.4276019595563,
  "summary_gm_n": 135698.0,
  "summary_gm_p05": 646.6844277344644,
  "summary_gm_p95": 827.9064966030419,
  "summary_gm_stdv": 55.26429124368728,
  "summary_wm_k": 0.5673668460956476,
  "summary_wm_mad": 38.88667558335048,
  "summary_wm_mean": 1001.3367410301895,
  "summary_wm_median": 1000.0321047604084,
  "summary_wm_n": 448433.0,
  "summary_wm_p05": 935.8618780329824,
  "summary_wm_p95": 1071.4859286509454,
  "summary_wm_stdv": 41.40444385296195,
  "tpm_overlap_csf": 0.15007290971702258,
  "tpm_overlap_gm": 0.45267139542420287,
  "tpm_overlap_wm": 0.4866903222989516,
  "wm2max": 0.7308604853297
}