{
  "aor": 0.0019528268551236752,
  "aqi": 0.007907661060070672,
  "bids_meta": {
    "EchoTime": 0.03,
    "EffectiveEchoSpacing": 0.00049999,
    "FlipAngle": 65,
    "ImageType": [
      "ORIGINAL",
      "PRIMARY",
      "M",
      "MB",
      "ND",
      "MOSAI"
    ],
    "MagneticFieldStrength": 3,
    "Manufacturer": "Siemens",
    "ManufacturersModelName": "Prisma",
    "PhaseEncodingDirection": "j-",
    "RepetitionTime": 1.224,
    "SliceTiming": [
      1.1375,
      1.07,
      1.0025,
      0.9375,
      0.87,
      0.8025,
      0.735,
      0.67,
      0.6025,
      0.535,
      0.4675,
      0.4025,
      0.335,
      0.2675,
      0.2,
      0.135,
      0.0675,
      0,
      1.1375,
      1.07,
      1.0025,
      0.9375,
      0.87,
      0.8025,
      0.735,
      0.67,
      0.6025,
      0.535,
      0.4675,
      0.4025,
      0.335,
      0.2675,
      0.2,
      0.135,
      0.0675,
      0,
      1.1375,
      1.07,
      1.0025,
      0.9375,
      0.87,
      0.8025,
      0.735,
      0.67,
      0.6025,
      0.535,
      0.4675,
      0.4025,
      0.335,
      0.2675,
      0.2,
      0.135,
      0.0675,
      0
    ],
    "TaskName": "illusion",
    "dataset": "ds002872",
    "modality": "bold",
    "run_id": 2,
    "subject_id": "14",
    "task_id": "illusion"
  },
  "dummy_trs": 1,
  "dvars_nstd": 32.47353611255321,
  "dvars_std": 1.0900710634397173,
  "dvars_vstd": 0.9852826756382977,
  "efc": 0.49938412717312347,
  "fber": 11093.1123046875,
  "fd_mean": 0.18299883655998458,
  "fd_num": 82,
  "fd_perc": 28.975265017667844,
  "fwhm_avg": 2.7898133333333335,
  "fwhm_x": 2.561008,
  "fwhm_y": 2.921724,
  "fwhm_z": 2.886708,
  "gcor": 0.00697629,
  "gsr_x": -0.014443214982748032,
  "gsr_y": 0.034008804708719254,
  "provenance": {
    "md5sum": "a0cec0054bc2a72d2151d403a1ff8e00",
    "settings": {
      "fd_thres": 0.2,
      "testing": false
    },
    "software": "mriqc",
    "version": "23.0.1",
    "webapi_port": null,
    "webapi_url": "https://mriqc.nimh.nih.gov/api/v1"
  },
  "size_t": 283,
  "size_x": 84,
  "size_y": 84,
  "size_z": 54,
  "snr": 3.0523110412368766,
  "spacing_tr": 1.2239999771118164,
  "spacing_x": 2.5,
  "spacing_y": 2.5,
  "spacing_z": 2.5,
  "summary_bg_k": 42.89867654711675,
  "summary_bg_mad": 61.247713602167956,
  "summary_bg_mean": 379.2325439453125,
  "summary_bg_median": 77.64311218261719,
  "summary_bg_n": 238281.0,
  "summary_bg_p05": 30.515901565551758,
  "summary_bg_p95": 1778.7562255859375,
  "summary_bg_stdv": 877.8644409179688,
  "summary_fg_k": 0.6797290634495123,
  "summary_fg_mad": 2730.580464152099,
  "summary_fg_mean": 8865.716796875,
  "summary_fg_median": 8473.8017578125,
  "summary_fg_n": 78115.0,
  "summary_fg_p05": 5104.7185546875,
  "summary_fg_p95": 13924.287304687501,
  "summary_fg_stdv": 2776.17431640625,
  "tsnr": 41.28765852923971
}