{
  "aor": 0.0014450352112676053,
  "aqi": 0.005072894612676057,
  "bids_meta": {
    "EchoTime": 0.03,
    "EffectiveEchoSpacing": 0.00049999,
    "FlipAngle": 65,
    "ImageType": [
      "ORIGINAL",
      "PRIMARY",
      "M",
      "MB",
      "ND",
      "MOSAI"
    ],
    "MagneticFieldStrength": 3,
    "Manufacturer": "Siemens",
    "ManufacturersModelName": "Prisma",
    "PhaseEncodingDirection": "j-",
    "RepetitionTime": 1.224,
    "SliceTiming": [
      1.1375,
      1.07,
      1.0025,
      0.935,
      0.87,
      0.8025,
      0.735,
      0.6675,
      0.6025,
      0.535,
      0.4675,
      0.4,
      0.335,
      0.2675,
      0.2,
      0.1325,
      0.0675,
      0,
      1.1375,
      1.07,
      1.0025,
      0.935,
      0.87,
      0.8025,
      0.735,
      0.6675,
      0.6025,
      0.535,
      0.4675,
      0.4,
      0.335,
      0.2675,
      0.2,
      0.1325,
      0.0675,
      0,
      1.1375,
      1.07,
      1.0025,
      0.935,
      0.87,
      0.8025,
      0.735,
      0.6675,
      0.6025,
      0.535,
      0.4675,
      0.4,
      0.335,
      0.2675,
      0.2,
      0.1325,
      0.0675,
      0
    ],
    "TaskName": "illusion",
    "dataset": "ds002872",
    "modality": "bold",
    "run_id": 1,
    "subject_id": "14",
    "task_id": "illusion"
  },
  "dummy_trs": 0,
  "dvars_nstd": 31.50608457706712,
  "dvars_std": 1.1116915345583036,
  "dvars_vstd": 0.9867501528268559,
  "efc": 0.49865315053335674,
  "fber": 12006.1396484375,
  "fd_mean": 0.14153075771899457,
  "fd_num": 42,
  "fd_perc": 14.788732394366198,
  "fwhm_avg": 2.770365333333333,
  "fwhm_x": 2.549988,
  "fwhm_y": 2.9175,
  "fwhm_z": 2.843608,
  "gcor": 0.010021,
  "gsr_x": -0.014919836074113846,
  "gsr_y": 0.036067962646484375,
  "provenance": {
    "md5sum": "a36cf366155637bf11ba4ec9769568e2",
    "settings": {
      "fd_thres": 0.2,
      "testing": false
    },
    "software": "mriqc",
    "version": "23.0.1",
    "webapi_port": null,
    "webapi_url": "https://mriqc.nimh.nih.gov/api/v1"
  },
  "size_t": 284,
  "size_x": 84,
  "size_y": 84,
  "size_z": 54,
  "snr": 3.039356694866141,
  "spacing_tr": 1.2239999771118164,
  "spacing_x": 2.5,
  "spacing_y": 2.5,
  "spacing_z": 2.5,
  "summary_bg_k": 46.54545453154136,
  "summary_bg_mad": 58.34352828188442,
  "summary_bg_mean": 377.6102294921875,
  "summary_bg_median": 74.66197204589844,
  "summary_bg_n": 238073.0,
  "summary_bg_p05": 28.105632781982422,
  "summary_bg_p95": 1758.457031249999,
  "summary_bg_stdv": 899.3541259765625,
  "summary_fg_k": 0.7109413148622834,
  "summary_fg_mad": 2736.533314758921,
  "summary_fg_mean": 8846.8896484375,
  "summary_fg_median": 8452.693359375,
  "summary_fg_n": 78389.0,
  "summary_fg_p05": 5080.93232421875,
  "summary_fg_p95": 13892.66660156249,
  "summary_fg_stdv": 2781.06201171875,
  "tsnr": 47.09054100536741
}