{
  "aor": 0.0017586619718309858,
  "aqi": 0.005948368908450705,
  "bids_meta": {
    "EchoTime": 0.03,
    "EffectiveEchoSpacing": 0.00049999,
    "FlipAngle": 65,
    "ImageType": [
      "ORIGINAL",
      "PRIMARY",
      "M",
      "MB",
      "ND",
      "MOSAI"
    ],
    "MagneticFieldStrength": 3,
    "Manufacturer": "Siemens",
    "ManufacturersModelName": "Prisma",
    "PhaseEncodingDirection": "j-",
    "RepetitionTime": 1.224,
    "SliceTiming": [
      1.1375,
      1.07,
      1.0025,
      0.9375,
      0.87,
      0.8025,
      0.735,
      0.67,
      0.6025,
      0.535,
      0.4675,
      0.4025,
      0.335,
      0.2675,
      0.2,
      0.135,
      0.0675,
      0,
      1.1375,
      1.07,
      1.0025,
      0.9375,
      0.87,
      0.8025,
      0.735,
      0.67,
      0.6025,
      0.535,
      0.4675,
      0.4025,
      0.335,
      0.2675,
      0.2,
      0.135,
      0.0675,
      0,
      1.1375,
      1.07,
      1.0025,
      0.9375,
      0.87,
      0.8025,
      0.735,
      0.67,
      0.6025,
      0.535,
      0.4675,
      0.4025,
      0.335,
      0.2675,
      0.2,
      0.135,
      0.0675,
      0
    ],
    "TaskName": "illusion",
    "dataset": "ds002872",
    "modality": "bold",
    "run_id": 4,
    "subject_id": "14",
    "task_id": "illusion"
  },
  "dummy_trs": 0,
  "dvars_nstd": 33.340399698268556,
  "dvars_std": 1.1197568791166075,
  "dvars_vstd": 0.9981023381978813,
  "efc": 0.49915892481214774,
  "fber": 12367.19921875,
  "fd_mean": 0.20362111258572202,
  "fd_num": 90,
  "fd_perc": 31.690140845070424,
  "fwhm_avg": 2.7553666666666667,
  "fwhm_x": 2.534288,
  "fwhm_y": 2.903744,
  "fwhm_z": 2.828068,
  "gcor": 0.0119434,
  "gsr_x": -0.0144681166857481,
  "gsr_y": 0.032849572598934174,
  "provenance": {
    "md5sum": "2fd5f96eaa7ba012087d50db06fc547d",
    "settings": {
      "fd_thres": 0.2,
      "testing": false
    },
    "software": "mriqc",
    "version": "23.0.1",
    "webapi_port": null,
    "webapi_url": "https://mriqc.nimh.nih.gov/api/v1"
  },
  "size_t": 284,
  "size_x": 84,
  "size_y": 84,
  "size_z": 54,
  "snr": 3.0677060302342207,
  "spacing_tr": 1.2239999771118164,
  "spacing_x": 2.5,
  "spacing_y": 2.5,
  "spacing_z": 2.5,
  "summary_bg_k": 43.17787569919707,
  "summary_bg_mad": 56.58945914486819,
  "summary_bg_mean": 381.45416259765625,
  "summary_bg_median": 73.92253112792969,
  "summary_bg_n": 238431.0,
  "summary_bg_p05": 29.957746505737305,
  "summary_bg_p95": 1803.0069580078125,
  "summary_bg_stdv": 888.6709594726562,
  "summary_fg_k": 0.657343349371629,
  "summary_fg_mad": 2725.064141444573,
  "summary_fg_mean": 8867.9658203125,
  "summary_fg_median": 8480.908203125,
  "summary_fg_n": 77971.0,
  "summary_fg_p05": 5115.32568359375,
  "summary_fg_p95": 13885.70556640625,
  "summary_fg_stdv": 2764.558837890625,
  "tsnr": 44.61332902498543
}