{
  "aor": 0.00033180124223602486,
  "aqi": 0.005646745051759834,
  "bids_meta": {
    "EchoTime": 0.03,
    "EffectiveEchoSpacing": 0.00049999,
    "FlipAngle": 65,
    "ImageType": [
      "ORIGINAL",
      "PRIMARY",
      "M",
      "MB",
      "ND",
      "MOSAI"
    ],
    "MagneticFieldStrength": 3,
    "Manufacturer": "Siemens",
    "ManufacturersModelName": "Prisma",
    "PhaseEncodingDirection": "j-",
    "RepetitionTime": 1.224,
    "SliceTiming": [
      1.1375,
      1.07,
      1.0025,
      0.9375,
      0.87,
      0.8025,
      0.735,
      0.67,
      0.6025,
      0.535,
      0.4675,
      0.4025,
      0.335,
      0.2675,
      0.2,
      0.135,
      0.0675,
      0,
      1.1375,
      1.07,
      1.0025,
      0.9375,
      0.87,
      0.8025,
      0.735,
      0.67,
      0.6025,
      0.535,
      0.4675,
      0.4025,
      0.335,
      0.2675,
      0.2,
      0.135,
      0.0675,
      0,
      1.1375,
      1.07,
      1.0025,
      0.9375,
      0.87,
      0.8025,
      0.735,
      0.67,
      0.6025,
      0.535,
      0.4675,
      0.4025,
      0.335,
      0.2675,
      0.2,
      0.135,
      0.0675,
      0
    ],
    "TaskName": "rest",
    "dataset": "ds002872",
    "modality": "bold",
    "subject_id": "14",
    "task_id": "rest"
  },
  "dummy_trs": 1,
  "dvars_nstd": 29.85775354798756,
  "dvars_std": 1.100517769813279,
  "dvars_vstd": 0.9679184775933612,
  "efc": 0.4979254363577506,
  "fber": 13152.3623046875,
  "fd_mean": 0.12088622040506915,
  "fd_num": 14,
  "fd_perc": 2.898550724637681,
  "fwhm_avg": 2.7823386666666665,
  "fwhm_x": 2.569636,
  "fwhm_y": 2.898584,
  "fwhm_z": 2.8787960000000004,
  "gcor": 0.00575914,
  "gsr_x": -0.014126934111118317,
  "gsr_y": 0.033016499131917953,
  "provenance": {
    "md5sum": "f969187d64879ddfc2a3fa6eb710d6c5",
    "settings": {
      "fd_thres": 0.2,
      "testing": false
    },
    "software": "mriqc",
    "version": "23.0.1",
    "webapi_port": null,
    "webapi_url": "https://mriqc.nimh.nih.gov/api/v1"
  },
  "size_t": 483,
  "size_x": 84,
  "size_y": 84,
  "size_z": 54,
  "snr": 3.064112302181118,
  "spacing_tr": 1.2239999771118164,
  "spacing_x": 2.5,
  "spacing_y": 2.5,
  "spacing_z": 2.5,
  "summary_bg_k": 42.66033825777603,
  "summary_bg_mad": 52.222590906210186,
  "summary_bg_mean": 367.95135498046875,
  "summary_bg_median": 70.75362396240234,
  "summary_bg_n": 238295.0,
  "summary_bg_p05": 30.867494583129883,
  "summary_bg_p95": 1720.5254638671875,
  "summary_bg_stdv": 859.3302001953125,
  "summary_fg_k": 0.7037710708765452,
  "summary_fg_mad": 2720.417978828182,
  "summary_fg_mean": 8849.0322265625,
  "summary_fg_median": 8467.8115234375,
  "summary_fg_n": 78203.0,
  "summary_fg_p05": 5099.136767578125,
  "summary_fg_p95": 13837.297851562496,
  "summary_fg_stdv": 2763.527099609375,
  "tsnr": 46.72318607242778
}