{
  "aor": 0.0019106338028169014,
  "aqi": 0.006737699084507043,
  "bids_meta": {
    "EchoTime": 0.03,
    "EffectiveEchoSpacing": 0.00049999,
    "FlipAngle": 65,
    "ImageType": [
      "ORIGINAL",
      "PRIMARY",
      "M",
      "MB",
      "ND",
      "MOSAI"
    ],
    "MagneticFieldStrength": 3,
    "Manufacturer": "Siemens",
    "ManufacturersModelName": "Prisma",
    "PhaseEncodingDirection": "j-",
    "RepetitionTime": 1.224,
    "SliceTiming": [
      1.1375,
      1.07,
      1.0025,
      0.935,
      0.87,
      0.8025,
      0.735,
      0.6675,
      0.6025,
      0.535,
      0.4675,
      0.4,
      0.335,
      0.2675,
      0.2,
      0.1325,
      0.0675,
      0,
      1.1375,
      1.07,
      1.0025,
      0.935,
      0.87,
      0.8025,
      0.735,
      0.6675,
      0.6025,
      0.535,
      0.4675,
      0.4,
      0.335,
      0.2675,
      0.2,
      0.1325,
      0.0675,
      0,
      1.1375,
      1.07,
      1.0025,
      0.935,
      0.87,
      0.8025,
      0.735,
      0.6675,
      0.6025,
      0.535,
      0.4675,
      0.4,
      0.335,
      0.2675,
      0.2,
      0.1325,
      0.0675,
      0
    ],
    "TaskName": "illusion",
    "dataset": "ds002872",
    "modality": "bold",
    "run_id": 3,
    "subject_id": "14",
    "task_id": "illusion"
  },
  "dummy_trs": 0,
  "dvars_nstd": 34.8690191814841,
  "dvars_std": 1.1064100003886927,
  "dvars_vstd": 0.9860610246289754,
  "efc": 0.4986484722828622,
  "fber": 11939.20703125,
  "fd_mean": 0.22734054921074417,
  "fd_num": 113,
  "fd_perc": 39.7887323943662,
  "fwhm_avg": 2.7599626666666666,
  "fwhm_x": 2.5307,
  "fwhm_y": 2.909752,
  "fwhm_z": 2.839436,
  "gcor": 0.0108026,
  "gsr_x": -0.014506841078400612,
  "gsr_y": 0.03235303983092308,
  "provenance": {
    "md5sum": "262113c4c97d5e41fd0e2e361920a853",
    "settings": {
      "fd_thres": 0.2,
      "testing": false
    },
    "software": "mriqc",
    "version": "23.0.1",
    "webapi_port": null,
    "webapi_url": "https://mriqc.nimh.nih.gov/api/v1"
  },
  "size_t": 284,
  "size_x": 84,
  "size_y": 84,
  "size_z": 54,
  "snr": 3.0506317273908063,
  "spacing_tr": 1.2239999771118164,
  "spacing_x": 2.5,
  "spacing_y": 2.5,
  "spacing_z": 2.5,
  "summary_bg_k": 42.7051183187577,
  "summary_bg_mad": 59.33540988847116,
  "summary_bg_mean": 377.9169006347656,
  "summary_bg_median": 75.18309783935547,
  "summary_bg_n": 238526.0,
  "summary_bg_p05": 28.620598793029785,
  "summary_bg_p95": 1775.6337890625,
  "summary_bg_stdv": 875.2529907226562,
  "summary_fg_k": 0.6408218504123742,
  "summary_fg_mad": 2735.495203635221,
  "summary_fg_mean": 8858.59375,
  "summary_fg_median": 8469.9365234375,
  "summary_fg_n": 78201.0,
  "summary_fg_p05": 5086.3271484375,
  "summary_fg_p95": 13895.9716796875,
  "summary_fg_stdv": 2776.435546875,
  "tsnr": 42.63992422865704
}