{
  "aor": 0.0007882685512367491,
  "aqi": 0.0041536081625441704,
  "bids_meta": {
    "EchoTime": 0.03,
    "EffectiveEchoSpacing": 0.00049999,
    "FlipAngle": 65,
    "ImageType": [
      "ORIGINAL",
      "PRIMARY",
      "M",
      "MB",
      "ND",
      "MOSAI"
    ],
    "MagneticFieldStrength": 3,
    "Manufacturer": "Siemens",
    "ManufacturersModelName": "Prisma",
    "PhaseEncodingDirection": "j-",
    "RepetitionTime": 1.224,
    "SliceTiming": [
      1.1375,
      1.0725,
      1.005,
      0.9375,
      0.87,
      0.805,
      0.7375,
      0.67,
      0.6025,
      0.5375,
      0.47,
      0.4025,
      0.335,
      0.2675,
      0.2025,
      0.135,
      0.0675,
      0,
      1.1375,
      1.0725,
      1.005,
      0.9375,
      0.87,
      0.805,
      0.7375,
      0.67,
      0.6025,
      0.5375,
      0.47,
      0.4025,
      0.335,
      0.2675,
      0.2025,
      0.135,
      0.0675,
      0,
      1.1375,
      1.0725,
      1.005,
      0.9375,
      0.87,
      0.805,
      0.7375,
      0.67,
      0.6025,
      0.5375,
      0.47,
      0.4025,
      0.335,
      0.2675,
      0.2025,
      0.135,
      0.0675,
      0
    ],
    "TaskName": "illusion",
    "dataset": "ds002872",
    "modality": "bold",
    "run_id": 3,
    "subject_id": "29",
    "task_id": "illusion"
  },
  "dummy_trs": 1,
  "dvars_nstd": 32.37395148567377,
  "dvars_std": 1.1085760842907801,
  "dvars_vstd": 1.0015230089716312,
  "efc": 0.48587558653634294,
  "fber": 17504.46875,
  "fd_mean": 0.18568520797165164,
  "fd_num": 93,
  "fd_perc": 32.86219081272085,
  "fwhm_avg": 2.7354266666666667,
  "fwhm_x": 2.486548,
  "fwhm_y": 2.92246,
  "fwhm_z": 2.797272,
  "gcor": 0.00952876,
  "gsr_x": -0.0028138570487499237,
  "gsr_y": 0.044472355395555496,
  "provenance": {
    "md5sum": "3157633c3f4db6d5aa60a59add333227",
    "settings": {
      "fd_thres": 0.2,
      "testing": false
    },
    "software": "mriqc",
    "version": "23.0.1",
    "webapi_port": null,
    "webapi_url": "https://mriqc.nimh.nih.gov/api/v1"
  },
  "size_t": 283,
  "size_x": 84,
  "size_y": 84,
  "size_z": 54,
  "snr": 3.1953059849249406,
  "spacing_tr": 1.2239999771118164,
  "spacing_x": 2.5,
  "spacing_y": 2.5,
  "spacing_z": 2.5,
  "summary_bg_k": 73.99343899330606,
  "summary_bg_mad": 43.15262999008215,
  "summary_bg_mean": 407.5130310058594,
  "summary_bg_median": 66.77031707763672,
  "summary_bg_n": 243321.0,
  "summary_bg_p05": 32.36749267578125,
  "summary_bg_p95": 1924.530029296875,
  "summary_bg_stdv": 1089.4246826171875,
  "summary_fg_k": 0.2757759182684554,
  "summary_fg_mad": 2900.305117535223,
  "summary_fg_mean": 9484.09765625,
  "summary_fg_median": 9133.8798828125,
  "summary_fg_n": 72931.0,
  "summary_fg_p05": 5475.498291015625,
  "summary_fg_p95": 14618.31103515625,
  "summary_fg_stdv": 2858.510986328125,
  "tsnr": 49.25353654799983
}