{
  "aor": 0.0007702826855123675,
  "aqi": 0.0030241651943462896,
  "bids_meta": {
    "EchoTime": 0.03,
    "EffectiveEchoSpacing": 0.00049999,
    "FlipAngle": 65,
    "ImageType": [
      "ORIGINAL",
      "PRIMARY",
      "M",
      "MB",
      "ND",
      "MOSAI"
    ],
    "MagneticFieldStrength": 3,
    "Manufacturer": "Siemens",
    "ManufacturersModelName": "Prisma",
    "PhaseEncodingDirection": "j-",
    "RepetitionTime": 1.224,
    "SliceTiming": [
      1.1375,
      1.07,
      1.0025,
      0.935,
      0.87,
      0.8025,
      0.735,
      0.6675,
      0.6025,
      0.535,
      0.4675,
      0.4,
      0.335,
      0.2675,
      0.2,
      0.1325,
      0.0675,
      0,
      1.1375,
      1.07,
      1.0025,
      0.935,
      0.87,
      0.8025,
      0.735,
      0.6675,
      0.6025,
      0.535,
      0.4675,
      0.4,
      0.335,
      0.2675,
      0.2,
      0.1325,
      0.0675,
      0,
      1.1375,
      1.07,
      1.0025,
      0.935,
      0.87,
      0.8025,
      0.735,
      0.6675,
      0.6025,
      0.535,
      0.4675,
      0.4,
      0.335,
      0.2675,
      0.2,
      0.1325,
      0.0675,
      0
    ],
    "TaskName": "illusion",
    "dataset": "ds002872",
    "modality": "bold",
    "run_id": 4,
    "subject_id": "06",
    "task_id": "illusion"
  },
  "dummy_trs": 1,
  "dvars_nstd": 29.8886533631915,
  "dvars_std": 1.1646437825886533,
  "dvars_vstd": 1.0107088291843964,
  "efc": 0.470786074234093,
  "fber": 20602.958984375,
  "fd_mean": 0.08850291684763802,
  "fd_num": 2,
  "fd_perc": 0.7067137809187279,
  "fwhm_avg": 2.6192813333333334,
  "fwhm_x": 2.431356,
  "fwhm_y": 2.8022400000000003,
  "fwhm_z": 2.624248,
  "gcor": 0.020612,
  "gsr_x": -0.0010405144421383739,
  "gsr_y": 0.032798174768686295,
  "provenance": {
    "md5sum": "068b660a71bd3ca62b763a498c536a84",
    "settings": {
      "fd_thres": 0.2,
      "testing": false
    },
    "software": "mriqc",
    "version": "23.0.1",
    "webapi_port": null,
    "webapi_url": "https://mriqc.nimh.nih.gov/api/v1"
  },
  "size_t": 283,
  "size_x": 84,
  "size_y": 84,
  "size_z": 54,
  "snr": 3.3855669387906766,
  "spacing_tr": 1.2239999771118164,
  "spacing_x": 2.5,
  "spacing_y": 2.5,
  "spacing_z": 2.5,
  "summary_bg_k": 75.73889756689928,
  "summary_bg_mad": 31.689966361836284,
  "summary_bg_mean": 346.470458984375,
  "summary_bg_median": 60.279151916503906,
  "summary_bg_n": 248911.0,
  "summary_bg_p05": 34.23674774169922,
  "summary_bg_p95": 1566.4646606445312,
  "summary_bg_stdv": 991.316650390625,
  "summary_fg_k": 0.1390392602566295,
  "summary_fg_mad": 2669.7626443381955,
  "summary_fg_mean": 9102.3037109375,
  "summary_fg_median": 8818.1630859375,
  "summary_fg_n": 69043.0,
  "summary_fg_p05": 5438.88408203125,
  "summary_fg_p95": 13798.206445312497,
  "summary_fg_stdv": 2604.615234375,
  "tsnr": 56.96552812657319
}