{
  "aor": 0.0006732862190812722,
  "aqi": 0.003844106466431096,
  "bids_meta": {
    "EchoTime": 0.03,
    "EffectiveEchoSpacing": 0.00049999,
    "FlipAngle": 65,
    "ImageType": [
      "ORIGINAL",
      "PRIMARY",
      "M",
      "MB",
      "ND",
      "MOSAI"
    ],
    "MagneticFieldStrength": 3,
    "Manufacturer": "Siemens",
    "ManufacturersModelName": "Prisma",
    "PhaseEncodingDirection": "j-",
    "RepetitionTime": 1.224,
    "SliceTiming": [
      1.1375,
      1.07,
      1.0025,
      0.9375,
      0.87,
      0.8025,
      0.735,
      0.67,
      0.6025,
      0.535,
      0.4675,
      0.4025,
      0.335,
      0.2675,
      0.2,
      0.135,
      0.0675,
      0,
      1.1375,
      1.07,
      1.0025,
      0.9375,
      0.87,
      0.8025,
      0.735,
      0.67,
      0.6025,
      0.535,
      0.4675,
      0.4025,
      0.335,
      0.2675,
      0.2,
      0.135,
      0.0675,
      0,
      1.1375,
      1.07,
      1.0025,
      0.9375,
      0.87,
      0.8025,
      0.735,
      0.67,
      0.6025,
      0.535,
      0.4675,
      0.4025,
      0.335,
      0.2675,
      0.2,
      0.135,
      0.0675,
      0
    ],
    "TaskName": "illusion",
    "dataset": "ds002872",
    "modality": "bold",
    "run_id": 1,
    "subject_id": "06",
    "task_id": "illusion"
  },
  "dummy_trs": 1,
  "dvars_nstd": 29.93248587166665,
  "dvars_std": 1.1433753675886522,
  "dvars_vstd": 0.9968240999999995,
  "efc": 0.4706077467119537,
  "fber": 19638.64453125,
  "fd_mean": 0.09455990296600911,
  "fd_num": 6,
  "fd_perc": 2.1201413427561837,
  "fwhm_avg": 2.6248546666666663,
  "fwhm_x": 2.42894,
  "fwhm_y": 2.810152,
  "fwhm_z": 2.635472,
  "gcor": 0.0266694,
  "gsr_x": 0.0005345366080291569,
  "gsr_y": 0.024780327454209328,
  "provenance": {
    "md5sum": "2945e49738f830e3b117b83fb6db2ee4",
    "settings": {
      "fd_thres": 0.2,
      "testing": false
    },
    "software": "mriqc",
    "version": "23.0.1",
    "webapi_port": null,
    "webapi_url": "https://mriqc.nimh.nih.gov/api/v1"
  },
  "size_t": 283,
  "size_x": 84,
  "size_y": 84,
  "size_z": 54,
  "snr": 3.3762663080461186,
  "spacing_tr": 1.2239999771118164,
  "spacing_x": 2.5,
  "spacing_y": 2.5,
  "spacing_z": 2.5,
  "summary_bg_k": 74.05484117593073,
  "summary_bg_mad": 35.83391885517382,
  "summary_bg_mean": 326.3378601074219,
  "summary_bg_median": 61.897525787353516,
  "summary_bg_n": 247872.0,
  "summary_bg_p05": 31.23321533203125,
  "summary_bg_p95": 1480.2682128906235,
  "summary_bg_stdv": 891.4652709960938,
  "summary_fg_k": 0.16172876336758035,
  "summary_fg_mad": 2696.513189835373,
  "summary_fg_mean": 9165.1181640625,
  "summary_fg_median": 8869.462890625,
  "summary_fg_n": 69235.0,
  "summary_fg_p05": 5476.305859375,
  "summary_fg_p95": 13923.17626953125,
  "summary_fg_stdv": 2626.984375,
  "tsnr": 53.440109729301184
}