{
  "aor": 0.0007153356890459364,
  "aqi": 0.003023763498233215,
  "bids_meta": {
    "EchoTime": 0.03,
    "EffectiveEchoSpacing": 0.00049999,
    "FlipAngle": 65,
    "ImageType": [
      "ORIGINAL",
      "PRIMARY",
      "M",
      "MB",
      "ND",
      "MOSAI"
    ],
    "MagneticFieldStrength": 3,
    "Manufacturer": "Siemens",
    "ManufacturersModelName": "Prisma",
    "PhaseEncodingDirection": "j-",
    "RepetitionTime": 1.224,
    "SliceTiming": [
      1.135,
      1.07,
      1.0025,
      0.935,
      0.8675,
      0.8025,
      0.735,
      0.6675,
      0.6,
      0.535,
      0.4675,
      0.4,
      0.3325,
      0.2675,
      0.2,
      0.1325,
      0.065,
      0,
      1.135,
      1.07,
      1.0025,
      0.935,
      0.8675,
      0.8025,
      0.735,
      0.6675,
      0.6,
      0.535,
      0.4675,
      0.4,
      0.3325,
      0.2675,
      0.2,
      0.1325,
      0.065,
      0,
      1.135,
      1.07,
      1.0025,
      0.935,
      0.8675,
      0.8025,
      0.735,
      0.6675,
      0.6,
      0.535,
      0.4675,
      0.4,
      0.3325,
      0.2675,
      0.2,
      0.1325,
      0.065,
      0
    ],
    "TaskName": "illusion",
    "dataset": "ds002872",
    "modality": "bold",
    "run_id": 3,
    "subject_id": "06",
    "task_id": "illusion"
  },
  "dummy_trs": 1,
  "dvars_nstd": 29.481009605141836,
  "dvars_std": 1.156582842872341,
  "dvars_vstd": 1.00950365358156,
  "efc": 0.4708369502082208,
  "fber": 19645.873046875,
  "fd_mean": 0.08680835288897143,
  "fd_num": 2,
  "fd_perc": 0.7067137809187279,
  "fwhm_avg": 2.6208613333333335,
  "fwhm_x": 2.4319040000000003,
  "fwhm_y": 2.793544,
  "fwhm_z": 2.637136,
  "gcor": 0.0213652,
  "gsr_x": -0.001625632168725133,
  "gsr_y": 0.03208243474364281,
  "provenance": {
    "md5sum": "ed3b8f1dba342a0657ebfab05487bbed",
    "settings": {
      "fd_thres": 0.2,
      "testing": false
    },
    "software": "mriqc",
    "version": "23.0.1",
    "webapi_port": null,
    "webapi_url": "https://mriqc.nimh.nih.gov/api/v1"
  },
  "size_t": 283,
  "size_x": 84,
  "size_y": 84,
  "size_z": 54,
  "snr": 3.378915189047553,
  "spacing_tr": 1.2239999771118164,
  "spacing_x": 2.5,
  "spacing_y": 2.5,
  "spacing_z": 2.5,
  "summary_bg_k": 75.61287003372638,
  "summary_bg_mad": 34.61849937861742,
  "summary_bg_mean": 345.3869934082031,
  "summary_bg_median": 61.92932891845703,
  "summary_bg_n": 248904.0,
  "summary_bg_p05": 33.29682159423828,
  "summary_bg_p95": 1563.5514648437472,
  "summary_bg_stdv": 977.2695922851562,
  "summary_fg_k": 0.14997969631186647,
  "summary_fg_mad": 2682.079536010878,
  "summary_fg_mean": 9113.919921875,
  "summary_fg_median": 8823.96484375,
  "summary_fg_n": 69001.0,
  "summary_fg_p05": 5440.9609375,
  "summary_fg_p95": 13832.837890625,
  "summary_fg_stdv": 2611.459716796875,
  "tsnr": 57.20308138686232
}