{
  "aor": 0.00039884297520661154,
  "aqi": 0.004816661033057852,
  "bids_meta": {
    "EchoTime": 0.03,
    "EffectiveEchoSpacing": 0.00049999,
    "FlipAngle": 65,
    "ImageType": [
      "ORIGINAL",
      "PRIMARY",
      "M",
      "MB",
      "ND",
      "MOSAI"
    ],
    "MagneticFieldStrength": 3,
    "Manufacturer": "Siemens",
    "ManufacturersModelName": "Prisma",
    "PhaseEncodingDirection": "j-",
    "RepetitionTime": 1.224,
    "SliceTiming": [
      1.1375,
      1.07,
      1.0025,
      0.9375,
      0.87,
      0.8025,
      0.735,
      0.67,
      0.6025,
      0.535,
      0.4675,
      0.4025,
      0.335,
      0.2675,
      0.2,
      0.135,
      0.0675,
      0,
      1.1375,
      1.07,
      1.0025,
      0.9375,
      0.87,
      0.8025,
      0.735,
      0.67,
      0.6025,
      0.535,
      0.4675,
      0.4025,
      0.335,
      0.2675,
      0.2,
      0.135,
      0.0675,
      0,
      1.1375,
      1.07,
      1.0025,
      0.9375,
      0.87,
      0.8025,
      0.735,
      0.67,
      0.6025,
      0.535,
      0.4675,
      0.4025,
      0.335,
      0.2675,
      0.2,
      0.135,
      0.0675,
      0
    ],
    "TaskName": "rest",
    "dataset": "ds002872",
    "modality": "bold",
    "subject_id": "06",
    "task_id": "rest"
  },
  "dummy_trs": 0,
  "dvars_nstd": 30.6136234946377,
  "dvars_std": 1.174500873871635,
  "dvars_vstd": 0.9799639543685296,
  "efc": 0.4699610093590519,
  "fber": 19963.90625,
  "fd_mean": 0.08811715062358177,
  "fd_num": 4,
  "fd_perc": 0.8264462809917356,
  "fwhm_avg": 2.6262826666666665,
  "fwhm_x": 2.43646,
  "fwhm_y": 2.7997959999999997,
  "fwhm_z": 2.642592,
  "gcor": 0.0201629,
  "gsr_x": -0.0003326206933706999,
  "gsr_y": 0.022785013541579247,
  "provenance": {
    "md5sum": "554972666299b399ae5c561654e63571",
    "settings": {
      "fd_thres": 0.2,
      "testing": false
    },
    "software": "mriqc",
    "version": "23.0.1",
    "webapi_port": null,
    "webapi_url": "https://mriqc.nimh.nih.gov/api/v1"
  },
  "size_t": 484,
  "size_x": 84,
  "size_y": 84,
  "size_z": 54,
  "snr": 3.4039562551007787,
  "spacing_tr": 1.2239999771118164,
  "spacing_x": 2.5,
  "spacing_y": 2.5,
  "spacing_z": 2.5,
  "summary_bg_k": 55.03722973534848,
  "summary_bg_mad": 36.70512807469412,
  "summary_bg_mean": 320.55078125,
  "summary_bg_median": 61.20351028442383,
  "summary_bg_n": 248292.0,
  "summary_bg_p05": 30.198345184326172,
  "summary_bg_p95": 1490.441888427733,
  "summary_bg_stdv": 841.31640625,
  "summary_fg_k": 0.1364134998778752,
  "summary_fg_mad": 2672.118302355294,
  "summary_fg_mean": 9127.560546875,
  "summary_fg_median": 8844.9501953125,
  "summary_fg_n": 69041.0,
  "summary_fg_p05": 5465.76611328125,
  "summary_fg_p95": 13793.505859375,
  "summary_fg_stdv": 2598.41357421875,
  "tsnr": 52.08264398574829
}