{
  "aor": 0.0009963485477178422,
  "aqi": 0.009697989045643153,
  "bids_meta": {
    "EchoTime": 0.03,
    "EffectiveEchoSpacing": 0.00049999,
    "FlipAngle": 65,
    "ImageType": [
      "ORIGINAL",
      "PRIMARY",
      "M",
      "MB",
      "ND",
      "MOSAI"
    ],
    "MagneticFieldStrength": 3,
    "Manufacturer": "Siemens",
    "ManufacturersModelName": "Prisma",
    "PhaseEncodingDirection": "j-",
    "RepetitionTime": 1.224,
    "SliceTiming": [
      1.1375,
      1.07,
      1.0025,
      0.935,
      0.87,
      0.8025,
      0.735,
      0.6675,
      0.6025,
      0.535,
      0.4675,
      0.4,
      0.335,
      0.2675,
      0.2,
      0.1325,
      0.0675,
      0,
      1.1375,
      1.07,
      1.0025,
      0.935,
      0.87,
      0.8025,
      0.735,
      0.6675,
      0.6025,
      0.535,
      0.4675,
      0.4,
      0.335,
      0.2675,
      0.2,
      0.1325,
      0.0675,
      0,
      1.1375,
      1.07,
      1.0025,
      0.935,
      0.87,
      0.8025,
      0.735,
      0.6675,
      0.6025,
      0.535,
      0.4675,
      0.4,
      0.335,
      0.2675,
      0.2,
      0.1325,
      0.0675,
      0
    ],
    "TaskName": "rest",
    "dataset": "ds002872",
    "modality": "bold",
    "subject_id": "25",
    "task_id": "rest"
  },
  "dummy_trs": 2,
  "dvars_nstd": 27.5530984364449,
  "dvars_std": 0.9771916634303541,
  "dvars_vstd": 0.9483659441580033,
  "efc": 0.5222571095135733,
  "fber": 4758.84521484375,
  "fd_mean": 0.1216229299641036,
  "fd_num": 34,
  "fd_perc": 7.053941908713693,
  "fwhm_avg": 2.751428,
  "fwhm_x": 2.46008,
  "fwhm_y": 2.809396,
  "fwhm_z": 2.984808,
  "gcor": 0.0105163,
  "gsr_x": -0.010055720806121826,
  "gsr_y": 0.043328285217285156,
  "provenance": {
    "md5sum": "6c980c5923b9958d14fc2005c3b46180",
    "settings": {
      "fd_thres": 0.2,
      "testing": false
    },
    "software": "mriqc",
    "version": "23.0.1",
    "webapi_port": null,
    "webapi_url": "https://mriqc.nimh.nih.gov/api/v1"
  },
  "size_t": 482,
  "size_x": 84,
  "size_y": 84,
  "size_z": 54,
  "snr": 2.6729127209698715,
  "spacing_tr": 1.2239999771118164,
  "spacing_x": 2.5,
  "spacing_y": 2.5,
  "spacing_z": 2.5,
  "summary_bg_k": 58.35384082839775,
  "summary_bg_mad": 124.21505891418052,
  "summary_bg_mean": 525.3338623046875,
  "summary_bg_median": 118.37905883789062,
  "summary_bg_n": 230363.0,
  "summary_bg_p05": 21.420326232910156,
  "summary_bg_p95": 2475.5470703124997,
  "summary_bg_stdv": 1178.139404296875,
  "summary_fg_k": 1.7642878610759043,
  "summary_fg_mad": 2810.671750843143,
  "summary_fg_mean": 9033.9443359375,
  "summary_fg_median": 8450.4453125,
  "summary_fg_n": 83388.0,
  "summary_fg_p05": 5024.870141601563,
  "summary_fg_p95": 15077.878955078122,
  "summary_fg_stdv": 3161.492919921875,
  "tsnr": 37.825931549072266
}