{
  "aor": 0.003759679715302491,
  "aqi": 0.0071352902846975085,
  "bids_meta": {
    "EchoTime": 0.03,
    "EffectiveEchoSpacing": 0.00049999,
    "FlipAngle": 65,
    "ImageType": [
      "ORIGINAL",
      "PRIMARY",
      "M",
      "MB",
      "ND",
      "MOSAI"
    ],
    "MagneticFieldStrength": 3,
    "Manufacturer": "Siemens",
    "ManufacturersModelName": "Prisma",
    "PhaseEncodingDirection": "j-",
    "RepetitionTime": 1.224,
    "SliceTiming": [
      1.1375,
      1.07,
      1.005,
      0.9375,
      0.87,
      0.8025,
      0.7375,
      0.67,
      0.6025,
      0.535,
      0.47,
      0.4025,
      0.335,
      0.2675,
      0.2025,
      0.135,
      0.0675,
      0,
      1.1375,
      1.07,
      1.005,
      0.9375,
      0.87,
      0.8025,
      0.7375,
      0.67,
      0.6025,
      0.535,
      0.47,
      0.4025,
      0.335,
      0.2675,
      0.2025,
      0.135,
      0.0675,
      0,
      1.1375,
      1.07,
      1.005,
      0.9375,
      0.87,
      0.8025,
      0.7375,
      0.67,
      0.6025,
      0.535,
      0.47,
      0.4025,
      0.335,
      0.2675,
      0.2025,
      0.135,
      0.0675,
      0
    ],
    "TaskName": "illusion",
    "dataset": "ds002872",
    "modality": "bold",
    "run_id": 3,
    "subject_id": "25",
    "task_id": "illusion"
  },
  "dummy_trs": 3,
  "dvars_nstd": 35.81508693703571,
  "dvars_std": 1.091113541285715,
  "dvars_vstd": 1.0122959656428574,
  "efc": 0.5244609348320515,
  "fber": 4970.58544921875,
  "fd_mean": 0.2101821595130811,
  "fd_num": 98,
  "fd_perc": 34.87544483985765,
  "fwhm_avg": 2.7717266666666664,
  "fwhm_x": 2.476116,
  "fwhm_y": 2.821196,
  "fwhm_z": 3.017868,
  "gcor": 0.0120527,
  "gsr_x": -0.010606021620333195,
  "gsr_y": 0.04592801630496979,
  "provenance": {
    "md5sum": "6a1c72b19047836a85bec1ee34d277a4",
    "settings": {
      "fd_thres": 0.2,
      "testing": false
    },
    "software": "mriqc",
    "version": "23.0.1",
    "webapi_port": null,
    "webapi_url": "https://mriqc.nimh.nih.gov/api/v1"
  },
  "size_t": 281,
  "size_x": 84,
  "size_y": 84,
  "size_z": 54,
  "snr": 2.6530533560199827,
  "spacing_tr": 1.2239999771118164,
  "spacing_x": 2.5,
  "spacing_y": 2.5,
  "spacing_z": 2.5,
  "summary_bg_k": 50.532338988132224,
  "summary_bg_mad": 108.51491483511029,
  "summary_bg_mean": 549.831298828125,
  "summary_bg_median": 113.70985412597656,
  "summary_bg_n": 230386.0,
  "summary_bg_p05": 34.38861846923828,
  "summary_bg_p95": 2636.236572265625,
  "summary_bg_stdv": 1244.7579345703125,
  "summary_fg_k": 1.7553701366113872,
  "summary_fg_mad": 2815.9155150861825,
  "summary_fg_mean": 9091.7421875,
  "summary_fg_median": 8494.4580078125,
  "summary_fg_n": 83439.0,
  "summary_fg_p05": 5036.938818359375,
  "summary_fg_p95": 15223.40800781249,
  "summary_fg_stdv": 3201.74755859375,
  "tsnr": 40.812095642089844
}