{
  "aor": 0.0039529577464788735,
  "aqi": 0.005590846232394367,
  "bids_meta": {
    "EchoTime": 0.03,
    "EffectiveEchoSpacing": 0.00049999,
    "FlipAngle": 65,
    "ImageType": [
      "ORIGINAL",
      "PRIMARY",
      "M",
      "MB",
      "ND",
      "MOSAI"
    ],
    "MagneticFieldStrength": 3,
    "Manufacturer": "Siemens",
    "ManufacturersModelName": "Prisma",
    "PhaseEncodingDirection": "j-",
    "RepetitionTime": 1.224,
    "SliceTiming": [
      1.1375,
      1.07,
      1.0025,
      0.9375,
      0.87,
      0.8025,
      0.735,
      0.67,
      0.6025,
      0.535,
      0.4675,
      0.4025,
      0.335,
      0.2675,
      0.2,
      0.135,
      0.0675,
      0,
      1.1375,
      1.07,
      1.0025,
      0.9375,
      0.87,
      0.8025,
      0.735,
      0.67,
      0.6025,
      0.535,
      0.4675,
      0.4025,
      0.335,
      0.2675,
      0.2,
      0.135,
      0.0675,
      0,
      1.1375,
      1.07,
      1.0025,
      0.9375,
      0.87,
      0.8025,
      0.735,
      0.67,
      0.6025,
      0.535,
      0.4675,
      0.4025,
      0.335,
      0.2675,
      0.2,
      0.135,
      0.0675,
      0
    ],
    "TaskName": "illusion",
    "dataset": "ds002872",
    "modality": "bold",
    "run_id": 4,
    "subject_id": "25",
    "task_id": "illusion"
  },
  "dummy_trs": 0,
  "dvars_nstd": 34.86847119936395,
  "dvars_std": 1.1141480096819782,
  "dvars_vstd": 1.0250410987279142,
  "efc": 0.5247210086259896,
  "fber": 5381.125,
  "fd_mean": 0.21255021383170333,
  "fd_num": 99,
  "fd_perc": 34.859154929577464,
  "fwhm_avg": 2.771964,
  "fwhm_x": 2.472932,
  "fwhm_y": 2.821916,
  "fwhm_z": 3.021044,
  "gcor": 0.0123486,
  "gsr_x": -0.009200584143400192,
  "gsr_y": 0.04581435024738312,
  "provenance": {
    "md5sum": "82a95346fadea9b4d0505a4d522eed90",
    "settings": {
      "fd_thres": 0.2,
      "testing": false
    },
    "software": "mriqc",
    "version": "23.0.1",
    "webapi_port": null,
    "webapi_url": "https://mriqc.nimh.nih.gov/api/v1"
  },
  "size_t": 284,
  "size_x": 84,
  "size_y": 84,
  "size_z": 54,
  "snr": 2.64353884000276,
  "spacing_tr": 1.2239999771118164,
  "spacing_x": 2.5,
  "spacing_y": 2.5,
  "spacing_z": 2.5,
  "summary_bg_k": 48.56631376244312,
  "summary_bg_mad": 103.22693732438881,
  "summary_bg_mean": 555.8525390625,
  "summary_bg_median": 108.99057006835938,
  "summary_bg_n": 230312.0,
  "summary_bg_p05": 33.1227352142334,
  "summary_bg_p95": 2670.5857055664055,
  "summary_bg_stdv": 1264.7620849609375,
  "summary_fg_k": 1.7229063643014548,
  "summary_fg_mad": 2826.298074176909,
  "summary_fg_mean": 9098.4306640625,
  "summary_fg_median": 8487.904296875,
  "summary_fg_n": 83283.0,
  "summary_fg_p05": 5035.780419921875,
  "summary_fg_p95": 15282.41464843749,
  "summary_fg_stdv": 3210.7919921875,
  "tsnr": 43.62794494628906
}