{
  "aor": 0.002062857142857143,
  "aqi": 0.00797983099378882,
  "bids_meta": {
    "EchoTime": 0.03,
    "EffectiveEchoSpacing": 0.00049999,
    "FlipAngle": 65,
    "ImageType": [
      "ORIGINAL",
      "PRIMARY",
      "M",
      "MB",
      "ND",
      "MOSAI"
    ],
    "MagneticFieldStrength": 3,
    "Manufacturer": "Siemens",
    "ManufacturersModelName": "Prisma",
    "PhaseEncodingDirection": "j-",
    "RepetitionTime": 1.224,
    "SliceTiming": [
      1.1375,
      1.07,
      1.0025,
      0.935,
      0.87,
      0.8025,
      0.735,
      0.6675,
      0.6025,
      0.535,
      0.4675,
      0.4,
      0.335,
      0.2675,
      0.2,
      0.1325,
      0.0675,
      0,
      1.1375,
      1.07,
      1.0025,
      0.935,
      0.87,
      0.8025,
      0.735,
      0.6675,
      0.6025,
      0.535,
      0.4675,
      0.4,
      0.335,
      0.2675,
      0.2,
      0.1325,
      0.0675,
      0,
      1.1375,
      1.07,
      1.0025,
      0.935,
      0.87,
      0.8025,
      0.735,
      0.6675,
      0.6025,
      0.535,
      0.4675,
      0.4,
      0.335,
      0.2675,
      0.2,
      0.1325,
      0.0675,
      0
    ],
    "TaskName": "rest",
    "dataset": "ds002872",
    "modality": "bold",
    "subject_id": "30",
    "task_id": "rest"
  },
  "dummy_trs": 1,
  "dvars_nstd": 27.97759937365148,
  "dvars_std": 1.0739600773029045,
  "dvars_vstd": 0.9909630717842319,
  "efc": 0.5070575659908111,
  "fber": 8446.8310546875,
  "fd_mean": 0.1479842685384995,
  "fd_num": 94,
  "fd_perc": 19.461697722567287,
  "fwhm_avg": 2.913937333333333,
  "fwhm_x": 2.72004,
  "fwhm_y": 2.972184,
  "fwhm_z": 3.049588,
  "gcor": 0.00644444,
  "gsr_x": 0.000215151856536977,
  "gsr_y": 0.04832581430673599,
  "provenance": {
    "md5sum": "e4e72ede77bf9350cf1a13cc7b38a0fc",
    "settings": {
      "fd_thres": 0.2,
      "testing": false
    },
    "software": "mriqc",
    "version": "23.0.1",
    "webapi_port": null,
    "webapi_url": "https://mriqc.nimh.nih.gov/api/v1"
  },
  "size_t": 483,
  "size_x": 84,
  "size_y": 84,
  "size_z": 54,
  "snr": 2.610349348083133,
  "spacing_tr": 1.2239999771118164,
  "spacing_x": 2.5,
  "spacing_y": 2.5,
  "spacing_z": 2.5,
  "summary_bg_k": 53.186350709423984,
  "summary_bg_mad": 100.16638097353295,
  "summary_bg_mean": 495.961181640625,
  "summary_bg_median": 96.90924072265625,
  "summary_bg_n": 232621.0,
  "summary_bg_p05": 17.21780776977539,
  "summary_bg_p95": 2326.892333984375,
  "summary_bg_stdv": 1182.244384765625,
  "summary_fg_k": 1.0351996037386035,
  "summary_fg_mad": 3324.094799723726,
  "summary_fg_mean": 9832.9296875,
  "summary_fg_median": 9263.23828125,
  "summary_fg_n": 81635.0,
  "summary_fg_p05": 5108.445947265625,
  "summary_fg_p95": 16454.409570312502,
  "summary_fg_stdv": 3548.63671875,
  "tsnr": 40.40796661376953
}