{
  "aor": 0.007532482269503547,
  "aqi": 0.008313589964539007,
  "bids_meta": {
    "EchoTime": 0.03,
    "EffectiveEchoSpacing": 0.00049999,
    "FlipAngle": 65,
    "ImageType": [
      "ORIGINAL",
      "PRIMARY",
      "M",
      "MB",
      "ND",
      "MOSAI"
    ],
    "MagneticFieldStrength": 3,
    "Manufacturer": "Siemens",
    "ManufacturersModelName": "Prisma",
    "PhaseEncodingDirection": "j-",
    "RepetitionTime": 1.224,
    "SliceTiming": [
      1.1375,
      1.07,
      1.0025,
      0.935,
      0.87,
      0.8025,
      0.735,
      0.6675,
      0.6025,
      0.535,
      0.4675,
      0.4,
      0.335,
      0.2675,
      0.2,
      0.1325,
      0.0675,
      0,
      1.1375,
      1.07,
      1.0025,
      0.935,
      0.87,
      0.8025,
      0.735,
      0.6675,
      0.6025,
      0.535,
      0.4675,
      0.4,
      0.335,
      0.2675,
      0.2,
      0.1325,
      0.0675,
      0,
      1.1375,
      1.07,
      1.0025,
      0.935,
      0.87,
      0.8025,
      0.735,
      0.6675,
      0.6025,
      0.535,
      0.4675,
      0.4,
      0.335,
      0.2675,
      0.2,
      0.1325,
      0.0675,
      0
    ],
    "TaskName": "illusion",
    "dataset": "ds002872",
    "modality": "bold",
    "run_id": 1,
    "subject_id": "30",
    "task_id": "illusion"
  },
  "dummy_trs": 2,
  "dvars_nstd": 42.178511188718836,
  "dvars_std": 1.1755495049466185,
  "dvars_vstd": 1.0471486703558717,
  "efc": 0.5090395745243294,
  "fber": 9759.1669921875,
  "fd_mean": 0.2713974418702333,
  "fd_num": 104,
  "fd_perc": 36.87943262411348,
  "fwhm_avg": 2.945368,
  "fwhm_x": 2.737792,
  "fwhm_y": 3.02158,
  "fwhm_z": 3.0767320000000002,
  "gcor": 0.00976291,
  "gsr_x": -0.0047431569546461105,
  "gsr_y": 0.05370102822780609,
  "provenance": {
    "md5sum": "3ecb9aa49cd15e02f180c26752851958",
    "settings": {
      "fd_thres": 0.2,
      "testing": false
    },
    "software": "mriqc",
    "version": "23.0.1",
    "webapi_port": null,
    "webapi_url": "https://mriqc.nimh.nih.gov/api/v1"
  },
  "size_t": 282,
  "size_x": 84,
  "size_y": 84,
  "size_z": 54,
  "snr": 2.606452136847311,
  "spacing_tr": 1.2239999771118164,
  "spacing_x": 2.5,
  "spacing_y": 2.5,
  "spacing_z": 2.5,
  "summary_bg_k": 60.602740937511,
  "summary_bg_mad": 78.56371899959893,
  "summary_bg_mean": 503.7435607910156,
  "summary_bg_median": 88.14842224121094,
  "summary_bg_n": 231604.0,
  "summary_bg_p05": 28.341483116149902,
  "summary_bg_p95": 2355.0986328124995,
  "summary_bg_stdv": 1243.274658203125,
  "summary_fg_k": 1.0295322320489602,
  "summary_fg_mad": 3348.4650736904114,
  "summary_fg_mean": 9923.998046875,
  "summary_fg_median": 9335.392578125,
  "summary_fg_n": 81645.0,
  "summary_fg_p05": 5163.19365234375,
  "summary_fg_p95": 16597.90703125,
  "summary_fg_stdv": 3581.62548828125,
  "tsnr": 37.54669189453125
}