{
  "aor": 0.001389507042253521,
  "aqi": 0.003214717323943662,
  "bids_meta": {
    "AcquisitionDateTime": "2019-11-07T13:53:34.782500",
    "AcquisitionMatrixPE": 84,
    "AcquisitionNumber": 1,
    "AcquisitionTime": "13:53:34.782500",
    "BandwidthPerPixelPhaseEncode": 23.81,
    "BaseResolution": 84,
    "BodyPartExamined": "HEAD",
    "ConsistencyInfo": "N4_VE11C_LATEST_20160120",
    "ConversionSoftware": "dcm2niix",
    "ConversionSoftwareVersion": "v1.0.20171215 GCC5.1.0",
    "DerivedVendorReportedEchoSpacing": 0.00049999,
    "DeviceSerialNumber": "66072",
    "DwellTime": 2.2e-06,
    "EchoTime": 0.03,
    "EchoTrainLength": 84,
    "EffectiveEchoSpacing": 0.00049999,
    "FlipAngle": 65,
    "ImageComments": "Unaliased_MB3_PE3_LB_SENSE1",
    "ImageOrientationPatientDICOM": [
      0.998079,
      0.0584942,
      -0.0204051,
      -0.0565003,
      0.994565,
      0.0874557
    ],
    "ImageType": [
      "ORIGINAL",
      "PRIMARY",
      "M",
      "MB",
      "ND",
      "MOSAIC"
    ],
    "InPlanePhaseEncodingDirectionDICOM": "COL",
    "InstitutionAddress": "Boulevard_Jean_Moulin_27_Marseille_District_FR_13005",
    "InstitutionName": "Universite_d_aix_Marseille",
    "InstitutionalDepartmentName": "Department",
    "MRAcquisitionType": "2D",
    "MagneticFieldStrength": 3,
    "Manufacturer": "Siemens",
    "ManufacturersModelName": "Prisma",
    "Modality": "MR",
    "MultibandAccelerationFactor": 3,
    "PartialFourier": 1,
    "PatientPosition": "HFS",
    "PercentPhaseFOV": 100,
    "PhaseEncodingDirection": "j-",
    "PhaseEncodingSteps": 84,
    "PhaseResolution": 1,
    "PixelBandwidth": 2705,
    "ProcedureStepDescription": "Projets_archives_Aging",
    "ProtocolName": "task-illusion_run2_bold",
    "PulseSequenceDetails": "%CustomerSeq%_cmrr_mbep2d_bold",
    "ReceiveCoilActiveElements": "HC1-7",
    "ReceiveCoilName": "HeadNeck_64",
    "ReconMatrixPE": 84,
    "RepetitionTime": 1.224,
    "SAR": 0.0755613,
    "ScanOptions": "FS",
    "ScanningSequence": "EP",
    "SequenceName": "epfid2d1_84",
    "SequenceVariant": "SK_SS",
    "SeriesDescription": "task-illusion_run2_bold",
    "SeriesNumber": 18,
    "ShimSetting": [
      -602,
      -10780,
      -533,
      485,
      108,
      56,
      -59,
      20
    ],
    "SliceThickness": 2.5,
    "SliceTiming": [
      1.1375,
      1.07,
      1.005,
      0.9375,
      0.87,
      0.8025,
      0.7375,
      0.67,
      0.6025,
      0.535,
      0.47,
      0.4025,
      0.335,
      0.2675,
      0.2025,
      0.135,
      0.0675,
      0,
      1.1375,
      1.07,
      1.005,
      0.9375,
      0.87,
      0.8025,
      0.7375,
      0.67,
      0.6025,
      0.535,
      0.47,
      0.4025,
      0.335,
      0.2675,
      0.2025,
      0.135,
      0.0675,
      0,
      1.1375,
      1.07,
      1.005,
      0.9375,
      0.87,
      0.8025,
      0.7375,
      0.67,
      0.6025,
      0.535,
      0.47,
      0.4025,
      0.335,
      0.2675,
      0.2025,
      0.135,
      0.0675,
      0
    ],
    "SoftwareVersions": "syngo_MR_E11",
    "SpacingBetweenSlices": 2.5,
    "StationName": "AWP66072",
    "TaskName": "illusion",
    "TotalReadoutTime": 0.04199916,
    "TxRefAmp": 239.629,
    "dataset": "ds002872",
    "modality": "bold",
    "run_id": 2,
    "subject_id": "41",
    "task_id": "illusion"
  },
  "dummy_trs": 0,
  "dvars_nstd": 29.009089237597173,
  "dvars_std": 1.130628922014135,
  "dvars_vstd": 1.0094040342402824,
  "efc": 0.5096479625343617,
  "fber": 11210.505859375,
  "fd_mean": 0.10207225641276757,
  "fd_num": 30,
  "fd_perc": 10.56338028169014,
  "fwhm_avg": 2.8659146666666664,
  "fwhm_x": 2.592428,
  "fwhm_y": 3.007452,
  "fwhm_z": 2.997864,
  "gcor": 0.0275708,
  "gsr_x": -0.00974733941257,
  "gsr_y": 0.04285280779004097,
  "provenance": {
    "md5sum": "f2b9b1ff4a592ec8fe16bf9ba2ea8fb9",
    "settings": {
      "fd_thres": 0.2,
      "testing": false
    },
    "software": "mriqc",
    "version": "23.0.1",
    "webapi_port": null,
    "webapi_url": "https://mriqc.nimh.nih.gov/api/v1"
  },
  "size_t": 284,
  "size_x": 84,
  "size_y": 84,
  "size_z": 54,
  "snr": 2.527342948154198,
  "spacing_tr": 1.2239999771118164,
  "spacing_x": 2.5,
  "spacing_y": 2.5,
  "spacing_z": 2.5,
  "summary_bg_k": 27.396501052257925,
  "summary_bg_mad": 71.65186890173882,
  "summary_bg_mean": 567.8762817382812,
  "summary_bg_median": 90.63760375976562,
  "summary_bg_n": 231708.0,
  "summary_bg_p05": 38.36534805297852,
  "summary_bg_p95": 2991.9296508789057,
  "summary_bg_stdv": 1279.8074951171875,
  "summary_fg_k": 0.9979233494004558,
  "summary_fg_mad": 3796.4911033756666,
  "summary_fg_mean": 10797.15625,
  "summary_fg_median": 10101.83203125,
  "summary_fg_n": 82269.0,
  "summary_fg_p05": 5621.563671875,
  "summary_fg_p95": 18358.084765624997,
  "summary_fg_stdv": 3996.992431640625,
  "tsnr": 52.9882926940918
}