{
  "aor": 0.0009713429752066115,
  "aqi": 0.002674825268595041,
  "bids_meta": {
    "AcquisitionDateTime": "2019-11-07T13:33:47.735000",
    "AcquisitionMatrixPE": 84,
    "AcquisitionNumber": 1,
    "AcquisitionTime": "13:33:47.735000",
    "BandwidthPerPixelPhaseEncode": 23.81,
    "BaseResolution": 84,
    "BodyPartExamined": "HEAD",
    "ConsistencyInfo": "N4_VE11C_LATEST_20160120",
    "ConversionSoftware": "dcm2niix",
    "ConversionSoftwareVersion": "v1.0.20171215 GCC5.1.0",
    "DerivedVendorReportedEchoSpacing": 0.00049999,
    "DeviceSerialNumber": "66072",
    "DwellTime": 2.3e-06,
    "EchoTime": 0.03,
    "EchoTrainLength": 84,
    "EffectiveEchoSpacing": 0.00049999,
    "FlipAngle": 65,
    "ImageComments": "Unaliased_MB3_PE3_LB_SENSE1",
    "ImageOrientationPatientDICOM": [
      0.998079,
      0.0584942,
      -0.0204051,
      -0.0565003,
      0.994565,
      0.0874557
    ],
    "ImageType": [
      "ORIGINAL",
      "PRIMARY",
      "M",
      "MB",
      "ND",
      "MOSAIC"
    ],
    "InPlanePhaseEncodingDirectionDICOM": "COL",
    "InstitutionAddress": "Boulevard_Jean_Moulin_27_Marseille_District_FR_13005",
    "InstitutionName": "Universite_d_aix_Marseille",
    "InstitutionalDepartmentName": "Department",
    "MRAcquisitionType": "2D",
    "MagneticFieldStrength": 3,
    "Manufacturer": "Siemens",
    "ManufacturersModelName": "Prisma",
    "Modality": "MR",
    "MultibandAccelerationFactor": 3,
    "PartialFourier": 1,
    "PatientPosition": "HFS",
    "PercentPhaseFOV": 100,
    "PhaseEncodingDirection": "j-",
    "PhaseEncodingSteps": 84,
    "PhaseResolution": 1,
    "PixelBandwidth": 2590,
    "ProcedureStepDescription": "Projets_archives_Aging",
    "ProtocolName": "task-rest_bold",
    "PulseSequenceDetails": "%CustomerSeq%_cmrr_mbep2d_bold",
    "ReceiveCoilActiveElements": "HC1-7",
    "ReceiveCoilName": "HeadNeck_64",
    "ReconMatrixPE": 84,
    "RepetitionTime": 1.224,
    "SAR": 0.0757175,
    "ScanOptions": "FS",
    "ScanningSequence": "EP",
    "SequenceName": "epfid2d1_84",
    "SequenceVariant": "SK_SS",
    "SeriesDescription": "task-rest_bold",
    "SeriesNumber": 14,
    "ShimSetting": [
      -602,
      -10780,
      -533,
      485,
      108,
      56,
      -59,
      20
    ],
    "SliceThickness": 2.5,
    "SliceTiming": [
      1.1375,
      1.07,
      1.005,
      0.9375,
      0.87,
      0.8025,
      0.7375,
      0.67,
      0.6025,
      0.535,
      0.47,
      0.4025,
      0.335,
      0.2675,
      0.2025,
      0.135,
      0.0675,
      0,
      1.1375,
      1.07,
      1.005,
      0.9375,
      0.87,
      0.8025,
      0.7375,
      0.67,
      0.6025,
      0.535,
      0.47,
      0.4025,
      0.335,
      0.2675,
      0.2025,
      0.135,
      0.0675,
      0,
      1.1375,
      1.07,
      1.005,
      0.9375,
      0.87,
      0.8025,
      0.7375,
      0.67,
      0.6025,
      0.535,
      0.47,
      0.4025,
      0.335,
      0.2675,
      0.2025,
      0.135,
      0.0675,
      0
    ],
    "SoftwareVersions": "syngo_MR_E11",
    "SpacingBetweenSlices": 2.5,
    "StationName": "AWP66072",
    "TaskName": "rest",
    "TotalReadoutTime": 0.04199916,
    "TxRefAmp": 239.629,
    "dataset": "ds002872",
    "modality": "bold",
    "subject_id": "41",
    "task_id": "rest"
  },
  "dummy_trs": 0,
  "dvars_nstd": 27.717799579565202,
  "dvars_std": 1.129742260372671,
  "dvars_vstd": 1.05982861583851,
  "efc": 0.5092378769449617,
  "fber": 10298.123046875,
  "fd_mean": 0.07453291135690872,
  "fd_num": 12,
  "fd_perc": 2.479338842975207,
  "fwhm_avg": 2.8595,
  "fwhm_x": 2.588204,
  "fwhm_y": 3.01952,
  "fwhm_z": 2.970776,
  "gcor": 0.0200602,
  "gsr_x": -0.008951747789978981,
  "gsr_y": 0.038958966732025146,
  "provenance": {
    "md5sum": "3f83bef4549d9ffec5c790984cd41470",
    "settings": {
      "fd_thres": 0.2,
      "testing": false
    },
    "software": "mriqc",
    "version": "23.0.1",
    "webapi_port": null,
    "webapi_url": "https://mriqc.nimh.nih.gov/api/v1"
  },
  "size_t": 484,
  "size_x": 84,
  "size_y": 84,
  "size_z": 54,
  "snr": 2.539278666778819,
  "spacing_tr": 1.2239999771118164,
  "spacing_x": 2.5,
  "spacing_y": 2.5,
  "spacing_z": 2.5,
  "summary_bg_k": 25.525033332931354,
  "summary_bg_mad": 82.66399834256379,
  "summary_bg_mean": 545.2620239257812,
  "summary_bg_median": 94.77043914794922,
  "summary_bg_n": 231187.0,
  "summary_bg_p05": 32.201565170288085,
  "summary_bg_p95": 2869.347924804685,
  "summary_bg_stdv": 1203.153564453125,
  "summary_fg_k": 0.9526622130010094,
  "summary_fg_mad": 3776.865084115512,
  "summary_fg_mean": 10729.9287109375,
  "summary_fg_median": 10051.583984375,
  "summary_fg_n": 82686.0,
  "summary_fg_p05": 5573.4588623046875,
  "summary_fg_p95": 18213.5791015625,
  "summary_fg_stdv": 3958.416748046875,
  "tsnr": 55.70618438720703
}