{
  "aor": 0.0019491519434628973,
  "aqi": 0.003346066501766784,
  "bids_meta": {
    "AcquisitionDateTime": "2019-11-07T13:45:03.257500",
    "AcquisitionMatrixPE": 84,
    "AcquisitionNumber": 1,
    "AcquisitionTime": "13:45:3.257500",
    "BandwidthPerPixelPhaseEncode": 23.81,
    "BaseResolution": 84,
    "BodyPartExamined": "HEAD",
    "ConsistencyInfo": "N4_VE11C_LATEST_20160120",
    "ConversionSoftware": "dcm2niix",
    "ConversionSoftwareVersion": "v1.0.20171215 GCC5.1.0",
    "DerivedVendorReportedEchoSpacing": 0.00049999,
    "DeviceSerialNumber": "66072",
    "DwellTime": 2.2e-06,
    "EchoTime": 0.03,
    "EchoTrainLength": 84,
    "EffectiveEchoSpacing": 0.00049999,
    "FlipAngle": 65,
    "ImageComments": "Unaliased_MB3_PE3_LB_SENSE1",
    "ImageOrientationPatientDICOM": [
      0.998079,
      0.0584942,
      -0.0204051,
      -0.0565003,
      0.994565,
      0.0874557
    ],
    "ImageType": [
      "ORIGINAL",
      "PRIMARY",
      "M",
      "MB",
      "ND",
      "MOSAIC"
    ],
    "InPlanePhaseEncodingDirectionDICOM": "COL",
    "InstitutionAddress": "Boulevard_Jean_Moulin_27_Marseille_District_FR_13005",
    "InstitutionName": "Universite_d_aix_Marseille",
    "InstitutionalDepartmentName": "Department",
    "MRAcquisitionType": "2D",
    "MagneticFieldStrength": 3,
    "Manufacturer": "Siemens",
    "ManufacturersModelName": "Prisma",
    "Modality": "MR",
    "MultibandAccelerationFactor": 3,
    "PartialFourier": 1,
    "PatientPosition": "HFS",
    "PercentPhaseFOV": 100,
    "PhaseEncodingDirection": "j-",
    "PhaseEncodingSteps": 84,
    "PhaseResolution": 1,
    "PixelBandwidth": 2705,
    "ProcedureStepDescription": "Projets_archives_Aging",
    "ProtocolName": "task-illusion_run1_bold",
    "PulseSequenceDetails": "%CustomerSeq%_cmrr_mbep2d_bold",
    "ReceiveCoilActiveElements": "HC1-7",
    "ReceiveCoilName": "HeadNeck_64",
    "ReconMatrixPE": 84,
    "RepetitionTime": 1.224,
    "SAR": 0.0755613,
    "ScanOptions": "FS",
    "ScanningSequence": "EP",
    "SequenceName": "epfid2d1_84",
    "SequenceVariant": "SK_SS",
    "SeriesDescription": "task-illusion_run1_bold",
    "SeriesNumber": 16,
    "ShimSetting": [
      -602,
      -10780,
      -533,
      485,
      108,
      56,
      -59,
      20
    ],
    "SliceThickness": 2.5,
    "SliceTiming": [
      1.1375,
      1.07,
      1.0025,
      0.935,
      0.87,
      0.8025,
      0.735,
      0.6675,
      0.6025,
      0.535,
      0.4675,
      0.4,
      0.335,
      0.2675,
      0.2,
      0.1325,
      0.0675,
      0,
      1.1375,
      1.07,
      1.0025,
      0.935,
      0.87,
      0.8025,
      0.735,
      0.6675,
      0.6025,
      0.535,
      0.4675,
      0.4,
      0.335,
      0.2675,
      0.2,
      0.1325,
      0.0675,
      0,
      1.1375,
      1.07,
      1.0025,
      0.935,
      0.87,
      0.8025,
      0.735,
      0.6675,
      0.6025,
      0.535,
      0.4675,
      0.4,
      0.335,
      0.2675,
      0.2,
      0.1325,
      0.0675,
      0
    ],
    "SoftwareVersions": "syngo_MR_E11",
    "SpacingBetweenSlices": 2.5,
    "StationName": "AWP66072",
    "TaskName": "illusion",
    "TotalReadoutTime": 0.04199916,
    "TxRefAmp": 239.629,
    "dataset": "ds002872",
    "modality": "bold",
    "run_id": 1,
    "subject_id": "41",
    "task_id": "illusion"
  },
  "dummy_trs": 1,
  "dvars_nstd": 29.490875210319157,
  "dvars_std": 1.1540483169858153,
  "dvars_vstd": 1.0278369819858157,
  "efc": 0.5097170590630471,
  "fber": 10930.9189453125,
  "fd_mean": 0.11674008546768096,
  "fd_num": 33,
  "fd_perc": 11.66077738515901,
  "fwhm_avg": 2.870676,
  "fwhm_x": 2.588032,
  "fwhm_y": 3.0086079999999997,
  "fwhm_z": 3.015388,
  "gcor": 0.0189648,
  "gsr_x": -0.009780573658645153,
  "gsr_y": 0.04320836067199707,
  "provenance": {
    "md5sum": "c4c3b8ca20dd1fc16a17243b41c73dcb",
    "settings": {
      "fd_thres": 0.2,
      "testing": false
    },
    "software": "mriqc",
    "version": "23.0.1",
    "webapi_port": null,
    "webapi_url": "https://mriqc.nimh.nih.gov/api/v1"
  },
  "size_t": 283,
  "size_x": 84,
  "size_y": 84,
  "size_z": 54,
  "snr": 2.5308584338465177,
  "spacing_tr": 1.2239999771118164,
  "spacing_x": 2.5,
  "spacing_y": 2.5,
  "spacing_z": 2.5,
  "summary_bg_k": 29.24303141339925,
  "summary_bg_mad": 80.16708409602904,
  "summary_bg_mean": 562.5040283203125,
  "summary_bg_median": 92.18543243408203,
  "summary_bg_n": 231507.0,
  "summary_bg_p05": 30.537266159057616,
  "summary_bg_p95": 2949.9191894531186,
  "summary_bg_stdv": 1276.2471923828125,
  "summary_fg_k": 0.9577051375093775,
  "summary_fg_mad": 3792.3234564167133,
  "summary_fg_mean": 10800.958984375,
  "summary_fg_median": 10101.6904296875,
  "summary_fg_n": 82462.0,
  "summary_fg_p05": 5623.442919921875,
  "summary_fg_p95": 18361.229101562498,
  "summary_fg_stdv": 3991.384521484375,
  "tsnr": 51.753379821777344
}