{
  "aor": 0.0015327112676056336,
  "aqi": 0.0027046477112676057,
  "bids_meta": {
    "AcquisitionDateTime": "2019-11-07T14:00:24.152500",
    "AcquisitionMatrixPE": 84,
    "AcquisitionNumber": 1,
    "AcquisitionTime": "14:00:24.152500",
    "BandwidthPerPixelPhaseEncode": 23.81,
    "BaseResolution": 84,
    "BodyPartExamined": "HEAD",
    "ConsistencyInfo": "N4_VE11C_LATEST_20160120",
    "ConversionSoftware": "dcm2niix",
    "ConversionSoftwareVersion": "v1.0.20171215 GCC5.1.0",
    "DerivedVendorReportedEchoSpacing": 0.00049999,
    "DeviceSerialNumber": "66072",
    "DwellTime": 2.2e-06,
    "EchoTime": 0.03,
    "EchoTrainLength": 84,
    "EffectiveEchoSpacing": 0.00049999,
    "FlipAngle": 65,
    "ImageComments": "Unaliased_MB3_PE3_LB_SENSE1",
    "ImageOrientationPatientDICOM": [
      0.998079,
      0.0584942,
      -0.0204051,
      -0.0565003,
      0.994565,
      0.0874557
    ],
    "ImageType": [
      "ORIGINAL",
      "PRIMARY",
      "M",
      "MB",
      "ND",
      "MOSAIC"
    ],
    "InPlanePhaseEncodingDirectionDICOM": "COL",
    "InstitutionAddress": "Boulevard_Jean_Moulin_27_Marseille_District_FR_13005",
    "InstitutionName": "Universite_d_aix_Marseille",
    "InstitutionalDepartmentName": "Department",
    "MRAcquisitionType": "2D",
    "MagneticFieldStrength": 3,
    "Manufacturer": "Siemens",
    "ManufacturersModelName": "Prisma",
    "Modality": "MR",
    "MultibandAccelerationFactor": 3,
    "PartialFourier": 1,
    "PatientPosition": "HFS",
    "PercentPhaseFOV": 100,
    "PhaseEncodingDirection": "j-",
    "PhaseEncodingSteps": 84,
    "PhaseResolution": 1,
    "PixelBandwidth": 2705,
    "ProcedureStepDescription": "Projets_archives_Aging",
    "ProtocolName": "task-illusion_run3_bold",
    "PulseSequenceDetails": "%CustomerSeq%_cmrr_mbep2d_bold",
    "ReceiveCoilActiveElements": "HC1-7",
    "ReceiveCoilName": "HeadNeck_64",
    "ReconMatrixPE": 84,
    "RepetitionTime": 1.224,
    "SAR": 0.0755613,
    "ScanOptions": "FS",
    "ScanningSequence": "EP",
    "SequenceName": "epfid2d1_84",
    "SequenceVariant": "SK_SS",
    "SeriesDescription": "task-illusion_run3_bold",
    "SeriesNumber": 20,
    "ShimSetting": [
      -602,
      -10780,
      -533,
      485,
      108,
      56,
      -59,
      20
    ],
    "SliceThickness": 2.5,
    "SliceTiming": [
      1.1375,
      1.07,
      1.0025,
      0.9375,
      0.87,
      0.8025,
      0.735,
      0.67,
      0.6025,
      0.535,
      0.4675,
      0.4025,
      0.335,
      0.2675,
      0.2,
      0.135,
      0.0675,
      0,
      1.1375,
      1.07,
      1.0025,
      0.9375,
      0.87,
      0.8025,
      0.735,
      0.67,
      0.6025,
      0.535,
      0.4675,
      0.4025,
      0.335,
      0.2675,
      0.2,
      0.135,
      0.0675,
      0,
      1.1375,
      1.07,
      1.0025,
      0.9375,
      0.87,
      0.8025,
      0.735,
      0.67,
      0.6025,
      0.535,
      0.4675,
      0.4025,
      0.335,
      0.2675,
      0.2,
      0.135,
      0.0675,
      0
    ],
    "SoftwareVersions": "syngo_MR_E11",
    "SpacingBetweenSlices": 2.5,
    "StationName": "AWP66072",
    "TaskName": "illusion",
    "TotalReadoutTime": 0.04199916,
    "TxRefAmp": 239.629,
    "dataset": "ds002872",
    "modality": "bold",
    "run_id": 3,
    "subject_id": "41",
    "task_id": "illusion"
  },
  "dummy_trs": 0,
  "dvars_nstd": 28.81852836038869,
  "dvars_std": 1.134111433427561,
  "dvars_vstd": 1.0101570774204942,
  "efc": 0.5095780657786182,
  "fber": 10593.873046875,
  "fd_mean": 0.10593870131400163,
  "fd_num": 32,
  "fd_perc": 11.267605633802816,
  "fwhm_avg": 2.8472373333333336,
  "fwhm_x": 2.5714479999999997,
  "fwhm_y": 3.004536,
  "fwhm_z": 2.965728,
  "gcor": 0.0178488,
  "gsr_x": -0.009378604590892792,
  "gsr_y": 0.04233485832810402,
  "provenance": {
    "md5sum": "0b80a61134a88dc50aa81496a0ff678a",
    "settings": {
      "fd_thres": 0.2,
      "testing": false
    },
    "software": "mriqc",
    "version": "23.0.1",
    "webapi_port": null,
    "webapi_url": "https://mriqc.nimh.nih.gov/api/v1"
  },
  "size_t": 284,
  "size_x": 84,
  "size_y": 84,
  "size_z": 54,
  "snr": 2.5223626735759574,
  "spacing_tr": 1.2239999771118164,
  "spacing_x": 2.5,
  "spacing_y": 2.5,
  "spacing_z": 2.5,
  "summary_bg_k": 28.122103191796782,
  "summary_bg_mad": 78.5549951153138,
  "summary_bg_mean": 567.3743286132812,
  "summary_bg_median": 93.59646606445312,
  "summary_bg_n": 231644.0,
  "summary_bg_p05": 34.32052211761475,
  "summary_bg_p95": 2992.025915527342,
  "summary_bg_stdv": 1283.4232177734375,
  "summary_fg_k": 1.0466079617557043,
  "summary_fg_mad": 3792.0136157187053,
  "summary_fg_mean": 10790.630859375,
  "summary_fg_median": 10084.931640625,
  "summary_fg_n": 82192.0,
  "summary_fg_p05": 5622.932446289063,
  "summary_fg_p95": 18344.662011718745,
  "summary_fg_stdv": 3998.18408203125,
  "tsnr": 55.869937896728516
}