{
  "aor": 0.0012086219081272084,
  "aqi": 0.002127930989399293,
  "bids_meta": {
    "EchoTime": 0.03,
    "EffectiveEchoSpacing": 0.00049999,
    "FlipAngle": 65,
    "ImageType": [
      "ORIGINAL",
      "PRIMARY",
      "M",
      "MB",
      "ND",
      "MOSAI"
    ],
    "MagneticFieldStrength": 3,
    "Manufacturer": "Siemens",
    "ManufacturersModelName": "Prisma",
    "PhaseEncodingDirection": "j-",
    "RepetitionTime": 1.224,
    "SliceTiming": [
      1.1375,
      1.07,
      1.005,
      0.9375,
      0.87,
      0.8025,
      0.7375,
      0.67,
      0.6025,
      0.535,
      0.47,
      0.4025,
      0.335,
      0.2675,
      0.2025,
      0.135,
      0.0675,
      0,
      1.1375,
      1.07,
      1.005,
      0.9375,
      0.87,
      0.8025,
      0.7375,
      0.67,
      0.6025,
      0.535,
      0.47,
      0.4025,
      0.335,
      0.2675,
      0.2025,
      0.135,
      0.0675,
      0,
      1.1375,
      1.07,
      1.005,
      0.9375,
      0.87,
      0.8025,
      0.7375,
      0.67,
      0.6025,
      0.535,
      0.47,
      0.4025,
      0.335,
      0.2675,
      0.2025,
      0.135,
      0.0675,
      0
    ],
    "TaskName": "illusion",
    "dataset": "ds002872",
    "modality": "bold",
    "run_id": 2,
    "subject_id": "01",
    "task_id": "illusion"
  },
  "dummy_trs": 1,
  "dvars_nstd": 26.582110702659573,
  "dvars_std": 1.144950745531914,
  "dvars_vstd": 1.0193517449645395,
  "efc": 0.46997999936270396,
  "fber": 27695.56640625,
  "fd_mean": 0.12050775663978239,
  "fd_num": 13,
  "fd_perc": 4.593639575971731,
  "fwhm_avg": 2.7417346666666664,
  "fwhm_x": 2.573564,
  "fwhm_y": 2.84998,
  "fwhm_z": 2.80166,
  "gcor": 0.0208326,
  "gsr_x": -0.00632843654602766,
  "gsr_y": 0.03002486191689968,
  "provenance": {
    "md5sum": "862148a978f2aacb73ff60643d055c57",
    "settings": {
      "fd_thres": 0.2,
      "testing": false
    },
    "software": "mriqc",
    "version": "23.0.1",
    "webapi_port": null,
    "webapi_url": "https://mriqc.nimh.nih.gov/api/v1"
  },
  "size_t": 283,
  "size_x": 84,
  "size_y": 84,
  "size_z": 54,
  "snr": 3.153932951013108,
  "spacing_tr": 1.2239999771118164,
  "spacing_x": 2.5,
  "spacing_y": 2.5,
  "spacing_z": 2.5,
  "summary_bg_k": 101.80283857957042,
  "summary_bg_mad": 28.2954337044234,
  "summary_bg_mean": 316.86627197265625,
  "summary_bg_median": 58.149879455566406,
  "summary_bg_n": 244387.0,
  "summary_bg_p05": 35.3024299621582,
  "summary_bg_p95": 1528.9621459960929,
  "summary_bg_stdv": 862.905029296875,
  "summary_fg_k": 0.37182374321376344,
  "summary_fg_mad": 3110.280104584808,
  "summary_fg_mean": 10254.3544921875,
  "summary_fg_median": 9830.212890625,
  "summary_fg_n": 72682.0,
  "summary_fg_p05": 5922.488818359375,
  "summary_fg_p95": 15932.240478515623,
  "summary_fg_stdv": 3116.78955078125,
  "tsnr": 63.946022033691406
}