{
  "aor": 0.0008477031802120141,
  "aqi": 0.002215427985865725,
  "bids_meta": {
    "EchoTime": 0.03,
    "EffectiveEchoSpacing": 0.00049999,
    "FlipAngle": 65,
    "ImageType": [
      "ORIGINAL",
      "PRIMARY",
      "M",
      "MB",
      "ND",
      "MOSAI"
    ],
    "MagneticFieldStrength": 3,
    "Manufacturer": "Siemens",
    "ManufacturersModelName": "Prisma",
    "PhaseEncodingDirection": "j-",
    "RepetitionTime": 1.224,
    "SliceTiming": [
      1.135,
      1.07,
      1.0025,
      0.935,
      0.8675,
      0.8025,
      0.735,
      0.6675,
      0.6,
      0.535,
      0.4675,
      0.4,
      0.3325,
      0.2675,
      0.2,
      0.1325,
      0.065,
      0,
      1.135,
      1.07,
      1.0025,
      0.935,
      0.8675,
      0.8025,
      0.735,
      0.6675,
      0.6,
      0.535,
      0.4675,
      0.4,
      0.3325,
      0.2675,
      0.2,
      0.1325,
      0.065,
      0,
      1.135,
      1.07,
      1.0025,
      0.935,
      0.8675,
      0.8025,
      0.735,
      0.6675,
      0.6,
      0.535,
      0.4675,
      0.4,
      0.3325,
      0.2675,
      0.2,
      0.1325,
      0.065,
      0
    ],
    "TaskName": "illusion",
    "dataset": "ds002872",
    "modality": "bold",
    "run_id": 4,
    "subject_id": "01",
    "task_id": "illusion"
  },
  "dummy_trs": 1,
  "dvars_nstd": 26.76577877145389,
  "dvars_std": 1.1408438056737586,
  "dvars_vstd": 1.0120721229432623,
  "efc": 0.47016999173311574,
  "fber": 27013.28125,
  "fd_mean": 0.12041316221820451,
  "fd_num": 12,
  "fd_perc": 4.240282685512367,
  "fwhm_avg": 2.750678666666667,
  "fwhm_x": 2.582752,
  "fwhm_y": 2.861852,
  "fwhm_z": 2.807432,
  "gcor": 0.017405,
  "gsr_x": -0.006743536330759525,
  "gsr_y": 0.03050387278199196,
  "provenance": {
    "md5sum": "daba9953d322280e075f7e9279f1578a",
    "settings": {
      "fd_thres": 0.2,
      "testing": false
    },
    "software": "mriqc",
    "version": "23.0.1",
    "webapi_port": null,
    "webapi_url": "https://mriqc.nimh.nih.gov/api/v1"
  },
  "size_t": 283,
  "size_x": 84,
  "size_y": 84,
  "size_z": 54,
  "snr": 3.1503112341173285,
  "spacing_tr": 1.2239999771118164,
  "spacing_x": 2.5,
  "spacing_y": 2.5,
  "spacing_z": 2.5,
  "summary_bg_k": 84.55356571157691,
  "summary_bg_mad": 30.385783837037945,
  "summary_bg_mean": 327.5497741699219,
  "summary_bg_median": 59.171783447265625,
  "summary_bg_n": 244900.0,
  "summary_bg_p05": 34.28647689819336,
  "summary_bg_p95": 1583.5499389648432,
  "summary_bg_stdv": 883.2758178710938,
  "summary_fg_k": 0.37036458999126776,
  "summary_fg_mad": 3119.486282520714,
  "summary_fg_mean": 10265.9951171875,
  "summary_fg_median": 9838.77734375,
  "summary_fg_n": 72655.0,
  "summary_fg_p05": 5934.48017578125,
  "summary_fg_p95": 15931.714550781251,
  "summary_fg_stdv": 3123.09130859375,
  "tsnr": 63.26233673095703
}