{
  "aor": 0.0033950883392226145,
  "aqi": 0.006450977455830388,
  "bids_meta": {
    "EchoTime": 0.03,
    "EffectiveEchoSpacing": 0.00049999,
    "FlipAngle": 65,
    "ImageType": [
      "ORIGINAL",
      "PRIMARY",
      "M",
      "MB",
      "ND",
      "MOSAI"
    ],
    "MagneticFieldStrength": 3,
    "Manufacturer": "Siemens",
    "ManufacturersModelName": "Prisma",
    "PhaseEncodingDirection": "j-",
    "RepetitionTime": 1.224,
    "SliceTiming": [
      1.1375,
      1.07,
      1.005,
      0.9375,
      0.87,
      0.8025,
      0.7375,
      0.67,
      0.6025,
      0.535,
      0.47,
      0.4025,
      0.335,
      0.2675,
      0.2025,
      0.135,
      0.0675,
      0,
      1.1375,
      1.07,
      1.005,
      0.9375,
      0.87,
      0.8025,
      0.7375,
      0.67,
      0.6025,
      0.535,
      0.47,
      0.4025,
      0.335,
      0.2675,
      0.2025,
      0.135,
      0.0675,
      0,
      1.1375,
      1.07,
      1.005,
      0.9375,
      0.87,
      0.8025,
      0.7375,
      0.67,
      0.6025,
      0.535,
      0.47,
      0.4025,
      0.335,
      0.2675,
      0.2025,
      0.135,
      0.0675,
      0
    ],
    "TaskName": "illusion",
    "dataset": "ds002872",
    "modality": "bold",
    "run_id": 2,
    "subject_id": "08",
    "task_id": "illusion"
  },
  "dummy_trs": 1,
  "dvars_nstd": 38.49478302939717,
  "dvars_std": 1.137030887340425,
  "dvars_vstd": 1.0280037264184392,
  "efc": 0.46713516139258693,
  "fber": 10369.4150390625,
  "fd_mean": 0.2691978293251791,
  "fd_num": 165,
  "fd_perc": 58.303886925795055,
  "fwhm_avg": 2.6586440000000002,
  "fwhm_x": 2.375904,
  "fwhm_y": 2.813492,
  "fwhm_z": 2.786536,
  "gcor": 0.0112734,
  "gsr_x": 0.011668424122035503,
  "gsr_y": 0.027038097381591797,
  "provenance": {
    "md5sum": "78d2514bc7d851042f105ab8852b5d75",
    "settings": {
      "fd_thres": 0.2,
      "testing": false
    },
    "software": "mriqc",
    "version": "23.0.1",
    "webapi_port": null,
    "webapi_url": "https://mriqc.nimh.nih.gov/api/v1"
  },
  "size_t": 283,
  "size_x": 84,
  "size_y": 84,
  "size_z": 54,
  "snr": 3.3767720004887276,
  "spacing_tr": 1.2239999771118164,
  "spacing_x": 2.5,
  "spacing_y": 2.5,
  "spacing_z": 2.5,
  "summary_bg_k": 75.74051244224927,
  "summary_bg_mad": 63.133356446807916,
  "summary_bg_mean": 444.63720703125,
  "summary_bg_median": 80.37158203125,
  "summary_bg_n": 258887.0,
  "summary_bg_p05": 32.208461380004884,
  "summary_bg_p95": 2079.8080810546853,
  "summary_bg_stdv": 1110.5433349609375,
  "summary_fg_k": 0.7890408639396957,
  "summary_fg_mad": 2301.232471497929,
  "summary_fg_mean": 8593.767578125,
  "summary_fg_median": 8276.48046875,
  "summary_fg_n": 59819.0,
  "summary_fg_p05": 5221.005810546875,
  "summary_fg_p95": 13101.181054687499,
  "summary_fg_stdv": 2450.983154296875,
  "tsnr": 44.330535888671875
}