{
  "aor": 0.0029559363957597173,
  "aqi": 0.005764814840989399,
  "bids_meta": {
    "EchoTime": 0.03,
    "EffectiveEchoSpacing": 0.00049999,
    "FlipAngle": 65,
    "ImageType": [
      "ORIGINAL",
      "PRIMARY",
      "M",
      "MB",
      "ND",
      "MOSAI"
    ],
    "MagneticFieldStrength": 3,
    "Manufacturer": "Siemens",
    "ManufacturersModelName": "Prisma",
    "PhaseEncodingDirection": "j-",
    "RepetitionTime": 1.224,
    "SliceTiming": [
      1.1375,
      1.07,
      1.0025,
      0.935,
      0.87,
      0.8025,
      0.735,
      0.6675,
      0.6025,
      0.535,
      0.4675,
      0.4,
      0.335,
      0.2675,
      0.2,
      0.1325,
      0.0675,
      0,
      1.1375,
      1.07,
      1.0025,
      0.935,
      0.87,
      0.8025,
      0.735,
      0.6675,
      0.6025,
      0.535,
      0.4675,
      0.4,
      0.335,
      0.2675,
      0.2,
      0.1325,
      0.0675,
      0,
      1.1375,
      1.07,
      1.0025,
      0.935,
      0.87,
      0.8025,
      0.735,
      0.6675,
      0.6025,
      0.535,
      0.4675,
      0.4,
      0.335,
      0.2675,
      0.2,
      0.1325,
      0.0675,
      0
    ],
    "TaskName": "illusion",
    "dataset": "ds002872",
    "modality": "bold",
    "run_id": 3,
    "subject_id": "08",
    "task_id": "illusion"
  },
  "dummy_trs": 1,
  "dvars_nstd": 39.38386385489358,
  "dvars_std": 1.1554502299645402,
  "dvars_vstd": 1.0320610075886527,
  "efc": 0.4673274313323184,
  "fber": 10341.0869140625,
  "fd_mean": 0.28709208015729976,
  "fd_num": 178,
  "fd_perc": 62.897526501766784,
  "fwhm_avg": 2.6740293333333334,
  "fwhm_x": 2.374944,
  "fwhm_y": 2.807888,
  "fwhm_z": 2.839256,
  "gcor": 0.0117491,
  "gsr_x": 0.011671148240566254,
  "gsr_y": 0.02751985378563404,
  "provenance": {
    "md5sum": "01c3257c4234056a33eb6446d42ee15d",
    "settings": {
      "fd_thres": 0.2,
      "testing": false
    },
    "software": "mriqc",
    "version": "23.0.1",
    "webapi_port": null,
    "webapi_url": "https://mriqc.nimh.nih.gov/api/v1"
  },
  "size_t": 283,
  "size_x": 84,
  "size_y": 84,
  "size_z": 54,
  "snr": 3.3732482993737545,
  "spacing_tr": 1.2239999771118164,
  "spacing_x": 2.5,
  "spacing_y": 2.5,
  "spacing_z": 2.5,
  "summary_bg_k": 76.87843885763665,
  "summary_bg_mad": 62.35203009989809,
  "summary_bg_mean": 442.7462158203125,
  "summary_bg_median": 80.4058609008789,
  "summary_bg_n": 258637.0,
  "summary_bg_p05": 32.86745681762695,
  "summary_bg_p95": 2066.866455078123,
  "summary_bg_stdv": 1109.9730224609375,
  "summary_fg_k": 0.8193615724555321,
  "summary_fg_mad": 2296.0918668330814,
  "summary_fg_mean": 8581.1416015625,
  "summary_fg_median": 8267.107421875,
  "summary_fg_n": 59980.0,
  "summary_fg_p05": 5200.393994140625,
  "summary_fg_p95": 13071.124316406249,
  "summary_fg_stdv": 2450.764892578125,
  "tsnr": 45.92847442626953
}