{
  "aor": 0.0010771014492753624,
  "aqi": 0.007177351759834368,
  "bids_meta": {
    "EchoTime": 0.03,
    "EffectiveEchoSpacing": 0.00049999,
    "FlipAngle": 65,
    "ImageType": [
      "ORIGINAL",
      "PRIMARY",
      "M",
      "MB",
      "ND",
      "MOSAI"
    ],
    "MagneticFieldStrength": 3,
    "Manufacturer": "Siemens",
    "ManufacturersModelName": "Prisma",
    "PhaseEncodingDirection": "j-",
    "RepetitionTime": 1.224,
    "SliceTiming": [
      1.1375,
      1.0725,
      1.005,
      0.9375,
      0.87,
      0.805,
      0.7375,
      0.67,
      0.6025,
      0.5375,
      0.47,
      0.4025,
      0.335,
      0.2675,
      0.2025,
      0.135,
      0.0675,
      0,
      1.1375,
      1.0725,
      1.005,
      0.9375,
      0.87,
      0.805,
      0.7375,
      0.67,
      0.6025,
      0.5375,
      0.47,
      0.4025,
      0.335,
      0.2675,
      0.2025,
      0.135,
      0.0675,
      0,
      1.1375,
      1.0725,
      1.005,
      0.9375,
      0.87,
      0.805,
      0.7375,
      0.67,
      0.6025,
      0.5375,
      0.47,
      0.4025,
      0.335,
      0.2675,
      0.2025,
      0.135,
      0.0675,
      0
    ],
    "TaskName": "rest",
    "dataset": "ds002872",
    "modality": "bold",
    "subject_id": "08",
    "task_id": "rest"
  },
  "dummy_trs": 1,
  "dvars_nstd": 32.62681173966804,
  "dvars_std": 1.0529020568464729,
  "dvars_vstd": 0.9800088032365143,
  "efc": 0.4664439806599873,
  "fber": 9770.578125,
  "fd_mean": 0.226597855405537,
  "fd_num": 233,
  "fd_perc": 48.24016563146998,
  "fwhm_avg": 2.696432,
  "fwhm_x": 2.404392,
  "fwhm_y": 2.830048,
  "fwhm_z": 2.854856,
  "gcor": 0.011449,
  "gsr_x": 0.014884673990309238,
  "gsr_y": 0.02542543224990368,
  "provenance": {
    "md5sum": "93b4e2af39185c66db85a9566186fb16",
    "settings": {
      "fd_thres": 0.2,
      "testing": false
    },
    "software": "mriqc",
    "version": "23.0.1",
    "webapi_port": null,
    "webapi_url": "https://mriqc.nimh.nih.gov/api/v1"
  },
  "size_t": 483,
  "size_x": 84,
  "size_y": 84,
  "size_z": 54,
  "snr": 3.3759315738771356,
  "spacing_tr": 1.2239999771118164,
  "spacing_x": 2.5,
  "spacing_y": 2.5,
  "spacing_z": 2.5,
  "summary_bg_k": 56.72407498511801,
  "summary_bg_mad": 71.23703901350243,
  "summary_bg_mean": 435.7908020019531,
  "summary_bg_median": 82.633544921875,
  "summary_bg_n": 259138.0,
  "summary_bg_p05": 27.78675079345703,
  "summary_bg_p95": 2041.0764160156245,
  "summary_bg_stdv": 1065.9892578125,
  "summary_fg_k": 0.7508984707935675,
  "summary_fg_mad": 2287.5158672327266,
  "summary_fg_mean": 8553.5146484375,
  "summary_fg_median": 8235.365234375,
  "summary_fg_n": 59998.0,
  "summary_fg_p05": 5175.783129882812,
  "summary_fg_p95": 12993.521874999997,
  "summary_fg_stdv": 2439.41455078125,
  "tsnr": 44.05174533650279
}