{
  "aor": 0.002585194346289753,
  "aqi": 0.005769848339222615,
  "bids_meta": {
    "EchoTime": 0.03,
    "EffectiveEchoSpacing": 0.00049999,
    "FlipAngle": 65,
    "ImageType": [
      "ORIGINAL",
      "PRIMARY",
      "M",
      "MB",
      "ND",
      "MOSAI"
    ],
    "MagneticFieldStrength": 3,
    "Manufacturer": "Siemens",
    "ManufacturersModelName": "Prisma",
    "PhaseEncodingDirection": "j-",
    "RepetitionTime": 1.224,
    "SliceTiming": [
      1.135,
      1.07,
      1.0025,
      0.935,
      0.8675,
      0.8025,
      0.735,
      0.6675,
      0.6,
      0.535,
      0.4675,
      0.4,
      0.3325,
      0.2675,
      0.2,
      0.1325,
      0.065,
      0,
      1.135,
      1.07,
      1.0025,
      0.935,
      0.8675,
      0.8025,
      0.735,
      0.6675,
      0.6,
      0.535,
      0.4675,
      0.4,
      0.3325,
      0.2675,
      0.2,
      0.1325,
      0.065,
      0,
      1.135,
      1.07,
      1.0025,
      0.935,
      0.8675,
      0.8025,
      0.735,
      0.6675,
      0.6,
      0.535,
      0.4675,
      0.4,
      0.3325,
      0.2675,
      0.2,
      0.1325,
      0.065,
      0
    ],
    "TaskName": "illusion",
    "dataset": "ds002872",
    "modality": "bold",
    "run_id": 1,
    "subject_id": "08",
    "task_id": "illusion"
  },
  "dummy_trs": 1,
  "dvars_nstd": 37.25304688127658,
  "dvars_std": 1.1432954477659578,
  "dvars_vstd": 1.0270768151773044,
  "efc": 0.4666007328295171,
  "fber": 10587.1416015625,
  "fd_mean": 0.25143581191301084,
  "fd_num": 168,
  "fd_perc": 59.36395759717315,
  "fwhm_avg": 2.670590666666667,
  "fwhm_x": 2.37566,
  "fwhm_y": 2.797248,
  "fwhm_z": 2.838864,
  "gcor": 0.0115093,
  "gsr_x": 0.01170588843524456,
  "gsr_y": 0.027404841035604477,
  "provenance": {
    "md5sum": "75da61b3077a2a226b08198019ca9eed",
    "settings": {
      "fd_thres": 0.2,
      "testing": false
    },
    "software": "mriqc",
    "version": "23.0.1",
    "webapi_port": null,
    "webapi_url": "https://mriqc.nimh.nih.gov/api/v1"
  },
  "size_t": 283,
  "size_x": 84,
  "size_y": 84,
  "size_z": 54,
  "snr": 3.3685628504371734,
  "spacing_tr": 1.2239999771118164,
  "spacing_x": 2.5,
  "spacing_y": 2.5,
  "spacing_z": 2.5,
  "summary_bg_k": 78.00926433737779,
  "summary_bg_mad": 60.827123405247995,
  "summary_bg_mean": 438.8298034667969,
  "summary_bg_median": 79.32091522216797,
  "summary_bg_n": 258797.0,
  "summary_bg_p05": 33.63471984863281,
  "summary_bg_p95": 2062.013525390625,
  "summary_bg_stdv": 1100.345947265625,
  "summary_fg_k": 0.8008200131406014,
  "summary_fg_mad": 2309.148611761288,
  "summary_fg_mean": 8602.099609375,
  "summary_fg_median": 8281.2919921875,
  "summary_fg_n": 59818.0,
  "summary_fg_p05": 5218.335180664063,
  "summary_fg_p95": 13121.625683593747,
  "summary_fg_stdv": 2458.384521484375,
  "tsnr": 46.62370300292969
}