{
  "aor": 0.0033368661971830984,
  "aqi": 0.0064532090492957755,
  "bids_meta": {
    "EchoTime": 0.03,
    "EffectiveEchoSpacing": 0.00049999,
    "FlipAngle": 65,
    "ImageType": [
      "ORIGINAL",
      "PRIMARY",
      "M",
      "MB",
      "ND",
      "MOSAI"
    ],
    "MagneticFieldStrength": 3,
    "Manufacturer": "Siemens",
    "ManufacturersModelName": "Prisma",
    "PhaseEncodingDirection": "j-",
    "RepetitionTime": 1.224,
    "SliceTiming": [
      1.135,
      1.07,
      1.0025,
      0.935,
      0.8675,
      0.8025,
      0.735,
      0.6675,
      0.6,
      0.535,
      0.4675,
      0.4,
      0.3325,
      0.2675,
      0.2,
      0.1325,
      0.065,
      0,
      1.135,
      1.07,
      1.0025,
      0.935,
      0.8675,
      0.8025,
      0.735,
      0.6675,
      0.6,
      0.535,
      0.4675,
      0.4,
      0.3325,
      0.2675,
      0.2,
      0.1325,
      0.065,
      0,
      1.135,
      1.07,
      1.0025,
      0.935,
      0.8675,
      0.8025,
      0.735,
      0.6675,
      0.6,
      0.535,
      0.4675,
      0.4,
      0.3325,
      0.2675,
      0.2,
      0.1325,
      0.065,
      0
    ],
    "TaskName": "illusion",
    "dataset": "ds002872",
    "modality": "bold",
    "run_id": 4,
    "subject_id": "08",
    "task_id": "illusion"
  },
  "dummy_trs": 0,
  "dvars_nstd": 39.447465977455835,
  "dvars_std": 1.1635114777738516,
  "dvars_vstd": 1.0328992065371028,
  "efc": 0.4676267778080393,
  "fber": 10545.638671875,
  "fd_mean": 0.2762838797976743,
  "fd_num": 171,
  "fd_perc": 60.2112676056338,
  "fwhm_avg": 2.6739800000000002,
  "fwhm_x": 2.36712,
  "fwhm_y": 2.8083,
  "fwhm_z": 2.84652,
  "gcor": 0.015956,
  "gsr_x": 0.01174369640648365,
  "gsr_y": 0.0273051168769598,
  "provenance": {
    "md5sum": "07cd69fea2aa4a30143483d54cec75b4",
    "settings": {
      "fd_thres": 0.2,
      "testing": false
    },
    "software": "mriqc",
    "version": "23.0.1",
    "webapi_port": null,
    "webapi_url": "https://mriqc.nimh.nih.gov/api/v1"
  },
  "size_t": 284,
  "size_x": 84,
  "size_y": 84,
  "size_z": 54,
  "snr": 3.3724476714479494,
  "spacing_tr": 1.2239999771118164,
  "spacing_x": 2.5,
  "spacing_y": 2.5,
  "spacing_z": 2.5,
  "summary_bg_k": 78.81372483687059,
  "summary_bg_mad": 58.935960618266186,
  "summary_bg_mean": 444.09649658203125,
  "summary_bg_median": 79.285400390625,
  "summary_bg_n": 258591.0,
  "summary_bg_p05": 35.888193130493164,
  "summary_bg_p95": 2079.1497802734375,
  "summary_bg_stdv": 1110.8917236328125,
  "summary_fg_k": 0.8111445579673338,
  "summary_fg_mad": 2286.606977054341,
  "summary_fg_mean": 8572.935546875,
  "summary_fg_median": 8259.150390625,
  "summary_fg_n": 59973.0,
  "summary_fg_p05": 5193.96865234375,
  "summary_fg_p95": 13059.428124999995,
  "summary_fg_stdv": 2448.9873046875,
  "tsnr": 45.54982376098633
}