{
  "aor": 0.007507067137809189,
  "aqi": 0.014706439964664312,
  "bids_meta": {
    "EchoTime": 0.03,
    "EffectiveEchoSpacing": 0.00049999,
    "FlipAngle": 65,
    "ImageType": [
      "ORIGINAL",
      "PRIMARY",
      "M",
      "MB",
      "ND",
      "MOSAI"
    ],
    "MagneticFieldStrength": 3,
    "Manufacturer": "Siemens",
    "ManufacturersModelName": "Prisma",
    "PhaseEncodingDirection": "j-",
    "RepetitionTime": 1.224,
    "SliceTiming": [
      1.135,
      1.07,
      1.0025,
      0.935,
      0.8675,
      0.8025,
      0.735,
      0.6675,
      0.6,
      0.535,
      0.4675,
      0.4,
      0.3325,
      0.2675,
      0.2,
      0.1325,
      0.065,
      0,
      1.135,
      1.07,
      1.0025,
      0.935,
      0.8675,
      0.8025,
      0.735,
      0.6675,
      0.6,
      0.535,
      0.4675,
      0.4,
      0.3325,
      0.2675,
      0.2,
      0.1325,
      0.065,
      0,
      1.135,
      1.07,
      1.0025,
      0.935,
      0.8675,
      0.8025,
      0.735,
      0.6675,
      0.6,
      0.535,
      0.4675,
      0.4,
      0.3325,
      0.2675,
      0.2,
      0.1325,
      0.065,
      0
    ],
    "TaskName": "illusion",
    "dataset": "ds002872",
    "modality": "bold",
    "run_id": 4,
    "subject_id": "10",
    "task_id": "illusion"
  },
  "dummy_trs": 1,
  "dvars_nstd": 49.969728956914885,
  "dvars_std": 1.1140238118085108,
  "dvars_vstd": 1.0117908300709217,
  "efc": 0.4772832100540862,
  "fber": 11019.2353515625,
  "fd_mean": 0.5636606606078326,
  "fd_num": 185,
  "fd_perc": 65.37102473498233,
  "fwhm_avg": 2.711974745367439,
  "fwhm_x": 2.4757122361023174,
  "fwhm_y": 2.8272559999999998,
  "fwhm_z": 2.8329560000000003,
  "gcor": 0.0141991,
  "gsr_x": -0.01484800036996603,
  "gsr_y": 0.04771818965673447,
  "provenance": {
    "md5sum": "59dc5de8505ccf4855469580f341eb12",
    "settings": {
      "fd_thres": 0.2,
      "testing": false
    },
    "software": "mriqc",
    "version": "23.0.1",
    "webapi_port": null,
    "webapi_url": "https://mriqc.nimh.nih.gov/api/v1"
  },
  "size_t": 283,
  "size_x": 84,
  "size_y": 84,
  "size_z": 54,
  "snr": 3.031946899280113,
  "spacing_tr": 1.2239999771118164,
  "spacing_x": 2.499999761581421,
  "spacing_y": 2.5,
  "spacing_z": 2.5,
  "summary_bg_k": 104.398280003188,
  "summary_bg_mad": 66.93214570126038,
  "summary_bg_mean": 408.4580993652344,
  "summary_bg_median": 78.64508819580078,
  "summary_bg_n": 248639.0,
  "summary_bg_p05": 26.32549991607666,
  "summary_bg_p95": 1830.316076660156,
  "summary_bg_stdv": 1047.8258056640625,
  "summary_fg_k": 1.0555097360096974,
  "summary_fg_mad": 2655.382561101674,
  "summary_fg_mean": 8937.6865234375,
  "summary_fg_median": 8519.458984375,
  "summary_fg_n": 67885.0,
  "summary_fg_p05": 5107.798046875,
  "summary_fg_p95": 14043.784765624998,
  "summary_fg_stdv": 2809.87646484375,
  "tsnr": 29.44427490234375
}