{
  "aor": 0.0011368904593639577,
  "aqi": 0.004979052049469965,
  "bids_meta": {
    "EchoTime": 0.03,
    "EffectiveEchoSpacing": 0.00049999,
    "FlipAngle": 65,
    "ImageType": [
      "ORIGINAL",
      "PRIMARY",
      "M",
      "MB",
      "ND",
      "MOSAI"
    ],
    "MagneticFieldStrength": 3,
    "Manufacturer": "Siemens",
    "ManufacturersModelName": "Prisma",
    "PhaseEncodingDirection": "j-",
    "RepetitionTime": 1.224,
    "SliceTiming": [
      1.1375,
      1.07,
      1.005,
      0.9375,
      0.87,
      0.8025,
      0.7375,
      0.67,
      0.6025,
      0.535,
      0.47,
      0.4025,
      0.335,
      0.2675,
      0.2025,
      0.135,
      0.0675,
      0,
      1.1375,
      1.07,
      1.005,
      0.9375,
      0.87,
      0.8025,
      0.7375,
      0.67,
      0.6025,
      0.535,
      0.47,
      0.4025,
      0.335,
      0.2675,
      0.2025,
      0.135,
      0.0675,
      0,
      1.1375,
      1.07,
      1.005,
      0.9375,
      0.87,
      0.8025,
      0.7375,
      0.67,
      0.6025,
      0.535,
      0.47,
      0.4025,
      0.335,
      0.2675,
      0.2025,
      0.135,
      0.0675,
      0
    ],
    "TaskName": "illusion",
    "dataset": "ds002872",
    "modality": "bold",
    "run_id": 2,
    "subject_id": "12",
    "task_id": "illusion"
  },
  "dummy_trs": 1,
  "dvars_nstd": 32.03532825645391,
  "dvars_std": 1.0583363218085107,
  "dvars_vstd": 0.9863792000709222,
  "efc": 0.5064653979676906,
  "fber": 7078.576171875,
  "fd_mean": 0.25266446169403584,
  "fd_num": 185,
  "fd_perc": 65.37102473498233,
  "fwhm_avg": 2.9974666666666665,
  "fwhm_x": 2.7918279999999998,
  "fwhm_y": 3.143708,
  "fwhm_z": 3.056864,
  "gcor": 0.0139134,
  "gsr_x": -0.007156848907470703,
  "gsr_y": 0.03144987300038338,
  "provenance": {
    "md5sum": "db089bb80f8eac9368b11fe0b4945195",
    "settings": {
      "fd_thres": 0.2,
      "testing": false
    },
    "software": "mriqc",
    "version": "23.0.1",
    "webapi_port": null,
    "webapi_url": "https://mriqc.nimh.nih.gov/api/v1"
  },
  "size_t": 283,
  "size_x": 84,
  "size_y": 84,
  "size_z": 54,
  "snr": 2.6586772639193414,
  "spacing_tr": 1.2239999771118164,
  "spacing_x": 2.5,
  "spacing_y": 2.5,
  "spacing_z": 2.5,
  "summary_bg_k": 29.108151014436338,
  "summary_bg_mad": 95.21574207031341,
  "summary_bg_mean": 511.74981689453125,
  "summary_bg_median": 103.86111450195312,
  "summary_bg_n": 235986.0,
  "summary_bg_p05": 31.65709114074707,
  "summary_bg_p95": 2379.1533203125,
  "summary_bg_stdv": 1084.21044921875,
  "summary_fg_k": 1.279714969623174,
  "summary_fg_mad": 3249.2592220689858,
  "summary_fg_mean": 9817.962890625,
  "summary_fg_median": 9261.14453125,
  "summary_fg_n": 78486.0,
  "summary_fg_p05": 5195.734619140625,
  "summary_fg_p95": 16336.1787109375,
  "summary_fg_stdv": 3483.34326171875,
  "tsnr": 44.866790771484375
}