{
  "aor": 0.001126631205673759,
  "aqi": 0.007095244539007092,
  "bids_meta": {
    "EchoTime": 0.03,
    "EffectiveEchoSpacing": 0.00049999,
    "FlipAngle": 65,
    "ImageType": [
      "ORIGINAL",
      "PRIMARY",
      "M",
      "MB",
      "ND",
      "MOSAI"
    ],
    "MagneticFieldStrength": 3,
    "Manufacturer": "Siemens",
    "ManufacturersModelName": "Prisma",
    "PhaseEncodingDirection": "j-",
    "RepetitionTime": 1.224,
    "SliceTiming": [
      1.135,
      1.07,
      1.0025,
      0.935,
      0.8675,
      0.8025,
      0.735,
      0.6675,
      0.6,
      0.535,
      0.4675,
      0.4,
      0.3325,
      0.2675,
      0.2,
      0.1325,
      0.065,
      0,
      1.135,
      1.07,
      1.0025,
      0.935,
      0.8675,
      0.8025,
      0.735,
      0.6675,
      0.6,
      0.535,
      0.4675,
      0.4,
      0.3325,
      0.2675,
      0.2,
      0.1325,
      0.065,
      0,
      1.135,
      1.07,
      1.0025,
      0.935,
      0.8675,
      0.8025,
      0.735,
      0.6675,
      0.6,
      0.535,
      0.4675,
      0.4,
      0.3325,
      0.2675,
      0.2,
      0.1325,
      0.065,
      0
    ],
    "TaskName": "illusion",
    "dataset": "ds002872",
    "modality": "bold",
    "run_id": 4,
    "subject_id": "12",
    "task_id": "illusion"
  },
  "dummy_trs": 2,
  "dvars_nstd": 32.83698126747333,
  "dvars_std": 1.0391018140213522,
  "dvars_vstd": 0.9782936690035594,
  "efc": 0.5068205141137803,
  "fber": 6942.064453125,
  "fd_mean": 0.269626665301515,
  "fd_num": 195,
  "fd_perc": 69.14893617021276,
  "fwhm_avg": 2.978114666666667,
  "fwhm_x": 2.775792,
  "fwhm_y": 3.123384,
  "fwhm_z": 3.035168,
  "gcor": 0.0163435,
  "gsr_x": -0.006371045485138893,
  "gsr_y": 0.03326534479856491,
  "provenance": {
    "md5sum": "f0c2ebc8becb2475ec2091bcf4bb27e2",
    "settings": {
      "fd_thres": 0.2,
      "testing": false
    },
    "software": "mriqc",
    "version": "23.0.1",
    "webapi_port": null,
    "webapi_url": "https://mriqc.nimh.nih.gov/api/v1"
  },
  "size_t": 282,
  "size_x": 84,
  "size_y": 84,
  "size_z": 54,
  "snr": 2.689219569056868,
  "spacing_tr": 1.2239999771118164,
  "spacing_x": 2.5,
  "spacing_y": 2.5,
  "spacing_z": 2.5,
  "summary_bg_k": 28.76135398890671,
  "summary_bg_mad": 94.84286883398583,
  "summary_bg_mean": 505.4756774902344,
  "summary_bg_median": 103.62226867675781,
  "summary_bg_n": 235959.0,
  "summary_bg_p05": 32.35675315856934,
  "summary_bg_p95": 2353.967749023435,
  "summary_bg_stdv": 1060.296875,
  "summary_fg_k": 1.1578349840632374,
  "summary_fg_mad": 3196.895058215336,
  "summary_fg_mean": 9713.5634765625,
  "summary_fg_median": 9171.7744140625,
  "summary_fg_n": 78457.0,
  "summary_fg_p05": 5160.4322265625,
  "summary_fg_p95": 16106.693749999999,
  "summary_fg_stdv": 3410.54931640625,
  "tsnr": 39.407470703125
}