{
  "aor": 0.0028064184397163117,
  "aqi": 0.00565954634751773,
  "bids_meta": {
    "EchoTime": 0.03,
    "EffectiveEchoSpacing": 0.00049999,
    "FlipAngle": 65,
    "ImageType": [
      "ORIGINAL",
      "PRIMARY",
      "M",
      "MB",
      "ND",
      "MOSAI"
    ],
    "MagneticFieldStrength": 3,
    "Manufacturer": "Siemens",
    "ManufacturersModelName": "Prisma",
    "PhaseEncodingDirection": "j-",
    "RepetitionTime": 1.224,
    "SliceTiming": [
      1.1375,
      1.07,
      1.0025,
      0.9375,
      0.87,
      0.8025,
      0.735,
      0.67,
      0.6025,
      0.535,
      0.4675,
      0.4025,
      0.335,
      0.2675,
      0.2,
      0.135,
      0.0675,
      0,
      1.1375,
      1.07,
      1.0025,
      0.9375,
      0.87,
      0.8025,
      0.735,
      0.67,
      0.6025,
      0.535,
      0.4675,
      0.4025,
      0.335,
      0.2675,
      0.2,
      0.135,
      0.0675,
      0,
      1.1375,
      1.07,
      1.0025,
      0.9375,
      0.87,
      0.8025,
      0.735,
      0.67,
      0.6025,
      0.535,
      0.4675,
      0.4025,
      0.335,
      0.2675,
      0.2,
      0.135,
      0.0675,
      0
    ],
    "TaskName": "illusion",
    "dataset": "ds002872",
    "modality": "bold",
    "run_id": 3,
    "subject_id": "12",
    "task_id": "illusion"
  },
  "dummy_trs": 2,
  "dvars_nstd": 32.70676339309609,
  "dvars_std": 1.0904687275444847,
  "dvars_vstd": 1.0137834730604982,
  "efc": 0.5061868881734486,
  "fber": 6979.662109375,
  "fd_mean": 0.25318312220756745,
  "fd_num": 186,
  "fd_perc": 65.95744680851064,
  "fwhm_avg": 2.9932293333333333,
  "fwhm_x": 2.783236,
  "fwhm_y": 3.13156,
  "fwhm_z": 3.064892,
  "gcor": 0.014628,
  "gsr_x": -0.007314356509596109,
  "gsr_y": 0.03103259950876236,
  "provenance": {
    "md5sum": "00f42efaea27ef310c9ab9d3167bf10c",
    "settings": {
      "fd_thres": 0.2,
      "testing": false
    },
    "software": "mriqc",
    "version": "23.0.1",
    "webapi_port": null,
    "webapi_url": "https://mriqc.nimh.nih.gov/api/v1"
  },
  "size_t": 282,
  "size_x": 84,
  "size_y": 84,
  "size_z": 54,
  "snr": 2.6790635329786525,
  "spacing_tr": 1.2239999771118164,
  "spacing_x": 2.5,
  "spacing_y": 2.5,
  "spacing_z": 2.5,
  "summary_bg_k": 28.80993500010413,
  "summary_bg_mad": 94.15292694236246,
  "summary_bg_mean": 505.0030517578125,
  "summary_bg_median": 103.68119049072266,
  "summary_bg_n": 236123.0,
  "summary_bg_p05": 33.222443389892575,
  "summary_bg_p95": 2356.005029296875,
  "summary_bg_stdv": 1061.5347900390625,
  "summary_fg_k": 1.206862341025805,
  "summary_fg_mad": 3221.5910992710487,
  "summary_fg_mean": 9768.1396484375,
  "summary_fg_median": 9227.927734375,
  "summary_fg_n": 78370.0,
  "summary_fg_p05": 5180.6548828125,
  "summary_fg_p95": 16205.149755859378,
  "summary_fg_stdv": 3444.438232421875,
  "tsnr": 42.592933654785156
}