{
  "aor": 0.008534894366197183,
  "aqi": 0.014947421549295774,
  "bids_meta": {
    "EchoTime": 0.03,
    "EffectiveEchoSpacing": 0.00049999,
    "FlipAngle": 65,
    "ImageType": [
      "ORIGINAL",
      "PRIMARY",
      "M",
      "MB",
      "ND",
      "MOSAI"
    ],
    "MagneticFieldStrength": 3,
    "Manufacturer": "Siemens",
    "ManufacturersModelName": "Prisma",
    "PhaseEncodingDirection": "j-",
    "RepetitionTime": 1.224,
    "SliceTiming": [
      1.135,
      1.07,
      1.0025,
      0.935,
      0.8675,
      0.8025,
      0.735,
      0.6675,
      0.6,
      0.535,
      0.4675,
      0.4,
      0.3325,
      0.2675,
      0.2,
      0.1325,
      0.065,
      0,
      1.135,
      1.07,
      1.0025,
      0.935,
      0.8675,
      0.8025,
      0.735,
      0.6675,
      0.6,
      0.535,
      0.4675,
      0.4,
      0.3325,
      0.2675,
      0.2,
      0.1325,
      0.065,
      0,
      1.135,
      1.07,
      1.0025,
      0.935,
      0.8675,
      0.8025,
      0.735,
      0.6675,
      0.6,
      0.535,
      0.4675,
      0.4,
      0.3325,
      0.2675,
      0.2,
      0.1325,
      0.065,
      0
    ],
    "TaskName": "illusion",
    "dataset": "ds002872",
    "modality": "bold",
    "run_id": 3,
    "subject_id": "33",
    "task_id": "illusion"
  },
  "dummy_trs": 0,
  "dvars_nstd": 54.28586583070666,
  "dvars_std": 1.1351085476678435,
  "dvars_vstd": 1.013761569363957,
  "efc": 0.4609724281490597,
  "fber": 13970.56640625,
  "fd_mean": 0.7904119739486447,
  "fd_num": 213,
  "fd_perc": 75.0,
  "fwhm_avg": 2.746938666666667,
  "fwhm_x": 2.4878080000000002,
  "fwhm_y": 2.909712,
  "fwhm_z": 2.843296,
  "gcor": 0.0164548,
  "gsr_x": -0.0035726663190871477,
  "gsr_y": 0.030741779133677483,
  "provenance": {
    "md5sum": "9e2b468b2a1eee2abf10c7737ed04f65",
    "settings": {
      "fd_thres": 0.2,
      "testing": false
    },
    "software": "mriqc",
    "version": "23.0.1",
    "webapi_port": null,
    "webapi_url": "https://mriqc.nimh.nih.gov/api/v1"
  },
  "size_t": 284,
  "size_x": 84,
  "size_y": 84,
  "size_z": 54,
  "snr": 3.0952054080174367,
  "spacing_tr": 1.2239999771118164,
  "spacing_x": 2.5,
  "spacing_y": 2.5,
  "spacing_z": 2.5,
  "summary_bg_k": 125.11788149325736,
  "summary_bg_mad": 50.528545486482926,
  "summary_bg_mean": 344.7122497558594,
  "summary_bg_median": 71.57394409179688,
  "summary_bg_n": 253061.0,
  "summary_bg_p05": 31.197181701660156,
  "summary_bg_p95": 1451.68310546875,
  "summary_bg_stdv": 977.6436767578125,
  "summary_fg_k": 0.70489499414118,
  "summary_fg_mad": 2619.5441997109374,
  "summary_fg_mean": 8902.119140625,
  "summary_fg_median": 8459.1865234375,
  "summary_fg_n": 66668.0,
  "summary_fg_p05": 5297.06904296875,
  "summary_fg_p95": 13957.122070312498,
  "summary_fg_stdv": 2732.976318359375,
  "tsnr": 28.468667893204838
}