{
  "aor": 0.000668941908713693,
  "aqi": 0.006622617199170125,
  "bids_meta": {
    "EchoTime": 0.03,
    "EffectiveEchoSpacing": 0.00049999,
    "FlipAngle": 65,
    "ImageType": [
      "ORIGINAL",
      "PRIMARY",
      "M",
      "MB",
      "ND",
      "MOSAI"
    ],
    "MagneticFieldStrength": 3,
    "Manufacturer": "Siemens",
    "ManufacturersModelName": "Prisma",
    "PhaseEncodingDirection": "j-",
    "RepetitionTime": 1.224,
    "SliceTiming": [
      1.1375,
      1.07,
      1.0025,
      0.9375,
      0.87,
      0.8025,
      0.735,
      0.67,
      0.6025,
      0.535,
      0.4675,
      0.4,
      0.335,
      0.2675,
      0.2,
      0.1325,
      0.0675,
      0,
      1.1375,
      1.07,
      1.0025,
      0.9375,
      0.87,
      0.8025,
      0.735,
      0.67,
      0.6025,
      0.535,
      0.4675,
      0.4,
      0.335,
      0.2675,
      0.2,
      0.1325,
      0.0675,
      0,
      1.1375,
      1.07,
      1.0025,
      0.9375,
      0.87,
      0.8025,
      0.735,
      0.67,
      0.6025,
      0.535,
      0.4675,
      0.4,
      0.335,
      0.2675,
      0.2,
      0.1325,
      0.0675,
      0
    ],
    "TaskName": "rest",
    "dataset": "ds002872",
    "modality": "bold",
    "subject_id": "33",
    "task_id": "rest"
  },
  "dummy_trs": 2,
  "dvars_nstd": 32.192173174802484,
  "dvars_std": 1.0920378437629943,
  "dvars_vstd": 0.9720002861954267,
  "efc": 0.4618579409449641,
  "fber": 13682.2197265625,
  "fd_mean": 0.15317792360491791,
  "fd_num": 110,
  "fd_perc": 22.821576763485478,
  "fwhm_avg": 2.7251999999999996,
  "fwhm_x": 2.442392,
  "fwhm_y": 2.901828,
  "fwhm_z": 2.8313800000000002,
  "gcor": 0.0115918,
  "gsr_x": -0.006165322382003069,
  "gsr_y": 0.0276623647660017,
  "provenance": {
    "md5sum": "e5e3b2b07052bfd4ac9b2b0ad95cca3b",
    "settings": {
      "fd_thres": 0.2,
      "testing": false
    },
    "software": "mriqc",
    "version": "23.0.1",
    "webapi_port": null,
    "webapi_url": "https://mriqc.nimh.nih.gov/api/v1"
  },
  "size_t": 482,
  "size_x": 84,
  "size_y": 84,
  "size_z": 54,
  "snr": 3.052657264451089,
  "spacing_tr": 1.2239999771118164,
  "spacing_x": 2.5,
  "spacing_y": 2.5,
  "spacing_z": 2.5,
  "summary_bg_k": 135.6202878884977,
  "summary_bg_mad": 56.938691644526784,
  "summary_bg_mean": 311.9155578613281,
  "summary_bg_median": 71.26141357421875,
  "summary_bg_n": 250775.0,
  "summary_bg_p05": 22.178424835205078,
  "summary_bg_p95": 1323.5811401367175,
  "summary_bg_stdv": 826.4971923828125,
  "summary_fg_k": 0.5516054994027102,
  "summary_fg_mad": 2646.1438064568656,
  "summary_fg_mean": 8827.40625,
  "summary_fg_median": 8365.689453125,
  "summary_fg_n": 67649.0,
  "summary_fg_p05": 5201.09443359375,
  "summary_fg_p95": 13913.5341796875,
  "summary_fg_stdv": 2740.441162109375,
  "tsnr": 43.59783563273959
}