{
  "aor": 0.005442579505300353,
  "aqi": 0.006346377314487633,
  "bids_meta": {
    "EchoTime": 0.03,
    "EffectiveEchoSpacing": 0.00049999,
    "FlipAngle": 65,
    "ImageType": [
      "ORIGINAL",
      "PRIMARY",
      "M",
      "MB",
      "ND",
      "MOSAI"
    ],
    "MagneticFieldStrength": 3,
    "Manufacturer": "Siemens",
    "ManufacturersModelName": "Prisma",
    "PhaseEncodingDirection": "j-",
    "RepetitionTime": 1.224,
    "SliceTiming": [
      1.135,
      1.07,
      1.0025,
      0.935,
      0.8675,
      0.8025,
      0.735,
      0.6675,
      0.6,
      0.535,
      0.4675,
      0.4,
      0.3325,
      0.2675,
      0.2,
      0.1325,
      0.065,
      0,
      1.135,
      1.07,
      1.0025,
      0.935,
      0.8675,
      0.8025,
      0.735,
      0.6675,
      0.6,
      0.535,
      0.4675,
      0.4,
      0.3325,
      0.2675,
      0.2,
      0.1325,
      0.065,
      0,
      1.135,
      1.07,
      1.0025,
      0.935,
      0.8675,
      0.8025,
      0.735,
      0.6675,
      0.6,
      0.535,
      0.4675,
      0.4,
      0.3325,
      0.2675,
      0.2,
      0.1325,
      0.065,
      0
    ],
    "TaskName": "illusion",
    "dataset": "ds002872",
    "modality": "bold",
    "run_id": 2,
    "subject_id": "25",
    "task_id": "illusion"
  },
  "dummy_trs": 1,
  "dvars_nstd": 35.613700670567376,
  "dvars_std": 1.1240262957092195,
  "dvars_vstd": 1.0392367069858157,
  "efc": 0.5245120262519257,
  "fber": 5351.56640625,
  "fd_mean": 0.213007303671289,
  "fd_num": 95,
  "fd_perc": 33.56890459363957,
  "fwhm_avg": 2.7788079999999997,
  "fwhm_x": 2.47958,
  "fwhm_y": 2.8294799999999998,
  "fwhm_z": 3.027364,
  "gcor": 0.0156211,
  "gsr_x": -0.012181882746517658,
  "gsr_y": 0.0486091747879982,
  "provenance": {
    "md5sum": "85a8dc3f2b633e86ebe42c735a9d6992",
    "settings": {
      "fd_thres": 0.2,
      "testing": false
    },
    "software": "mriqc",
    "version": "23.0.1",
    "webapi_port": null,
    "webapi_url": "https://mriqc.nimh.nih.gov/api/v1"
  },
  "size_t": 283,
  "size_x": 84,
  "size_y": 84,
  "size_z": 54,
  "snr": 2.650717768896203,
  "spacing_tr": 1.2239999771118164,
  "spacing_x": 2.5,
  "spacing_y": 2.5,
  "spacing_z": 2.5,
  "summary_bg_k": 56.96996796519419,
  "summary_bg_mad": 104.81431098949558,
  "summary_bg_mean": 548.4071655273438,
  "summary_bg_median": 109.359619140625,
  "summary_bg_n": 229961.0,
  "summary_bg_p05": 31.165393829345703,
  "summary_bg_p95": 2622.54541015625,
  "summary_bg_stdv": 1266.13525390625,
  "summary_fg_k": 1.7867221046766826,
  "summary_fg_mad": 2817.557381214879,
  "summary_fg_mean": 9102.1669921875,
  "summary_fg_median": 8505.9912109375,
  "summary_fg_n": 83717.0,
  "summary_fg_p05": 5022.50771484375,
  "summary_fg_p95": 15244.876367187499,
  "summary_fg_stdv": 3208.919677734375,
  "tsnr": 42.08562469482422
}