{
  "aor": 0.0035572084805653706,
  "aqi": 0.007807066466431095,
  "bids_meta": {
    "EchoTime": 0.03,
    "EffectiveEchoSpacing": 0.00049999,
    "FlipAngle": 65,
    "ImageType": [
      "ORIGINAL",
      "PRIMARY",
      "M",
      "MB",
      "ND",
      "MOSAI"
    ],
    "MagneticFieldStrength": 3,
    "Manufacturer": "Siemens",
    "ManufacturersModelName": "Prisma",
    "PhaseEncodingDirection": "j-",
    "RepetitionTime": 1.224,
    "SliceTiming": [
      1.1375,
      1.07,
      1.0025,
      0.935,
      0.87,
      0.8025,
      0.735,
      0.6675,
      0.6025,
      0.535,
      0.4675,
      0.4,
      0.335,
      0.2675,
      0.2,
      0.1325,
      0.0675,
      0,
      1.1375,
      1.07,
      1.0025,
      0.935,
      0.87,
      0.8025,
      0.735,
      0.6675,
      0.6025,
      0.535,
      0.4675,
      0.4,
      0.335,
      0.2675,
      0.2,
      0.1325,
      0.0675,
      0,
      1.1375,
      1.07,
      1.0025,
      0.935,
      0.87,
      0.8025,
      0.735,
      0.6675,
      0.6025,
      0.535,
      0.4675,
      0.4,
      0.335,
      0.2675,
      0.2,
      0.1325,
      0.0675,
      0
    ],
    "TaskName": "illusion",
    "dataset": "ds002872",
    "modality": "bold",
    "run_id": 1,
    "subject_id": "25",
    "task_id": "illusion"
  },
  "dummy_trs": 1,
  "dvars_nstd": 34.92505689049642,
  "dvars_std": 1.0593016921276608,
  "dvars_vstd": 1.0050364507801415,
  "efc": 0.523929953400925,
  "fber": 5043.99267578125,
  "fd_mean": 0.2326597401690068,
  "fd_num": 111,
  "fd_perc": 39.2226148409894,
  "fwhm_avg": 2.7685266666666664,
  "fwhm_x": 2.463588,
  "fwhm_y": 2.831068,
  "fwhm_z": 3.010924,
  "gcor": 0.0125813,
  "gsr_x": -0.010671637952327728,
  "gsr_y": 0.045698828995227814,
  "provenance": {
    "md5sum": "3558dfd2df0d5d0d1d7361b120140eb1",
    "settings": {
      "fd_thres": 0.2,
      "testing": false
    },
    "software": "mriqc",
    "version": "23.0.1",
    "webapi_port": null,
    "webapi_url": "https://mriqc.nimh.nih.gov/api/v1"
  },
  "size_t": 283,
  "size_x": 84,
  "size_y": 84,
  "size_z": 54,
  "snr": 2.6720997935405757,
  "spacing_tr": 1.2239999771118164,
  "spacing_x": 2.5,
  "spacing_y": 2.5,
  "spacing_z": 2.5,
  "summary_bg_k": 53.55341051783611,
  "summary_bg_mad": 116.98482238790405,
  "summary_bg_mean": 539.8888549804688,
  "summary_bg_median": 113.85823822021484,
  "summary_bg_n": 230302.0,
  "summary_bg_p05": 22.433527946472168,
  "summary_bg_p95": 2580.9437744140623,
  "summary_bg_stdv": 1230.493408203125,
  "summary_fg_k": 1.742001186299233,
  "summary_fg_mad": 2815.9871838457684,
  "summary_fg_mean": 9094.8232421875,
  "summary_fg_median": 8504.931640625,
  "summary_fg_n": 83469.0,
  "summary_fg_p05": 5051.07080078125,
  "summary_fg_p95": 15200.75468749999,
  "summary_fg_stdv": 3182.845458984375,
  "tsnr": 38.58051300048828
}