{
  "aor": 0.0037568661971830986,
  "aqi": 0.03930718838028169,
  "bids_meta": {
    "EchoTime": 0.03,
    "EffectiveEchoSpacing": 0.00049999,
    "FlipAngle": 65,
    "ImageType": [
      "ORIGINAL",
      "PRIMARY",
      "M",
      "MB",
      "ND",
      "NORM"
    ],
    "MagneticFieldStrength": 3,
    "Manufacturer": "Siemens",
    "ManufacturersModelName": "Prisma",
    "PhaseEncodingDirection": "j-",
    "RepetitionTime": 1.224,
    "SliceTiming": [
      1.1375,
      1.07,
      1.005,
      0.9375,
      0.87,
      0.8025,
      0.7375,
      0.67,
      0.6025,
      0.535,
      0.47,
      0.4025,
      0.335,
      0.2675,
      0.2025,
      0.135,
      0.0675,
      0,
      1.1375,
      1.07,
      1.005,
      0.9375,
      0.87,
      0.8025,
      0.7375,
      0.67,
      0.6025,
      0.535,
      0.47,
      0.4025,
      0.335,
      0.2675,
      0.2025,
      0.135,
      0.0675,
      0,
      1.1375,
      1.07,
      1.005,
      0.9375,
      0.87,
      0.8025,
      0.7375,
      0.67,
      0.6025,
      0.535,
      0.47,
      0.4025,
      0.335,
      0.2675,
      0.2025,
      0.135,
      0.0675,
      0
    ],
    "TaskName": "illusion",
    "dataset": "ds002872",
    "modality": "bold",
    "run_id": 3,
    "subject_id": "23",
    "task_id": "illusion"
  },
  "dummy_trs": 0,
  "dvars_nstd": 52.48038985452295,
  "dvars_std": 1.0902105532508835,
  "dvars_vstd": 0.9850540634982337,
  "efc": 0.47074849434031807,
  "fber": 41405.671875,
  "fd_mean": 0.9202185012981643,
  "fd_num": 247,
  "fd_perc": 86.97183098591549,
  "fwhm_avg": 1.7519106666666666,
  "fwhm_x": 1.627552,
  "fwhm_y": 1.8662680000000003,
  "fwhm_z": 1.761912,
  "gcor": 0.00581015,
  "gsr_x": -0.007988929748535156,
  "gsr_y": 0.01413802895694971,
  "provenance": {
    "md5sum": "7a5e1865c41bbd48724f1c437b4dc4b5",
    "settings": {
      "fd_thres": 0.2,
      "testing": false
    },
    "software": "mriqc",
    "version": "23.0.1",
    "webapi_port": null,
    "webapi_url": "https://mriqc.nimh.nih.gov/api/v1"
  },
  "size_t": 284,
  "size_x": 84,
  "size_y": 84,
  "size_z": 54,
  "snr": 6.242301720161982,
  "spacing_tr": 1.2239999771118164,
  "spacing_x": 2.5,
  "spacing_y": 2.5,
  "spacing_z": 2.5,
  "summary_bg_k": 35.64832140966029,
  "summary_bg_mad": 53.69947806146124,
  "summary_bg_mean": 315.0758972167969,
  "summary_bg_median": 53.32823181152344,
  "summary_bg_n": 251319.0,
  "summary_bg_p05": 13.006467533111573,
  "summary_bg_p95": 1520.7651245117127,
  "summary_bg_stdv": 784.9892578125,
  "summary_fg_k": 2.341694578265667,
  "summary_fg_mad": 1508.1213644062568,
  "summary_fg_mean": 10945.7685546875,
  "summary_fg_median": 10785.69140625,
  "summary_fg_n": 69498.0,
  "summary_fg_p05": 8666.667236328125,
  "summary_fg_p95": 13972.050097656247,
  "summary_fg_stdv": 1727.826416015625,
  "tsnr": 28.85071563720703
}