{
  "aor": 0.003067323943661972,
  "aqi": 0.015746390985915494,
  "bids_meta": {
    "EchoTime": 0.03,
    "EffectiveEchoSpacing": 0.00049999,
    "FlipAngle": 65,
    "ImageType": [
      "ORIGINAL",
      "PRIMARY",
      "M",
      "MB",
      "ND",
      "MOSAI"
    ],
    "MagneticFieldStrength": 3,
    "Manufacturer": "Siemens",
    "ManufacturersModelName": "Prisma",
    "PhaseEncodingDirection": "j-",
    "RepetitionTime": 1.224,
    "SliceTiming": [
      1.1375,
      1.07,
      1.005,
      0.9375,
      0.87,
      0.8025,
      0.735,
      0.67,
      0.6025,
      0.535,
      0.4675,
      0.4025,
      0.335,
      0.2675,
      0.2,
      0.135,
      0.0675,
      0,
      1.1375,
      1.07,
      1.005,
      0.9375,
      0.87,
      0.8025,
      0.735,
      0.67,
      0.6025,
      0.535,
      0.4675,
      0.4025,
      0.335,
      0.2675,
      0.2,
      0.135,
      0.0675,
      0,
      1.1375,
      1.07,
      1.005,
      0.9375,
      0.87,
      0.8025,
      0.735,
      0.67,
      0.6025,
      0.535,
      0.4675,
      0.4025,
      0.335,
      0.2675,
      0.2,
      0.135,
      0.0675,
      0
    ],
    "TaskName": "illusion",
    "dataset": "ds002872",
    "modality": "bold",
    "run_id": 1,
    "subject_id": "23",
    "task_id": "illusion"
  },
  "dummy_trs": 0,
  "dvars_nstd": 52.57603865706712,
  "dvars_std": 1.068138725194346,
  "dvars_vstd": 0.9707680802473495,
  "efc": 0.4711991760639435,
  "fber": 11113.76953125,
  "fd_mean": 0.8042695829457264,
  "fd_num": 239,
  "fd_perc": 84.15492957746478,
  "fwhm_avg": 2.6325773333333333,
  "fwhm_x": 2.366704,
  "fwhm_y": 2.767332,
  "fwhm_z": 2.763696,
  "gcor": 0.0152386,
  "gsr_x": -0.0012406001333147287,
  "gsr_y": 0.0224311500787735,
  "provenance": {
    "md5sum": "1c1b6539b4a455e9cf36ccd33fa8f79b",
    "settings": {
      "fd_thres": 0.2,
      "testing": false
    },
    "software": "mriqc",
    "version": "23.0.1",
    "webapi_port": null,
    "webapi_url": "https://mriqc.nimh.nih.gov/api/v1"
  },
  "size_t": 284,
  "size_x": 84,
  "size_y": 84,
  "size_z": 54,
  "snr": 3.0984945050074586,
  "spacing_tr": 1.2239999771118164,
  "spacing_x": 2.5,
  "spacing_y": 2.5,
  "spacing_z": 2.5,
  "summary_bg_k": 46.376643216469674,
  "summary_bg_mad": 63.98942258679923,
  "summary_bg_mean": 347.3616638183594,
  "summary_bg_median": 79.44189453125,
  "summary_bg_n": 249734.0,
  "summary_bg_p05": 26.982393264770508,
  "summary_bg_p95": 1597.875646972656,
  "summary_bg_stdv": 815.5640869140625,
  "summary_fg_k": 0.8440644326694295,
  "summary_fg_mad": 2446.1944825538058,
  "summary_fg_mean": 8813.7822265625,
  "summary_fg_median": 8355.927734375,
  "summary_fg_n": 69162.0,
  "summary_fg_p05": 5187.284033203125,
  "summary_fg_p95": 13938.789648437498,
  "summary_fg_stdv": 2696.750732421875,
  "tsnr": 27.129504370037466
}