{
  "aor": 0.00584468085106383,
  "aqi": 0.01665791989361702,
  "bids_meta": {
    "EchoTime": 0.03,
    "EffectiveEchoSpacing": 0.00049999,
    "FlipAngle": 65,
    "ImageType": [
      "ORIGINAL",
      "PRIMARY",
      "M",
      "MB",
      "ND",
      "MOSAI"
    ],
    "MagneticFieldStrength": 3,
    "Manufacturer": "Siemens",
    "ManufacturersModelName": "Prisma",
    "PhaseEncodingDirection": "j-",
    "RepetitionTime": 1.224,
    "SliceTiming": [
      1.1375,
      1.07,
      1.0025,
      0.935,
      0.87,
      0.8025,
      0.735,
      0.6675,
      0.6025,
      0.535,
      0.4675,
      0.4,
      0.335,
      0.2675,
      0.2,
      0.1325,
      0.0675,
      0,
      1.1375,
      1.07,
      1.0025,
      0.935,
      0.87,
      0.8025,
      0.735,
      0.6675,
      0.6025,
      0.535,
      0.4675,
      0.4,
      0.335,
      0.2675,
      0.2,
      0.1325,
      0.0675,
      0,
      1.1375,
      1.07,
      1.0025,
      0.935,
      0.87,
      0.8025,
      0.735,
      0.6675,
      0.6025,
      0.535,
      0.4675,
      0.4,
      0.335,
      0.2675,
      0.2,
      0.1325,
      0.0675,
      0
    ],
    "TaskName": "illusion",
    "dataset": "ds002872",
    "modality": "bold",
    "run_id": 2,
    "subject_id": "23",
    "task_id": "illusion"
  },
  "dummy_trs": 2,
  "dvars_nstd": 60.76353898494661,
  "dvars_std": 1.136884208754447,
  "dvars_vstd": 1.0113131173309604,
  "efc": 0.4742778957808221,
  "fber": 10171.1259765625,
  "fd_mean": 1.0138651501317701,
  "fd_num": 248,
  "fd_perc": 87.94326241134752,
  "fwhm_avg": 2.6385093333333334,
  "fwhm_x": 2.361808,
  "fwhm_y": 2.772564,
  "fwhm_z": 2.781156,
  "gcor": 0.0103748,
  "gsr_x": -0.0035636061802506447,
  "gsr_y": 0.02637556381523609,
  "provenance": {
    "md5sum": "021cc5a83b03262e3355bd4cfc32d914",
    "settings": {
      "fd_thres": 0.2,
      "testing": false
    },
    "software": "mriqc",
    "version": "23.0.1",
    "webapi_port": null,
    "webapi_url": "https://mriqc.nimh.nih.gov/api/v1"
  },
  "size_t": 282,
  "size_x": 84,
  "size_y": 84,
  "size_z": 54,
  "snr": 3.090042346210365,
  "spacing_tr": 1.2239999771118164,
  "spacing_x": 2.5,
  "spacing_y": 2.5,
  "spacing_z": 2.5,
  "summary_bg_k": 55.767439206103965,
  "summary_bg_mad": 69.29588002744077,
  "summary_bg_mean": 346.71929931640625,
  "summary_bg_median": 82.10460662841797,
  "summary_bg_n": 248014.0,
  "summary_bg_p05": 23.92429037094117,
  "summary_bg_p95": 1600.573541259762,
  "summary_bg_stdv": 817.9107055664062,
  "summary_fg_k": 0.8236447456573894,
  "summary_fg_mad": 2454.532672179171,
  "summary_fg_mean": 8812.330078125,
  "summary_fg_median": 8340.9541015625,
  "summary_fg_n": 69531.0,
  "summary_fg_p05": 5204.767578125,
  "summary_fg_p95": 13956.8486328125,
  "summary_fg_stdv": 2699.281494140625,
  "tsnr": 26.728525342186913
}