{
  "aor": 0.006096099290780142,
  "aqi": 0.009259239361702127,
  "bids_meta": {
    "EchoTime": 0.03,
    "EffectiveEchoSpacing": 0.00049999,
    "FlipAngle": 65,
    "ImageType": [
      "ORIGINAL",
      "PRIMARY",
      "M",
      "MB",
      "ND",
      "MOSAI"
    ],
    "MagneticFieldStrength": 3,
    "Manufacturer": "Siemens",
    "ManufacturersModelName": "Prisma",
    "PhaseEncodingDirection": "j-",
    "RepetitionTime": 1.224,
    "SliceTiming": [
      1.135,
      1.07,
      1.0025,
      0.935,
      0.8675,
      0.8025,
      0.735,
      0.6675,
      0.6,
      0.535,
      0.4675,
      0.4,
      0.3325,
      0.2675,
      0.2,
      0.1325,
      0.065,
      0,
      1.135,
      1.07,
      1.0025,
      0.935,
      0.8675,
      0.8025,
      0.735,
      0.6675,
      0.6,
      0.535,
      0.4675,
      0.4,
      0.3325,
      0.2675,
      0.2,
      0.1325,
      0.065,
      0,
      1.135,
      1.07,
      1.0025,
      0.935,
      0.8675,
      0.8025,
      0.735,
      0.6675,
      0.6,
      0.535,
      0.4675,
      0.4,
      0.3325,
      0.2675,
      0.2,
      0.1325,
      0.065,
      0
    ],
    "TaskName": "illusion",
    "dataset": "ds002872",
    "modality": "bold",
    "run_id": 2,
    "subject_id": "10",
    "task_id": "illusion"
  },
  "dummy_trs": 2,
  "dvars_nstd": 45.510535603345176,
  "dvars_std": 1.1796745225622782,
  "dvars_vstd": 1.042639373843416,
  "efc": 0.4786267912849231,
  "fber": 12184.9482421875,
  "fd_mean": 0.4137891548083851,
  "fd_num": 152,
  "fd_perc": 53.90070921985816,
  "fwhm_avg": 2.701021412256248,
  "fwhm_x": 2.4827002367687454,
  "fwhm_y": 2.798464,
  "fwhm_z": 2.8219000000000003,
  "gcor": 0.011915,
  "gsr_x": -0.017036955803632736,
  "gsr_y": 0.04943929985165596,
  "provenance": {
    "md5sum": "6d4c0651d4438b3c73bd647ce5e96620",
    "settings": {
      "fd_thres": 0.2,
      "testing": false
    },
    "software": "mriqc",
    "version": "23.0.1",
    "webapi_port": null,
    "webapi_url": "https://mriqc.nimh.nih.gov/api/v1"
  },
  "size_t": 282,
  "size_x": 84,
  "size_y": 84,
  "size_z": 54,
  "snr": 2.9926292779777808,
  "spacing_tr": 1.2239999771118164,
  "spacing_x": 2.499999761581421,
  "spacing_y": 2.5,
  "spacing_z": 2.5,
  "summary_bg_k": 109.64953808690206,
  "summary_bg_mad": 54.034353620920264,
  "summary_bg_mean": 414.65948486328125,
  "summary_bg_median": 73.30120849609375,
  "summary_bg_n": 247992.0,
  "summary_bg_p05": 33.13299407958984,
  "summary_bg_p95": 1874.728173828125,
  "summary_bg_stdv": 1072.7894287109375,
  "summary_fg_k": 1.0011208518113976,
  "summary_fg_mad": 2666.415206516726,
  "summary_fg_mean": 8900.9052734375,
  "summary_fg_median": 8466.73828125,
  "summary_fg_n": 68486.0,
  "summary_fg_p05": 5062.7574462890625,
  "summary_fg_p95": 14088.729248046875,
  "summary_fg_stdv": 2829.176513671875,
  "tsnr": 36.52396011352539
}