{
  "aor": 0.0022795774647887323,
  "aqi": 0.009741303732394365,
  "bids_meta": {
    "EchoTime": 0.03,
    "EffectiveEchoSpacing": 0.00049999,
    "FlipAngle": 65,
    "ImageType": [
      "ORIGINAL",
      "PRIMARY",
      "M",
      "MB",
      "ND",
      "MOSAI"
    ],
    "MagneticFieldStrength": 3,
    "Manufacturer": "Siemens",
    "ManufacturersModelName": "Prisma",
    "PhaseEncodingDirection": "j-",
    "RepetitionTime": 1.224,
    "SliceTiming": [
      1.135,
      1.07,
      1.0025,
      0.935,
      0.8675,
      0.8025,
      0.735,
      0.6675,
      0.6,
      0.535,
      0.4675,
      0.4,
      0.3325,
      0.2675,
      0.2,
      0.1325,
      0.065,
      0,
      1.135,
      1.07,
      1.0025,
      0.935,
      0.8675,
      0.8025,
      0.735,
      0.6675,
      0.6,
      0.535,
      0.4675,
      0.4,
      0.3325,
      0.2675,
      0.2,
      0.1325,
      0.065,
      0,
      1.135,
      1.07,
      1.0025,
      0.935,
      0.8675,
      0.8025,
      0.735,
      0.6675,
      0.6,
      0.535,
      0.4675,
      0.4,
      0.3325,
      0.2675,
      0.2,
      0.1325,
      0.065,
      0
    ],
    "TaskName": "illusion",
    "dataset": "ds002872",
    "modality": "bold",
    "run_id": 1,
    "subject_id": "10",
    "task_id": "illusion"
  },
  "dummy_trs": 0,
  "dvars_nstd": 43.19584582975264,
  "dvars_std": 1.0589744079858652,
  "dvars_vstd": 0.9583019557243811,
  "efc": 0.47783413560574195,
  "fber": 12823.3486328125,
  "fd_mean": 0.36102030653265504,
  "fd_num": 166,
  "fd_perc": 58.45070422535211,
  "fwhm_avg": 2.695762745368075,
  "fwhm_x": 2.475732236104225,
  "fwhm_y": 2.806712,
  "fwhm_z": 2.804844,
  "gcor": 0.00867735,
  "gsr_x": -0.017423134297132492,
  "gsr_y": 0.05528300255537033,
  "provenance": {
    "md5sum": "a26d3e1e67fcfc59c7b958bc08217f82",
    "settings": {
      "fd_thres": 0.2,
      "testing": false
    },
    "software": "mriqc",
    "version": "23.0.1",
    "webapi_port": null,
    "webapi_url": "https://mriqc.nimh.nih.gov/api/v1"
  },
  "size_t": 284,
  "size_x": 84,
  "size_y": 84,
  "size_z": 54,
  "snr": 3.0197259824235907,
  "spacing_tr": 1.2239999771118164,
  "spacing_x": 2.499999761581421,
  "spacing_y": 2.5,
  "spacing_z": 2.5,
  "summary_bg_k": 125.9843006071857,
  "summary_bg_mad": 52.055578716297504,
  "summary_bg_mean": 413.9864196777344,
  "summary_bg_median": 71.45817565917969,
  "summary_bg_n": 247762.0,
  "summary_bg_p05": 32.250749588012695,
  "summary_bg_p95": 1826.9880187988256,
  "summary_bg_stdv": 1133.42138671875,
  "summary_fg_k": 0.8852196231028877,
  "summary_fg_mad": 2667.212611957978,
  "summary_fg_mean": 8904.1474609375,
  "summary_fg_median": 8468.560546875,
  "summary_fg_n": 68362.0,
  "summary_fg_p05": 5098.819287109375,
  "summary_fg_p95": 14029.858837890622,
  "summary_fg_stdv": 2804.39306640625,
  "tsnr": 34.43863296508789
}