{
  "aor": 0.00972473029045643,
  "aqi": 0.009993335062240665,
  "bids_meta": {
    "EchoTime": 0.03,
    "EffectiveEchoSpacing": 0.00049999,
    "FlipAngle": 65,
    "ImageType": [
      "ORIGINAL",
      "PRIMARY",
      "M",
      "MB",
      "ND",
      "MOSAI"
    ],
    "MagneticFieldStrength": 3,
    "Manufacturer": "Siemens",
    "ManufacturersModelName": "Prisma",
    "PhaseEncodingDirection": "j-",
    "RepetitionTime": 1.224,
    "SliceTiming": [
      1.135,
      1.07,
      1.0025,
      0.935,
      0.8675,
      0.8025,
      0.735,
      0.6675,
      0.6,
      0.535,
      0.4675,
      0.4,
      0.3325,
      0.2675,
      0.2,
      0.1325,
      0.065,
      0,
      1.135,
      1.07,
      1.0025,
      0.935,
      0.8675,
      0.8025,
      0.735,
      0.6675,
      0.6,
      0.535,
      0.4675,
      0.4,
      0.3325,
      0.2675,
      0.2,
      0.1325,
      0.065,
      0,
      1.135,
      1.07,
      1.0025,
      0.935,
      0.8675,
      0.8025,
      0.735,
      0.6675,
      0.6,
      0.535,
      0.4675,
      0.4,
      0.3325,
      0.2675,
      0.2,
      0.1325,
      0.065,
      0
    ],
    "TaskName": "rest",
    "dataset": "ds002872",
    "modality": "bold",
    "subject_id": "10",
    "task_id": "rest"
  },
  "dummy_trs": 2,
  "dvars_nstd": 44.725719737567566,
  "dvars_std": 1.1762801117255717,
  "dvars_vstd": 1.057541612453222,
  "efc": 0.4773234060747824,
  "fber": 12936.41015625,
  "fd_mean": 0.38233977677435294,
  "fd_num": 251,
  "fd_perc": 52.0746887966805,
  "fwhm_avg": 2.6698427444610666,
  "fwhm_x": 2.4472002333832013,
  "fwhm_y": 2.766996,
  "fwhm_z": 2.795332,
  "gcor": 0.0187674,
  "gsr_x": -0.016875021159648895,
  "gsr_y": 0.04801250994205475,
  "provenance": {
    "md5sum": "648bfde5180a80b5d1bd4ad6944b604a",
    "settings": {
      "fd_thres": 0.2,
      "testing": false
    },
    "software": "mriqc",
    "version": "23.0.1",
    "webapi_port": null,
    "webapi_url": "https://mriqc.nimh.nih.gov/api/v1"
  },
  "size_t": 482,
  "size_x": 84,
  "size_y": 84,
  "size_z": 54,
  "snr": 3.0290703577000286,
  "spacing_tr": 1.2239999771118164,
  "spacing_x": 2.499999761581421,
  "spacing_y": 2.5,
  "spacing_z": 2.5,
  "summary_bg_k": 93.04904813596877,
  "summary_bg_mad": 49.87603570386521,
  "summary_bg_mean": 393.5462646484375,
  "summary_bg_median": 70.65042114257812,
  "summary_bg_n": 247860.0,
  "summary_bg_p05": 34.12789669036865,
  "summary_bg_p95": 1822.4606872558572,
  "summary_bg_stdv": 986.2957153320312,
  "summary_fg_k": 0.8639783228252602,
  "summary_fg_mad": 2648.5617221843113,
  "summary_fg_mean": 8817.0537109375,
  "summary_fg_median": 8393.5,
  "summary_fg_n": 68347.0,
  "summary_fg_p05": 5048.8373046875,
  "summary_fg_p95": 13865.53583984375,
  "summary_fg_stdv": 2770.9619140625,
  "tsnr": 33.62575912475586
}