{
  "aor": 0.0035949469964664314,
  "aqi": 0.009935803992932863,
  "bids_meta": {
    "EchoTime": 0.03,
    "EffectiveEchoSpacing": 0.00049999,
    "FlipAngle": 65,
    "ImageType": [
      "ORIGINAL",
      "PRIMARY",
      "M",
      "MB",
      "ND",
      "MOSAIC"
    ],
    "MagneticFieldStrength": 3,
    "Manufacturer": "Siemens",
    "ManufacturersModelName": "Prisma",
    "PhaseEncodingDirection": "j-",
    "RepetitionTime": 1.224,
    "SliceTiming": [
      1.1375,
      1.07,
      1.0025,
      0.935,
      0.87,
      0.8025,
      0.735,
      0.6675,
      0.6025,
      0.535,
      0.4675,
      0.4,
      0.335,
      0.2675,
      0.2,
      0.1325,
      0.0675,
      0,
      1.1375,
      1.07,
      1.0025,
      0.935,
      0.87,
      0.8025,
      0.735,
      0.6675,
      0.6025,
      0.535,
      0.4675,
      0.4,
      0.335,
      0.2675,
      0.2,
      0.1325,
      0.0675,
      0,
      1.1375,
      1.07,
      1.0025,
      0.935,
      0.87,
      0.8025,
      0.735,
      0.6675,
      0.6025,
      0.535,
      0.4675,
      0.4,
      0.335,
      0.2675,
      0.2,
      0.1325,
      0.0675,
      0
    ],
    "TaskName": "illusion",
    "dataset": "ds002872",
    "modality": "bold",
    "run_id": 3,
    "subject_id": "10",
    "task_id": "illusion"
  },
  "dummy_trs": 1,
  "dvars_nstd": 43.0357646331915,
  "dvars_std": 1.1147710218085107,
  "dvars_vstd": 0.9959203652836877,
  "efc": 0.4776767678769366,
  "fber": 13268.0595703125,
  "fd_mean": 0.3359734572446424,
  "fd_num": 156,
  "fd_perc": 55.12367491166078,
  "fwhm_avg": 2.6857267452646965,
  "fwhm_x": 2.4724802357940896,
  "fwhm_y": 2.7999479999999997,
  "fwhm_z": 2.784752,
  "gcor": 0.0092787,
  "gsr_x": -0.01675400696694851,
  "gsr_y": 0.047340717166662216,
  "provenance": {
    "md5sum": "204f6cd5979073964db8c5149ac025cd",
    "settings": {
      "fd_thres": 0.2,
      "testing": false
    },
    "software": "mriqc",
    "version": "23.0.1",
    "webapi_port": null,
    "webapi_url": "https://mriqc.nimh.nih.gov/api/v1"
  },
  "size_t": 283,
  "size_x": 84,
  "size_y": 84,
  "size_z": 54,
  "snr": 2.9854363701696194,
  "spacing_tr": 1.2239999771118164,
  "spacing_x": 2.499999761581421,
  "spacing_y": 2.5,
  "spacing_z": 2.5,
  "summary_bg_k": 93.72912974181827,
  "summary_bg_mad": 50.78619558210305,
  "summary_bg_mean": 411.4062194824219,
  "summary_bg_median": 71.20792388916016,
  "summary_bg_n": 248382.0,
  "summary_bg_p05": 32.82210712432862,
  "summary_bg_p95": 1887.9603820800774,
  "summary_bg_stdv": 1026.0531005859375,
  "summary_fg_k": 1.0858845204164593,
  "summary_fg_mad": 2698.1622952327143,
  "summary_fg_mean": 9002.5947265625,
  "summary_fg_median": 8563.62890625,
  "summary_fg_n": 68136.0,
  "summary_fg_p05": 5125.92138671875,
  "summary_fg_p95": 14246.520751953125,
  "summary_fg_stdv": 2868.447021484375,
  "tsnr": 35.56494140625
}