{
  "aor": 0.0008398939929328622,
  "aqi": 0.005518417597173144,
  "bids_meta": {
    "EchoTime": 0.03,
    "EffectiveEchoSpacing": 0.00049999,
    "FlipAngle": 66,
    "ImageType": [
      "ORIGINAL",
      "PRIMARY",
      "M",
      "MB",
      "ND",
      "MOSAI"
    ],
    "MagneticFieldStrength": 3,
    "Manufacturer": "Siemens",
    "ManufacturersModelName": "Prisma",
    "PhaseEncodingDirection": "j-",
    "RepetitionTime": 1.224,
    "SliceTiming": [
      1.1375,
      1.07,
      1.0025,
      0.9375,
      0.87,
      0.8025,
      0.735,
      0.67,
      0.6025,
      0.535,
      0.4675,
      0.4025,
      0.335,
      0.2675,
      0.2,
      0.135,
      0.0675,
      0,
      1.1375,
      1.07,
      1.0025,
      0.9375,
      0.87,
      0.8025,
      0.735,
      0.67,
      0.6025,
      0.535,
      0.4675,
      0.4025,
      0.335,
      0.2675,
      0.2,
      0.135,
      0.0675,
      0,
      1.1375,
      1.07,
      1.0025,
      0.9375,
      0.87,
      0.8025,
      0.735,
      0.67,
      0.6025,
      0.535,
      0.4675,
      0.4025,
      0.335,
      0.2675,
      0.2,
      0.135,
      0.0675,
      0
    ],
    "TaskName": "illusion",
    "dataset": "ds002872",
    "modality": "bold",
    "run_id": 3,
    "subject_id": "26",
    "task_id": "illusion"
  },
  "dummy_trs": 1,
  "dvars_nstd": 38.614226686382985,
  "dvars_std": 1.176867344148937,
  "dvars_vstd": 0.9895151445035468,
  "efc": 0.46622733457294235,
  "fber": 10644.5810546875,
  "fd_mean": 0.19276889836053385,
  "fd_num": 114,
  "fd_perc": 40.28268551236749,
  "fwhm_avg": 2.9436293333333334,
  "fwhm_x": 2.742768,
  "fwhm_y": 2.9782319999999998,
  "fwhm_z": 3.109888,
  "gcor": 0.00852853,
  "gsr_x": -0.0033849868923425674,
  "gsr_y": 0.02675456926226616,
  "provenance": {
    "md5sum": "e35dffc6012bacce2649951b32b87e8c",
    "settings": {
      "fd_thres": 0.2,
      "testing": false
    },
    "software": "mriqc",
    "version": "23.0.1",
    "webapi_port": null,
    "webapi_url": "https://mriqc.nimh.nih.gov/api/v1"
  },
  "size_t": 283,
  "size_x": 84,
  "size_y": 84,
  "size_z": 54,
  "snr": 2.7441514863376253,
  "spacing_tr": 1.2239999771118164,
  "spacing_x": 2.5,
  "spacing_y": 2.5,
  "spacing_z": 2.5,
  "summary_bg_k": 38.46417951599983,
  "summary_bg_mad": 67.97967352987729,
  "summary_bg_mean": 400.718994140625,
  "summary_bg_median": 82.17314910888672,
  "summary_bg_n": 253302.0,
  "summary_bg_p05": 30.77385139465332,
  "summary_bg_p95": 1875.052105712889,
  "summary_bg_stdv": 932.927978515625,
  "summary_fg_k": 1.9002744863309102,
  "summary_fg_mad": 2544.8602847343113,
  "summary_fg_mean": 9249.5009765625,
  "summary_fg_median": 8538.59375,
  "summary_fg_n": 67524.0,
  "summary_fg_p05": 5471.52666015625,
  "summary_fg_p95": 15306.529296875,
  "summary_fg_stdv": 3111.53759765625,
  "tsnr": 46.50791812688112
}