{
  "aor": 0.003112579505300353,
  "aqi": 0.007268150918727916,
  "bids_meta": {
    "EchoTime": 0.03,
    "EffectiveEchoSpacing": 0.00049999,
    "FlipAngle": 66,
    "ImageType": [
      "ORIGINAL",
      "PRIMARY",
      "M",
      "MB",
      "ND",
      "MOSAI"
    ],
    "MagneticFieldStrength": 3,
    "Manufacturer": "Siemens",
    "ManufacturersModelName": "Prisma",
    "PhaseEncodingDirection": "j-",
    "RepetitionTime": 1.224,
    "SliceTiming": [
      1.1375,
      1.07,
      1.0025,
      0.935,
      0.87,
      0.8025,
      0.735,
      0.6675,
      0.6025,
      0.535,
      0.4675,
      0.4,
      0.335,
      0.2675,
      0.2,
      0.1325,
      0.0675,
      0,
      1.1375,
      1.07,
      1.0025,
      0.935,
      0.87,
      0.8025,
      0.735,
      0.6675,
      0.6025,
      0.535,
      0.4675,
      0.4,
      0.335,
      0.2675,
      0.2,
      0.1325,
      0.0675,
      0,
      1.1375,
      1.07,
      1.0025,
      0.935,
      0.87,
      0.8025,
      0.735,
      0.6675,
      0.6025,
      0.535,
      0.4675,
      0.4,
      0.335,
      0.2675,
      0.2,
      0.1325,
      0.0675,
      0
    ],
    "TaskName": "illusion",
    "dataset": "ds002872",
    "modality": "bold",
    "run_id": 1,
    "subject_id": "26",
    "task_id": "illusion"
  },
  "dummy_trs": 1,
  "dvars_nstd": 37.45104076815607,
  "dvars_std": 1.1850838974822693,
  "dvars_vstd": 1.0140086989361703,
  "efc": 0.4661694720010366,
  "fber": 10039.607421875,
  "fd_mean": 0.17264140971187386,
  "fd_num": 88,
  "fd_perc": 31.09540636042403,
  "fwhm_avg": 2.9610386666666666,
  "fwhm_x": 2.744624,
  "fwhm_y": 3.0230319999999997,
  "fwhm_z": 3.1154599999999997,
  "gcor": 0.00916166,
  "gsr_x": -0.0034448858350515366,
  "gsr_y": 0.028665293008089066,
  "provenance": {
    "md5sum": "7c9a6f0a37dbb6b176ccac0d0f05682b",
    "settings": {
      "fd_thres": 0.2,
      "testing": false
    },
    "software": "mriqc",
    "version": "23.0.1",
    "webapi_port": null,
    "webapi_url": "https://mriqc.nimh.nih.gov/api/v1"
  },
  "size_t": 283,
  "size_x": 84,
  "size_y": 84,
  "size_z": 54,
  "snr": 2.7363499685783177,
  "spacing_tr": 1.2239999771118164,
  "spacing_x": 2.5,
  "spacing_y": 2.5,
  "spacing_z": 2.5,
  "summary_bg_k": 40.40604687266717,
  "summary_bg_mad": 75.47126179343653,
  "summary_bg_mean": 394.8627624511719,
  "summary_bg_median": 84.50177001953125,
  "summary_bg_n": 252942.0,
  "summary_bg_p05": 24.745582580566406,
  "summary_bg_p95": 1836.909149169921,
  "summary_bg_stdv": 923.2908325195312,
  "summary_fg_k": 1.8546433465043277,
  "summary_fg_mad": 2537.1522734444975,
  "summary_fg_mean": 9209.25390625,
  "summary_fg_median": 8504.0498046875,
  "summary_fg_n": 67861.0,
  "summary_fg_p05": 5438.19091796875,
  "summary_fg_p95": 15307.275390625,
  "summary_fg_stdv": 3107.784912109375,
  "tsnr": 43.97249773517251
}