{
  "aor": 0.0047060580912863074,
  "aqi": 0.007850504730290456,
  "bids_meta": {
    "EchoTime": 0.03,
    "EffectiveEchoSpacing": 0.00049999,
    "FlipAngle": 66,
    "ImageType": [
      "ORIGINAL",
      "PRIMARY",
      "M",
      "MB",
      "ND",
      "MOSAI"
    ],
    "MagneticFieldStrength": 3,
    "Manufacturer": "Siemens",
    "ManufacturersModelName": "Prisma",
    "PhaseEncodingDirection": "j-",
    "RepetitionTime": 1.224,
    "SliceTiming": [
      1.1375,
      1.07,
      1.005,
      0.9375,
      0.87,
      0.8025,
      0.7375,
      0.67,
      0.6025,
      0.535,
      0.47,
      0.4025,
      0.335,
      0.2675,
      0.2025,
      0.135,
      0.0675,
      0,
      1.1375,
      1.07,
      1.005,
      0.9375,
      0.87,
      0.8025,
      0.7375,
      0.67,
      0.6025,
      0.535,
      0.47,
      0.4025,
      0.335,
      0.2675,
      0.2025,
      0.135,
      0.0675,
      0,
      1.1375,
      1.07,
      1.005,
      0.9375,
      0.87,
      0.8025,
      0.7375,
      0.67,
      0.6025,
      0.535,
      0.47,
      0.4025,
      0.335,
      0.2675,
      0.2025,
      0.135,
      0.0675,
      0
    ],
    "TaskName": "rest",
    "dataset": "ds002872",
    "modality": "bold",
    "subject_id": "26",
    "task_id": "rest"
  },
  "dummy_trs": 2,
  "dvars_nstd": 35.29055036698542,
  "dvars_std": 1.2049922157172561,
  "dvars_vstd": 1.014838666382536,
  "efc": 0.46199493366174726,
  "fber": 14390.578125,
  "fd_mean": 0.124410645452934,
  "fd_num": 22,
  "fd_perc": 4.564315352697095,
  "fwhm_avg": 2.99288,
  "fwhm_x": 2.803048,
  "fwhm_y": 3.035468,
  "fwhm_z": 3.140124,
  "gcor": 0.00242403,
  "gsr_x": -0.00341853522695601,
  "gsr_y": 0.024267680943012238,
  "provenance": {
    "md5sum": "523258bb533c9e72a04a2b0943b6462a",
    "settings": {
      "fd_thres": 0.2,
      "testing": false
    },
    "software": "mriqc",
    "version": "23.0.1",
    "webapi_port": null,
    "webapi_url": "https://mriqc.nimh.nih.gov/api/v1"
  },
  "size_t": 482,
  "size_x": 84,
  "size_y": 84,
  "size_z": 54,
  "snr": 2.7001646912847854,
  "spacing_tr": 1.2239999771118164,
  "spacing_x": 2.5,
  "spacing_y": 2.5,
  "spacing_z": 2.5,
  "summary_bg_k": 32.40117027828672,
  "summary_bg_mad": 3.9156696857381563,
  "summary_bg_mean": 22.781314849853516,
  "summary_bg_median": 4.423236846923828,
  "summary_bg_n": 252756.0,
  "summary_bg_p05": 1.4585063457489014,
  "summary_bg_p95": 107.1182632446289,
  "summary_bg_stdv": 53.07212448120117,
  "summary_fg_k": 1.9212547199794345,
  "summary_fg_mad": 159.05682186235407,
  "summary_fg_mean": 576.0589599609375,
  "summary_fg_median": 530.44921875,
  "summary_fg_n": 68142.0,
  "summary_fg_p05": 338.4130798339844,
  "summary_fg_p95": 960.8026672363281,
  "summary_fg_stdv": 196.44924926757812,
  "tsnr": 43.41922810440883
}