{
  "aor": 0.0021244522968197877,
  "aqi": 0.008744193851590105,
  "bids_meta": {
    "EchoTime": 0.03,
    "EffectiveEchoSpacing": 0.00049999,
    "FlipAngle": 66,
    "ImageType": [
      "ORIGINAL",
      "PRIMARY",
      "M",
      "MB",
      "ND",
      "MOSAI"
    ],
    "MagneticFieldStrength": 3,
    "Manufacturer": "Siemens",
    "ManufacturersModelName": "Prisma",
    "PhaseEncodingDirection": "j-",
    "RepetitionTime": 1.224,
    "SliceTiming": [
      1.1375,
      1.07,
      1.0025,
      0.9375,
      0.87,
      0.8025,
      0.735,
      0.6675,
      0.6025,
      0.535,
      0.4675,
      0.4,
      0.335,
      0.2675,
      0.2,
      0.1325,
      0.0675,
      0,
      1.1375,
      1.07,
      1.0025,
      0.9375,
      0.87,
      0.8025,
      0.735,
      0.6675,
      0.6025,
      0.535,
      0.4675,
      0.4,
      0.335,
      0.2675,
      0.2,
      0.1325,
      0.0675,
      0,
      1.1375,
      1.07,
      1.0025,
      0.9375,
      0.87,
      0.8025,
      0.735,
      0.6675,
      0.6025,
      0.535,
      0.4675,
      0.4,
      0.335,
      0.2675,
      0.2,
      0.1325,
      0.0675,
      0
    ],
    "TaskName": "illusion",
    "dataset": "ds002872",
    "modality": "bold",
    "run_id": 4,
    "subject_id": "26",
    "task_id": "illusion"
  },
  "dummy_trs": 1,
  "dvars_nstd": 38.16457958063829,
  "dvars_std": 1.1711490298936167,
  "dvars_vstd": 0.9944115339361704,
  "efc": 0.4670307317614826,
  "fber": 10403.7724609375,
  "fd_mean": 0.19306180598314318,
  "fd_num": 108,
  "fd_perc": 38.16254416961131,
  "fwhm_avg": 2.978745333333334,
  "fwhm_x": 2.752316,
  "fwhm_y": 3.04196,
  "fwhm_z": 3.14196,
  "gcor": 0.00548156,
  "gsr_x": -0.0030195422004908323,
  "gsr_y": 0.02869749628007412,
  "provenance": {
    "md5sum": "eacca74f613b402149da436f782f314a",
    "settings": {
      "fd_thres": 0.2,
      "testing": false
    },
    "software": "mriqc",
    "version": "23.0.1",
    "webapi_port": null,
    "webapi_url": "https://mriqc.nimh.nih.gov/api/v1"
  },
  "size_t": 283,
  "size_x": 84,
  "size_y": 84,
  "size_z": 54,
  "snr": 2.7295717968079733,
  "spacing_tr": 1.2239999771118164,
  "spacing_x": 2.5,
  "spacing_y": 2.5,
  "spacing_z": 2.5,
  "summary_bg_k": 37.99599329308497,
  "summary_bg_mad": 69.77660139954365,
  "summary_bg_mean": 398.7862854003906,
  "summary_bg_median": 82.74911499023438,
  "summary_bg_n": 252946.0,
  "summary_bg_p05": 29.653711318969727,
  "summary_bg_p95": 1855.6704711914062,
  "summary_bg_stdv": 920.948486328125,
  "summary_fg_k": 1.878706417311423,
  "summary_fg_mad": 2535.3699655040873,
  "summary_fg_mean": 9206.0615234375,
  "summary_fg_median": 8495.74609375,
  "summary_fg_n": 67967.0,
  "summary_fg_p05": 5416.073291015625,
  "summary_fg_p95": 15281.880859374998,
  "summary_fg_stdv": 3112.460205078125,
  "tsnr": 40.5199946280336
}