{
  "bids_meta": {
    "AcquisitionDateTime": "2019-11-06T15:28:32.015000",
    "AcquisitionMatrixPE": 320,
    "AcquisitionNumber": 1,
    "AcquisitionTime": "15:28:32.015000",
    "BaseResolution": 320,
    "BodyPartExamined": "HEAD",
    "ConsistencyInfo": "N4_VE11C_LATEST_20160120",
    "ConversionSoftware": "dcm2niix",
    "ConversionSoftwareVersion": "v1.0.20171215 GCC5.1.0",
    "DeviceSerialNumber": "66072",
    "DwellTime": 7.4e-06,
    "EchoTime": 0.00228,
    "FlipAngle": 8,
    "ImageOrientationPatientDICOM": [
      0.0190859,
      0.986719,
      0.161313,
      0.0419958,
      0.160409,
      -0.986157
    ],
    "ImageType": [
      "ORIGINAL",
      "PRIMARY",
      "M",
      "ND",
      "NORM"
    ],
    "InPlanePhaseEncodingDirectionDICOM": "ROW",
    "InstitutionAddress": "Boulevard_Jean_Moulin_27_Marseille_District_FR_13005",
    "InstitutionName": "Universite_d_aix_Marseille",
    "InstitutionalDepartmentName": "Department",
    "InversionTime": 1.01,
    "MRAcquisitionType": "3D",
    "MagneticFieldStrength": 3,
    "Manufacturer": "Siemens",
    "ManufacturersModelName": "Prisma",
    "Modality": "MR",
    "ParallelReductionFactorInPlane": 2,
    "PartialFourier": 1,
    "PatientPosition": "HFS",
    "PercentPhaseFOV": 100,
    "PhaseEncodingSteps": 319,
    "PhaseResolution": 1,
    "PixelBandwidth": 210,
    "ProcedureStepDescription": "Projets_archives_Aging",
    "ProtocolName": "T1w",
    "PulseSequenceDetails": "%SiemensSeq%_tfl",
    "ReceiveCoilActiveElements": "HC1-7;NC1,2",
    "ReceiveCoilName": "HeadNeck_64",
    "ReconMatrixPE": 320,
    "RepetitionTime": 2.4,
    "SAR": 0.0415054,
    "ScanOptions": "IR_WE",
    "ScanningSequence": "GR_IR",
    "SequenceName": "_tfl3d1_16ns",
    "SequenceVariant": "SK_SP_MP",
    "SeriesDescription": "T1w",
    "SeriesNumber": 23,
    "ShimSetting": [
      -604,
      -10837,
      -667,
      -31,
      72,
      -274,
      119,
      4
    ],
    "SliceThickness": 0.8,
    "SoftwareVersions": "syngo_MR_E11",
    "StationName": "AWP66072",
    "TxRefAmp": 231.09,
    "dataset": "ds002872",
    "modality": "T1w",
    "subject_id": "34"
  },
  "cjv": 0.3271743137930198,
  "cnr": 4.011272334316759,
  "efc": 0.5683650191268996,
  "fber": 24780.21352842706,
  "fwhm_avg": 4.496562105321409,
  "fwhm_x": 4.397973951441299,
  "fwhm_y": 4.418624934157357,
  "fwhm_z": 4.6730874303655705,
  "icvs_csf": 0.18783608620159983,
  "icvs_gm": 0.43360363012795244,
  "icvs_wm": 0.3785602836704477,
  "inu_med": 0.5970490276813507,
  "inu_range": 0.34387045353651047,
  "provenance": {
    "md5sum": "3f01ee5f5005b811f910d5180811b1c4",
    "settings": {
      "testing": false
    },
    "software": "mriqc",
    "version": "23.0.1",
    "warnings": {
      "large_rot_frame": true,
      "small_air_mask": false
    },
    "webapi_port": null,
    "webapi_url": "https://mriqc.nimh.nih.gov/api/v1"
  },
  "qi_1": 7.458518207900394e-05,
  "qi_2": 0.003992530743696385,
  "rpve_csf": 36.744515761991536,
  "rpve_gm": 17.047523419569007,
  "rpve_wm": 22.22382270335124,
  "size_x": 256,
  "size_y": 320,
  "size_z": 320,
  "snr_csf": 2.215125262927732,
  "snr_gm": 12.71599554159607,
  "snr_total": 13.375605480073924,
  "snr_wm": 25.19569563569797,
  "snrd_csf": 14.431805154192583,
  "snrd_gm": 39.53429438390844,
  "snrd_total": 36.32105542514373,
  "snrd_wm": 54.99706673733017,
  "spacing_x": 0.8000001907348633,
  "spacing_y": 0.800000011920929,
  "spacing_z": 0.800000011920929,
  "summary_bg_k": 4966.102424217472,
  "summary_bg_mad": 0.0,
  "summary_bg_mean": 4.985799947715178,
  "summary_bg_median": 0.0,
  "summary_bg_n": 3925819.0,
  "summary_bg_p05": 0.0,
  "summary_bg_p95": 19.504496723413467,
  "summary_bg_stdv": 11.912957715046216,
  "summary_csf_k": 0.3759197288959495,
  "summary_csf_mad": 103.45694783134687,
  "summary_csf_mean": 268.2691719027866,
  "summary_csf_median": 262.42700688540936,
  "summary_csf_n": 64098.0,
  "summary_csf_p05": 65.10967110097408,
  "summary_csf_p95": 478.90167197585106,
  "summary_csf_stdv": 118.46958011492875,
  "summary_gm_k": 0.2778615569509961,
  "summary_gm_mad": 54.185050017503244,
  "summary_gm_mean": 719.2110301401959,
  "summary_gm_median": 718.889039427042,
  "summary_gm_n": 109222.0,
  "summary_gm_p05": 627.299962580204,
  "summary_gm_p95": 813.5694843225181,
  "summary_gm_stdv": 56.533972988151014,
  "summary_wm_k": 0.41298510415123824,
  "summary_wm_mad": 37.80787600530451,
  "summary_wm_mean": 1000.118982284254,
  "summary_wm_median": 1000.0630868524313,
  "summary_wm_n": 428699.0,
  "summary_wm_p05": 935.0480977743864,
  "summary_wm_p95": 1065.5514860451221,
  "summary_wm_stdv": 39.691776520818244,
  "tpm_overlap_csf": 0.13568573514002977,
  "tpm_overlap_gm": 0.4549046388715024,
  "tpm_overlap_wm": 0.5106689204560868,
  "wm2max": 0.7646107813329472
}