{
  "aor": 0.001008939929328622,
  "aqi": 0.0030185200706713783,
  "bids_meta": {
    "EchoTime": 0.03,
    "EffectiveEchoSpacing": 0.00049999,
    "FlipAngle": 65,
    "ImageType": [
      "ORIGINAL",
      "PRIMARY",
      "M",
      "MB",
      "ND",
      "MOSAI"
    ],
    "MagneticFieldStrength": 3,
    "Manufacturer": "Siemens",
    "ManufacturersModelName": "Prisma",
    "PhaseEncodingDirection": "j-",
    "RepetitionTime": 1.224,
    "SliceTiming": [
      1.135,
      1.07,
      1.0025,
      0.935,
      0.8675,
      0.8025,
      0.735,
      0.6675,
      0.6,
      0.535,
      0.4675,
      0.4,
      0.3325,
      0.2675,
      0.2,
      0.1325,
      0.065,
      0,
      1.135,
      1.07,
      1.0025,
      0.935,
      0.8675,
      0.8025,
      0.735,
      0.6675,
      0.6,
      0.535,
      0.4675,
      0.4,
      0.3325,
      0.2675,
      0.2,
      0.1325,
      0.065,
      0,
      1.135,
      1.07,
      1.0025,
      0.935,
      0.8675,
      0.8025,
      0.735,
      0.6675,
      0.6,
      0.535,
      0.4675,
      0.4,
      0.3325,
      0.2675,
      0.2,
      0.1325,
      0.065,
      0
    ],
    "TaskName": "illusion",
    "dataset": "ds002872",
    "modality": "bold",
    "run_id": 4,
    "subject_id": "21",
    "task_id": "illusion"
  },
  "dummy_trs": 1,
  "dvars_nstd": 25.656147530673756,
  "dvars_std": 1.0713984374113477,
  "dvars_vstd": 1.0046845892907799,
  "efc": 0.5139201593527238,
  "fber": 15029.2890625,
  "fd_mean": 0.1110979476460963,
  "fd_num": 21,
  "fd_perc": 7.420494699646643,
  "fwhm_avg": 2.974205333333334,
  "fwhm_x": 2.781044,
  "fwhm_y": 3.047308,
  "fwhm_z": 3.094264,
  "gcor": 0.017951,
  "gsr_x": -0.016249114647507668,
  "gsr_y": 0.07170532643795013,
  "provenance": {
    "md5sum": "9d56fb4e59526b7aa774407bb0562d9f",
    "settings": {
      "fd_thres": 0.2,
      "testing": false
    },
    "software": "mriqc",
    "version": "23.0.1",
    "webapi_port": null,
    "webapi_url": "https://mriqc.nimh.nih.gov/api/v1"
  },
  "size_t": 283,
  "size_x": 84,
  "size_y": 84,
  "size_z": 54,
  "snr": 2.4215768741137658,
  "spacing_tr": 1.2239999771118164,
  "spacing_x": 2.5,
  "spacing_y": 2.5,
  "spacing_z": 2.5,
  "summary_bg_k": 70.84782809248092,
  "summary_bg_mad": 49.148511827752515,
  "summary_bg_mean": 496.2475280761719,
  "summary_bg_median": 70.44733428955078,
  "summary_bg_n": 226044.0,
  "summary_bg_p05": 32.48916797637939,
  "summary_bg_p95": 2506.0248413085906,
  "summary_bg_stdv": 1269.04736328125,
  "summary_fg_k": 1.1975209183364708,
  "summary_fg_mad": 3537.299224515866,
  "summary_fg_mean": 9959.5576171875,
  "summary_fg_median": 9234.7861328125,
  "summary_fg_n": 86060.0,
  "summary_fg_p05": 5067.457202148437,
  "summary_fg_p95": 17188.57763671875,
  "summary_fg_stdv": 3813.520263671875,
  "tsnr": 53.72434997558594
}