{
  "aor": 0.0005564596273291924,
  "aqi": 0.005382573954451346,
  "bids_meta": {
    "EchoTime": 0.03,
    "EffectiveEchoSpacing": 0.00049999,
    "FlipAngle": 65,
    "ImageType": [
      "ORIGINAL",
      "PRIMARY",
      "M",
      "MB",
      "ND",
      "MOSAI"
    ],
    "MagneticFieldStrength": 3,
    "Manufacturer": "Siemens",
    "ManufacturersModelName": "Prisma",
    "PhaseEncodingDirection": "j-",
    "RepetitionTime": 1.224,
    "SliceTiming": [
      1.135,
      1.07,
      1.0025,
      0.935,
      0.8675,
      0.8025,
      0.735,
      0.6675,
      0.6,
      0.535,
      0.4675,
      0.4,
      0.3325,
      0.2675,
      0.2,
      0.1325,
      0.065,
      0,
      1.135,
      1.07,
      1.0025,
      0.935,
      0.8675,
      0.8025,
      0.735,
      0.6675,
      0.6,
      0.535,
      0.4675,
      0.4,
      0.3325,
      0.2675,
      0.2,
      0.1325,
      0.065,
      0,
      1.135,
      1.07,
      1.0025,
      0.935,
      0.8675,
      0.8025,
      0.735,
      0.6675,
      0.6,
      0.535,
      0.4675,
      0.4,
      0.3325,
      0.2675,
      0.2,
      0.1325,
      0.065,
      0
    ],
    "TaskName": "rest",
    "dataset": "ds002872",
    "modality": "bold",
    "subject_id": "21",
    "task_id": "rest"
  },
  "dummy_trs": 1,
  "dvars_nstd": 25.46861563076763,
  "dvars_std": 1.0067094569709545,
  "dvars_vstd": 0.9567182289626543,
  "efc": 0.5117118096735701,
  "fber": 15872.2099609375,
  "fd_mean": 0.1251937394200259,
  "fd_num": 36,
  "fd_perc": 7.453416149068323,
  "fwhm_avg": 3.028918666666667,
  "fwhm_x": 2.83028,
  "fwhm_y": 3.087728,
  "fwhm_z": 3.168748,
  "gcor": 0.0237737,
  "gsr_x": -0.017513832077383995,
  "gsr_y": 0.07491415739059448,
  "provenance": {
    "md5sum": "373baede1c5ae6bdeca27a01cdd8a4ae",
    "settings": {
      "fd_thres": 0.2,
      "testing": false
    },
    "software": "mriqc",
    "version": "23.0.1",
    "webapi_port": null,
    "webapi_url": "https://mriqc.nimh.nih.gov/api/v1"
  },
  "size_t": 483,
  "size_x": 84,
  "size_y": 84,
  "size_z": 54,
  "snr": 2.430048809271168,
  "spacing_tr": 1.2239999771118164,
  "spacing_x": 2.5,
  "spacing_y": 2.5,
  "spacing_z": 2.5,
  "summary_bg_k": 60.896593083873555,
  "summary_bg_mad": 47.85271101868227,
  "summary_bg_mean": 482.5510559082031,
  "summary_bg_median": 68.31759643554688,
  "summary_bg_n": 226836.0,
  "summary_bg_p05": 31.735766410827637,
  "summary_bg_p95": 2381.787841796875,
  "summary_bg_stdv": 1247.4835205078125,
  "summary_fg_k": 1.2334499843795168,
  "summary_fg_mad": 3520.8729619968226,
  "summary_fg_mean": 9945.482421875,
  "summary_fg_median": 9223.09375,
  "summary_fg_n": 86176.0,
  "summary_fg_p05": 5095.3812255859375,
  "summary_fg_p95": 17144.45556640625,
  "summary_fg_stdv": 3795.41357421875,
  "tsnr": 45.23026657104492
}