{
  "aor": 0.001555950704225352,
  "aqi": 0.010632779084507042,
  "bids_meta": {
    "EchoTime": 0.03,
    "EffectiveEchoSpacing": 0.00049999,
    "FlipAngle": 66,
    "ImageType": [
      "ORIGINAL",
      "PRIMARY",
      "M",
      "MB",
      "ND",
      "NORM"
    ],
    "MagneticFieldStrength": 3,
    "Manufacturer": "Siemens",
    "ManufacturersModelName": "Prisma",
    "PhaseEncodingDirection": "j-",
    "RepetitionTime": 1.224,
    "SliceTiming": [
      1.1375,
      1.07,
      1.005,
      0.9375,
      0.87,
      0.8025,
      0.7375,
      0.67,
      0.6025,
      0.535,
      0.47,
      0.4025,
      0.335,
      0.2675,
      0.2025,
      0.135,
      0.0675,
      0,
      1.1375,
      1.07,
      1.005,
      0.9375,
      0.87,
      0.8025,
      0.7375,
      0.67,
      0.6025,
      0.535,
      0.47,
      0.4025,
      0.335,
      0.2675,
      0.2025,
      0.135,
      0.0675,
      0,
      1.1375,
      1.07,
      1.005,
      0.9375,
      0.87,
      0.8025,
      0.7375,
      0.67,
      0.6025,
      0.535,
      0.47,
      0.4025,
      0.335,
      0.2675,
      0.2025,
      0.135,
      0.0675,
      0
    ],
    "TaskName": "illusion",
    "dataset": "ds002872",
    "modality": "bold",
    "run_id": 3,
    "subject_id": "27",
    "task_id": "illusion"
  },
  "dummy_trs": 0,
  "dvars_nstd": 33.708897560106,
  "dvars_std": 1.308376706819788,
  "dvars_vstd": 1.009297193604241,
  "efc": 0.4712715042788257,
  "fber": 97036.3203125,
  "fd_mean": 0.11981744890627806,
  "fd_num": 19,
  "fd_perc": 6.690140845070423,
  "fwhm_avg": 1.7356586666666667,
  "fwhm_x": 1.617088,
  "fwhm_y": 1.871052,
  "fwhm_z": 1.718836,
  "gcor": 0.0111881,
  "gsr_x": -0.008622897788882256,
  "gsr_y": 0.026791395619511604,
  "provenance": {
    "md5sum": "d5b0d30ef750e8e74b3c3c9a42e31cdc",
    "settings": {
      "fd_thres": 0.2,
      "testing": false
    },
    "software": "mriqc",
    "version": "23.0.1",
    "webapi_port": null,
    "webapi_url": "https://mriqc.nimh.nih.gov/api/v1"
  },
  "size_t": 284,
  "size_x": 84,
  "size_y": 84,
  "size_z": 54,
  "snr": 6.67591523400507,
  "spacing_tr": 1.2239999771118164,
  "spacing_x": 2.5,
  "spacing_y": 2.5,
  "spacing_z": 2.5,
  "summary_bg_k": 65.63868231765663,
  "summary_bg_mad": 33.05536171035533,
  "summary_bg_mean": 294.4024963378906,
  "summary_bg_median": 35.562744140625,
  "summary_bg_n": 249335.0,
  "summary_bg_p05": 10.563596820831298,
  "summary_bg_p95": 1356.9024536132792,
  "summary_bg_stdv": 863.6099243164062,
  "summary_fg_k": 1.9029546428300401,
  "summary_fg_mad": 1559.73879769917,
  "summary_fg_mean": 11290.53125,
  "summary_fg_median": 11216.8623046875,
  "summary_fg_n": 71280.0,
  "summary_fg_p05": 8815.926220703124,
  "summary_fg_p95": 14050.749462890626,
  "summary_fg_stdv": 1680.1866455078125,
  "tsnr": 55.998897552490234
}