{
  "aor": 0.0019013028169014086,
  "aqi": 0.0029407978873239433,
  "bids_meta": {
    "EchoTime": 0.03,
    "EffectiveEchoSpacing": 0.00049999,
    "FlipAngle": 66,
    "ImageType": [
      "ORIGINAL",
      "PRIMARY",
      "M",
      "MB",
      "ND",
      "MOSAI"
    ],
    "MagneticFieldStrength": 3,
    "Manufacturer": "Siemens",
    "ManufacturersModelName": "Prisma",
    "PhaseEncodingDirection": "j-",
    "RepetitionTime": 1.224,
    "SliceTiming": [
      1.1375,
      1.07,
      1.0025,
      0.935,
      0.87,
      0.8025,
      0.735,
      0.6675,
      0.6025,
      0.535,
      0.4675,
      0.4,
      0.335,
      0.2675,
      0.2,
      0.1325,
      0.0675,
      0,
      1.1375,
      1.07,
      1.0025,
      0.935,
      0.87,
      0.8025,
      0.735,
      0.6675,
      0.6025,
      0.535,
      0.4675,
      0.4,
      0.335,
      0.2675,
      0.2,
      0.1325,
      0.0675,
      0,
      1.1375,
      1.07,
      1.0025,
      0.935,
      0.87,
      0.8025,
      0.735,
      0.6675,
      0.6025,
      0.535,
      0.4675,
      0.4,
      0.335,
      0.2675,
      0.2,
      0.1325,
      0.0675,
      0
    ],
    "TaskName": "illusion",
    "dataset": "ds002872",
    "modality": "bold",
    "run_id": 1,
    "subject_id": "27",
    "task_id": "illusion"
  },
  "dummy_trs": 0,
  "dvars_nstd": 30.2228628235689,
  "dvars_std": 1.1830748289399289,
  "dvars_vstd": 1.0156727769257952,
  "efc": 0.47184600575073665,
  "fber": 21157.453125,
  "fd_mean": 0.12261116020917409,
  "fd_num": 22,
  "fd_perc": 7.746478873239437,
  "fwhm_avg": 2.8358399999999997,
  "fwhm_x": 2.621108,
  "fwhm_y": 2.960432,
  "fwhm_z": 2.92598,
  "gcor": 0.0222585,
  "gsr_x": -0.009773973375558853,
  "gsr_y": 0.040881283581256866,
  "provenance": {
    "md5sum": "daa760c8bbcb59a85a8d652c876b735f",
    "settings": {
      "fd_thres": 0.2,
      "testing": false
    },
    "software": "mriqc",
    "version": "23.0.1",
    "webapi_port": null,
    "webapi_url": "https://mriqc.nimh.nih.gov/api/v1"
  },
  "size_t": 284,
  "size_x": 84,
  "size_y": 84,
  "size_z": 54,
  "snr": 2.858480928150839,
  "spacing_tr": 1.2239999771118164,
  "spacing_x": 2.5,
  "spacing_y": 2.5,
  "spacing_z": 2.5,
  "summary_bg_k": 98.54065983849426,
  "summary_bg_mad": 36.55867427659765,
  "summary_bg_mean": 347.13433837890625,
  "summary_bg_median": 61.83450698852539,
  "summary_bg_n": 244783.0,
  "summary_bg_p05": 31.658801460266115,
  "summary_bg_p95": 1629.5351806640624,
  "summary_bg_stdv": 944.4559326171875,
  "summary_fg_k": 1.2550013070455908,
  "summary_fg_mad": 2996.9384950436315,
  "summary_fg_mean": 9677.642578125,
  "summary_fg_median": 9161.2353515625,
  "summary_fg_n": 72839.0,
  "summary_fg_p05": 5406.83779296875,
  "summary_fg_p95": 15649.473339843737,
  "summary_fg_stdv": 3204.909423828125,
  "tsnr": 56.70107605587691
}