{
  "aor": 0.0026181272084805653,
  "aqi": 0.012655348763250883,
  "bids_meta": {
    "EchoTime": 0.03,
    "EffectiveEchoSpacing": 0.00049999,
    "FlipAngle": 66,
    "ImageType": [
      "ORIGINAL",
      "PRIMARY",
      "M",
      "MB",
      "ND",
      "NORM"
    ],
    "MagneticFieldStrength": 3,
    "Manufacturer": "Siemens",
    "ManufacturersModelName": "Prisma",
    "PhaseEncodingDirection": "j-",
    "RepetitionTime": 1.224,
    "SliceTiming": [
      1.1375,
      1.07,
      1.0025,
      0.9375,
      0.87,
      0.8025,
      0.735,
      0.67,
      0.6025,
      0.535,
      0.4675,
      0.4025,
      0.335,
      0.2675,
      0.2,
      0.135,
      0.0675,
      0,
      1.1375,
      1.07,
      1.0025,
      0.9375,
      0.87,
      0.8025,
      0.735,
      0.67,
      0.6025,
      0.535,
      0.4675,
      0.4025,
      0.335,
      0.2675,
      0.2,
      0.135,
      0.0675,
      0,
      1.1375,
      1.07,
      1.0025,
      0.9375,
      0.87,
      0.8025,
      0.735,
      0.67,
      0.6025,
      0.535,
      0.4675,
      0.4025,
      0.335,
      0.2675,
      0.2,
      0.135,
      0.0675,
      0
    ],
    "TaskName": "illusion",
    "dataset": "ds002872",
    "modality": "bold",
    "run_id": 2,
    "subject_id": "27",
    "task_id": "illusion"
  },
  "dummy_trs": 1,
  "dvars_nstd": 35.50083214500001,
  "dvars_std": 1.2885492904964537,
  "dvars_vstd": 1.0159176205319147,
  "efc": 0.47196277734531666,
  "fber": 96282.4296875,
  "fd_mean": 0.157923656995667,
  "fd_num": 50,
  "fd_perc": 17.6678445229682,
  "fwhm_avg": 1.7397053333333332,
  "fwhm_x": 1.616768,
  "fwhm_y": 1.8748999999999998,
  "fwhm_z": 1.727448,
  "gcor": 0.0136672,
  "gsr_x": -0.00942718330770731,
  "gsr_y": 0.026930533349514008,
  "provenance": {
    "md5sum": "a05647eb56c9cded597348e0c12ab986",
    "settings": {
      "fd_thres": 0.2,
      "testing": false
    },
    "software": "mriqc",
    "version": "23.0.1",
    "webapi_port": null,
    "webapi_url": "https://mriqc.nimh.nih.gov/api/v1"
  },
  "size_t": 283,
  "size_x": 84,
  "size_y": 84,
  "size_z": 54,
  "snr": 6.68890812370341,
  "spacing_tr": 1.2239999771118164,
  "spacing_x": 2.5,
  "spacing_y": 2.5,
  "spacing_z": 2.5,
  "summary_bg_k": 64.89589359025497,
  "summary_bg_mad": 33.16794789090204,
  "summary_bg_mean": 294.5622253417969,
  "summary_bg_median": 35.697425842285156,
  "summary_bg_n": 249178.0,
  "summary_bg_p05": 10.706272459030151,
  "summary_bg_p95": 1365.9008728027336,
  "summary_bg_stdv": 855.185546875,
  "summary_fg_k": 1.9300076707337546,
  "summary_fg_mad": 1554.2890762631787,
  "summary_fg_mean": 11286.720703125,
  "summary_fg_median": 11216.064453125,
  "summary_fg_n": 71450.0,
  "summary_fg_p05": 8804.737548828125,
  "summary_fg_p95": 14030.912744140625,
  "summary_fg_stdv": 1676.8037109375,
  "tsnr": 52.578834533691406
}