{
  "aor": 0.0020232746478873243,
  "aqi": 0.012841357253521127,
  "bids_meta": {
    "EchoTime": 0.03,
    "EffectiveEchoSpacing": 0.00049999,
    "FlipAngle": 66,
    "ImageType": [
      "ORIGINAL",
      "PRIMARY",
      "M",
      "MB",
      "ND",
      "NORM"
    ],
    "MagneticFieldStrength": 3,
    "Manufacturer": "Siemens",
    "ManufacturersModelName": "Prisma",
    "PhaseEncodingDirection": "j-",
    "RepetitionTime": 1.224,
    "SliceTiming": [
      1.135,
      1.07,
      1.0025,
      0.935,
      0.8675,
      0.8025,
      0.735,
      0.6675,
      0.6,
      0.535,
      0.4675,
      0.4,
      0.3325,
      0.2675,
      0.2,
      0.1325,
      0.065,
      0,
      1.135,
      1.07,
      1.0025,
      0.935,
      0.8675,
      0.8025,
      0.735,
      0.6675,
      0.6,
      0.535,
      0.4675,
      0.4,
      0.3325,
      0.2675,
      0.2,
      0.1325,
      0.065,
      0,
      1.135,
      1.07,
      1.0025,
      0.935,
      0.8675,
      0.8025,
      0.735,
      0.6675,
      0.6,
      0.535,
      0.4675,
      0.4,
      0.3325,
      0.2675,
      0.2,
      0.1325,
      0.065,
      0
    ],
    "TaskName": "illusion",
    "dataset": "ds002872",
    "modality": "bold",
    "run_id": 4,
    "subject_id": "27",
    "task_id": "illusion"
  },
  "dummy_trs": 0,
  "dvars_nstd": 34.33197249950531,
  "dvars_std": 1.296765461378092,
  "dvars_vstd": 1.0074555159717322,
  "efc": 0.47054052763905896,
  "fber": 90818.0078125,
  "fd_mean": 0.13042677839787586,
  "fd_num": 35,
  "fd_perc": 12.32394366197183,
  "fwhm_avg": 1.7547466666666667,
  "fwhm_x": 1.629432,
  "fwhm_y": 1.8906479999999999,
  "fwhm_z": 1.7441600000000002,
  "gcor": 0.012808,
  "gsr_x": -0.00844548549503088,
  "gsr_y": 0.026415180414915085,
  "provenance": {
    "md5sum": "a5956377a3b4eec131f47d062d4aae0f",
    "settings": {
      "fd_thres": 0.2,
      "testing": false
    },
    "software": "mriqc",
    "version": "23.0.1",
    "webapi_port": null,
    "webapi_url": "https://mriqc.nimh.nih.gov/api/v1"
  },
  "size_t": 284,
  "size_x": 84,
  "size_y": 84,
  "size_z": 54,
  "snr": 6.677134646715676,
  "spacing_tr": 1.2239999771118164,
  "spacing_x": 2.5,
  "spacing_y": 2.5,
  "spacing_z": 2.5,
  "summary_bg_k": 70.19198008502553,
  "summary_bg_mad": 35.5558588293015,
  "summary_bg_mean": 291.8128967285156,
  "summary_bg_median": 36.8038215637207,
  "summary_bg_n": 249615.0,
  "summary_bg_p05": 10.094040679931641,
  "summary_bg_p95": 1347.4318603515621,
  "summary_bg_stdv": 855.0127563476562,
  "summary_fg_k": 1.9136223348628594,
  "summary_fg_mad": 1559.6063190829657,
  "summary_fg_mean": 11288.162109375,
  "summary_fg_median": 11216.8466796875,
  "summary_fg_n": 71161.0,
  "summary_fg_p05": 8808.521484375,
  "summary_fg_p95": 14058.01171875,
  "summary_fg_stdv": 1679.87744140625,
  "tsnr": 51.928375244140625
}