{
  "aor": 0.0007967701863354037,
  "aqi": 0.004584628944099379,
  "bids_meta": {
    "EchoTime": 0.03,
    "EffectiveEchoSpacing": 0.00049999,
    "FlipAngle": 65,
    "ImageType": [
      "ORIGINAL",
      "PRIMARY",
      "M",
      "MB",
      "ND",
      "MOSAI"
    ],
    "MagneticFieldStrength": 3,
    "Manufacturer": "Siemens",
    "ManufacturersModelName": "Prisma",
    "PhaseEncodingDirection": "j-",
    "RepetitionTime": 1.224,
    "SliceTiming": [
      1.1375,
      1.07,
      1.0025,
      0.9375,
      0.87,
      0.8025,
      0.735,
      0.67,
      0.6025,
      0.535,
      0.4675,
      0.4025,
      0.335,
      0.2675,
      0.2,
      0.135,
      0.0675,
      0,
      1.1375,
      1.07,
      1.0025,
      0.9375,
      0.87,
      0.8025,
      0.735,
      0.67,
      0.6025,
      0.535,
      0.4675,
      0.4025,
      0.335,
      0.2675,
      0.2,
      0.135,
      0.0675,
      0,
      1.1375,
      1.07,
      1.0025,
      0.9375,
      0.87,
      0.8025,
      0.735,
      0.67,
      0.6025,
      0.535,
      0.4675,
      0.4025,
      0.335,
      0.2675,
      0.2,
      0.135,
      0.0675,
      0
    ],
    "TaskName": "rest",
    "dataset": "ds002872",
    "modality": "bold",
    "subject_id": "11",
    "task_id": "rest"
  },
  "dummy_trs": 1,
  "dvars_nstd": 31.20369877568464,
  "dvars_std": 1.0960072844813287,
  "dvars_vstd": 1.0031405930497925,
  "efc": 0.4804923052255354,
  "fber": 9196.6767578125,
  "fd_mean": 0.20846907626086356,
  "fd_num": 263,
  "fd_perc": 54.45134575569358,
  "fwhm_avg": 2.7536546666666673,
  "fwhm_x": 2.513684,
  "fwhm_y": 2.907348,
  "fwhm_z": 2.839932,
  "gcor": 0.0046842,
  "gsr_x": -0.011899474076926708,
  "gsr_y": 0.0483681857585907,
  "provenance": {
    "md5sum": "f6c32a00457676a634302082888763d1",
    "settings": {
      "fd_thres": 0.2,
      "testing": false
    },
    "software": "mriqc",
    "version": "23.0.1",
    "webapi_port": null,
    "webapi_url": "https://mriqc.nimh.nih.gov/api/v1"
  },
  "size_t": 483,
  "size_x": 84,
  "size_y": 84,
  "size_z": 54,
  "snr": 3.0332226421444117,
  "spacing_tr": 1.2239999771118164,
  "spacing_x": 2.5,
  "spacing_y": 2.5,
  "spacing_z": 2.5,
  "summary_bg_k": 62.30208445072478,
  "summary_bg_mad": 69.52576639667141,
  "summary_bg_mean": 446.2098693847656,
  "summary_bg_median": 81.13457489013672,
  "summary_bg_n": 251937.0,
  "summary_bg_p05": 27.49689483642578,
  "summary_bg_p95": 2054.149169921875,
  "summary_bg_stdv": 1081.2584228515625,
  "summary_fg_k": 0.9167453271115766,
  "summary_fg_mad": 2484.2748454439143,
  "summary_fg_mean": 8549.7119140625,
  "summary_fg_median": 8150.3251953125,
  "summary_fg_n": 65856.0,
  "summary_fg_p05": 4921.576904296875,
  "summary_fg_p95": 13557.94287109375,
  "summary_fg_stdv": 2686.998046875,
  "tsnr": 49.644039465114474
}