{
  "aor": 0.001188723404255319,
  "aqi": 0.005226459219858156,
  "bids_meta": {
    "EchoTime": 0.03,
    "EffectiveEchoSpacing": 0.00049999,
    "FlipAngle": 65,
    "ImageType": [
      "ORIGINAL",
      "PRIMARY",
      "M",
      "MB",
      "ND",
      "MOSAI"
    ],
    "MagneticFieldStrength": 3,
    "Manufacturer": "Siemens",
    "ManufacturersModelName": "Prisma",
    "PhaseEncodingDirection": "j-",
    "RepetitionTime": 1.224,
    "SliceTiming": [
      1.135,
      1.07,
      1.0025,
      0.935,
      0.8675,
      0.8025,
      0.735,
      0.6675,
      0.6,
      0.535,
      0.4675,
      0.4,
      0.3325,
      0.2675,
      0.2,
      0.1325,
      0.065,
      0,
      1.135,
      1.07,
      1.0025,
      0.935,
      0.8675,
      0.8025,
      0.735,
      0.6675,
      0.6,
      0.535,
      0.4675,
      0.4,
      0.3325,
      0.2675,
      0.2,
      0.1325,
      0.065,
      0,
      1.135,
      1.07,
      1.0025,
      0.935,
      0.8675,
      0.8025,
      0.735,
      0.6675,
      0.6,
      0.535,
      0.4675,
      0.4,
      0.3325,
      0.2675,
      0.2,
      0.1325,
      0.065,
      0
    ],
    "TaskName": "illusion",
    "dataset": "ds002872",
    "modality": "bold",
    "run_id": 3,
    "subject_id": "11",
    "task_id": "illusion"
  },
  "dummy_trs": 2,
  "dvars_nstd": 32.816028662811384,
  "dvars_std": 1.0947476017793591,
  "dvars_vstd": 1.0104664995017794,
  "efc": 0.48167057801291174,
  "fber": 9385.677734375,
  "fd_mean": 0.2271039725612828,
  "fd_num": 160,
  "fd_perc": 56.737588652482266,
  "fwhm_avg": 2.7841039999999997,
  "fwhm_x": 2.530004,
  "fwhm_y": 2.939432,
  "fwhm_z": 2.882876,
  "gcor": 0.0115897,
  "gsr_x": -0.012496023438870907,
  "gsr_y": 0.05247877165675163,
  "provenance": {
    "md5sum": "ab69b38ec24ae6666de0fe44c1a78bae",
    "settings": {
      "fd_thres": 0.2,
      "testing": false
    },
    "software": "mriqc",
    "version": "23.0.1",
    "webapi_port": null,
    "webapi_url": "https://mriqc.nimh.nih.gov/api/v1"
  },
  "size_t": 282,
  "size_x": 84,
  "size_y": 84,
  "size_z": 54,
  "snr": 3.0332671582969524,
  "spacing_tr": 1.2239999771118164,
  "spacing_x": 2.5,
  "spacing_y": 2.5,
  "spacing_z": 2.5,
  "summary_bg_k": 71.55641826700453,
  "summary_bg_mad": 64.3433606110771,
  "summary_bg_mean": 464.45196533203125,
  "summary_bg_median": 80.28900146484375,
  "summary_bg_n": 251778.0,
  "summary_bg_p05": 32.19858169555664,
  "summary_bg_p95": 2107.887731933593,
  "summary_bg_stdv": 1161.14111328125,
  "summary_fg_k": 0.9641589549741174,
  "summary_fg_mad": 2473.684157379643,
  "summary_fg_mean": 8608.8525390625,
  "summary_fg_median": 8196.3369140625,
  "summary_fg_n": 65583.0,
  "summary_fg_p05": 4979.38935546875,
  "summary_fg_p95": 13686.391406249999,
  "summary_fg_stdv": 2702.12744140625,
  "tsnr": 46.98356864391826
}