{
  "aor": 0.0016091166077738517,
  "aqi": 0.00431870070671378,
  "bids_meta": {
    "EchoTime": 0.03,
    "EffectiveEchoSpacing": 0.00049999,
    "FlipAngle": 65,
    "ImageType": [
      "ORIGINAL",
      "PRIMARY",
      "M",
      "MB",
      "ND",
      "MOSAI"
    ],
    "MagneticFieldStrength": 3,
    "Manufacturer": "Siemens",
    "ManufacturersModelName": "Prisma",
    "PhaseEncodingDirection": "j-",
    "RepetitionTime": 1.224,
    "SliceTiming": [
      1.1375,
      1.07,
      1.005,
      0.9375,
      0.87,
      0.8025,
      0.7375,
      0.67,
      0.6025,
      0.535,
      0.47,
      0.4025,
      0.335,
      0.2675,
      0.2025,
      0.135,
      0.0675,
      0,
      1.1375,
      1.07,
      1.005,
      0.9375,
      0.87,
      0.8025,
      0.7375,
      0.67,
      0.6025,
      0.535,
      0.47,
      0.4025,
      0.335,
      0.2675,
      0.2025,
      0.135,
      0.0675,
      0,
      1.1375,
      1.07,
      1.005,
      0.9375,
      0.87,
      0.8025,
      0.7375,
      0.67,
      0.6025,
      0.535,
      0.47,
      0.4025,
      0.335,
      0.2675,
      0.2025,
      0.135,
      0.0675,
      0
    ],
    "TaskName": "illusion",
    "dataset": "ds002872",
    "modality": "bold",
    "run_id": 2,
    "subject_id": "11",
    "task_id": "illusion"
  },
  "dummy_trs": 1,
  "dvars_nstd": 33.08838030641843,
  "dvars_std": 1.1068932394326243,
  "dvars_vstd": 1.0145741319503547,
  "efc": 0.48115421611458054,
  "fber": 9585.5634765625,
  "fd_mean": 0.21373733464910688,
  "fd_num": 151,
  "fd_perc": 53.35689045936396,
  "fwhm_avg": 2.7565466666666665,
  "fwhm_x": 2.509092,
  "fwhm_y": 2.91308,
  "fwhm_z": 2.847468,
  "gcor": 0.0125784,
  "gsr_x": -0.011909058317542076,
  "gsr_y": 0.05224942788481712,
  "provenance": {
    "md5sum": "84958b3813222b5b3633fc1199359a3b",
    "settings": {
      "fd_thres": 0.2,
      "testing": false
    },
    "software": "mriqc",
    "version": "23.0.1",
    "webapi_port": null,
    "webapi_url": "https://mriqc.nimh.nih.gov/api/v1"
  },
  "size_t": 283,
  "size_x": 84,
  "size_y": 84,
  "size_z": 54,
  "snr": 3.0190799734372136,
  "spacing_tr": 1.2239999771118164,
  "spacing_x": 2.5,
  "spacing_y": 2.5,
  "spacing_z": 2.5,
  "summary_bg_k": 73.44316943467621,
  "summary_bg_mad": 60.675641708850385,
  "summary_bg_mean": 463.0429382324219,
  "summary_bg_median": 79.71935272216797,
  "summary_bg_n": 252019.0,
  "summary_bg_p05": 35.22553062438965,
  "summary_bg_p95": 2114.801831054682,
  "summary_bg_stdv": 1154.712890625,
  "summary_fg_k": 0.9381891453456062,
  "summary_fg_mad": 2492.1616666692603,
  "summary_fg_mean": 8603.263671875,
  "summary_fg_median": 8190.35888671875,
  "summary_fg_n": 65810.0,
  "summary_fg_p05": 4959.64267578125,
  "summary_fg_p95": 13671.923828124998,
  "summary_fg_stdv": 2712.84521484375,
  "tsnr": 48.503814697265625
}