{
  "aor": 0.0009456028368794326,
  "aqi": 0.007423013758865248,
  "bids_meta": {
    "AcquisitionDateTime": "2019-11-15T14:12:49.722500",
    "AcquisitionMatrixPE": 84,
    "AcquisitionNumber": 1,
    "AcquisitionTime": "14:12:49.722500",
    "BandwidthPerPixelPhaseEncode": 23.81,
    "BaseResolution": 84,
    "BodyPartExamined": "HEAD",
    "ConsistencyInfo": "N4_VE11C_LATEST_20160120",
    "ConversionSoftware": "dcm2niix",
    "ConversionSoftwareVersion": "v1.0.20171215 GCC5.1.0",
    "DerivedVendorReportedEchoSpacing": 0.00049999,
    "DeviceSerialNumber": "66072",
    "DwellTime": 2.2e-06,
    "EchoTime": 0.03,
    "EchoTrainLength": 84,
    "EffectiveEchoSpacing": 0.00049999,
    "FlipAngle": 65,
    "ImageComments": "Unaliased_MB3_PE3_LB_SENSE1",
    "ImageOrientationPatientDICOM": [
      0.988299,
      -0.130448,
      0.0790521,
      0.137489,
      0.98628,
      -0.0913679
    ],
    "ImageType": [
      "ORIGINAL",
      "PRIMARY",
      "M",
      "MB",
      "ND",
      "MOSAIC"
    ],
    "InPlanePhaseEncodingDirectionDICOM": "COL",
    "InstitutionAddress": "Boulevard_Jean_Moulin_27_Marseille_District_FR_13005",
    "InstitutionName": "Universite_d_aix_Marseille",
    "InstitutionalDepartmentName": "Department",
    "MRAcquisitionType": "2D",
    "MagneticFieldStrength": 3,
    "Manufacturer": "Siemens",
    "ManufacturersModelName": "Prisma",
    "Modality": "MR",
    "MultibandAccelerationFactor": 3,
    "PartialFourier": 1,
    "PatientPosition": "HFS",
    "PercentPhaseFOV": 100,
    "PhaseEncodingDirection": "j-",
    "PhaseEncodingSteps": 84,
    "PhaseResolution": 1,
    "PixelBandwidth": 2705,
    "ProcedureStepDescription": "Projets_archives_Aging",
    "ProtocolName": "task-illusion_run2_bold",
    "PulseSequenceDetails": "%CustomerSeq%_cmrr_mbep2d_bold",
    "ReceiveCoilActiveElements": "HC1-7;NC1",
    "ReceiveCoilName": "HeadNeck_64",
    "ReconMatrixPE": 84,
    "RepetitionTime": 1.224,
    "SAR": 0.0712902,
    "ScanOptions": "FS",
    "ScanningSequence": "EP",
    "SequenceName": "epfid2d1_84",
    "SequenceVariant": "SK_SS",
    "SeriesDescription": "task-illusion_run2_bold",
    "SeriesNumber": 18,
    "ShimSetting": [
      -619,
      -10759,
      -477,
      480,
      -132,
      -111,
      116,
      -9
    ],
    "SliceThickness": 2.5,
    "SliceTiming": [
      1.1375,
      1.07,
      1.0025,
      0.935,
      0.87,
      0.8025,
      0.735,
      0.6675,
      0.6025,
      0.535,
      0.4675,
      0.4,
      0.335,
      0.2675,
      0.2,
      0.1325,
      0.0675,
      0,
      1.1375,
      1.07,
      1.0025,
      0.935,
      0.87,
      0.8025,
      0.735,
      0.6675,
      0.6025,
      0.535,
      0.4675,
      0.4,
      0.335,
      0.2675,
      0.2,
      0.1325,
      0.0675,
      0,
      1.1375,
      1.07,
      1.0025,
      0.935,
      0.87,
      0.8025,
      0.735,
      0.6675,
      0.6025,
      0.535,
      0.4675,
      0.4,
      0.335,
      0.2675,
      0.2,
      0.1325,
      0.0675,
      0
    ],
    "SoftwareVersions": "syngo_MR_E11",
    "SpacingBetweenSlices": 2.5,
    "StationName": "AWP66072",
    "TaskName": "illusion",
    "TotalReadoutTime": 0.04199916,
    "TxRefAmp": 220.487,
    "dataset": "ds002872",
    "modality": "bold",
    "run_id": 2,
    "subject_id": "38",
    "task_id": "illusion"
  },
  "dummy_trs": 2,
  "dvars_nstd": 33.36103044950176,
  "dvars_std": 1.047192859074733,
  "dvars_vstd": 0.9712583263701063,
  "efc": 0.46019503833991326,
  "fber": 10479.484375,
  "fd_mean": 0.19764393425299048,
  "fd_num": 107,
  "fd_perc": 37.94326241134752,
  "fwhm_avg": 2.868140095355615,
  "fwhm_x": 2.63284,
  "fwhm_y": 2.971952,
  "fwhm_z": 2.9996282860668453,
  "gcor": 0.00687087,
  "gsr_x": -0.008802497759461403,
  "gsr_y": 0.04000545293092728,
  "provenance": {
    "md5sum": "0a89b9abdb160d8aa4eadd896e2da3b7",
    "settings": {
      "fd_thres": 0.2,
      "testing": false
    },
    "software": "mriqc",
    "version": "23.0.1",
    "webapi_port": null,
    "webapi_url": "https://mriqc.nimh.nih.gov/api/v1"
  },
  "size_t": 282,
  "size_x": 84,
  "size_y": 84,
  "size_z": 54,
  "snr": 2.7424786189177817,
  "spacing_tr": 1.2239999771118164,
  "spacing_x": 2.5,
  "spacing_y": 2.5,
  "spacing_z": 2.499999761581421,
  "summary_bg_k": 99.47164998263067,
  "summary_bg_mad": 71.71636626082329,
  "summary_bg_mean": 418.1478271484375,
  "summary_bg_median": 86.40758514404297,
  "summary_bg_n": 255014.0,
  "summary_bg_p05": 34.44629669189453,
  "summary_bg_p95": 1912.5189147949202,
  "summary_bg_stdv": 1009.0740966796875,
  "summary_fg_k": 0.7818824639239503,
  "summary_fg_mad": 2832.6078207279315,
  "summary_fg_mean": 9669.9697265625,
  "summary_fg_median": 8980.791015625,
  "summary_fg_n": 64706.0,
  "summary_fg_p05": 5491.10693359375,
  "summary_fg_p95": 16148.87060546875,
  "summary_fg_stdv": 3274.67333984375,
  "tsnr": 41.25200653076172
}