{
  "aor": 0.0007348042704626334,
  "aqi": 0.007134291672597864,
  "bids_meta": {
    "AcquisitionDateTime": "2019-11-15T14:26:36.435000",
    "AcquisitionMatrixPE": 84,
    "AcquisitionNumber": 1,
    "AcquisitionTime": "14:26:36.435000",
    "BandwidthPerPixelPhaseEncode": 23.81,
    "BaseResolution": 84,
    "BodyPartExamined": "HEAD",
    "ConsistencyInfo": "N4_VE11C_LATEST_20160120",
    "ConversionSoftware": "dcm2niix",
    "ConversionSoftwareVersion": "v1.0.20171215 GCC5.1.0",
    "DerivedVendorReportedEchoSpacing": 0.00049999,
    "DeviceSerialNumber": "66072",
    "DwellTime": 2.2e-06,
    "EchoTime": 0.03,
    "EchoTrainLength": 84,
    "EffectiveEchoSpacing": 0.00049999,
    "FlipAngle": 65,
    "ImageComments": "Unaliased_MB3_PE3_LB_SENSE1",
    "ImageOrientationPatientDICOM": [
      0.988299,
      -0.130448,
      0.0790521,
      0.137489,
      0.98628,
      -0.0913679
    ],
    "ImageType": [
      "ORIGINAL",
      "PRIMARY",
      "M",
      "MB",
      "ND",
      "MOSAIC"
    ],
    "InPlanePhaseEncodingDirectionDICOM": "COL",
    "InstitutionAddress": "Boulevard_Jean_Moulin_27_Marseille_District_FR_13005",
    "InstitutionName": "Universite_d_aix_Marseille",
    "InstitutionalDepartmentName": "Department",
    "MRAcquisitionType": "2D",
    "MagneticFieldStrength": 3,
    "Manufacturer": "Siemens",
    "ManufacturersModelName": "Prisma",
    "Modality": "MR",
    "MultibandAccelerationFactor": 3,
    "PartialFourier": 1,
    "PatientPosition": "HFS",
    "PercentPhaseFOV": 100,
    "PhaseEncodingDirection": "j-",
    "PhaseEncodingSteps": 84,
    "PhaseResolution": 1,
    "PixelBandwidth": 2705,
    "ProcedureStepDescription": "Projets_archives_Aging",
    "ProtocolName": "task-illusion_run4_bold",
    "PulseSequenceDetails": "%CustomerSeq%_cmrr_mbep2d_bold",
    "ReceiveCoilActiveElements": "HC1-7;NC1",
    "ReceiveCoilName": "HeadNeck_64",
    "ReconMatrixPE": 84,
    "RepetitionTime": 1.224,
    "SAR": 0.0712902,
    "ScanOptions": "FS",
    "ScanningSequence": "EP",
    "SequenceName": "epfid2d1_84",
    "SequenceVariant": "SK_SS",
    "SeriesDescription": "task-illusion_run4_bold",
    "SeriesNumber": 22,
    "ShimSetting": [
      -619,
      -10759,
      -477,
      480,
      -132,
      -111,
      116,
      -9
    ],
    "SliceThickness": 2.5,
    "SliceTiming": [
      1.1375,
      1.07,
      1.005,
      0.9375,
      0.87,
      0.8025,
      0.7375,
      0.67,
      0.6025,
      0.535,
      0.47,
      0.4025,
      0.335,
      0.2675,
      0.2025,
      0.135,
      0.0675,
      0,
      1.1375,
      1.07,
      1.005,
      0.9375,
      0.87,
      0.8025,
      0.7375,
      0.67,
      0.6025,
      0.535,
      0.47,
      0.4025,
      0.335,
      0.2675,
      0.2025,
      0.135,
      0.0675,
      0,
      1.1375,
      1.07,
      1.005,
      0.9375,
      0.87,
      0.8025,
      0.7375,
      0.67,
      0.6025,
      0.535,
      0.47,
      0.4025,
      0.335,
      0.2675,
      0.2025,
      0.135,
      0.0675,
      0
    ],
    "SoftwareVersions": "syngo_MR_E11",
    "SpacingBetweenSlices": 2.5,
    "StationName": "AWP66072",
    "TaskName": "illusion",
    "TotalReadoutTime": 0.04199916,
    "TxRefAmp": 220.487,
    "dataset": "ds002872",
    "modality": "bold",
    "run_id": 4,
    "subject_id": "38",
    "task_id": "illusion"
  },
  "dummy_trs": 3,
  "dvars_nstd": 32.73754400553573,
  "dvars_std": 1.0371153616785722,
  "dvars_vstd": 0.9632643278928578,
  "efc": 0.45986242088534657,
  "fber": 9458.759765625,
  "fd_mean": 0.19149115627199054,
  "fd_num": 109,
  "fd_perc": 38.79003558718861,
  "fwhm_avg": 2.853226761901992,
  "fwhm_x": 2.603368,
  "fwhm_y": 2.9604679999999997,
  "fwhm_z": 2.9958442857059753,
  "gcor": 0.00707792,
  "gsr_x": -0.008446957916021347,
  "gsr_y": 0.04110369086265564,
  "provenance": {
    "md5sum": "6e7b1b50bc851c367e17cadf221dc525",
    "settings": {
      "fd_thres": 0.2,
      "testing": false
    },
    "software": "mriqc",
    "version": "23.0.1",
    "webapi_port": null,
    "webapi_url": "https://mriqc.nimh.nih.gov/api/v1"
  },
  "size_t": 281,
  "size_x": 84,
  "size_y": 84,
  "size_z": 54,
  "snr": 2.777100352628319,
  "spacing_tr": 1.2239999771118164,
  "spacing_x": 2.5,
  "spacing_y": 2.5,
  "spacing_z": 2.499999761581421,
  "summary_bg_k": 104.77598732279452,
  "summary_bg_mad": 81.50417135909058,
  "summary_bg_mean": 416.53228759765625,
  "summary_bg_median": 90.86029052734375,
  "summary_bg_n": 255198.0,
  "summary_bg_p05": 29.26862325668335,
  "summary_bg_p95": 1899.7001098632807,
  "summary_bg_stdv": 1023.5224609375,
  "summary_fg_k": 0.7822605441885617,
  "summary_fg_mad": 2820.147591536077,
  "summary_fg_mean": 9684.2978515625,
  "summary_fg_median": 8996.5615234375,
  "summary_fg_n": 63941.0,
  "summary_fg_p05": 5595.89599609375,
  "summary_fg_p95": 16104.0849609375,
  "summary_fg_stdv": 3239.52685546875,
  "tsnr": 41.466697692871094
}