{
  "aor": 0.001486265560165975,
  "aqi": 0.008577965020746887,
  "bids_meta": {
    "AcquisitionDateTime": "2019-11-15T13:55:14.650000",
    "AcquisitionMatrixPE": 84,
    "AcquisitionNumber": 1,
    "AcquisitionTime": "13:55:14.650000",
    "BandwidthPerPixelPhaseEncode": 23.81,
    "BaseResolution": 84,
    "BodyPartExamined": "HEAD",
    "ConsistencyInfo": "N4_VE11C_LATEST_20160120",
    "ConversionSoftware": "dcm2niix",
    "ConversionSoftwareVersion": "v1.0.20171215 GCC5.1.0",
    "DerivedVendorReportedEchoSpacing": 0.00049999,
    "DeviceSerialNumber": "66072",
    "DwellTime": 2.3e-06,
    "EchoTime": 0.03,
    "EchoTrainLength": 84,
    "EffectiveEchoSpacing": 0.00049999,
    "FlipAngle": 65,
    "ImageComments": "Unaliased_MB3_PE3_LB_SENSE1",
    "ImageOrientationPatientDICOM": [
      0.988299,
      -0.130448,
      0.0790521,
      0.137489,
      0.98628,
      -0.0913679
    ],
    "ImageType": [
      "ORIGINAL",
      "PRIMARY",
      "M",
      "MB",
      "ND",
      "MOSAIC"
    ],
    "InPlanePhaseEncodingDirectionDICOM": "COL",
    "InstitutionAddress": "Boulevard_Jean_Moulin_27_Marseille_District_FR_13005",
    "InstitutionName": "Universite_d_aix_Marseille",
    "InstitutionalDepartmentName": "Department",
    "MRAcquisitionType": "2D",
    "MagneticFieldStrength": 3,
    "Manufacturer": "Siemens",
    "ManufacturersModelName": "Prisma",
    "Modality": "MR",
    "MultibandAccelerationFactor": 3,
    "PartialFourier": 1,
    "PatientPosition": "HFS",
    "PercentPhaseFOV": 100,
    "PhaseEncodingDirection": "j-",
    "PhaseEncodingSteps": 84,
    "PhaseResolution": 1,
    "PixelBandwidth": 2590,
    "ProcedureStepDescription": "Projets_archives_Aging",
    "ProtocolName": "task-rest_bold",
    "PulseSequenceDetails": "%CustomerSeq%_cmrr_mbep2d_bold",
    "ReceiveCoilActiveElements": "HC1-7;NC1",
    "ReceiveCoilName": "HeadNeck_64",
    "ReconMatrixPE": 84,
    "RepetitionTime": 1.224,
    "SAR": 0.0714376,
    "ScanOptions": "FS",
    "ScanningSequence": "EP",
    "SequenceName": "epfid2d1_84",
    "SequenceVariant": "SK_SS",
    "SeriesDescription": "task-rest_bold",
    "SeriesNumber": 14,
    "ShimSetting": [
      -619,
      -10759,
      -477,
      480,
      -132,
      -111,
      116,
      -9
    ],
    "SliceThickness": 2.5,
    "SliceTiming": [
      1.1375,
      1.07,
      1.0025,
      0.9375,
      0.87,
      0.8025,
      0.735,
      0.67,
      0.6025,
      0.535,
      0.4675,
      0.4025,
      0.335,
      0.2675,
      0.2,
      0.135,
      0.0675,
      0,
      1.1375,
      1.07,
      1.0025,
      0.9375,
      0.87,
      0.8025,
      0.735,
      0.67,
      0.6025,
      0.535,
      0.4675,
      0.4025,
      0.335,
      0.2675,
      0.2,
      0.135,
      0.0675,
      0,
      1.1375,
      1.07,
      1.0025,
      0.9375,
      0.87,
      0.8025,
      0.735,
      0.67,
      0.6025,
      0.535,
      0.4675,
      0.4025,
      0.335,
      0.2675,
      0.2,
      0.135,
      0.0675,
      0
    ],
    "SoftwareVersions": "syngo_MR_E11",
    "SpacingBetweenSlices": 2.5,
    "StationName": "AWP66072",
    "TaskName": "rest",
    "TotalReadoutTime": 0.04199916,
    "TxRefAmp": 220.487,
    "dataset": "ds002872",
    "modality": "bold",
    "subject_id": "38",
    "task_id": "rest"
  },
  "dummy_trs": 2,
  "dvars_nstd": 31.22345663471933,
  "dvars_std": 1.041552622120582,
  "dvars_vstd": 0.981005125218295,
  "efc": 0.45973973992172085,
  "fber": 9259.068359375,
  "fd_mean": 0.20354633520699797,
  "fd_num": 201,
  "fd_perc": 41.70124481327801,
  "fwhm_avg": 2.8724494291804086,
  "fwhm_x": 2.635468,
  "fwhm_y": 2.966792,
  "fwhm_z": 3.0150882875412264,
  "gcor": 0.00652938,
  "gsr_x": -0.007461899891495705,
  "gsr_y": 0.030121469870209694,
  "provenance": {
    "md5sum": "1f22fa30a13b8c9d187e29f53087106d",
    "settings": {
      "fd_thres": 0.2,
      "testing": false
    },
    "software": "mriqc",
    "version": "23.0.1",
    "webapi_port": null,
    "webapi_url": "https://mriqc.nimh.nih.gov/api/v1"
  },
  "size_t": 482,
  "size_x": 84,
  "size_y": 84,
  "size_z": 54,
  "snr": 2.7231617990200543,
  "spacing_tr": 1.2239999771118164,
  "spacing_x": 2.5,
  "spacing_y": 2.5,
  "spacing_z": 2.499999761581421,
  "summary_bg_k": 37.61133347466665,
  "summary_bg_mad": 83.28154189205806,
  "summary_bg_mean": 399.34814453125,
  "summary_bg_median": 93.26937866210938,
  "summary_bg_n": 254683.0,
  "summary_bg_p05": 32.500830078125,
  "summary_bg_p95": 1844.6430664062495,
  "summary_bg_stdv": 833.4134521484375,
  "summary_fg_k": 0.7590243655608329,
  "summary_fg_mad": 2853.1485215813877,
  "summary_fg_mean": 9700.765625,
  "summary_fg_median": 8999.7900390625,
  "summary_fg_n": 64853.0,
  "summary_fg_p05": 5486.265234375,
  "summary_fg_p95": 16245.765624999998,
  "summary_fg_stdv": 3304.879150390625,
  "tsnr": 37.42646789550781
}