{
  "aor": 0.0019236749116607775,
  "aqi": 0.004202177208480566,
  "bids_meta": {
    "AcquisitionDateTime": "2019-11-15T12:51:38.887500",
    "AcquisitionMatrixPE": 84,
    "AcquisitionNumber": 1,
    "AcquisitionTime": "12:51:38.887500",
    "BandwidthPerPixelPhaseEncode": 23.81,
    "BaseResolution": 84,
    "BodyPartExamined": "HEAD",
    "ConsistencyInfo": "N4_VE11C_LATEST_20160120",
    "ConversionSoftware": "dcm2niix",
    "ConversionSoftwareVersion": "v1.0.20171215 GCC5.1.0",
    "DerivedVendorReportedEchoSpacing": 0.00049999,
    "DeviceSerialNumber": "66072",
    "DwellTime": 2.2e-06,
    "EchoTime": 0.03,
    "EchoTrainLength": 84,
    "EffectiveEchoSpacing": 0.00049999,
    "FlipAngle": 65,
    "ImageComments": "Unaliased_MB3_PE3_LB_SENSE1",
    "ImageOrientationPatientDICOM": [
      0.99802,
      -0.0407769,
      0.0478895,
      0.0470654,
      0.989239,
      -0.13853
    ],
    "ImageType": [
      "ORIGINAL",
      "PRIMARY",
      "M",
      "MB",
      "ND",
      "MOSAIC"
    ],
    "InPlanePhaseEncodingDirectionDICOM": "COL",
    "InstitutionAddress": "Boulevard_Jean_Moulin_27_Marseille_District_FR_13005",
    "InstitutionName": "Universite_d_aix_Marseille",
    "InstitutionalDepartmentName": "Department",
    "MRAcquisitionType": "2D",
    "MagneticFieldStrength": 3,
    "Manufacturer": "Siemens",
    "ManufacturersModelName": "Prisma",
    "Modality": "MR",
    "MultibandAccelerationFactor": 3,
    "PartialFourier": 1,
    "PatientPosition": "HFS",
    "PercentPhaseFOV": 100,
    "PhaseEncodingDirection": "j-",
    "PhaseEncodingSteps": 84,
    "PhaseResolution": 1,
    "PixelBandwidth": 2705,
    "ProcedureStepDescription": "Projets_archives_Aging",
    "ProtocolName": "task-illusion_run4_bold",
    "PulseSequenceDetails": "%CustomerSeq%_cmrr_mbep2d_bold",
    "ReceiveCoilActiveElements": "HC1-7",
    "ReceiveCoilName": "HeadNeck_64",
    "ReconMatrixPE": 84,
    "RepetitionTime": 1.224,
    "SAR": 0.0707405,
    "ScanOptions": "FS",
    "ScanningSequence": "EP",
    "SequenceName": "epfid2d1_84",
    "SequenceVariant": "SK_SS",
    "SeriesDescription": "task-illusion_run4_bold",
    "SeriesNumber": 22,
    "ShimSetting": [
      -574,
      -10771,
      -539,
      385,
      126,
      -7,
      -12,
      -21
    ],
    "SliceThickness": 2.5,
    "SliceTiming": [
      1.135,
      1.07,
      1.0025,
      0.935,
      0.8675,
      0.8025,
      0.735,
      0.6675,
      0.6,
      0.535,
      0.4675,
      0.4,
      0.3325,
      0.2675,
      0.2,
      0.1325,
      0.065,
      0,
      1.135,
      1.07,
      1.0025,
      0.935,
      0.8675,
      0.8025,
      0.735,
      0.6675,
      0.6,
      0.535,
      0.4675,
      0.4,
      0.3325,
      0.2675,
      0.2,
      0.1325,
      0.065,
      0,
      1.135,
      1.07,
      1.0025,
      0.935,
      0.8675,
      0.8025,
      0.735,
      0.6675,
      0.6,
      0.535,
      0.4675,
      0.4,
      0.3325,
      0.2675,
      0.2,
      0.1325,
      0.065,
      0
    ],
    "SoftwareVersions": "syngo_MR_E11",
    "SpacingBetweenSlices": 2.5,
    "StationName": "AWP66072",
    "TaskName": "illusion",
    "TotalReadoutTime": 0.04199916,
    "TxRefAmp": 258.703,
    "dataset": "ds002872",
    "modality": "bold",
    "run_id": 4,
    "subject_id": "39",
    "task_id": "illusion"
  },
  "dummy_trs": 1,
  "dvars_nstd": 30.628070114503547,
  "dvars_std": 1.1194226352127667,
  "dvars_vstd": 1.0119829029432625,
  "efc": 0.5383279464129737,
  "fber": 2651.480712890625,
  "fd_mean": 0.1944835274755744,
  "fd_num": 103,
  "fd_perc": 36.39575971731449,
  "fwhm_avg": 3.1770973333333337,
  "fwhm_x": 2.958888,
  "fwhm_y": 3.245028,
  "fwhm_z": 3.327376,
  "gcor": 0.0137506,
  "gsr_x": 0.013221916742622852,
  "gsr_y": 0.03246511146426201,
  "provenance": {
    "md5sum": "f5027ef12494c853e550d6b43c40d5c9",
    "settings": {
      "fd_thres": 0.2,
      "testing": false
    },
    "software": "mriqc",
    "version": "23.0.1",
    "webapi_port": null,
    "webapi_url": "https://mriqc.nimh.nih.gov/api/v1"
  },
  "size_t": 283,
  "size_x": 84,
  "size_y": 84,
  "size_z": 54,
  "snr": 2.107918933826695,
  "spacing_tr": 1.2239999771118164,
  "spacing_x": 2.5,
  "spacing_y": 2.5,
  "spacing_z": 2.5,
  "summary_bg_k": 23.859006854583445,
  "summary_bg_mad": 215.80621228749152,
  "summary_bg_mean": 820.7744140625,
  "summary_bg_median": 194.66067504882812,
  "summary_bg_n": 217673.0,
  "summary_bg_p05": 37.091905975341795,
  "summary_bg_p95": 3977.968310546872,
  "summary_bg_stdv": 1616.4239501953125,
  "summary_fg_k": 2.92602747052862,
  "summary_fg_mad": 4426.666905182972,
  "summary_fg_mean": 12200.107421875,
  "summary_fg_median": 11041.025390625,
  "summary_fg_n": 90548.0,
  "summary_fg_p05": 5936.622021484375,
  "summary_fg_p95": 22188.631933593737,
  "summary_fg_stdv": 5237.8505859375,
  "tsnr": 48.842552185058594
}