{
  "aor": 0.0021789752650176676,
  "aqi": 0.004469655123674912,
  "bids_meta": {
    "AcquisitionDateTime": "2019-11-15T12:32:10.625000",
    "AcquisitionMatrixPE": 84,
    "AcquisitionNumber": 1,
    "AcquisitionTime": "12:32:10.625000",
    "BandwidthPerPixelPhaseEncode": 23.81,
    "BaseResolution": 84,
    "BodyPartExamined": "HEAD",
    "ConsistencyInfo": "N4_VE11C_LATEST_20160120",
    "ConversionSoftware": "dcm2niix",
    "ConversionSoftwareVersion": "v1.0.20171215 GCC5.1.0",
    "DerivedVendorReportedEchoSpacing": 0.00049999,
    "DeviceSerialNumber": "66072",
    "DwellTime": 2.2e-06,
    "EchoTime": 0.03,
    "EchoTrainLength": 84,
    "EffectiveEchoSpacing": 0.00049999,
    "FlipAngle": 65,
    "ImageComments": "Unaliased_MB3_PE3_LB_SENSE1",
    "ImageOrientationPatientDICOM": [
      0.99802,
      -0.0407769,
      0.0478895,
      0.0470654,
      0.989239,
      -0.13853
    ],
    "ImageType": [
      "ORIGINAL",
      "PRIMARY",
      "M",
      "MB",
      "ND",
      "MOSAIC"
    ],
    "InPlanePhaseEncodingDirectionDICOM": "COL",
    "InstitutionAddress": "Boulevard_Jean_Moulin_27_Marseille_District_FR_13005",
    "InstitutionName": "Universite_d_aix_Marseille",
    "InstitutionalDepartmentName": "Department",
    "MRAcquisitionType": "2D",
    "MagneticFieldStrength": 3,
    "Manufacturer": "Siemens",
    "ManufacturersModelName": "Prisma",
    "Modality": "MR",
    "MultibandAccelerationFactor": 3,
    "PartialFourier": 1,
    "PatientPosition": "HFS",
    "PercentPhaseFOV": 100,
    "PhaseEncodingDirection": "j-",
    "PhaseEncodingSteps": 84,
    "PhaseResolution": 1,
    "PixelBandwidth": 2705,
    "ProcedureStepDescription": "Projets_archives_Aging",
    "ProtocolName": "task-illusion_run1_bold",
    "PulseSequenceDetails": "%CustomerSeq%_cmrr_mbep2d_bold",
    "ReceiveCoilActiveElements": "HC1-7",
    "ReceiveCoilName": "HeadNeck_64",
    "ReconMatrixPE": 84,
    "RepetitionTime": 1.224,
    "SAR": 0.0707405,
    "ScanOptions": "FS",
    "ScanningSequence": "EP",
    "SequenceName": "epfid2d1_84",
    "SequenceVariant": "SK_SS",
    "SeriesDescription": "task-illusion_run1_bold",
    "SeriesNumber": 16,
    "ShimSetting": [
      -574,
      -10771,
      -539,
      385,
      126,
      -7,
      -12,
      -21
    ],
    "SliceThickness": 2.5,
    "SliceTiming": [
      1.1375,
      1.07,
      1.0025,
      0.9375,
      0.87,
      0.8025,
      0.735,
      0.67,
      0.6025,
      0.535,
      0.4675,
      0.4025,
      0.335,
      0.2675,
      0.2,
      0.135,
      0.0675,
      0,
      1.1375,
      1.07,
      1.0025,
      0.9375,
      0.87,
      0.8025,
      0.735,
      0.67,
      0.6025,
      0.535,
      0.4675,
      0.4025,
      0.335,
      0.2675,
      0.2,
      0.135,
      0.0675,
      0,
      1.1375,
      1.07,
      1.0025,
      0.9375,
      0.87,
      0.8025,
      0.735,
      0.67,
      0.6025,
      0.535,
      0.4675,
      0.4025,
      0.335,
      0.2675,
      0.2,
      0.135,
      0.0675,
      0
    ],
    "SoftwareVersions": "syngo_MR_E11",
    "SpacingBetweenSlices": 2.5,
    "StationName": "AWP66072",
    "TaskName": "illusion",
    "TotalReadoutTime": 0.04199916,
    "TxRefAmp": 258.703,
    "dataset": "ds002872",
    "modality": "bold",
    "run_id": 1,
    "subject_id": "39",
    "task_id": "illusion"
  },
  "dummy_trs": 1,
  "dvars_nstd": 31.5767587769858,
  "dvars_std": 1.1071691709929083,
  "dvars_vstd": 1.0046818476595738,
  "efc": 0.5368612533270181,
  "fber": 2842.503173828125,
  "fd_mean": 0.20045462554727347,
  "fd_num": 97,
  "fd_perc": 34.275618374558306,
  "fwhm_avg": 3.1664813333333335,
  "fwhm_x": 2.961932,
  "fwhm_y": 3.218752,
  "fwhm_z": 3.31876,
  "gcor": 0.0148799,
  "gsr_x": 0.011425673961639404,
  "gsr_y": 0.034330688416957855,
  "provenance": {
    "md5sum": "61ba141b9f5c45b150cd3fe94b7aefbc",
    "settings": {
      "fd_thres": 0.2,
      "testing": false
    },
    "software": "mriqc",
    "version": "23.0.1",
    "webapi_port": null,
    "webapi_url": "https://mriqc.nimh.nih.gov/api/v1"
  },
  "size_t": 283,
  "size_x": 84,
  "size_y": 84,
  "size_z": 54,
  "snr": 2.1205662607188467,
  "spacing_tr": 1.2239999771118164,
  "spacing_x": 2.5,
  "spacing_y": 2.5,
  "spacing_z": 2.5,
  "summary_bg_k": 26.943838540009665,
  "summary_bg_mad": 201.64960753631445,
  "summary_bg_mean": 805.5900268554688,
  "summary_bg_median": 187.7654266357422,
  "summary_bg_n": 218155.0,
  "summary_bg_p05": 43.0335994720459,
  "summary_bg_p95": 3936.1776123046866,
  "summary_bg_stdv": 1607.052490234375,
  "summary_fg_k": 2.8501197402702143,
  "summary_fg_mad": 4394.173809833112,
  "summary_fg_mean": 12190.892578125,
  "summary_fg_median": 11036.408203125,
  "summary_fg_n": 90637.0,
  "summary_fg_p05": 5944.623046875,
  "summary_fg_p95": 22126.278906249998,
  "summary_fg_stdv": 5204.43408203125,
  "tsnr": 49.279396057128906
}