{
  "aor": 0.003265248226950355,
  "aqi": 0.004297071205673759,
  "bids_meta": {
    "AcquisitionDateTime": "2019-11-15T12:38:34.202500",
    "AcquisitionMatrixPE": 84,
    "AcquisitionNumber": 1,
    "AcquisitionTime": "12:38:34.202500",
    "BandwidthPerPixelPhaseEncode": 23.81,
    "BaseResolution": 84,
    "BodyPartExamined": "HEAD",
    "ConsistencyInfo": "N4_VE11C_LATEST_20160120",
    "ConversionSoftware": "dcm2niix",
    "ConversionSoftwareVersion": "v1.0.20171215 GCC5.1.0",
    "DerivedVendorReportedEchoSpacing": 0.00049999,
    "DeviceSerialNumber": "66072",
    "DwellTime": 2.2e-06,
    "EchoTime": 0.03,
    "EchoTrainLength": 84,
    "EffectiveEchoSpacing": 0.00049999,
    "FlipAngle": 65,
    "ImageComments": "Unaliased_MB3_PE3_LB_SENSE1",
    "ImageOrientationPatientDICOM": [
      0.99802,
      -0.0407769,
      0.0478895,
      0.0470654,
      0.989239,
      -0.13853
    ],
    "ImageType": [
      "ORIGINAL",
      "PRIMARY",
      "M",
      "MB",
      "ND",
      "MOSAIC"
    ],
    "InPlanePhaseEncodingDirectionDICOM": "COL",
    "InstitutionAddress": "Boulevard_Jean_Moulin_27_Marseille_District_FR_13005",
    "InstitutionName": "Universite_d_aix_Marseille",
    "InstitutionalDepartmentName": "Department",
    "MRAcquisitionType": "2D",
    "MagneticFieldStrength": 3,
    "Manufacturer": "Siemens",
    "ManufacturersModelName": "Prisma",
    "Modality": "MR",
    "MultibandAccelerationFactor": 3,
    "PartialFourier": 1,
    "PatientPosition": "HFS",
    "PercentPhaseFOV": 100,
    "PhaseEncodingDirection": "j-",
    "PhaseEncodingSteps": 84,
    "PhaseResolution": 1,
    "PixelBandwidth": 2705,
    "ProcedureStepDescription": "Projets_archives_Aging",
    "ProtocolName": "task-illusion_run2_bold",
    "PulseSequenceDetails": "%CustomerSeq%_cmrr_mbep2d_bold",
    "ReceiveCoilActiveElements": "HC1-7",
    "ReceiveCoilName": "HeadNeck_64",
    "ReconMatrixPE": 84,
    "RepetitionTime": 1.224,
    "SAR": 0.0707405,
    "ScanOptions": "FS",
    "ScanningSequence": "EP",
    "SequenceName": "epfid2d1_84",
    "SequenceVariant": "SK_SS",
    "SeriesDescription": "task-illusion_run2_bold",
    "SeriesNumber": 18,
    "ShimSetting": [
      -574,
      -10771,
      -539,
      385,
      126,
      -7,
      -12,
      -21
    ],
    "SliceThickness": 2.5,
    "SliceTiming": [
      1.1375,
      1.07,
      1.0025,
      0.935,
      0.87,
      0.8025,
      0.735,
      0.6675,
      0.6025,
      0.535,
      0.4675,
      0.4,
      0.335,
      0.2675,
      0.2,
      0.1325,
      0.0675,
      0,
      1.1375,
      1.07,
      1.0025,
      0.935,
      0.87,
      0.8025,
      0.735,
      0.6675,
      0.6025,
      0.535,
      0.4675,
      0.4,
      0.335,
      0.2675,
      0.2,
      0.1325,
      0.0675,
      0,
      1.1375,
      1.07,
      1.0025,
      0.935,
      0.87,
      0.8025,
      0.735,
      0.6675,
      0.6025,
      0.535,
      0.4675,
      0.4,
      0.335,
      0.2675,
      0.2,
      0.1325,
      0.0675,
      0
    ],
    "SoftwareVersions": "syngo_MR_E11",
    "SpacingBetweenSlices": 2.5,
    "StationName": "AWP66072",
    "TaskName": "illusion",
    "TotalReadoutTime": 0.04199916,
    "TxRefAmp": 258.703,
    "dataset": "ds002872",
    "modality": "bold",
    "run_id": 2,
    "subject_id": "39",
    "task_id": "illusion"
  },
  "dummy_trs": 2,
  "dvars_nstd": 30.78140993907474,
  "dvars_std": 1.1341857818149466,
  "dvars_vstd": 1.0277685209252665,
  "efc": 0.5372854352238292,
  "fber": 2749.60400390625,
  "fd_mean": 0.20735929412497092,
  "fd_num": 115,
  "fd_perc": 40.780141843971634,
  "fwhm_avg": 3.179864,
  "fwhm_x": 2.97134,
  "fwhm_y": 3.2304319999999995,
  "fwhm_z": 3.33782,
  "gcor": 0.0110252,
  "gsr_x": 0.012336439453065395,
  "gsr_y": 0.03480209410190582,
  "provenance": {
    "md5sum": "4081a94b1b03f16be8a32b63c1bc7544",
    "settings": {
      "fd_thres": 0.2,
      "testing": false
    },
    "software": "mriqc",
    "version": "23.0.1",
    "webapi_port": null,
    "webapi_url": "https://mriqc.nimh.nih.gov/api/v1"
  },
  "size_t": 282,
  "size_x": 84,
  "size_y": 84,
  "size_z": 54,
  "snr": 2.1079328624108107,
  "spacing_tr": 1.2239999771118164,
  "spacing_x": 2.5,
  "spacing_y": 2.5,
  "spacing_z": 2.5,
  "summary_bg_k": 26.14223241884316,
  "summary_bg_mad": 211.21157855908874,
  "summary_bg_mean": 823.8165283203125,
  "summary_bg_median": 192.3388214111328,
  "summary_bg_n": 218339.0,
  "summary_bg_p05": 39.31137809753418,
  "summary_bg_p95": 4013.753857421863,
  "summary_bg_stdv": 1640.6416015625,
  "summary_fg_k": 2.8872918627185946,
  "summary_fg_mad": 4419.079789679531,
  "summary_fg_mean": 12246.78515625,
  "summary_fg_median": 11075.4482421875,
  "summary_fg_n": 90437.0,
  "summary_fg_p05": 5956.4154296875,
  "summary_fg_p95": 22253.193359374996,
  "summary_fg_stdv": 5254.14599609375,
  "tsnr": 48.482322692871094
}