{
  "aor": 0.000853321554770318,
  "aqi": 0.004717683604240283,
  "bids_meta": {
    "EchoTime": 0.03,
    "EffectiveEchoSpacing": 0.00049999,
    "FlipAngle": 65,
    "ImageType": [
      "ORIGINAL",
      "PRIMARY",
      "M",
      "MB",
      "ND",
      "MOSAI"
    ],
    "MagneticFieldStrength": 3,
    "Manufacturer": "Siemens",
    "ManufacturersModelName": "Prisma",
    "PhaseEncodingDirection": "j-",
    "RepetitionTime": 1.224,
    "SliceTiming": [
      1.1375,
      1.07,
      1.0025,
      0.935,
      0.87,
      0.8025,
      0.735,
      0.6675,
      0.6025,
      0.535,
      0.4675,
      0.4,
      0.335,
      0.2675,
      0.2,
      0.1325,
      0.0675,
      0,
      1.1375,
      1.07,
      1.0025,
      0.935,
      0.87,
      0.8025,
      0.735,
      0.6675,
      0.6025,
      0.535,
      0.4675,
      0.4,
      0.335,
      0.2675,
      0.2,
      0.1325,
      0.0675,
      0,
      1.1375,
      1.07,
      1.0025,
      0.935,
      0.87,
      0.8025,
      0.735,
      0.6675,
      0.6025,
      0.535,
      0.4675,
      0.4,
      0.335,
      0.2675,
      0.2,
      0.1325,
      0.0675,
      0
    ],
    "TaskName": "illusion",
    "dataset": "ds002872",
    "modality": "bold",
    "run_id": 4,
    "subject_id": "11",
    "task_id": "illusion"
  },
  "dummy_trs": 1,
  "dvars_nstd": 32.00847673067375,
  "dvars_std": 1.0776847279432622,
  "dvars_vstd": 1.0011464680496465,
  "efc": 0.48202015412552107,
  "fber": 9044.32421875,
  "fd_mean": 0.21374904926784213,
  "fd_num": 147,
  "fd_perc": 51.9434628975265,
  "fwhm_avg": 2.785458666666667,
  "fwhm_x": 2.525224,
  "fwhm_y": 2.944312,
  "fwhm_z": 2.8868400000000003,
  "gcor": 0.012626,
  "gsr_x": -0.012201648205518723,
  "gsr_y": 0.051791656762361526,
  "provenance": {
    "md5sum": "54270f3496f53a4bad597e853aef8831",
    "settings": {
      "fd_thres": 0.2,
      "testing": false
    },
    "software": "mriqc",
    "version": "23.0.1",
    "webapi_port": null,
    "webapi_url": "https://mriqc.nimh.nih.gov/api/v1"
  },
  "size_t": 283,
  "size_x": 84,
  "size_y": 84,
  "size_z": 54,
  "snr": 3.0217107331621538,
  "spacing_tr": 1.2239999771118164,
  "spacing_x": 2.5,
  "spacing_y": 2.5,
  "spacing_z": 2.5,
  "summary_bg_k": 71.06793670330579,
  "summary_bg_mad": 65.33226167502639,
  "summary_bg_mean": 467.0996398925781,
  "summary_bg_median": 81.75729370117188,
  "summary_bg_n": 251903.0,
  "summary_bg_p05": 32.93802337646484,
  "summary_bg_p95": 2140.5252441406237,
  "summary_bg_stdv": 1164.239990234375,
  "summary_fg_k": 0.940047208823565,
  "summary_fg_mad": 2483.2146545508467,
  "summary_fg_mean": 8592.7001953125,
  "summary_fg_median": 8186.53173828125,
  "summary_fg_n": 65740.0,
  "summary_fg_p05": 4949.775805664062,
  "summary_fg_p95": 13692.548925781246,
  "summary_fg_stdv": 2709.216796875,
  "tsnr": 47.98860168457031
}