{
  "aor": 0.0010853356890459364,
  "aqi": 0.006008304734982333,
  "bids_meta": {
    "AcquisitionDateTime": "2019-11-15T14:19:59.822500",
    "AcquisitionMatrixPE": 84,
    "AcquisitionNumber": 1,
    "AcquisitionTime": "14:19:59.822500",
    "BandwidthPerPixelPhaseEncode": 23.81,
    "BaseResolution": 84,
    "BodyPartExamined": "HEAD",
    "ConsistencyInfo": "N4_VE11C_LATEST_20160120",
    "ConversionSoftware": "dcm2niix",
    "ConversionSoftwareVersion": "v1.0.20171215 GCC5.1.0",
    "DerivedVendorReportedEchoSpacing": 0.00049999,
    "DeviceSerialNumber": "66072",
    "DwellTime": 2.2e-06,
    "EchoTime": 0.03,
    "EchoTrainLength": 84,
    "EffectiveEchoSpacing": 0.00049999,
    "FlipAngle": 65,
    "ImageComments": "Unaliased_MB3_PE3_LB_SENSE1",
    "ImageOrientationPatientDICOM": [
      0.988299,
      -0.130448,
      0.0790521,
      0.137489,
      0.98628,
      -0.0913679
    ],
    "ImageType": [
      "ORIGINAL",
      "PRIMARY",
      "M",
      "MB",
      "ND",
      "MOSAIC"
    ],
    "InPlanePhaseEncodingDirectionDICOM": "COL",
    "InstitutionAddress": "Boulevard_Jean_Moulin_27_Marseille_District_FR_13005",
    "InstitutionName": "Universite_d_aix_Marseille",
    "InstitutionalDepartmentName": "Department",
    "MRAcquisitionType": "2D",
    "MagneticFieldStrength": 3,
    "Manufacturer": "Siemens",
    "ManufacturersModelName": "Prisma",
    "Modality": "MR",
    "MultibandAccelerationFactor": 3,
    "PartialFourier": 1,
    "PatientPosition": "HFS",
    "PercentPhaseFOV": 100,
    "PhaseEncodingDirection": "j-",
    "PhaseEncodingSteps": 84,
    "PhaseResolution": 1,
    "PixelBandwidth": 2705,
    "ProcedureStepDescription": "Projets_archives_Aging",
    "ProtocolName": "task-illusion_run3_bold",
    "PulseSequenceDetails": "%CustomerSeq%_cmrr_mbep2d_bold",
    "ReceiveCoilActiveElements": "HC1-7;NC1",
    "ReceiveCoilName": "HeadNeck_64",
    "ReconMatrixPE": 84,
    "RepetitionTime": 1.224,
    "SAR": 0.0712902,
    "ScanOptions": "FS",
    "ScanningSequence": "EP",
    "SequenceName": "epfid2d1_84",
    "SequenceVariant": "SK_SS",
    "SeriesDescription": "task-illusion_run3_bold",
    "SeriesNumber": 20,
    "ShimSetting": [
      -619,
      -10759,
      -477,
      480,
      -132,
      -111,
      116,
      -9
    ],
    "SliceThickness": 2.5,
    "SliceTiming": [
      1.1375,
      1.07,
      1.0025,
      0.935,
      0.87,
      0.8025,
      0.735,
      0.6675,
      0.6025,
      0.535,
      0.4675,
      0.4,
      0.335,
      0.2675,
      0.2,
      0.1325,
      0.0675,
      0,
      1.1375,
      1.07,
      1.0025,
      0.935,
      0.87,
      0.8025,
      0.735,
      0.6675,
      0.6025,
      0.535,
      0.4675,
      0.4,
      0.335,
      0.2675,
      0.2,
      0.1325,
      0.0675,
      0,
      1.1375,
      1.07,
      1.0025,
      0.935,
      0.87,
      0.8025,
      0.735,
      0.6675,
      0.6025,
      0.535,
      0.4675,
      0.4,
      0.335,
      0.2675,
      0.2,
      0.1325,
      0.0675,
      0
    ],
    "SoftwareVersions": "syngo_MR_E11",
    "SpacingBetweenSlices": 2.5,
    "StationName": "AWP66072",
    "TaskName": "illusion",
    "TotalReadoutTime": 0.04199916,
    "TxRefAmp": 220.487,
    "dataset": "ds002872",
    "modality": "bold",
    "run_id": 3,
    "subject_id": "38",
    "task_id": "illusion"
  },
  "dummy_trs": 1,
  "dvars_nstd": 33.30101540070921,
  "dvars_std": 1.078608848652482,
  "dvars_vstd": 0.9886187558156028,
  "efc": 0.45940112076421713,
  "fber": 10522.466796875,
  "fd_mean": 0.1803848424151179,
  "fd_num": 97,
  "fd_perc": 34.275618374558306,
  "fwhm_avg": 2.8549280952490577,
  "fwhm_x": 2.611256,
  "fwhm_y": 2.957252,
  "fwhm_z": 2.996276285747174,
  "gcor": 0.00951704,
  "gsr_x": -0.008255433291196823,
  "gsr_y": 0.040897563099861145,
  "provenance": {
    "md5sum": "230235209574f627780462e13bd27341",
    "settings": {
      "fd_thres": 0.2,
      "testing": false
    },
    "software": "mriqc",
    "version": "23.0.1",
    "webapi_port": null,
    "webapi_url": "https://mriqc.nimh.nih.gov/api/v1"
  },
  "size_t": 283,
  "size_x": 84,
  "size_y": 84,
  "size_z": 54,
  "snr": 2.760750516446489,
  "spacing_tr": 1.2239999771118164,
  "spacing_x": 2.5,
  "spacing_y": 2.5,
  "spacing_z": 2.499999761581421,
  "summary_bg_k": 97.92952075286533,
  "summary_bg_mad": 72.26731419446175,
  "summary_bg_mean": 415.7577209472656,
  "summary_bg_median": 86.35395812988281,
  "summary_bg_n": 255368.0,
  "summary_bg_p05": 33.475464248657225,
  "summary_bg_p95": 1907.4340026855466,
  "summary_bg_stdv": 1020.2196655273438,
  "summary_fg_k": 0.7848448201393272,
  "summary_fg_mad": 2821.8278257885922,
  "summary_fg_mean": 9668.8203125,
  "summary_fg_median": 8994.97265625,
  "summary_fg_n": 64225.0,
  "summary_fg_p05": 5536.25185546875,
  "summary_fg_p95": 16128.961718749983,
  "summary_fg_stdv": 3258.13671875,
  "tsnr": 45.58567428588867
}