{
  "aor": 0.0013120212765957444,
  "aqi": 0.00713754890070922,
  "bids_meta": {
    "AcquisitionDateTime": "2019-11-15T14:06:12.050000",
    "AcquisitionMatrixPE": 84,
    "AcquisitionNumber": 1,
    "AcquisitionTime": "14:06:12.050000",
    "BandwidthPerPixelPhaseEncode": 23.81,
    "BaseResolution": 84,
    "BodyPartExamined": "HEAD",
    "ConsistencyInfo": "N4_VE11C_LATEST_20160120",
    "ConversionSoftware": "dcm2niix",
    "ConversionSoftwareVersion": "v1.0.20171215 GCC5.1.0",
    "DerivedVendorReportedEchoSpacing": 0.00049999,
    "DeviceSerialNumber": "66072",
    "DwellTime": 2.2e-06,
    "EchoTime": 0.03,
    "EchoTrainLength": 84,
    "EffectiveEchoSpacing": 0.00049999,
    "FlipAngle": 65,
    "ImageComments": "Unaliased_MB3_PE3_LB_SENSE1",
    "ImageOrientationPatientDICOM": [
      0.988299,
      -0.130448,
      0.0790521,
      0.137489,
      0.98628,
      -0.0913679
    ],
    "ImageType": [
      "ORIGINAL",
      "PRIMARY",
      "M",
      "MB",
      "ND",
      "MOSAIC"
    ],
    "InPlanePhaseEncodingDirectionDICOM": "COL",
    "InstitutionAddress": "Boulevard_Jean_Moulin_27_Marseille_District_FR_13005",
    "InstitutionName": "Universite_d_aix_Marseille",
    "InstitutionalDepartmentName": "Department",
    "MRAcquisitionType": "2D",
    "MagneticFieldStrength": 3,
    "Manufacturer": "Siemens",
    "ManufacturersModelName": "Prisma",
    "Modality": "MR",
    "MultibandAccelerationFactor": 3,
    "PartialFourier": 1,
    "PatientPosition": "HFS",
    "PercentPhaseFOV": 100,
    "PhaseEncodingDirection": "j-",
    "PhaseEncodingSteps": 84,
    "PhaseResolution": 1,
    "PixelBandwidth": 2705,
    "ProcedureStepDescription": "Projets_archives_Aging",
    "ProtocolName": "task-illusion_run1_bold",
    "PulseSequenceDetails": "%CustomerSeq%_cmrr_mbep2d_bold",
    "ReceiveCoilActiveElements": "HC1-7;NC1",
    "ReceiveCoilName": "HeadNeck_64",
    "ReconMatrixPE": 84,
    "RepetitionTime": 1.224,
    "SAR": 0.0712902,
    "ScanOptions": "FS",
    "ScanningSequence": "EP",
    "SequenceName": "epfid2d1_84",
    "SequenceVariant": "SK_SS",
    "SeriesDescription": "task-illusion_run1_bold",
    "SeriesNumber": 16,
    "ShimSetting": [
      -619,
      -10759,
      -477,
      480,
      -132,
      -111,
      116,
      -9
    ],
    "SliceThickness": 2.5,
    "SliceTiming": [
      1.1375,
      1.07,
      1.0025,
      0.9375,
      0.87,
      0.8025,
      0.735,
      0.67,
      0.6025,
      0.535,
      0.4675,
      0.4025,
      0.335,
      0.2675,
      0.2,
      0.135,
      0.0675,
      0,
      1.1375,
      1.07,
      1.0025,
      0.9375,
      0.87,
      0.8025,
      0.735,
      0.67,
      0.6025,
      0.535,
      0.4675,
      0.4025,
      0.335,
      0.2675,
      0.2,
      0.135,
      0.0675,
      0,
      1.1375,
      1.07,
      1.0025,
      0.9375,
      0.87,
      0.8025,
      0.735,
      0.67,
      0.6025,
      0.535,
      0.4675,
      0.4025,
      0.335,
      0.2675,
      0.2,
      0.135,
      0.0675,
      0
    ],
    "SoftwareVersions": "syngo_MR_E11",
    "SpacingBetweenSlices": 2.5,
    "StationName": "AWP66072",
    "TaskName": "illusion",
    "TotalReadoutTime": 0.04199916,
    "TxRefAmp": 220.487,
    "dataset": "ds002872",
    "modality": "bold",
    "run_id": 1,
    "subject_id": "38",
    "task_id": "illusion"
  },
  "dummy_trs": 2,
  "dvars_nstd": 32.980336267117444,
  "dvars_std": 1.0508845530960853,
  "dvars_vstd": 0.9940470401423486,
  "efc": 0.4601913142062959,
  "fber": 9914.1728515625,
  "fd_mean": 0.20522146176479536,
  "fd_num": 130,
  "fd_perc": 46.09929078014184,
  "fwhm_avg": 2.852438761516199,
  "fwhm_x": 2.624484,
  "fwhm_y": 2.9491240000000003,
  "fwhm_z": 2.983708284548596,
  "gcor": 0.0072605,
  "gsr_x": -0.008568543940782547,
  "gsr_y": 0.03992246463894844,
  "provenance": {
    "md5sum": "12767015acbee0c357cab328a3f40464",
    "settings": {
      "fd_thres": 0.2,
      "testing": false
    },
    "software": "mriqc",
    "version": "23.0.1",
    "webapi_port": null,
    "webapi_url": "https://mriqc.nimh.nih.gov/api/v1"
  },
  "size_t": 282,
  "size_x": 84,
  "size_y": 84,
  "size_z": 54,
  "snr": 2.7394974968923096,
  "spacing_tr": 1.2239999771118164,
  "spacing_x": 2.5,
  "spacing_y": 2.5,
  "spacing_z": 2.499999761581421,
  "summary_bg_k": 93.58227532813079,
  "summary_bg_mad": 81.46696547723008,
  "summary_bg_mean": 420.1009826660156,
  "summary_bg_median": 90.07550048828125,
  "summary_bg_n": 255012.0,
  "summary_bg_p05": 28.110460376739503,
  "summary_bg_p95": 1919.0243652343731,
  "summary_bg_stdv": 998.7858276367188,
  "summary_fg_k": 0.7892790121014941,
  "summary_fg_mad": 2851.0882257250078,
  "summary_fg_mean": 9714.736328125,
  "summary_fg_median": 9022.458984375,
  "summary_fg_n": 64648.0,
  "summary_fg_p05": 5526.083837890625,
  "summary_fg_p95": 16261.29482421875,
  "summary_fg_stdv": 3293.44677734375,
  "tsnr": 40.40210723876953
}