{
  "aor": 0.000524927536231884,
  "aqi": 0.007478936563146998,
  "bids_meta": {
    "AcquisitionDateTime": "2019-11-15T12:12:42.765000",
    "AcquisitionMatrixPE": 84,
    "AcquisitionNumber": 1,
    "AcquisitionTime": "12:12:42.765000",
    "BandwidthPerPixelPhaseEncode": 23.81,
    "BaseResolution": 84,
    "BodyPartExamined": "HEAD",
    "ConsistencyInfo": "N4_VE11C_LATEST_20160120",
    "ConversionSoftware": "dcm2niix",
    "ConversionSoftwareVersion": "v1.0.20171215 GCC5.1.0",
    "DerivedVendorReportedEchoSpacing": 0.00049999,
    "DeviceSerialNumber": "66072",
    "DwellTime": 2.3e-06,
    "EchoTime": 0.03,
    "EchoTrainLength": 84,
    "EffectiveEchoSpacing": 0.00049999,
    "FlipAngle": 65,
    "ImageComments": "Unaliased_MB3_PE3_LB_SENSE1",
    "ImageOrientationPatientDICOM": [
      0.99802,
      -0.0407769,
      0.0478895,
      0.0470654,
      0.989239,
      -0.13853
    ],
    "ImageType": [
      "ORIGINAL",
      "PRIMARY",
      "M",
      "MB",
      "ND",
      "MOSAIC"
    ],
    "InPlanePhaseEncodingDirectionDICOM": "COL",
    "InstitutionAddress": "Boulevard_Jean_Moulin_27_Marseille_District_FR_13005",
    "InstitutionName": "Universite_d_aix_Marseille",
    "InstitutionalDepartmentName": "Department",
    "MRAcquisitionType": "2D",
    "MagneticFieldStrength": 3,
    "Manufacturer": "Siemens",
    "ManufacturersModelName": "Prisma",
    "Modality": "MR",
    "MultibandAccelerationFactor": 3,
    "PartialFourier": 1,
    "PatientPosition": "HFS",
    "PercentPhaseFOV": 100,
    "PhaseEncodingDirection": "j-",
    "PhaseEncodingSteps": 84,
    "PhaseResolution": 1,
    "PixelBandwidth": 2590,
    "ProcedureStepDescription": "Projets_archives_Aging",
    "ProtocolName": "task-rest_bold",
    "PulseSequenceDetails": "%CustomerSeq%_cmrr_mbep2d_bold",
    "ReceiveCoilActiveElements": "HC1-7",
    "ReceiveCoilName": "HeadNeck_64",
    "ReconMatrixPE": 84,
    "RepetitionTime": 1.224,
    "SAR": 0.0708867,
    "ScanOptions": "FS",
    "ScanningSequence": "EP",
    "SequenceName": "epfid2d1_84",
    "SequenceVariant": "SK_SS",
    "SeriesDescription": "task-rest_bold",
    "SeriesNumber": 14,
    "ShimSetting": [
      -574,
      -10771,
      -539,
      385,
      126,
      -7,
      -12,
      -21
    ],
    "SliceThickness": 2.5,
    "SliceTiming": [
      1.1375,
      1.07,
      1.0025,
      0.935,
      0.87,
      0.8025,
      0.735,
      0.6675,
      0.6025,
      0.535,
      0.4675,
      0.4,
      0.335,
      0.2675,
      0.2,
      0.1325,
      0.0675,
      0,
      1.1375,
      1.07,
      1.0025,
      0.935,
      0.87,
      0.8025,
      0.735,
      0.6675,
      0.6025,
      0.535,
      0.4675,
      0.4,
      0.335,
      0.2675,
      0.2,
      0.1325,
      0.0675,
      0,
      1.1375,
      1.07,
      1.0025,
      0.935,
      0.87,
      0.8025,
      0.735,
      0.6675,
      0.6025,
      0.535,
      0.4675,
      0.4,
      0.335,
      0.2675,
      0.2,
      0.1325,
      0.0675,
      0
    ],
    "SoftwareVersions": "syngo_MR_E11",
    "SpacingBetweenSlices": 2.5,
    "StationName": "AWP66072",
    "TaskName": "rest",
    "TotalReadoutTime": 0.04199916,
    "TxRefAmp": 258.703,
    "dataset": "ds002872",
    "modality": "bold",
    "subject_id": "39",
    "task_id": "rest"
  },
  "dummy_trs": 1,
  "dvars_nstd": 27.100569190580902,
  "dvars_std": 0.9901776856846471,
  "dvars_vstd": 0.9435897878630702,
  "efc": 0.5384192954094716,
  "fber": 2645.681640625,
  "fd_mean": 0.1629195567782144,
  "fd_num": 107,
  "fd_perc": 22.15320910973085,
  "fwhm_avg": 3.1445053333333335,
  "fwhm_x": 2.934148,
  "fwhm_y": 3.222472,
  "fwhm_z": 3.276896,
  "gcor": 0.00873662,
  "gsr_x": 0.008869120851159096,
  "gsr_y": 0.035581570118665695,
  "provenance": {
    "md5sum": "a88f032542106eea81e5dbc6ff4cfcb3",
    "settings": {
      "fd_thres": 0.2,
      "testing": false
    },
    "software": "mriqc",
    "version": "23.0.1",
    "webapi_port": null,
    "webapi_url": "https://mriqc.nimh.nih.gov/api/v1"
  },
  "size_t": 483,
  "size_x": 84,
  "size_y": 84,
  "size_z": 54,
  "snr": 2.146980105243768,
  "spacing_tr": 1.2239999771118164,
  "spacing_x": 2.5,
  "spacing_y": 2.5,
  "spacing_z": 2.5,
  "summary_bg_k": 26.93884266095053,
  "summary_bg_mad": 214.97092228294363,
  "summary_bg_mean": 800.0368041992188,
  "summary_bg_median": 196.16685485839844,
  "summary_bg_n": 217860.0,
  "summary_bg_p05": 39.93882579803467,
  "summary_bg_p95": 3878.803930664062,
  "summary_bg_stdv": 1600.9920654296875,
  "summary_fg_k": 2.6856567943327425,
  "summary_fg_mad": 4341.56025317464,
  "summary_fg_mean": 12107.9091796875,
  "summary_fg_median": 10982.2568359375,
  "summary_fg_n": 90802.0,
  "summary_fg_p05": 5946.733959960938,
  "summary_fg_p95": 21887.478613281248,
  "summary_fg_stdv": 5115.18310546875,
  "tsnr": 42.374229431152344
}