{
  "aor": 0.0025464664310954066,
  "aqi": 0.0035217044522968194,
  "bids_meta": {
    "AcquisitionDateTime": "2019-11-15T12:45:03.885000",
    "AcquisitionMatrixPE": 84,
    "AcquisitionNumber": 1,
    "AcquisitionTime": "12:45:3.885000",
    "BandwidthPerPixelPhaseEncode": 23.81,
    "BaseResolution": 84,
    "BodyPartExamined": "HEAD",
    "ConsistencyInfo": "N4_VE11C_LATEST_20160120",
    "ConversionSoftware": "dcm2niix",
    "ConversionSoftwareVersion": "v1.0.20171215 GCC5.1.0",
    "DerivedVendorReportedEchoSpacing": 0.00049999,
    "DeviceSerialNumber": "66072",
    "DwellTime": 2.2e-06,
    "EchoTime": 0.03,
    "EchoTrainLength": 84,
    "EffectiveEchoSpacing": 0.00049999,
    "FlipAngle": 65,
    "ImageComments": "Unaliased_MB3_PE3_LB_SENSE1",
    "ImageOrientationPatientDICOM": [
      0.99802,
      -0.0407769,
      0.0478895,
      0.0470654,
      0.989239,
      -0.13853
    ],
    "ImageType": [
      "ORIGINAL",
      "PRIMARY",
      "M",
      "MB",
      "ND",
      "MOSAIC"
    ],
    "InPlanePhaseEncodingDirectionDICOM": "COL",
    "InstitutionAddress": "Boulevard_Jean_Moulin_27_Marseille_District_FR_13005",
    "InstitutionName": "Universite_d_aix_Marseille",
    "InstitutionalDepartmentName": "Department",
    "MRAcquisitionType": "2D",
    "MagneticFieldStrength": 3,
    "Manufacturer": "Siemens",
    "ManufacturersModelName": "Prisma",
    "Modality": "MR",
    "MultibandAccelerationFactor": 3,
    "PartialFourier": 1,
    "PatientPosition": "HFS",
    "PercentPhaseFOV": 100,
    "PhaseEncodingDirection": "j-",
    "PhaseEncodingSteps": 84,
    "PhaseResolution": 1,
    "PixelBandwidth": 2705,
    "ProcedureStepDescription": "Projets_archives_Aging",
    "ProtocolName": "task-illusion_run3_bold",
    "PulseSequenceDetails": "%CustomerSeq%_cmrr_mbep2d_bold",
    "ReceiveCoilActiveElements": "HC1-7",
    "ReceiveCoilName": "HeadNeck_64",
    "ReconMatrixPE": 84,
    "RepetitionTime": 1.224,
    "SAR": 0.0707405,
    "ScanOptions": "FS",
    "ScanningSequence": "EP",
    "SequenceName": "epfid2d1_84",
    "SequenceVariant": "SK_SS",
    "SeriesDescription": "task-illusion_run3_bold",
    "SeriesNumber": 20,
    "ShimSetting": [
      -574,
      -10771,
      -539,
      385,
      126,
      -7,
      -12,
      -21
    ],
    "SliceThickness": 2.5,
    "SliceTiming": [
      1.135,
      1.07,
      1.0025,
      0.935,
      0.8675,
      0.8025,
      0.735,
      0.6675,
      0.6,
      0.535,
      0.4675,
      0.4,
      0.3325,
      0.2675,
      0.2,
      0.1325,
      0.065,
      0,
      1.135,
      1.07,
      1.0025,
      0.935,
      0.8675,
      0.8025,
      0.735,
      0.6675,
      0.6,
      0.535,
      0.4675,
      0.4,
      0.3325,
      0.2675,
      0.2,
      0.1325,
      0.065,
      0,
      1.135,
      1.07,
      1.0025,
      0.935,
      0.8675,
      0.8025,
      0.735,
      0.6675,
      0.6,
      0.535,
      0.4675,
      0.4,
      0.3325,
      0.2675,
      0.2,
      0.1325,
      0.065,
      0
    ],
    "SoftwareVersions": "syngo_MR_E11",
    "SpacingBetweenSlices": 2.5,
    "StationName": "AWP66072",
    "TaskName": "illusion",
    "TotalReadoutTime": 0.04199916,
    "TxRefAmp": 258.703,
    "dataset": "ds002872",
    "modality": "bold",
    "run_id": 3,
    "subject_id": "39",
    "task_id": "illusion"
  },
  "dummy_trs": 1,
  "dvars_nstd": 30.517325536808503,
  "dvars_std": 1.1279846314893625,
  "dvars_vstd": 1.023134198510638,
  "efc": 0.5374736732503056,
  "fber": 2713.58984375,
  "fd_mean": 0.19446488675017962,
  "fd_num": 99,
  "fd_perc": 34.98233215547703,
  "fwhm_avg": 3.1669893333333334,
  "fwhm_x": 2.9558240000000002,
  "fwhm_y": 3.2265520000000003,
  "fwhm_z": 3.318592,
  "gcor": 0.015079,
  "gsr_x": 0.013689345680177212,
  "gsr_y": 0.03314610943198204,
  "provenance": {
    "md5sum": "aeb7da77a4c1069feba9d61bc6866928",
    "settings": {
      "fd_thres": 0.2,
      "testing": false
    },
    "software": "mriqc",
    "version": "23.0.1",
    "webapi_port": null,
    "webapi_url": "https://mriqc.nimh.nih.gov/api/v1"
  },
  "size_t": 283,
  "size_x": 84,
  "size_y": 84,
  "size_z": 54,
  "snr": 2.1096839257378743,
  "spacing_tr": 1.2239999771118164,
  "spacing_x": 2.5,
  "spacing_y": 2.5,
  "spacing_z": 2.5,
  "summary_bg_k": 25.47046173068095,
  "summary_bg_mad": 209.22746186600094,
  "summary_bg_mean": 818.330322265625,
  "summary_bg_median": 192.19337463378906,
  "summary_bg_n": 217866.0,
  "summary_bg_p05": 40.28365135192871,
  "summary_bg_p95": 3991.3043212890625,
  "summary_bg_stdv": 1626.8927001953125,
  "summary_fg_k": 2.872479212949515,
  "summary_fg_mad": 4409.729188334156,
  "summary_fg_mean": 12213.6953125,
  "summary_fg_median": 11049.205078125,
  "summary_fg_n": 90516.0,
  "summary_fg_p05": 5946.9866943359375,
  "summary_fg_p95": 22236.9345703125,
  "summary_fg_stdv": 5237.345703125,
  "tsnr": 51.90273666381836
}