{
  "aor": 0.0032465371024734983,
  "aqi": 0.0046036731448763244,
  "bids_meta": {
    "EchoTime": 0.03,
    "EffectiveEchoSpacing": 0.00049999,
    "FlipAngle": 65,
    "ImageType": [
      "ORIGINAL",
      "PRIMARY",
      "M",
      "MB",
      "ND",
      "MOSAI"
    ],
    "MagneticFieldStrength": 3,
    "Manufacturer": "Siemens",
    "ManufacturersModelName": "Prisma",
    "PhaseEncodingDirection": "j-",
    "RepetitionTime": 1.224,
    "SliceTiming": [
      1.135,
      1.07,
      1.0025,
      0.935,
      0.8675,
      0.8025,
      0.735,
      0.6675,
      0.6,
      0.535,
      0.4675,
      0.4,
      0.3325,
      0.2675,
      0.2,
      0.1325,
      0.065,
      0,
      1.135,
      1.07,
      1.0025,
      0.935,
      0.8675,
      0.8025,
      0.735,
      0.6675,
      0.6,
      0.535,
      0.4675,
      0.4,
      0.3325,
      0.2675,
      0.2,
      0.1325,
      0.065,
      0,
      1.135,
      1.07,
      1.0025,
      0.935,
      0.8675,
      0.8025,
      0.735,
      0.6675,
      0.6,
      0.535,
      0.4675,
      0.4,
      0.3325,
      0.2675,
      0.2,
      0.1325,
      0.065,
      0
    ],
    "TaskName": "illusion",
    "dataset": "ds002872",
    "modality": "bold",
    "run_id": 3,
    "subject_id": "22",
    "task_id": "illusion"
  },
  "dummy_trs": 1,
  "dvars_nstd": 36.017032170141846,
  "dvars_std": 1.1672332638297866,
  "dvars_vstd": 1.0322699551418446,
  "efc": 0.4733301191641915,
  "fber": 7551.3720703125,
  "fd_mean": 0.2827135887186732,
  "fd_num": 179,
  "fd_perc": 63.25088339222615,
  "fwhm_avg": 3.0853133333333336,
  "fwhm_x": 2.89418,
  "fwhm_y": 3.2351840000000003,
  "fwhm_z": 3.126576,
  "gcor": 0.0203882,
  "gsr_x": 0.00479318480938673,
  "gsr_y": 0.030300313606858253,
  "provenance": {
    "md5sum": "fb7188ff232f1e0eb7387cfb460713e1",
    "settings": {
      "fd_thres": 0.2,
      "testing": false
    },
    "software": "mriqc",
    "version": "23.0.1",
    "webapi_port": null,
    "webapi_url": "https://mriqc.nimh.nih.gov/api/v1"
  },
  "size_t": 283,
  "size_x": 84,
  "size_y": 84,
  "size_z": 54,
  "snr": 2.325196269815248,
  "spacing_tr": 1.2239999771118164,
  "spacing_x": 2.5,
  "spacing_y": 2.5,
  "spacing_z": 2.5,
  "summary_bg_k": 77.73761160701598,
  "summary_bg_mad": 95.86911151608271,
  "summary_bg_mean": 501.6380920410156,
  "summary_bg_median": 104.50728607177734,
  "summary_bg_n": 247316.0,
  "summary_bg_p05": 33.033987045288086,
  "summary_bg_p95": 2342.0161743164062,
  "summary_bg_stdv": 1176.6817626953125,
  "summary_fg_k": 2.2626903782352823,
  "summary_fg_mad": 3370.6451069285386,
  "summary_fg_mean": 10184.8857421875,
  "summary_fg_median": 9308.4541015625,
  "summary_fg_n": 70356.0,
  "summary_fg_p05": 5361.535888671875,
  "summary_fg_p95": 17968.03076171875,
  "summary_fg_stdv": 4003.269775390625,
  "tsnr": 44.83759307861328
}