{
  "aor": 0.0008111702127659575,
  "aqi": 0.0033738218439716312,
  "bids_meta": {
    "EchoTime": 0.03,
    "EffectiveEchoSpacing": 0.00049999,
    "FlipAngle": 65,
    "ImageType": [
      "ORIGINAL",
      "PRIMARY",
      "M",
      "MB",
      "ND",
      "MOSAI"
    ],
    "MagneticFieldStrength": 3,
    "Manufacturer": "Siemens",
    "ManufacturersModelName": "Prisma",
    "PhaseEncodingDirection": "j-",
    "RepetitionTime": 1.224,
    "SliceTiming": [
      1.135,
      1.07,
      1.0025,
      0.935,
      0.8675,
      0.8025,
      0.735,
      0.6675,
      0.6,
      0.535,
      0.4675,
      0.4,
      0.3325,
      0.2675,
      0.2,
      0.1325,
      0.065,
      0,
      1.135,
      1.07,
      1.0025,
      0.935,
      0.8675,
      0.8025,
      0.735,
      0.6675,
      0.6,
      0.535,
      0.4675,
      0.4,
      0.3325,
      0.2675,
      0.2,
      0.1325,
      0.065,
      0,
      1.135,
      1.07,
      1.0025,
      0.935,
      0.8675,
      0.8025,
      0.735,
      0.6675,
      0.6,
      0.535,
      0.4675,
      0.4,
      0.3325,
      0.2675,
      0.2,
      0.1325,
      0.065,
      0
    ],
    "TaskName": "illusion",
    "dataset": "ds002872",
    "modality": "bold",
    "run_id": 4,
    "subject_id": "03",
    "task_id": "illusion"
  },
  "dummy_trs": 2,
  "dvars_nstd": 32.799031050604995,
  "dvars_std": 1.1544491947686828,
  "dvars_vstd": 1.009698116370107,
  "efc": 0.5013817709122418,
  "fber": 14420.4453125,
  "fd_mean": 0.1472334145372856,
  "fd_num": 70,
  "fd_perc": 24.822695035460992,
  "fwhm_avg": 2.802652,
  "fwhm_x": 2.48628,
  "fwhm_y": 3.007736,
  "fwhm_z": 2.9139399999999998,
  "gcor": 0.00995132,
  "gsr_x": -0.0074671125039458275,
  "gsr_y": 0.058956995606422424,
  "provenance": {
    "md5sum": "4554393c4a7c49c27cd8d7d4be4ec82a",
    "settings": {
      "fd_thres": 0.2,
      "testing": false
    },
    "software": "mriqc",
    "version": "23.0.1",
    "webapi_port": null,
    "webapi_url": "https://mriqc.nimh.nih.gov/api/v1"
  },
  "size_t": 282,
  "size_x": 84,
  "size_y": 84,
  "size_z": 54,
  "snr": 3.066493238005639,
  "spacing_tr": 1.2239999771118164,
  "spacing_x": 2.5,
  "spacing_y": 2.5,
  "spacing_z": 2.5,
  "summary_bg_k": 49.70546537916801,
  "summary_bg_mad": 48.652483361440396,
  "summary_bg_mean": 466.3114318847656,
  "summary_bg_median": 69.35460662841797,
  "summary_bg_n": 239072.0,
  "summary_bg_p05": 31.120567321777344,
  "summary_bg_p95": 2319.216174316404,
  "summary_bg_stdv": 1203.1441650390625,
  "summary_fg_k": 0.5542925800147986,
  "summary_fg_mad": 2771.1880557261925,
  "summary_fg_mean": 9047.0810546875,
  "summary_fg_median": 8637.578125,
  "summary_fg_n": 76432.0,
  "summary_fg_p05": 5201.9439453125,
  "summary_fg_p95": 14198.976074218748,
  "summary_fg_stdv": 2816.742431640625,
  "tsnr": 52.01630918227602
}