{
  "aor": 0.0014496466431095408,
  "aqi": 0.004867560282685513,
  "bids_meta": {
    "EchoTime": 0.03,
    "EffectiveEchoSpacing": 0.00049999,
    "FlipAngle": 65,
    "ImageType": [
      "ORIGINAL",
      "PRIMARY",
      "M",
      "MB",
      "ND",
      "MOSAI"
    ],
    "MagneticFieldStrength": 3,
    "Manufacturer": "Siemens",
    "ManufacturersModelName": "Prisma",
    "PhaseEncodingDirection": "j-",
    "RepetitionTime": 1.224,
    "SliceTiming": [
      1.1375,
      1.0725,
      1.005,
      0.9375,
      0.87,
      0.805,
      0.7375,
      0.67,
      0.6025,
      0.5375,
      0.47,
      0.4025,
      0.335,
      0.27,
      0.2025,
      0.135,
      0.0675,
      0,
      1.1375,
      1.0725,
      1.005,
      0.9375,
      0.87,
      0.805,
      0.7375,
      0.67,
      0.6025,
      0.5375,
      0.47,
      0.4025,
      0.335,
      0.27,
      0.2025,
      0.135,
      0.0675,
      0,
      1.1375,
      1.0725,
      1.005,
      0.9375,
      0.87,
      0.805,
      0.7375,
      0.67,
      0.6025,
      0.5375,
      0.47,
      0.4025,
      0.335,
      0.27,
      0.2025,
      0.135,
      0.0675,
      0
    ],
    "TaskName": "illusion",
    "dataset": "ds002872",
    "modality": "bold",
    "run_id": 1,
    "subject_id": "12",
    "task_id": "illusion"
  },
  "dummy_trs": 1,
  "dvars_nstd": 32.51401928294326,
  "dvars_std": 1.0809975715602833,
  "dvars_vstd": 0.9985320513475175,
  "efc": 0.5049636487809901,
  "fber": 6960.4189453125,
  "fd_mean": 0.2627793491004999,
  "fd_num": 184,
  "fd_perc": 65.01766784452296,
  "fwhm_avg": 3.03768,
  "fwhm_x": 2.793888,
  "fwhm_y": 3.188852,
  "fwhm_z": 3.1303,
  "gcor": 0.0107856,
  "gsr_x": -0.007091826759278774,
  "gsr_y": 0.029574543237686157,
  "provenance": {
    "md5sum": "45ef88ad53dfaa4f6283e6f1ec49b4c0",
    "settings": {
      "fd_thres": 0.2,
      "testing": false
    },
    "software": "mriqc",
    "version": "23.0.1",
    "webapi_port": null,
    "webapi_url": "https://mriqc.nimh.nih.gov/api/v1"
  },
  "size_t": 283,
  "size_x": 84,
  "size_y": 84,
  "size_z": 54,
  "snr": 2.663887142123637,
  "spacing_tr": 1.2239999771118164,
  "spacing_x": 2.5,
  "spacing_y": 2.5,
  "spacing_z": 2.5,
  "summary_bg_k": 28.949945827530843,
  "summary_bg_mad": 100.15951780751672,
  "summary_bg_mean": 496.0162353515625,
  "summary_bg_median": 105.21332550048828,
  "summary_bg_n": 235943.0,
  "summary_bg_p05": 27.378473854064943,
  "summary_bg_p95": 2308.6542236328123,
  "summary_bg_stdv": 1044.9423828125,
  "summary_fg_k": 1.1844953133422473,
  "summary_fg_mad": 3270.7587640544784,
  "summary_fg_mean": 9869.89453125,
  "summary_fg_median": 9313.5888671875,
  "summary_fg_n": 78537.0,
  "summary_fg_p05": 5212.9,
  "summary_fg_p95": 16371.719531249999,
  "summary_fg_stdv": 3496.2177734375,
  "tsnr": 44.584285736083984
}