{
  "aor": 0.0004975103734439835,
  "aqi": 0.007432525995850623,
  "bids_meta": {
    "EchoTime": 0.03,
    "EffectiveEchoSpacing": 0.00049999,
    "FlipAngle": 65,
    "ImageType": [
      "ORIGINAL",
      "PRIMARY",
      "M",
      "MB",
      "ND",
      "MOSAI"
    ],
    "MagneticFieldStrength": 3,
    "Manufacturer": "Siemens",
    "ManufacturersModelName": "Prisma",
    "PhaseEncodingDirection": "j-",
    "RepetitionTime": 1.224,
    "SliceTiming": [
      1.1375,
      1.07,
      1.0025,
      0.935,
      0.87,
      0.8025,
      0.735,
      0.6675,
      0.6025,
      0.535,
      0.4675,
      0.4,
      0.335,
      0.2675,
      0.2,
      0.1325,
      0.0675,
      0,
      1.1375,
      1.07,
      1.0025,
      0.935,
      0.87,
      0.8025,
      0.735,
      0.6675,
      0.6025,
      0.535,
      0.4675,
      0.4,
      0.335,
      0.2675,
      0.2,
      0.1325,
      0.0675,
      0,
      1.1375,
      1.07,
      1.0025,
      0.935,
      0.87,
      0.8025,
      0.735,
      0.6675,
      0.6025,
      0.535,
      0.4675,
      0.4,
      0.335,
      0.2675,
      0.2,
      0.1325,
      0.0675,
      0
    ],
    "TaskName": "rest",
    "dataset": "ds002872",
    "modality": "bold",
    "subject_id": "12",
    "task_id": "rest"
  },
  "dummy_trs": 2,
  "dvars_nstd": 29.60459270205819,
  "dvars_std": 1.0027577163825367,
  "dvars_vstd": 0.9532739113097712,
  "efc": 0.5050991333775481,
  "fber": 6691.95947265625,
  "fd_mean": 0.19418369807085922,
  "fd_num": 219,
  "fd_perc": 45.43568464730291,
  "fwhm_avg": 2.9909573333333337,
  "fwhm_x": 2.77654,
  "fwhm_y": 3.141352,
  "fwhm_z": 3.05498,
  "gcor": 0.0235686,
  "gsr_x": -0.005679500289261341,
  "gsr_y": 0.02865762636065483,
  "provenance": {
    "md5sum": "fc998866319850d9db8dbda09954f6e1",
    "settings": {
      "fd_thres": 0.2,
      "testing": false
    },
    "software": "mriqc",
    "version": "23.0.1",
    "webapi_port": null,
    "webapi_url": "https://mriqc.nimh.nih.gov/api/v1"
  },
  "size_t": 482,
  "size_x": 84,
  "size_y": 84,
  "size_z": 54,
  "snr": 2.699715054146663,
  "spacing_tr": 1.2239999771118164,
  "spacing_x": 2.5,
  "spacing_y": 2.5,
  "spacing_z": 2.5,
  "summary_bg_k": 27.96154110208135,
  "summary_bg_mad": 99.87798095320727,
  "summary_bg_mean": 478.9249267578125,
  "summary_bg_median": 105.3653335571289,
  "summary_bg_n": 235764.0,
  "summary_bg_p05": 29.97216672897339,
  "summary_bg_p95": 2216.804150390613,
  "summary_bg_stdv": 983.9855346679688,
  "summary_fg_k": 1.1157835605058102,
  "summary_fg_mad": 3193.0415955155772,
  "summary_fg_mean": 9675.6044921875,
  "summary_fg_median": 9147.3017578125,
  "summary_fg_n": 78671.0,
  "summary_fg_p05": 5130.3134765625,
  "summary_fg_p95": 15982.8427734375,
  "summary_fg_stdv": 3388.2255859375,
  "tsnr": 38.95547866821289
}