{
  "aor": 0.0071631914893617015,
  "aqi": 0.007705227056737589,
  "bids_meta": {
    "EchoTime": 0.03,
    "EffectiveEchoSpacing": 0.00049999,
    "FlipAngle": 65,
    "ImageType": [
      "ORIGINAL",
      "PRIMARY",
      "M",
      "MB",
      "ND",
      "MOSAI"
    ],
    "MagneticFieldStrength": 3,
    "Manufacturer": "Siemens",
    "ManufacturersModelName": "Prisma",
    "PhaseEncodingDirection": "j-",
    "RepetitionTime": 1.224,
    "SliceTiming": [
      1.1375,
      1.07,
      1.0025,
      0.935,
      0.87,
      0.8025,
      0.735,
      0.6675,
      0.6025,
      0.535,
      0.4675,
      0.4,
      0.335,
      0.2675,
      0.2,
      0.1325,
      0.0675,
      0,
      1.1375,
      1.07,
      1.0025,
      0.935,
      0.87,
      0.8025,
      0.735,
      0.6675,
      0.6025,
      0.535,
      0.4675,
      0.4,
      0.335,
      0.2675,
      0.2,
      0.1325,
      0.0675,
      0,
      1.1375,
      1.07,
      1.0025,
      0.935,
      0.87,
      0.8025,
      0.735,
      0.6675,
      0.6025,
      0.535,
      0.4675,
      0.4,
      0.335,
      0.2675,
      0.2,
      0.1325,
      0.0675,
      0
    ],
    "TaskName": "illusion",
    "dataset": "ds002872",
    "modality": "bold",
    "run_id": 4,
    "subject_id": "30",
    "task_id": "illusion"
  },
  "dummy_trs": 2,
  "dvars_nstd": 38.942125761637,
  "dvars_std": 1.143189521245552,
  "dvars_vstd": 1.0400899226334521,
  "efc": 0.511132291393563,
  "fber": 9323.916015625,
  "fd_mean": 0.2373747596663237,
  "fd_num": 100,
  "fd_perc": 35.46099290780142,
  "fwhm_avg": 2.921378666666667,
  "fwhm_x": 2.717872,
  "fwhm_y": 2.982932,
  "fwhm_z": 3.063332,
  "gcor": 0.00728037,
  "gsr_x": -0.006407890468835831,
  "gsr_y": 0.054399676620960236,
  "provenance": {
    "md5sum": "adb26aa051d559387b2535f897b57e30",
    "settings": {
      "fd_thres": 0.2,
      "testing": false
    },
    "software": "mriqc",
    "version": "23.0.1",
    "webapi_port": null,
    "webapi_url": "https://mriqc.nimh.nih.gov/api/v1"
  },
  "size_t": 282,
  "size_x": 84,
  "size_y": 84,
  "size_z": 54,
  "snr": 2.6040171457111008,
  "spacing_tr": 1.2239999771118164,
  "spacing_x": 2.5,
  "spacing_y": 2.5,
  "spacing_z": 2.5,
  "summary_bg_k": 56.30268564314395,
  "summary_bg_mad": 76.90329941716007,
  "summary_bg_mean": 526.4521484375,
  "summary_bg_median": 90.05584716796875,
  "summary_bg_n": 231582.0,
  "summary_bg_p05": 32.319882011413576,
  "summary_bg_p95": 2513.3904907226533,
  "summary_bg_stdv": 1271.883056640625,
  "summary_fg_k": 1.0607218171019177,
  "summary_fg_mad": 3347.061379500137,
  "summary_fg_mean": 9958.4228515625,
  "summary_fg_median": 9360.751953125,
  "summary_fg_n": 81659.0,
  "summary_fg_p05": 5203.38505859375,
  "summary_fg_p95": 16705.178125,
  "summary_fg_stdv": 3594.713134765625,
  "tsnr": 39.515350341796875
}