{
  "aor": 0.006899471830985915,
  "aqi": 0.005803998309859155,
  "bids_meta": {
    "EchoTime": 0.03,
    "EffectiveEchoSpacing": 0.00049999,
    "FlipAngle": 65,
    "ImageType": [
      "ORIGINAL",
      "PRIMARY",
      "M",
      "MB",
      "ND",
      "MOSAI"
    ],
    "MagneticFieldStrength": 3,
    "Manufacturer": "Siemens",
    "ManufacturersModelName": "Prisma",
    "PhaseEncodingDirection": "j-",
    "RepetitionTime": 1.224,
    "SliceTiming": [
      1.1375,
      1.07,
      1.005,
      0.9375,
      0.87,
      0.8025,
      0.7375,
      0.67,
      0.6025,
      0.535,
      0.47,
      0.4025,
      0.335,
      0.2675,
      0.2025,
      0.135,
      0.0675,
      0,
      1.1375,
      1.07,
      1.005,
      0.9375,
      0.87,
      0.8025,
      0.7375,
      0.67,
      0.6025,
      0.535,
      0.47,
      0.4025,
      0.335,
      0.2675,
      0.2025,
      0.135,
      0.0675,
      0,
      1.1375,
      1.07,
      1.005,
      0.9375,
      0.87,
      0.8025,
      0.7375,
      0.67,
      0.6025,
      0.535,
      0.47,
      0.4025,
      0.335,
      0.2675,
      0.2025,
      0.135,
      0.0675,
      0
    ],
    "TaskName": "illusion",
    "dataset": "ds002872",
    "modality": "bold",
    "run_id": 3,
    "subject_id": "30",
    "task_id": "illusion"
  },
  "dummy_trs": 0,
  "dvars_nstd": 36.98263818017665,
  "dvars_std": 1.1794863354063596,
  "dvars_vstd": 1.0494800943109548,
  "efc": 0.5102772487818005,
  "fber": 10000.796875,
  "fd_mean": 0.19086074135864875,
  "fd_num": 84,
  "fd_perc": 29.577464788732396,
  "fwhm_avg": 2.903656,
  "fwhm_x": 2.702416,
  "fwhm_y": 2.971212,
  "fwhm_z": 3.03734,
  "gcor": 0.00965249,
  "gsr_x": -0.0052130636759102345,
  "gsr_y": 0.05371949076652527,
  "provenance": {
    "md5sum": "5990829002ebe409458e17a7f3c838ab",
    "settings": {
      "fd_thres": 0.2,
      "testing": false
    },
    "software": "mriqc",
    "version": "23.0.1",
    "webapi_port": null,
    "webapi_url": "https://mriqc.nimh.nih.gov/api/v1"
  },
  "size_t": 284,
  "size_x": 84,
  "size_y": 84,
  "size_z": 54,
  "snr": 2.603843641684937,
  "spacing_tr": 1.2239999771118164,
  "spacing_x": 2.5,
  "spacing_y": 2.5,
  "spacing_z": 2.5,
  "summary_bg_k": 53.93203542229406,
  "summary_bg_mad": 70.83352331036323,
  "summary_bg_mean": 527.5347290039062,
  "summary_bg_median": 87.27751922607422,
  "summary_bg_n": 232088.0,
  "summary_bg_p05": 35.01754283905029,
  "summary_bg_p95": 2527.505944824217,
  "summary_bg_stdv": 1279.7030029296875,
  "summary_fg_k": 1.0517769252174256,
  "summary_fg_mad": 3347.403072980183,
  "summary_fg_mean": 9953.4541015625,
  "summary_fg_median": 9355.169921875,
  "summary_fg_n": 81387.0,
  "summary_fg_p05": 5196.44248046875,
  "summary_fg_p95": 16694.536718749998,
  "summary_fg_stdv": 3592.808837890625,
  "tsnr": 43.55182647705078
}