{
  "aor": 0.0062489436619718305,
  "aqi": 0.006508986936619718,
  "bids_meta": {
    "EchoTime": 0.03,
    "EffectiveEchoSpacing": 0.00049999,
    "FlipAngle": 65,
    "ImageType": [
      "ORIGINAL",
      "PRIMARY",
      "M",
      "MB",
      "ND",
      "MOSAI"
    ],
    "MagneticFieldStrength": 3,
    "Manufacturer": "Siemens",
    "ManufacturersModelName": "Prisma",
    "PhaseEncodingDirection": "j-",
    "RepetitionTime": 1.224,
    "SliceTiming": [
      1.1375,
      1.07,
      1.0025,
      0.935,
      0.87,
      0.8025,
      0.735,
      0.6675,
      0.6025,
      0.535,
      0.4675,
      0.4,
      0.335,
      0.2675,
      0.2,
      0.1325,
      0.0675,
      0,
      1.1375,
      1.07,
      1.0025,
      0.935,
      0.87,
      0.8025,
      0.735,
      0.6675,
      0.6025,
      0.535,
      0.4675,
      0.4,
      0.335,
      0.2675,
      0.2,
      0.1325,
      0.0675,
      0,
      1.1375,
      1.07,
      1.0025,
      0.935,
      0.87,
      0.8025,
      0.735,
      0.6675,
      0.6025,
      0.535,
      0.4675,
      0.4,
      0.335,
      0.2675,
      0.2,
      0.1325,
      0.0675,
      0
    ],
    "TaskName": "illusion",
    "dataset": "ds002872",
    "modality": "bold",
    "run_id": 2,
    "subject_id": "30",
    "task_id": "illusion"
  },
  "dummy_trs": 0,
  "dvars_nstd": 38.51483612579505,
  "dvars_std": 1.1747141538515902,
  "dvars_vstd": 1.043129891095406,
  "efc": 0.5093273484856691,
  "fber": 10639.455078125,
  "fd_mean": 0.20754311750252982,
  "fd_num": 98,
  "fd_perc": 34.50704225352113,
  "fwhm_avg": 2.912278666666667,
  "fwhm_x": 2.713432,
  "fwhm_y": 2.9869440000000003,
  "fwhm_z": 3.03646,
  "gcor": 0.00833888,
  "gsr_x": -0.005452413577586412,
  "gsr_y": 0.05416342616081238,
  "provenance": {
    "md5sum": "9f055ec4c55f4553e5ba66e0f7c29a5c",
    "settings": {
      "fd_thres": 0.2,
      "testing": false
    },
    "software": "mriqc",
    "version": "23.0.1",
    "webapi_port": null,
    "webapi_url": "https://mriqc.nimh.nih.gov/api/v1"
  },
  "size_t": 284,
  "size_x": 84,
  "size_y": 84,
  "size_z": 54,
  "snr": 2.5965914403605317,
  "spacing_tr": 1.2239999771118164,
  "spacing_x": 2.5,
  "spacing_y": 2.5,
  "spacing_z": 2.5,
  "summary_bg_k": 60.79205017336558,
  "summary_bg_mad": 72.41220985309596,
  "summary_bg_mean": 509.17889404296875,
  "summary_bg_median": 84.1193618774414,
  "summary_bg_n": 231532.0,
  "summary_bg_p05": 28.623180294036867,
  "summary_bg_p95": 2404.2783447265624,
  "summary_bg_stdv": 1259.1456298828125,
  "summary_fg_k": 1.0577311355669963,
  "summary_fg_mad": 3341.702872849073,
  "summary_fg_mean": 9920.23046875,
  "summary_fg_median": 9325.486328125,
  "summary_fg_n": 81774.0,
  "summary_fg_p05": 5154.38349609375,
  "summary_fg_p95": 16637.094238281243,
  "summary_fg_stdv": 3591.411865234375,
  "tsnr": 41.723514556884766
}