{
  "aor": 0.0033715657620041754,
  "aqi": 0.0071204616283924846,
  "bids_meta": {
    "EchoTime": 0.03,
    "EffectiveEchoSpacing": 0.00049999,
    "FlipAngle": 66,
    "ImageType": [
      "ORIGINAL",
      "PRIMARY",
      "M",
      "MB",
      "ND",
      "MOSAI"
    ],
    "MagneticFieldStrength": 3,
    "Manufacturer": "Siemens",
    "ManufacturersModelName": "Prisma",
    "PhaseEncodingDirection": "j-",
    "RepetitionTime": 1.224,
    "SliceTiming": [
      1.1375,
      1.07,
      1.0025,
      0.9375,
      0.87,
      0.8025,
      0.735,
      0.67,
      0.6025,
      0.535,
      0.4675,
      0.4025,
      0.335,
      0.2675,
      0.2,
      0.135,
      0.0675,
      0,
      1.1375,
      1.07,
      1.0025,
      0.9375,
      0.87,
      0.8025,
      0.735,
      0.67,
      0.6025,
      0.535,
      0.4675,
      0.4025,
      0.335,
      0.2675,
      0.2,
      0.135,
      0.0675,
      0,
      1.1375,
      1.07,
      1.0025,
      0.9375,
      0.87,
      0.8025,
      0.735,
      0.67,
      0.6025,
      0.535,
      0.4675,
      0.4025,
      0.335,
      0.2675,
      0.2,
      0.135,
      0.0675,
      0
    ],
    "TaskName": "rest",
    "dataset": "ds002872",
    "modality": "bold",
    "subject_id": "27",
    "task_id": "rest"
  },
  "dummy_trs": 5,
  "dvars_nstd": 32.76203268029287,
  "dvars_std": 1.1564635674895396,
  "dvars_vstd": 1.0197292476778232,
  "efc": 0.4704761709167957,
  "fber": 23408.826171875,
  "fd_mean": 0.1803035422825532,
  "fd_num": 109,
  "fd_perc": 22.755741127348642,
  "fwhm_avg": 2.873074666666667,
  "fwhm_x": 2.6384920000000003,
  "fwhm_y": 3.00198,
  "fwhm_z": 2.978752,
  "gcor": 0.0210538,
  "gsr_x": -0.008670873008668423,
  "gsr_y": 0.03539807349443436,
  "provenance": {
    "md5sum": "bffe3d3cb5e722c026386049ef8cb19a",
    "settings": {
      "fd_thres": 0.2,
      "testing": false
    },
    "software": "mriqc",
    "version": "23.0.1",
    "webapi_port": null,
    "webapi_url": "https://mriqc.nimh.nih.gov/api/v1"
  },
  "size_t": 479,
  "size_x": 84,
  "size_y": 84,
  "size_z": 54,
  "snr": 2.8585986635900613,
  "spacing_tr": 1.2239999771118164,
  "spacing_x": 2.5,
  "spacing_y": 2.5,
  "spacing_z": 2.5,
  "summary_bg_k": 42.43674180718834,
  "summary_bg_mad": 2.7516354075848914,
  "summary_bg_mean": 20.430330276489258,
  "summary_bg_median": 3.6492693424224854,
  "summary_bg_n": 244633.0,
  "summary_bg_p05": 1.4759917259216309,
  "summary_bg_p95": 100.38872985839834,
  "summary_bg_stdv": 50.222957611083984,
  "summary_fg_k": 1.2887545538537486,
  "summary_fg_mad": 186.76141247609044,
  "summary_fg_mean": 606.2505493164062,
  "summary_fg_median": 573.7139892578125,
  "summary_fg_n": 72940.0,
  "summary_fg_p05": 339.3744369506836,
  "summary_fg_p95": 980.5447937011722,
  "summary_fg_stdv": 200.69625854492188,
  "tsnr": 43.68166283983737
}