{
  "aor": 0.000822226148409894,
  "aqi": 0.003928835830388692,
  "bids_meta": {
    "EchoTime": 0.03,
    "EffectiveEchoSpacing": 0.00049999,
    "FlipAngle": 65,
    "ImageType": [
      "ORIGINAL",
      "PRIMARY",
      "M",
      "MB",
      "ND",
      "MOSAI"
    ],
    "MagneticFieldStrength": 3,
    "Manufacturer": "Siemens",
    "ManufacturersModelName": "Prisma",
    "PhaseEncodingDirection": "j-",
    "RepetitionTime": 1.224,
    "SliceTiming": [
      1.1375,
      1.07,
      1.0025,
      0.935,
      0.87,
      0.8025,
      0.735,
      0.6675,
      0.6025,
      0.535,
      0.4675,
      0.4,
      0.335,
      0.2675,
      0.2,
      0.1325,
      0.0675,
      0,
      1.1375,
      1.07,
      1.0025,
      0.935,
      0.87,
      0.8025,
      0.735,
      0.6675,
      0.6025,
      0.535,
      0.4675,
      0.4,
      0.335,
      0.2675,
      0.2,
      0.1325,
      0.0675,
      0,
      1.1375,
      1.07,
      1.0025,
      0.935,
      0.87,
      0.8025,
      0.735,
      0.6675,
      0.6025,
      0.535,
      0.4675,
      0.4,
      0.335,
      0.2675,
      0.2,
      0.1325,
      0.0675,
      0
    ],
    "TaskName": "illusion",
    "dataset": "ds002872",
    "modality": "bold",
    "run_id": 2,
    "subject_id": "29",
    "task_id": "illusion"
  },
  "dummy_trs": 1,
  "dvars_nstd": 32.25435233971631,
  "dvars_std": 1.1084735518794326,
  "dvars_vstd": 1.0024095210992903,
  "efc": 0.4852625510537798,
  "fber": 15684.2421875,
  "fd_mean": 0.17272736412819473,
  "fd_num": 71,
  "fd_perc": 25.08833922261484,
  "fwhm_avg": 2.7333,
  "fwhm_x": 2.479468,
  "fwhm_y": 2.917728,
  "fwhm_z": 2.802704,
  "gcor": 0.0123162,
  "gsr_x": -0.002930361544713378,
  "gsr_y": 0.044343240559101105,
  "provenance": {
    "md5sum": "4c0ccd6e8ce2700ce1ff9f401e9dcf88",
    "settings": {
      "fd_thres": 0.2,
      "testing": false
    },
    "software": "mriqc",
    "version": "23.0.1",
    "webapi_port": null,
    "webapi_url": "https://mriqc.nimh.nih.gov/api/v1"
  },
  "size_t": 283,
  "size_x": 84,
  "size_y": 84,
  "size_z": 54,
  "snr": 3.203016883304662,
  "spacing_tr": 1.2239999771118164,
  "spacing_x": 2.5,
  "spacing_y": 2.5,
  "spacing_z": 2.5,
  "summary_bg_k": 72.11753013138373,
  "summary_bg_mad": 53.05934290368366,
  "summary_bg_mean": 407.0759582519531,
  "summary_bg_median": 71.0530014038086,
  "summary_bg_n": 243555.0,
  "summary_bg_p05": 27.0035343170166,
  "summary_bg_p95": 1921.1600830078112,
  "summary_bg_stdv": 1088.2252197265625,
  "summary_fg_k": 0.20077405928011505,
  "summary_fg_mad": 2903.449131907767,
  "summary_fg_mean": 9474.376953125,
  "summary_fg_median": 9138.4560546875,
  "summary_fg_n": 72789.0,
  "summary_fg_p05": 5462.16552734375,
  "summary_fg_p95": 14629.017578124995,
  "summary_fg_stdv": 2853.05810546875,
  "tsnr": 49.83539165742695
}