{
  "aor": 0.001051345755693582,
  "aqi": 0.00527162652173913,
  "bids_meta": {
    "EchoTime": 0.03,
    "EffectiveEchoSpacing": 0.00049999,
    "FlipAngle": 65,
    "ImageType": [
      "ORIGINAL",
      "PRIMARY",
      "M",
      "MB",
      "ND",
      "MOSAI"
    ],
    "MagneticFieldStrength": 3,
    "Manufacturer": "Siemens",
    "ManufacturersModelName": "Prisma",
    "PhaseEncodingDirection": "j-",
    "RepetitionTime": 1.224,
    "SliceTiming": [
      1.1375,
      1.07,
      1.005,
      0.9375,
      0.87,
      0.8025,
      0.7375,
      0.67,
      0.6025,
      0.535,
      0.47,
      0.4025,
      0.335,
      0.2675,
      0.2025,
      0.135,
      0.0675,
      0,
      1.1375,
      1.07,
      1.005,
      0.9375,
      0.87,
      0.8025,
      0.7375,
      0.67,
      0.6025,
      0.535,
      0.47,
      0.4025,
      0.335,
      0.2675,
      0.2025,
      0.135,
      0.0675,
      0,
      1.1375,
      1.07,
      1.005,
      0.9375,
      0.87,
      0.8025,
      0.7375,
      0.67,
      0.6025,
      0.535,
      0.47,
      0.4025,
      0.335,
      0.2675,
      0.2025,
      0.135,
      0.0675,
      0
    ],
    "TaskName": "rest",
    "dataset": "ds002872",
    "modality": "bold",
    "subject_id": "29",
    "task_id": "rest"
  },
  "dummy_trs": 1,
  "dvars_nstd": 28.964491875829907,
  "dvars_std": 1.0855763375311196,
  "dvars_vstd": 0.992016041182572,
  "efc": 0.48524965508695617,
  "fber": 13852.0576171875,
  "fd_mean": 0.11565805636635426,
  "fd_num": 25,
  "fd_perc": 5.175983436853002,
  "fwhm_avg": 2.7590959999999995,
  "fwhm_x": 2.498008,
  "fwhm_y": 2.953368,
  "fwhm_z": 2.8259119999999998,
  "gcor": 0.0155427,
  "gsr_x": -0.0010559713700786233,
  "gsr_y": 0.03659475967288017,
  "provenance": {
    "md5sum": "343165eab156e16a8f443e26072a314f",
    "settings": {
      "fd_thres": 0.2,
      "testing": false
    },
    "software": "mriqc",
    "version": "23.0.1",
    "webapi_port": null,
    "webapi_url": "https://mriqc.nimh.nih.gov/api/v1"
  },
  "size_t": 483,
  "size_x": 84,
  "size_y": 84,
  "size_z": 54,
  "snr": 3.1795050761920867,
  "spacing_tr": 1.2239999771118164,
  "spacing_x": 2.5,
  "spacing_y": 2.5,
  "spacing_z": 2.5,
  "summary_bg_k": 45.45308341511466,
  "summary_bg_mad": 70.05525668559167,
  "summary_bg_mean": 380.3470764160156,
  "summary_bg_median": 75.02691650390625,
  "summary_bg_n": 242864.0,
  "summary_bg_p05": 12.983437538146973,
  "summary_bg_p95": 1853.2008239746085,
  "summary_bg_stdv": 929.9574584960938,
  "summary_fg_k": 0.27775176863247397,
  "summary_fg_mad": 2897.6338274052005,
  "summary_fg_mean": 9442.15234375,
  "summary_fg_median": 9096.8271484375,
  "summary_fg_n": 73270.0,
  "summary_fg_p05": 5431.76806640625,
  "summary_fg_p95": 14589.92412109375,
  "summary_fg_stdv": 2861.063232421875,
  "tsnr": 46.066802696557716
}