{
  "aor": 0.003189929577464789,
  "aqi": 0.0066473982746478874,
  "bids_meta": {
    "EchoTime": 0.03,
    "EffectiveEchoSpacing": 0.00049999,
    "FlipAngle": 65,
    "ImageType": [
      "ORIGINAL",
      "PRIMARY",
      "M",
      "MB",
      "ND",
      "MOSAI"
    ],
    "MagneticFieldStrength": 3,
    "Manufacturer": "Siemens",
    "ManufacturersModelName": "Prisma",
    "PhaseEncodingDirection": "j-",
    "RepetitionTime": 1.224,
    "SliceTiming": [
      1.1375,
      1.07,
      1.005,
      0.9375,
      0.87,
      0.8025,
      0.7375,
      0.67,
      0.6025,
      0.535,
      0.47,
      0.4025,
      0.335,
      0.2675,
      0.2025,
      0.135,
      0.0675,
      0,
      1.1375,
      1.07,
      1.005,
      0.9375,
      0.87,
      0.8025,
      0.7375,
      0.67,
      0.6025,
      0.535,
      0.47,
      0.4025,
      0.335,
      0.2675,
      0.2025,
      0.135,
      0.0675,
      0,
      1.1375,
      1.07,
      1.005,
      0.9375,
      0.87,
      0.8025,
      0.7375,
      0.67,
      0.6025,
      0.535,
      0.47,
      0.4025,
      0.335,
      0.2675,
      0.2025,
      0.135,
      0.0675,
      0
    ],
    "TaskName": "illusion",
    "dataset": "ds002872",
    "modality": "bold",
    "run_id": 1,
    "subject_id": "29",
    "task_id": "illusion"
  },
  "dummy_trs": 0,
  "dvars_nstd": 31.172260372014147,
  "dvars_std": 1.084533215229683,
  "dvars_vstd": 0.9945402681272094,
  "efc": 0.4853026239626209,
  "fber": 14201.9091796875,
  "fd_mean": 0.1805198331217185,
  "fd_num": 96,
  "fd_perc": 33.80281690140845,
  "fwhm_avg": 2.7654813333333337,
  "fwhm_x": 2.5096160000000003,
  "fwhm_y": 2.9757439999999997,
  "fwhm_z": 2.811084,
  "gcor": 0.013097,
  "gsr_x": -0.0015886657638475299,
  "gsr_y": 0.04015844315290451,
  "provenance": {
    "md5sum": "6e4b421fbd1c317ab13e126a0e646999",
    "settings": {
      "fd_thres": 0.2,
      "testing": false
    },
    "software": "mriqc",
    "version": "23.0.1",
    "webapi_port": null,
    "webapi_url": "https://mriqc.nimh.nih.gov/api/v1"
  },
  "size_t": 284,
  "size_x": 84,
  "size_y": 84,
  "size_z": 54,
  "snr": 3.180446171494407,
  "spacing_tr": 1.2239999771118164,
  "spacing_x": 2.5,
  "spacing_y": 2.5,
  "spacing_z": 2.5,
  "summary_bg_k": 76.94801500799917,
  "summary_bg_mad": 62.480719411421056,
  "summary_bg_mean": 401.5381164550781,
  "summary_bg_median": 74.91901397705078,
  "summary_bg_n": 243428.0,
  "summary_bg_p05": 22.982393264770508,
  "summary_bg_p95": 1899.817034912109,
  "summary_bg_stdv": 1043.0302734375,
  "summary_fg_k": 0.276340204962346,
  "summary_fg_mad": 2899.1823069683765,
  "summary_fg_mean": 9488.037109375,
  "summary_fg_median": 9133.17578125,
  "summary_fg_n": 72953.0,
  "summary_fg_p05": 5479.74775390625,
  "summary_fg_p95": 14676.002929687498,
  "summary_fg_stdv": 2871.645263671875,
  "tsnr": 43.44483692664653
}