{
  "aor": 0.0007800355871886121,
  "aqi": 0.007348099217081852,
  "bids_meta": {
    "EchoTime": 0.03,
    "EffectiveEchoSpacing": 0.00049999,
    "FlipAngle": 65,
    "ImageType": [
      "ORIGINAL",
      "PRIMARY",
      "M",
      "MB",
      "ND",
      "MOSAI"
    ],
    "MagneticFieldStrength": 3,
    "Manufacturer": "Siemens",
    "ManufacturersModelName": "Prisma",
    "PhaseEncodingDirection": "j-",
    "RepetitionTime": 1.224,
    "SliceTiming": [
      1.1375,
      1.07,
      1.0025,
      0.935,
      0.87,
      0.8025,
      0.735,
      0.6675,
      0.6025,
      0.535,
      0.4675,
      0.4,
      0.335,
      0.2675,
      0.2,
      0.1325,
      0.0675,
      0,
      1.1375,
      1.07,
      1.0025,
      0.935,
      0.87,
      0.8025,
      0.735,
      0.6675,
      0.6025,
      0.535,
      0.4675,
      0.4,
      0.335,
      0.2675,
      0.2,
      0.1325,
      0.0675,
      0,
      1.1375,
      1.07,
      1.0025,
      0.935,
      0.87,
      0.8025,
      0.735,
      0.6675,
      0.6025,
      0.535,
      0.4675,
      0.4,
      0.335,
      0.2675,
      0.2,
      0.1325,
      0.0675,
      0
    ],
    "TaskName": "illusion",
    "dataset": "ds002872",
    "modality": "bold",
    "run_id": 2,
    "subject_id": "32",
    "task_id": "illusion"
  },
  "dummy_trs": 3,
  "dvars_nstd": 39.33328608107148,
  "dvars_std": 1.1276981334285712,
  "dvars_vstd": 0.9815251179285706,
  "efc": 0.5417133993168802,
  "fber": 2159.19384765625,
  "fd_mean": 0.216284953084357,
  "fd_num": 143,
  "fd_perc": 50.88967971530249,
  "fwhm_avg": 2.9696613333333333,
  "fwhm_x": 2.5725919999999998,
  "fwhm_y": 3.158024,
  "fwhm_z": 3.178368,
  "gcor": 0.0157682,
  "gsr_x": 0.03713785111904144,
  "gsr_y": 0.05001688376069069,
  "provenance": {
    "md5sum": "d6c4f7cfe227cde2aa81e88cad3f0495",
    "settings": {
      "fd_thres": 0.2,
      "testing": false
    },
    "software": "mriqc",
    "version": "23.0.1",
    "webapi_port": null,
    "webapi_url": "https://mriqc.nimh.nih.gov/api/v1"
  },
  "size_t": 281,
  "size_x": 84,
  "size_y": 84,
  "size_z": 54,
  "snr": 2.0776151905807163,
  "spacing_tr": 1.2239999771118164,
  "spacing_x": 2.5,
  "spacing_y": 2.5,
  "spacing_z": 2.5,
  "summary_bg_k": 42.40388103997581,
  "summary_bg_mad": 204.23298579772845,
  "summary_bg_mean": 763.7606811523438,
  "summary_bg_median": 176.0290069580078,
  "summary_bg_n": 219349.0,
  "summary_bg_p05": 24.043610763549808,
  "summary_bg_p95": 3575.7304199218743,
  "summary_bg_stdv": 1554.112060546875,
  "summary_fg_k": 2.4465256307390675,
  "summary_fg_mad": 3503.0567598979296,
  "summary_fg_mean": 9704.0771484375,
  "summary_fg_median": 8693.3330078125,
  "summary_fg_n": 88117.0,
  "summary_fg_p05": 4896.26083984375,
  "summary_fg_p95": 17933.83749999999,
  "summary_fg_stdv": 4184.2607421875,
  "tsnr": 41.895301818847656
}