{
  "aor": 0.001245373665480427,
  "aqi": 0.009205886370106761,
  "bids_meta": {
    "EchoTime": 0.03,
    "EffectiveEchoSpacing": 0.00049999,
    "FlipAngle": 65,
    "ImageType": [
      "ORIGINAL",
      "PRIMARY",
      "M",
      "MB",
      "ND",
      "MOSAI"
    ],
    "MagneticFieldStrength": 3,
    "Manufacturer": "Siemens",
    "ManufacturersModelName": "Prisma",
    "PhaseEncodingDirection": "j-",
    "RepetitionTime": 1.224,
    "SliceTiming": [
      1.1375,
      1.07,
      1.0025,
      0.935,
      0.87,
      0.8025,
      0.735,
      0.6675,
      0.6025,
      0.535,
      0.4675,
      0.4,
      0.335,
      0.2675,
      0.2,
      0.1325,
      0.0675,
      0,
      1.1375,
      1.07,
      1.0025,
      0.935,
      0.87,
      0.8025,
      0.735,
      0.6675,
      0.6025,
      0.535,
      0.4675,
      0.4,
      0.335,
      0.2675,
      0.2,
      0.1325,
      0.0675,
      0,
      1.1375,
      1.07,
      1.0025,
      0.935,
      0.87,
      0.8025,
      0.735,
      0.6675,
      0.6025,
      0.535,
      0.4675,
      0.4,
      0.335,
      0.2675,
      0.2,
      0.1325,
      0.0675,
      0
    ],
    "TaskName": "illusion",
    "dataset": "ds002872",
    "modality": "bold",
    "run_id": 1,
    "subject_id": "32",
    "task_id": "illusion"
  },
  "dummy_trs": 3,
  "dvars_nstd": 38.378807258500004,
  "dvars_std": 1.083828330250001,
  "dvars_vstd": 0.9618544288928571,
  "efc": 0.5409966420963797,
  "fber": 2040.599609375,
  "fd_mean": 0.21799583697214073,
  "fd_num": 152,
  "fd_perc": 54.09252669039146,
  "fwhm_avg": 3.001837333333333,
  "fwhm_x": 2.585204,
  "fwhm_y": 3.2025840000000003,
  "fwhm_z": 3.2177239999999996,
  "gcor": 0.0242666,
  "gsr_x": 0.02678646147251129,
  "gsr_y": 0.06069141626358032,
  "provenance": {
    "md5sum": "de8990ded9a96077839fc02a963c4076",
    "settings": {
      "fd_thres": 0.2,
      "testing": false
    },
    "software": "mriqc",
    "version": "23.0.1",
    "webapi_port": null,
    "webapi_url": "https://mriqc.nimh.nih.gov/api/v1"
  },
  "size_t": 281,
  "size_x": 84,
  "size_y": 84,
  "size_z": 54,
  "snr": 2.0585199441810915,
  "spacing_tr": 1.2239999771118164,
  "spacing_x": 2.5,
  "spacing_y": 2.5,
  "spacing_z": 2.5,
  "summary_bg_k": 52.67512283795465,
  "summary_bg_mad": 215.01504505976732,
  "summary_bg_mean": 793.7789306640625,
  "summary_bg_median": 183.54983520507812,
  "summary_bg_n": 219931.0,
  "summary_bg_p05": 23.693915367126465,
  "summary_bg_p95": 3632.918212890625,
  "summary_bg_stdv": 1688.69140625,
  "summary_fg_k": 2.5963222548343836,
  "summary_fg_mad": 3515.543412420339,
  "summary_fg_mean": 9768.8935546875,
  "summary_fg_median": 8739.4599609375,
  "summary_fg_n": 87882.0,
  "summary_fg_p05": 4928.052734375,
  "summary_fg_p95": 18150.1544921875,
  "summary_fg_stdv": 4245.482421875,
  "tsnr": 37.08795166015625
}