{
  "aor": 0.0008866785714285715,
  "aqi": 0.007018718535714286,
  "bids_meta": {
    "EchoTime": 0.03,
    "EffectiveEchoSpacing": 0.00049999,
    "FlipAngle": 65,
    "ImageType": [
      "ORIGINAL",
      "PRIMARY",
      "M",
      "MB",
      "ND",
      "MOSAI"
    ],
    "MagneticFieldStrength": 3,
    "Manufacturer": "Siemens",
    "ManufacturersModelName": "Prisma",
    "PhaseEncodingDirection": "j-",
    "RepetitionTime": 1.224,
    "SliceTiming": [
      1.1375,
      1.07,
      1.0025,
      0.9375,
      0.87,
      0.8025,
      0.735,
      0.67,
      0.6025,
      0.535,
      0.4675,
      0.4025,
      0.335,
      0.2675,
      0.2,
      0.135,
      0.0675,
      0,
      1.1375,
      1.07,
      1.0025,
      0.9375,
      0.87,
      0.8025,
      0.735,
      0.67,
      0.6025,
      0.535,
      0.4675,
      0.4025,
      0.335,
      0.2675,
      0.2,
      0.135,
      0.0675,
      0,
      1.1375,
      1.07,
      1.0025,
      0.9375,
      0.87,
      0.8025,
      0.735,
      0.67,
      0.6025,
      0.535,
      0.4675,
      0.4025,
      0.335,
      0.2675,
      0.2,
      0.135,
      0.0675,
      0
    ],
    "TaskName": "illusion",
    "dataset": "ds002872",
    "modality": "bold",
    "run_id": 3,
    "subject_id": "32",
    "task_id": "illusion"
  },
  "dummy_trs": 4,
  "dvars_nstd": 39.36211953774194,
  "dvars_std": 1.138304486200716,
  "dvars_vstd": 0.9864618805017922,
  "efc": 0.5425932181894854,
  "fber": 2242.359130859375,
  "fd_mean": 0.2073096475171105,
  "fd_num": 132,
  "fd_perc": 47.142857142857146,
  "fwhm_avg": 2.9492906666666663,
  "fwhm_x": 2.560224,
  "fwhm_y": 3.148588,
  "fwhm_z": 3.1390599999999997,
  "gcor": 0.0137086,
  "gsr_x": 0.03557762876152992,
  "gsr_y": 0.05092544108629227,
  "provenance": {
    "md5sum": "c32320cd29ae9c7b7ce155f3e910754d",
    "settings": {
      "fd_thres": 0.2,
      "testing": false
    },
    "software": "mriqc",
    "version": "23.0.1",
    "webapi_port": null,
    "webapi_url": "https://mriqc.nimh.nih.gov/api/v1"
  },
  "size_t": 280,
  "size_x": 84,
  "size_y": 84,
  "size_z": 54,
  "snr": 2.085585333322733,
  "spacing_tr": 1.2239999771118164,
  "spacing_x": 2.5,
  "spacing_y": 2.5,
  "spacing_z": 2.5,
  "summary_bg_k": 40.665438121955674,
  "summary_bg_mad": 197.56482758063223,
  "summary_bg_mean": 760.8131713867188,
  "summary_bg_median": 171.65231323242188,
  "summary_bg_n": 218762.0,
  "summary_bg_p05": 25.980533027648924,
  "summary_bg_p95": 3569.673706054686,
  "summary_bg_stdv": 1540.2398681640625,
  "summary_fg_k": 2.4800095288030146,
  "summary_fg_mad": 3480.719272566773,
  "summary_fg_mean": 9671.390625,
  "summary_fg_median": 8671.794921875,
  "summary_fg_n": 88066.0,
  "summary_fg_p05": 4884.1627197265625,
  "summary_fg_p95": 17810.095703125,
  "summary_fg_stdv": 4157.943359375,
  "tsnr": 41.85112762451172
}