{
  "aor": 0.0011763475177304964,
  "aqi": 0.004339384113475177,
  "bids_meta": {
    "EchoTime": 0.03,
    "EffectiveEchoSpacing": 0.00049999,
    "FlipAngle": 65,
    "ImageType": [
      "ORIGINAL",
      "PRIMARY",
      "M",
      "MB",
      "ND",
      "MOSAI"
    ],
    "MagneticFieldStrength": 3,
    "Manufacturer": "Siemens",
    "ManufacturersModelName": "Prisma",
    "PhaseEncodingDirection": "j-",
    "RepetitionTime": 1.224,
    "SliceTiming": [
      1.1375,
      1.07,
      1.0025,
      0.935,
      0.87,
      0.8025,
      0.735,
      0.6675,
      0.6025,
      0.535,
      0.4675,
      0.4,
      0.335,
      0.2675,
      0.2,
      0.1325,
      0.0675,
      0,
      1.1375,
      1.07,
      1.0025,
      0.935,
      0.87,
      0.8025,
      0.735,
      0.6675,
      0.6025,
      0.535,
      0.4675,
      0.4,
      0.335,
      0.2675,
      0.2,
      0.1325,
      0.0675,
      0,
      1.1375,
      1.07,
      1.0025,
      0.935,
      0.87,
      0.8025,
      0.735,
      0.6675,
      0.6025,
      0.535,
      0.4675,
      0.4,
      0.335,
      0.2675,
      0.2,
      0.1325,
      0.0675,
      0
    ],
    "TaskName": "illusion",
    "dataset": "ds002872",
    "modality": "bold",
    "run_id": 2,
    "subject_id": "05",
    "task_id": "illusion"
  },
  "dummy_trs": 2,
  "dvars_nstd": 30.60140833092526,
  "dvars_std": 1.0863196965124553,
  "dvars_vstd": 0.9998778988967973,
  "efc": 0.48653241906136446,
  "fber": 13517.0361328125,
  "fd_mean": 0.14782242403611567,
  "fd_num": 45,
  "fd_perc": 15.957446808510639,
  "fwhm_avg": 2.800158666666667,
  "fwhm_x": 2.5792200000000003,
  "fwhm_y": 3.019924,
  "fwhm_z": 2.801332,
  "gcor": 0.0154603,
  "gsr_x": -0.005468709394335747,
  "gsr_y": 0.038748156279325485,
  "provenance": {
    "md5sum": "8b239fe7efd98d1d7ddd101a5da45f3d",
    "settings": {
      "fd_thres": 0.2,
      "testing": false
    },
    "software": "mriqc",
    "version": "23.0.1",
    "webapi_port": null,
    "webapi_url": "https://mriqc.nimh.nih.gov/api/v1"
  },
  "size_t": 282,
  "size_x": 84,
  "size_y": 84,
  "size_z": 54,
  "snr": 2.977870820994236,
  "spacing_tr": 1.2239999771118164,
  "spacing_x": 2.5,
  "spacing_y": 2.5,
  "spacing_z": 2.5,
  "summary_bg_k": 62.82565307903167,
  "summary_bg_mad": 54.96931647778533,
  "summary_bg_mean": 429.6350402832031,
  "summary_bg_median": 74.35992431640625,
  "summary_bg_n": 245640.0,
  "summary_bg_p05": 33.48936080932617,
  "summary_bg_p95": 2046.3587524414052,
  "summary_bg_stdv": 1040.02783203125,
  "summary_fg_k": 0.33353488927430863,
  "summary_fg_mad": 2961.198225743035,
  "summary_fg_mean": 9323.0078125,
  "summary_fg_median": 8876.9609375,
  "summary_fg_n": 73561.0,
  "summary_fg_p05": 5216.58154296875,
  "summary_fg_p95": 14756.4814453125,
  "summary_fg_stdv": 2980.95556640625,
  "tsnr": 48.134557116776705
}