{
  "aor": 0.0022963380281690138,
  "aqi": 0.003823534471830986,
  "bids_meta": {
    "AcquisitionDateTime": "2019-11-06T15:07:46.282500",
    "AcquisitionMatrixPE": 84,
    "AcquisitionNumber": 1,
    "AcquisitionTime": "15:07:46.282500",
    "BandwidthPerPixelPhaseEncode": 23.81,
    "BaseResolution": 84,
    "BodyPartExamined": "HEAD",
    "ConsistencyInfo": "N4_VE11C_LATEST_20160120",
    "ConversionSoftware": "dcm2niix",
    "ConversionSoftwareVersion": "v1.0.20171215 GCC5.1.0",
    "DerivedVendorReportedEchoSpacing": 0.00049999,
    "DeviceSerialNumber": "66072",
    "DwellTime": 2.2e-06,
    "EchoTime": 0.03,
    "EchoTrainLength": 84,
    "EffectiveEchoSpacing": 0.00049999,
    "FlipAngle": 65,
    "ImageComments": "Unaliased_MB3_PE3_LB_SENSE1",
    "ImageOrientationPatientDICOM": [
      0.998934,
      -0.0256752,
      0.0383725,
      0.0237156,
      0.998433,
      0.050677
    ],
    "ImageType": [
      "ORIGINAL",
      "PRIMARY",
      "M",
      "MB",
      "ND",
      "MOSAIC"
    ],
    "InPlanePhaseEncodingDirectionDICOM": "COL",
    "InstitutionAddress": "Boulevard_Jean_Moulin_27_Marseille_District_FR_13005",
    "InstitutionName": "Universite_d_aix_Marseille",
    "InstitutionalDepartmentName": "Department",
    "MRAcquisitionType": "2D",
    "MagneticFieldStrength": 3,
    "Manufacturer": "Siemens",
    "ManufacturersModelName": "Prisma",
    "Modality": "MR",
    "MultibandAccelerationFactor": 3,
    "PartialFourier": 1,
    "PatientPosition": "HFS",
    "PercentPhaseFOV": 100,
    "PhaseEncodingDirection": "j-",
    "PhaseEncodingSteps": 84,
    "PhaseResolution": 1,
    "PixelBandwidth": 2705,
    "ProcedureStepDescription": "Projets_archives_Aging",
    "ProtocolName": "task-illusion_run2_bold",
    "PulseSequenceDetails": "%CustomerSeq%_cmrr_mbep2d_bold",
    "ReceiveCoilActiveElements": "HC1-6",
    "ReceiveCoilName": "HeadNeck_64",
    "ReconMatrixPE": 84,
    "RepetitionTime": 1.224,
    "SAR": 0.0623791,
    "ScanOptions": "FS",
    "ScanningSequence": "EP",
    "SequenceName": "epfid2d1_84",
    "SequenceVariant": "SK_SS",
    "SeriesDescription": "task-illusion_run2_bold",
    "SeriesNumber": 18,
    "ShimSetting": [
      -618,
      -10788,
      -474,
      476,
      -42,
      37,
      135,
      24
    ],
    "SliceThickness": 2.5,
    "SliceTiming": [
      1.1375,
      1.07,
      1.0025,
      0.935,
      0.87,
      0.8025,
      0.735,
      0.6675,
      0.6025,
      0.535,
      0.4675,
      0.4,
      0.335,
      0.2675,
      0.2,
      0.1325,
      0.0675,
      0,
      1.1375,
      1.07,
      1.0025,
      0.935,
      0.87,
      0.8025,
      0.735,
      0.6675,
      0.6025,
      0.535,
      0.4675,
      0.4,
      0.335,
      0.2675,
      0.2,
      0.1325,
      0.0675,
      0,
      1.1375,
      1.07,
      1.0025,
      0.935,
      0.87,
      0.8025,
      0.735,
      0.6675,
      0.6025,
      0.535,
      0.4675,
      0.4,
      0.335,
      0.2675,
      0.2,
      0.1325,
      0.0675,
      0
    ],
    "SoftwareVersions": "syngo_MR_E11",
    "SpacingBetweenSlices": 2.5,
    "StationName": "AWP66072",
    "TaskName": "illusion",
    "TotalReadoutTime": 0.04199916,
    "TxRefAmp": 231.09,
    "dataset": "ds002872",
    "modality": "bold",
    "run_id": 2,
    "subject_id": "34",
    "task_id": "illusion"
  },
  "dummy_trs": 0,
  "dvars_nstd": 29.436074671625445,
  "dvars_std": 1.1621250193286214,
  "dvars_vstd": 1.0152844216254417,
  "efc": 0.4441368819615901,
  "fber": 16958.41015625,
  "fd_mean": 0.14211123420038424,
  "fd_num": 33,
  "fd_perc": 11.619718309859154,
  "fwhm_avg": 3.121814666666667,
  "fwhm_x": 2.959332,
  "fwhm_y": 3.1836279999999997,
  "fwhm_z": 3.222484,
  "gcor": 0.0186563,
  "gsr_x": -0.015906477347016335,
  "gsr_y": 0.03573225811123848,
  "provenance": {
    "md5sum": "11d889d34f844e85381d11b3dc360a71",
    "settings": {
      "fd_thres": 0.2,
      "testing": false
    },
    "software": "mriqc",
    "version": "23.0.1",
    "webapi_port": null,
    "webapi_url": "https://mriqc.nimh.nih.gov/api/v1"
  },
  "size_t": 284,
  "size_x": 84,
  "size_y": 84,
  "size_z": 54,
  "snr": 2.438989396066707,
  "spacing_tr": 1.2239999771118164,
  "spacing_x": 2.5,
  "spacing_y": 2.5,
  "spacing_z": 2.5,
  "summary_bg_k": 30.440043740087653,
  "summary_bg_mad": 58.98633574781418,
  "summary_bg_mean": 493.3273620605469,
  "summary_bg_median": 76.96096801757812,
  "summary_bg_n": 260921.0,
  "summary_bg_p05": 28.37029266357422,
  "summary_bg_p95": 2627.42333984375,
  "summary_bg_stdv": 1208.573486328125,
  "summary_fg_k": 1.9149913816189352,
  "summary_fg_mad": 3663.8148551372988,
  "summary_fg_mean": 10861.4765625,
  "summary_fg_median": 10055.3505859375,
  "summary_fg_n": 61253.0,
  "summary_fg_p05": 5771.97900390625,
  "summary_fg_p95": 18834.065234375,
  "summary_fg_stdv": 4122.71923828125,
  "tsnr": 51.650970458984375
}