{
  "aor": 0.000523886925795053,
  "aqi": 0.0035323391872791516,
  "bids_meta": {
    "AcquisitionDateTime": "2019-11-06T14:57:21.845000",
    "AcquisitionMatrixPE": 84,
    "AcquisitionNumber": 1,
    "AcquisitionTime": "14:57:21.845000",
    "BandwidthPerPixelPhaseEncode": 23.81,
    "BaseResolution": 84,
    "BodyPartExamined": "HEAD",
    "ConsistencyInfo": "N4_VE11C_LATEST_20160120",
    "ConversionSoftware": "dcm2niix",
    "ConversionSoftwareVersion": "v1.0.20171215 GCC5.1.0",
    "DerivedVendorReportedEchoSpacing": 0.00049999,
    "DeviceSerialNumber": "66072",
    "DwellTime": 2.2e-06,
    "EchoTime": 0.03,
    "EchoTrainLength": 84,
    "EffectiveEchoSpacing": 0.00049999,
    "FlipAngle": 65,
    "ImageComments": "Unaliased_MB3_PE3_LB_SENSE1",
    "ImageOrientationPatientDICOM": [
      0.998934,
      -0.0256752,
      0.0383725,
      0.0237156,
      0.998433,
      0.050677
    ],
    "ImageType": [
      "ORIGINAL",
      "PRIMARY",
      "M",
      "MB",
      "ND",
      "MOSAIC"
    ],
    "InPlanePhaseEncodingDirectionDICOM": "COL",
    "InstitutionAddress": "Boulevard_Jean_Moulin_27_Marseille_District_FR_13005",
    "InstitutionName": "Universite_d_aix_Marseille",
    "InstitutionalDepartmentName": "Department",
    "MRAcquisitionType": "2D",
    "MagneticFieldStrength": 3,
    "Manufacturer": "Siemens",
    "ManufacturersModelName": "Prisma",
    "Modality": "MR",
    "MultibandAccelerationFactor": 3,
    "PartialFourier": 1,
    "PatientPosition": "HFS",
    "PercentPhaseFOV": 100,
    "PhaseEncodingDirection": "j-",
    "PhaseEncodingSteps": 84,
    "PhaseResolution": 1,
    "PixelBandwidth": 2705,
    "ProcedureStepDescription": "Projets_archives_Aging",
    "ProtocolName": "task-illusion_run1_bold",
    "PulseSequenceDetails": "%CustomerSeq%_cmrr_mbep2d_bold",
    "ReceiveCoilActiveElements": "HC1-6",
    "ReceiveCoilName": "HeadNeck_64",
    "ReconMatrixPE": 84,
    "RepetitionTime": 1.224,
    "SAR": 0.0623791,
    "ScanOptions": "FS",
    "ScanningSequence": "EP",
    "SequenceName": "epfid2d1_84",
    "SequenceVariant": "SK_SS",
    "SeriesDescription": "task-illusion_run1_bold",
    "SeriesNumber": 16,
    "ShimSetting": [
      -618,
      -10788,
      -474,
      476,
      -42,
      37,
      135,
      24
    ],
    "SliceThickness": 2.5,
    "SliceTiming": [
      1.1375,
      1.07,
      1.005,
      0.9375,
      0.87,
      0.8025,
      0.7375,
      0.67,
      0.6025,
      0.535,
      0.47,
      0.4025,
      0.335,
      0.2675,
      0.2025,
      0.135,
      0.0675,
      0,
      1.1375,
      1.07,
      1.005,
      0.9375,
      0.87,
      0.8025,
      0.7375,
      0.67,
      0.6025,
      0.535,
      0.47,
      0.4025,
      0.335,
      0.2675,
      0.2025,
      0.135,
      0.0675,
      0,
      1.1375,
      1.07,
      1.005,
      0.9375,
      0.87,
      0.8025,
      0.7375,
      0.67,
      0.6025,
      0.535,
      0.47,
      0.4025,
      0.335,
      0.2675,
      0.2025,
      0.135,
      0.0675,
      0
    ],
    "SoftwareVersions": "syngo_MR_E11",
    "SpacingBetweenSlices": 2.5,
    "StationName": "AWP66072",
    "TaskName": "illusion",
    "TotalReadoutTime": 0.04199916,
    "TxRefAmp": 231.09,
    "dataset": "ds002872",
    "modality": "bold",
    "run_id": 1,
    "subject_id": "34",
    "task_id": "illusion"
  },
  "dummy_trs": 1,
  "dvars_nstd": 30.304039238297857,
  "dvars_std": 1.1521585608156024,
  "dvars_vstd": 0.9832362402482265,
  "efc": 0.4442767678069687,
  "fber": 17266.583984375,
  "fd_mean": 0.12996053130710247,
  "fd_num": 24,
  "fd_perc": 8.480565371024735,
  "fwhm_avg": 3.1226839999999996,
  "fwhm_x": 2.963952,
  "fwhm_y": 3.225808,
  "fwhm_z": 3.178292,
  "gcor": 0.0170854,
  "gsr_x": -0.015937427058815956,
  "gsr_y": 0.037308286875486374,
  "provenance": {
    "md5sum": "27780879667e86ee0694055e35791b1e",
    "settings": {
      "fd_thres": 0.2,
      "testing": false
    },
    "software": "mriqc",
    "version": "23.0.1",
    "webapi_port": null,
    "webapi_url": "https://mriqc.nimh.nih.gov/api/v1"
  },
  "size_t": 283,
  "size_x": 84,
  "size_y": 84,
  "size_z": 54,
  "snr": 2.458682645134562,
  "spacing_tr": 1.2239999771118164,
  "spacing_x": 2.5,
  "spacing_y": 2.5,
  "spacing_z": 2.5,
  "summary_bg_k": 32.81179668596299,
  "summary_bg_mad": 55.76421079772599,
  "summary_bg_mean": 478.7592468261719,
  "summary_bg_median": 75.81867218017578,
  "summary_bg_n": 260015.0,
  "summary_bg_p05": 30.40839366912842,
  "summary_bg_p95": 2516.2085937499987,
  "summary_bg_stdv": 1176.9830322265625,
  "summary_fg_k": 1.8127726744487278,
  "summary_fg_mad": 3651.332908139509,
  "summary_fg_mean": 10835.302734375,
  "summary_fg_median": 10049.884765625,
  "summary_fg_n": 61369.0,
  "summary_fg_p05": 5778.398046875,
  "summary_fg_p95": 18744.40859375,
  "summary_fg_stdv": 4087.474609375,
  "tsnr": 54.037498474121094
}