{
  "aor": 0.0005287985865724382,
  "aqi": 0.0043634702826855125,
  "bids_meta": {
    "AcquisitionDateTime": "2019-11-15T11:10:06.327500",
    "AcquisitionMatrixPE": 84,
    "AcquisitionNumber": 1,
    "AcquisitionTime": "11:10:6.327500",
    "BandwidthPerPixelPhaseEncode": 23.81,
    "BaseResolution": 84,
    "BodyPartExamined": "HEAD",
    "ConsistencyInfo": "N4_VE11C_LATEST_20160120",
    "ConversionSoftware": "dcm2niix",
    "ConversionSoftwareVersion": "v1.0.20171215 GCC5.1.0",
    "DerivedVendorReportedEchoSpacing": 0.00049999,
    "DeviceSerialNumber": "66072",
    "DwellTime": 2.2e-06,
    "EchoTime": 0.03,
    "EchoTrainLength": 84,
    "EffectiveEchoSpacing": 0.00049999,
    "FlipAngle": 65,
    "ImageComments": "Unaliased_MB3_PE3_LB_SENSE1",
    "ImageOrientationPatientDICOM": [
      0.998603,
      0.0442559,
      0.0288532,
      -0.0436,
      0.998785,
      -0.022979
    ],
    "ImageType": [
      "ORIGINAL",
      "PRIMARY",
      "M",
      "MB",
      "ND",
      "MOSAIC"
    ],
    "InPlanePhaseEncodingDirectionDICOM": "COL",
    "InstitutionAddress": "Boulevard_Jean_Moulin_27_Marseille_District_FR_13005",
    "InstitutionName": "Universite_d_aix_Marseille",
    "InstitutionalDepartmentName": "Department",
    "MRAcquisitionType": "2D",
    "MagneticFieldStrength": 3,
    "Manufacturer": "Siemens",
    "ManufacturersModelName": "Prisma",
    "Modality": "MR",
    "MultibandAccelerationFactor": 3,
    "PartialFourier": 1,
    "PatientPosition": "HFS",
    "PercentPhaseFOV": 100,
    "PhaseEncodingDirection": "j-",
    "PhaseEncodingSteps": 84,
    "PhaseResolution": 1,
    "PixelBandwidth": 2705,
    "ProcedureStepDescription": "Projets_archives_Aging",
    "ProtocolName": "task-illusion_run4_bold",
    "PulseSequenceDetails": "%CustomerSeq%_cmrr_mbep2d_bold",
    "ReceiveCoilActiveElements": "HC1-6",
    "ReceiveCoilName": "HeadNeck_64",
    "ReconMatrixPE": 84,
    "RepetitionTime": 1.224,
    "SAR": 0.0850782,
    "ScanOptions": "FS",
    "ScanningSequence": "EP",
    "SequenceName": "epfid2d1_84",
    "SequenceVariant": "SK_SS",
    "SeriesDescription": "task-illusion_run4_bold",
    "SeriesNumber": 22,
    "ShimSetting": [
      -583,
      -10760,
      -508,
      366,
      150,
      69,
      39,
      2
    ],
    "SliceThickness": 2.5,
    "SliceTiming": [
      1.1375,
      1.07,
      1.0025,
      0.9375,
      0.87,
      0.8025,
      0.735,
      0.67,
      0.6025,
      0.535,
      0.4675,
      0.4025,
      0.335,
      0.2675,
      0.2,
      0.135,
      0.0675,
      0,
      1.1375,
      1.07,
      1.0025,
      0.9375,
      0.87,
      0.8025,
      0.735,
      0.67,
      0.6025,
      0.535,
      0.4675,
      0.4025,
      0.335,
      0.2675,
      0.2,
      0.135,
      0.0675,
      0,
      1.1375,
      1.07,
      1.0025,
      0.9375,
      0.87,
      0.8025,
      0.735,
      0.67,
      0.6025,
      0.535,
      0.4675,
      0.4025,
      0.335,
      0.2675,
      0.2,
      0.135,
      0.0675,
      0
    ],
    "SoftwareVersions": "syngo_MR_E11",
    "SpacingBetweenSlices": 2.5,
    "StationName": "AWP66072",
    "TaskName": "illusion",
    "TotalReadoutTime": 0.04199916,
    "TxRefAmp": 227.611,
    "dataset": "ds002872",
    "modality": "bold",
    "run_id": 4,
    "subject_id": "37",
    "task_id": "illusion"
  },
  "dummy_trs": 1,
  "dvars_nstd": 27.16797015024821,
  "dvars_std": 1.058009466241135,
  "dvars_vstd": 0.9657589438297874,
  "efc": 0.4720090058469137,
  "fber": 13190.7685546875,
  "fd_mean": 0.10698580970355363,
  "fd_num": 6,
  "fd_perc": 2.1201413427561837,
  "fwhm_avg": 3.0402613333333335,
  "fwhm_x": 2.8914079999999998,
  "fwhm_y": 3.159568,
  "fwhm_z": 3.069808,
  "gcor": 0.0138515,
  "gsr_x": -0.01190855074673891,
  "gsr_y": 0.04579100012779236,
  "provenance": {
    "md5sum": "a1b5a2ac7cf0a5bb4c1f8614eca50061",
    "settings": {
      "fd_thres": 0.2,
      "testing": false
    },
    "software": "mriqc",
    "version": "23.0.1",
    "webapi_port": null,
    "webapi_url": "https://mriqc.nimh.nih.gov/api/v1"
  },
  "size_t": 283,
  "size_x": 84,
  "size_y": 84,
  "size_z": 54,
  "snr": 2.4743014139377886,
  "spacing_tr": 1.2239999771118164,
  "spacing_x": 2.5,
  "spacing_y": 2.5,
  "spacing_z": 2.5,
  "summary_bg_k": 31.234117818921604,
  "summary_bg_mad": 67.33962603511846,
  "summary_bg_mean": 485.1363525390625,
  "summary_bg_median": 82.88752746582031,
  "summary_bg_n": 246497.0,
  "summary_bg_p05": 28.706380081176757,
  "summary_bg_p95": 2499.364355468747,
  "summary_bg_stdv": 1133.49169921875,
  "summary_fg_k": 1.2929968529455271,
  "summary_fg_mad": 3683.17193556729,
  "summary_fg_mean": 10524.5419921875,
  "summary_fg_median": 9787.259765625,
  "summary_fg_n": 71229.0,
  "summary_fg_p05": 5532.5615234375,
  "summary_fg_p95": 18035.990234374996,
  "summary_fg_stdv": 3955.537109375,
  "tsnr": 46.5638427734375
}