{
  "aor": 0.0011677464788732393,
  "aqi": 0.00483138161971831,
  "bids_meta": {
    "AcquisitionDateTime": "2019-11-15T10:50:17.082500",
    "AcquisitionMatrixPE": 84,
    "AcquisitionNumber": 1,
    "AcquisitionTime": "10:50:17.082500",
    "BandwidthPerPixelPhaseEncode": 23.81,
    "BaseResolution": 84,
    "BodyPartExamined": "HEAD",
    "ConsistencyInfo": "N4_VE11C_LATEST_20160120",
    "ConversionSoftware": "dcm2niix",
    "ConversionSoftwareVersion": "v1.0.20171215 GCC5.1.0",
    "DerivedVendorReportedEchoSpacing": 0.00049999,
    "DeviceSerialNumber": "66072",
    "DwellTime": 2.2e-06,
    "EchoTime": 0.03,
    "EchoTrainLength": 84,
    "EffectiveEchoSpacing": 0.00049999,
    "FlipAngle": 65,
    "ImageComments": "Unaliased_MB3_PE3_LB_SENSE1",
    "ImageOrientationPatientDICOM": [
      0.998603,
      0.0442559,
      0.0288532,
      -0.0436,
      0.998785,
      -0.022979
    ],
    "ImageType": [
      "ORIGINAL",
      "PRIMARY",
      "M",
      "MB",
      "ND",
      "MOSAIC"
    ],
    "InPlanePhaseEncodingDirectionDICOM": "COL",
    "InstitutionAddress": "Boulevard_Jean_Moulin_27_Marseille_District_FR_13005",
    "InstitutionName": "Universite_d_aix_Marseille",
    "InstitutionalDepartmentName": "Department",
    "MRAcquisitionType": "2D",
    "MagneticFieldStrength": 3,
    "Manufacturer": "Siemens",
    "ManufacturersModelName": "Prisma",
    "Modality": "MR",
    "MultibandAccelerationFactor": 3,
    "PartialFourier": 1,
    "PatientPosition": "HFS",
    "PercentPhaseFOV": 100,
    "PhaseEncodingDirection": "j-",
    "PhaseEncodingSteps": 84,
    "PhaseResolution": 1,
    "PixelBandwidth": 2705,
    "ProcedureStepDescription": "Projets_archives_Aging",
    "ProtocolName": "task-illusion_run1_bold",
    "PulseSequenceDetails": "%CustomerSeq%_cmrr_mbep2d_bold",
    "ReceiveCoilActiveElements": "HC1-6",
    "ReceiveCoilName": "HeadNeck_64",
    "ReconMatrixPE": 84,
    "RepetitionTime": 1.224,
    "SAR": 0.0850782,
    "ScanOptions": "FS",
    "ScanningSequence": "EP",
    "SequenceName": "epfid2d1_84",
    "SequenceVariant": "SK_SS",
    "SeriesDescription": "task-illusion_run1_bold",
    "SeriesNumber": 16,
    "ShimSetting": [
      -583,
      -10760,
      -508,
      366,
      150,
      69,
      39,
      2
    ],
    "SliceThickness": 2.5,
    "SliceTiming": [
      1.1375,
      1.07,
      1.005,
      0.9375,
      0.87,
      0.8025,
      0.7375,
      0.67,
      0.6025,
      0.535,
      0.47,
      0.4025,
      0.335,
      0.2675,
      0.2025,
      0.135,
      0.0675,
      0,
      1.1375,
      1.07,
      1.005,
      0.9375,
      0.87,
      0.8025,
      0.7375,
      0.67,
      0.6025,
      0.535,
      0.47,
      0.4025,
      0.335,
      0.2675,
      0.2025,
      0.135,
      0.0675,
      0,
      1.1375,
      1.07,
      1.005,
      0.9375,
      0.87,
      0.8025,
      0.7375,
      0.67,
      0.6025,
      0.535,
      0.47,
      0.4025,
      0.335,
      0.2675,
      0.2025,
      0.135,
      0.0675,
      0
    ],
    "SoftwareVersions": "syngo_MR_E11",
    "SpacingBetweenSlices": 2.5,
    "StationName": "AWP66072",
    "TaskName": "illusion",
    "TotalReadoutTime": 0.04199916,
    "TxRefAmp": 227.611,
    "dataset": "ds002872",
    "modality": "bold",
    "run_id": 1,
    "subject_id": "37",
    "task_id": "illusion"
  },
  "dummy_trs": 0,
  "dvars_nstd": 29.755467896855137,
  "dvars_std": 1.075739447385158,
  "dvars_vstd": 0.9701314098233217,
  "efc": 0.47145247870585005,
  "fber": 14157.349609375,
  "fd_mean": 0.14341427617010574,
  "fd_num": 44,
  "fd_perc": 15.492957746478874,
  "fwhm_avg": 3.032836,
  "fwhm_x": 2.873104,
  "fwhm_y": 3.162508,
  "fwhm_z": 3.062896,
  "gcor": 0.0137036,
  "gsr_x": -0.01434521283954382,
  "gsr_y": 0.04606916010379791,
  "provenance": {
    "md5sum": "c5828da450c1017e02bb77d8c156e295",
    "settings": {
      "fd_thres": 0.2,
      "testing": false
    },
    "software": "mriqc",
    "version": "23.0.1",
    "webapi_port": null,
    "webapi_url": "https://mriqc.nimh.nih.gov/api/v1"
  },
  "size_t": 284,
  "size_x": 84,
  "size_y": 84,
  "size_z": 54,
  "snr": 2.484054649713263,
  "spacing_tr": 1.2239999771118164,
  "spacing_x": 2.5,
  "spacing_y": 2.5,
  "spacing_z": 2.5,
  "summary_bg_k": 31.521337417039177,
  "summary_bg_mad": 64.46137482918795,
  "summary_bg_mean": 472.5719299316406,
  "summary_bg_median": 80.31002807617188,
  "summary_bg_n": 246222.0,
  "summary_bg_p05": 29.2811279296875,
  "summary_bg_p95": 2433.418566894525,
  "summary_bg_stdv": 1104.6448974609375,
  "summary_fg_k": 1.2187920488764439,
  "summary_fg_mad": 3685.1381209312844,
  "summary_fg_mean": 10573.41796875,
  "summary_fg_median": 9825.3134765625,
  "summary_fg_n": 71273.0,
  "summary_fg_p05": 5555.49755859375,
  "summary_fg_p95": 18080.77499999998,
  "summary_fg_stdv": 3955.325439453125,
  "tsnr": 45.0477180480957
}