{
  "aor": 0.0017435335689045936,
  "aqi": 0.003996601908127208,
  "bids_meta": {
    "EchoTime": 0.03,
    "EffectiveEchoSpacing": 0.00049999,
    "FlipAngle": 65,
    "ImageType": [
      "ORIGINAL",
      "PRIMARY",
      "M",
      "MB",
      "ND",
      "MOSAI"
    ],
    "MagneticFieldStrength": 3,
    "Manufacturer": "Siemens",
    "ManufacturersModelName": "Prisma",
    "PhaseEncodingDirection": "j-",
    "RepetitionTime": 1.224,
    "SliceTiming": [
      1.1375,
      1.07,
      1.0025,
      0.935,
      0.87,
      0.8025,
      0.735,
      0.6675,
      0.6025,
      0.535,
      0.4675,
      0.4,
      0.335,
      0.2675,
      0.2,
      0.1325,
      0.0675,
      0,
      1.1375,
      1.07,
      1.0025,
      0.935,
      0.87,
      0.8025,
      0.735,
      0.6675,
      0.6025,
      0.535,
      0.4675,
      0.4,
      0.335,
      0.2675,
      0.2,
      0.1325,
      0.0675,
      0,
      1.1375,
      1.07,
      1.0025,
      0.935,
      0.87,
      0.8025,
      0.735,
      0.6675,
      0.6025,
      0.535,
      0.4675,
      0.4,
      0.335,
      0.2675,
      0.2,
      0.1325,
      0.0675,
      0
    ],
    "TaskName": "illusion",
    "dataset": "ds002872",
    "modality": "bold",
    "run_id": 4,
    "subject_id": "05",
    "task_id": "illusion"
  },
  "dummy_trs": 1,
  "dvars_nstd": 31.171240806702144,
  "dvars_std": 1.107576709397163,
  "dvars_vstd": 1.0130681171985816,
  "efc": 0.48710655119771007,
  "fber": 13644.8017578125,
  "fd_mean": 0.1523519057315896,
  "fd_num": 49,
  "fd_perc": 17.314487632508833,
  "fwhm_avg": 2.822181333333333,
  "fwhm_x": 2.587312,
  "fwhm_y": 3.024324,
  "fwhm_z": 2.854908,
  "gcor": 0.0265907,
  "gsr_x": -0.0039437320083379745,
  "gsr_y": 0.037657298147678375,
  "provenance": {
    "md5sum": "d9c654a3cd1c67ab3659cc9a7bf2ba68",
    "settings": {
      "fd_thres": 0.2,
      "testing": false
    },
    "software": "mriqc",
    "version": "23.0.1",
    "webapi_port": null,
    "webapi_url": "https://mriqc.nimh.nih.gov/api/v1"
  },
  "size_t": 283,
  "size_x": 84,
  "size_y": 84,
  "size_z": 54,
  "snr": 2.9644361318415617,
  "spacing_tr": 1.2239999771118164,
  "spacing_x": 2.5,
  "spacing_y": 2.5,
  "spacing_z": 2.5,
  "summary_bg_k": 65.94961897925512,
  "summary_bg_mad": 50.26613330945723,
  "summary_bg_mean": 420.4736328125,
  "summary_bg_median": 73.39164733886719,
  "summary_bg_n": 244513.0,
  "summary_bg_p05": 36.607574462890625,
  "summary_bg_p95": 2007.7568359374998,
  "summary_bg_stdv": 1019.353515625,
  "summary_fg_k": 0.34469866115303693,
  "summary_fg_mad": 2962.7148525241723,
  "summary_fg_mean": 9322.3671875,
  "summary_fg_median": 8870.3203125,
  "summary_fg_n": 73774.0,
  "summary_fg_p05": 5201.433276367187,
  "summary_fg_p95": 14781.685351562493,
  "summary_fg_stdv": 2992.22509765625,
  "tsnr": 48.8705940246582
}