{
  "aor": 0.0013097173144876325,
  "aqi": 0.003921413462897526,
  "bids_meta": {
    "EchoTime": 0.03,
    "EffectiveEchoSpacing": 0.00049999,
    "FlipAngle": 65,
    "ImageType": [
      "ORIGINAL",
      "PRIMARY",
      "M",
      "MB",
      "ND",
      "MOSAI"
    ],
    "MagneticFieldStrength": 3,
    "Manufacturer": "Siemens",
    "ManufacturersModelName": "Prisma",
    "PhaseEncodingDirection": "j-",
    "RepetitionTime": 1.224,
    "SliceTiming": [
      1.1375,
      1.07,
      1.005,
      0.9375,
      0.87,
      0.8025,
      0.7375,
      0.67,
      0.6025,
      0.535,
      0.47,
      0.4025,
      0.335,
      0.2675,
      0.2025,
      0.135,
      0.0675,
      0,
      1.1375,
      1.07,
      1.005,
      0.9375,
      0.87,
      0.8025,
      0.7375,
      0.67,
      0.6025,
      0.535,
      0.47,
      0.4025,
      0.335,
      0.2675,
      0.2025,
      0.135,
      0.0675,
      0,
      1.1375,
      1.07,
      1.005,
      0.9375,
      0.87,
      0.8025,
      0.7375,
      0.67,
      0.6025,
      0.535,
      0.47,
      0.4025,
      0.335,
      0.2675,
      0.2025,
      0.135,
      0.0675,
      0
    ],
    "TaskName": "illusion",
    "dataset": "ds002872",
    "modality": "bold",
    "run_id": 1,
    "subject_id": "05",
    "task_id": "illusion"
  },
  "dummy_trs": 1,
  "dvars_nstd": 29.704775533049645,
  "dvars_std": 1.093262242340425,
  "dvars_vstd": 1.0063939003546105,
  "efc": 0.4862629887664374,
  "fber": 12626.6259765625,
  "fd_mean": 0.13282211189634396,
  "fd_num": 40,
  "fd_perc": 14.134275618374557,
  "fwhm_avg": 2.8008,
  "fwhm_x": 2.57244,
  "fwhm_y": 3.00624,
  "fwhm_z": 2.8237200000000002,
  "gcor": 0.0265459,
  "gsr_x": -0.004466420970857143,
  "gsr_y": 0.03730454295873642,
  "provenance": {
    "md5sum": "494053543242607ce210f32eb3942f7a",
    "settings": {
      "fd_thres": 0.2,
      "testing": false
    },
    "software": "mriqc",
    "version": "23.0.1",
    "webapi_port": null,
    "webapi_url": "https://mriqc.nimh.nih.gov/api/v1"
  },
  "size_t": 283,
  "size_x": 84,
  "size_y": 84,
  "size_z": 54,
  "snr": 2.9792937660860086,
  "spacing_tr": 1.2239999771118164,
  "spacing_x": 2.5,
  "spacing_y": 2.5,
  "spacing_z": 2.5,
  "summary_bg_k": 64.5525641156095,
  "summary_bg_mad": 61.797790561297575,
  "summary_bg_mean": 422.2193603515625,
  "summary_bg_median": 77.07420349121094,
  "summary_bg_n": 245071.0,
  "summary_bg_p05": 29.208480834960938,
  "summary_bg_p95": 2021.655517578125,
  "summary_bg_stdv": 1022.8236694335938,
  "summary_fg_k": 0.37386273515411084,
  "summary_fg_mad": 2966.5610759552856,
  "summary_fg_mean": 9363.845703125,
  "summary_fg_median": 8907.126953125,
  "summary_fg_n": 73561.0,
  "summary_fg_p05": 5256.9365234375,
  "summary_fg_p95": 14833.3994140625,
  "summary_fg_stdv": 2989.656982421875,
  "tsnr": 49.9157758615911
}