{
  "aor": 0.0004488198757763975,
  "aqi": 0.006836691780538303,
  "bids_meta": {
    "EchoTime": 0.03,
    "EffectiveEchoSpacing": 0.00049999,
    "FlipAngle": 65,
    "ImageType": [
      "ORIGINAL",
      "PRIMARY",
      "M",
      "MB",
      "ND",
      "MOSAI"
    ],
    "MagneticFieldStrength": 3,
    "Manufacturer": "Siemens",
    "ManufacturersModelName": "Prisma",
    "PhaseEncodingDirection": "j-",
    "RepetitionTime": 1.224,
    "SliceTiming": [
      1.1375,
      1.07,
      1.0025,
      0.935,
      0.87,
      0.8025,
      0.735,
      0.6675,
      0.6025,
      0.535,
      0.4675,
      0.4,
      0.335,
      0.2675,
      0.2,
      0.1325,
      0.0675,
      0,
      1.1375,
      1.07,
      1.0025,
      0.935,
      0.87,
      0.8025,
      0.735,
      0.6675,
      0.6025,
      0.535,
      0.4675,
      0.4,
      0.335,
      0.2675,
      0.2,
      0.1325,
      0.0675,
      0,
      1.1375,
      1.07,
      1.0025,
      0.935,
      0.87,
      0.8025,
      0.735,
      0.6675,
      0.6025,
      0.535,
      0.4675,
      0.4,
      0.335,
      0.2675,
      0.2,
      0.1325,
      0.0675,
      0
    ],
    "TaskName": "rest",
    "dataset": "ds002872",
    "modality": "bold",
    "subject_id": "05",
    "task_id": "rest"
  },
  "dummy_trs": 1,
  "dvars_nstd": 26.05038728759336,
  "dvars_std": 1.0083376656016605,
  "dvars_vstd": 0.952942647572615,
  "efc": 0.48509194880054923,
  "fber": 11922.576171875,
  "fd_mean": 0.08398229987168898,
  "fd_num": 2,
  "fd_perc": 0.4140786749482402,
  "fwhm_avg": 2.836224,
  "fwhm_x": 2.595276,
  "fwhm_y": 3.04312,
  "fwhm_z": 2.870276,
  "gcor": 0.0214713,
  "gsr_x": -0.004391115624457598,
  "gsr_y": 0.03684599697589874,
  "provenance": {
    "md5sum": "b9812a11db5b9989b0bd33c7a06fd281",
    "settings": {
      "fd_thres": 0.2,
      "testing": false
    },
    "software": "mriqc",
    "version": "23.0.1",
    "webapi_port": null,
    "webapi_url": "https://mriqc.nimh.nih.gov/api/v1"
  },
  "size_t": 483,
  "size_x": 84,
  "size_y": 84,
  "size_z": 54,
  "snr": 3.008067097269913,
  "spacing_tr": 1.2239999771118164,
  "spacing_x": 2.5,
  "spacing_y": 2.5,
  "spacing_z": 2.5,
  "summary_bg_k": 46.0829781239294,
  "summary_bg_mad": 71.73124352345671,
  "summary_bg_mean": 403.03070068359375,
  "summary_bg_median": 79.67805480957031,
  "summary_bg_n": 245224.0,
  "summary_bg_p05": 21.530332088470463,
  "summary_bg_p95": 1905.0453308105384,
  "summary_bg_stdv": 949.4680786132812,
  "summary_fg_k": 0.31687594374934447,
  "summary_fg_mad": 2947.471848465161,
  "summary_fg_mean": 9338.7236328125,
  "summary_fg_median": 8891.396484375,
  "summary_fg_n": 73426.0,
  "summary_fg_p05": 5261.7955322265625,
  "summary_fg_p95": 14717.992431640625,
  "summary_fg_stdv": 2955.830322265625,
  "tsnr": 42.8685639515752
}