{
  "bids_meta": {
    "AcquisitionDateTime": "2019-11-15T12:58:44.002500",
    "AcquisitionMatrixPE": 320,
    "AcquisitionNumber": 1,
    "AcquisitionTime": "12:58:44.002500",
    "BaseResolution": 320,
    "BodyPartExamined": "HEAD",
    "ConsistencyInfo": "N4_VE11C_LATEST_20160120",
    "ConversionSoftware": "dcm2niix",
    "ConversionSoftwareVersion": "v1.0.20171215 GCC5.1.0",
    "DeviceSerialNumber": "66072",
    "DwellTime": 7.4e-06,
    "EchoTime": 0.00228,
    "FlipAngle": 8,
    "ImageOrientationPatientDICOM": [
      0.0417389,
      0.99892,
      -0.0203955,
      0.0469998,
      -0.0223537,
      -0.998645
    ],
    "ImageType": [
      "ORIGINAL",
      "PRIMARY",
      "M",
      "ND",
      "NORM"
    ],
    "InPlanePhaseEncodingDirectionDICOM": "ROW",
    "InstitutionAddress": "Boulevard_Jean_Moulin_27_Marseille_District_FR_13005",
    "InstitutionName": "Universite_d_aix_Marseille",
    "InstitutionalDepartmentName": "Department",
    "InversionTime": 1.01,
    "MRAcquisitionType": "3D",
    "MagneticFieldStrength": 3,
    "Manufacturer": "Siemens",
    "ManufacturersModelName": "Prisma",
    "Modality": "MR",
    "ParallelReductionFactorInPlane": 2,
    "PartialFourier": 1,
    "PatientPosition": "HFS",
    "PercentPhaseFOV": 100,
    "PhaseEncodingSteps": 319,
    "PhaseResolution": 1,
    "PixelBandwidth": 210,
    "ProcedureStepDescription": "Projets_archives_Aging",
    "ProtocolName": "T1w",
    "PulseSequenceDetails": "%SiemensSeq%_tfl",
    "ReceiveCoilActiveElements": "HC1-7;NC1,2",
    "ReceiveCoilName": "HeadNeck_64",
    "ReconMatrixPE": 320,
    "RepetitionTime": 2.4,
    "SAR": 0.0470689,
    "ScanOptions": "IR_WE",
    "ScanningSequence": "GR_IR",
    "SequenceName": "_tfl3d1_16ns",
    "SequenceVariant": "SK_SP_MP",
    "SeriesDescription": "T1w",
    "SeriesNumber": 23,
    "ShimSetting": [
      -581,
      -10809,
      -624,
      116,
      90,
      -227,
      -36,
      -22
    ],
    "SliceThickness": 0.8,
    "SoftwareVersions": "syngo_MR_E11",
    "StationName": "AWP66072",
    "TxRefAmp": 258.703,
    "dataset": "ds002872",
    "modality": "T1w",
    "subject_id": "39"
  },
  "cjv": 0.4811635420794254,
  "cnr": 2.8194552365964816,
  "efc": 0.6123840824488092,
  "fber": 13972.87039239001,
  "fwhm_avg": 4.69048344302152,
  "fwhm_x": 4.729812968265804,
  "fwhm_y": 4.619862431158685,
  "fwhm_z": 4.721774929640071,
  "icvs_csf": 0.24792412178056666,
  "icvs_gm": 0.35037900477124007,
  "icvs_wm": 0.40169687344819327,
  "inu_med": 0.835008442401886,
  "inu_range": 0.4752515792846681,
  "provenance": {
    "md5sum": "0b83c4fb98ffdcc63364755c1d765433",
    "settings": {
      "testing": false
    },
    "software": "mriqc",
    "version": "23.0.1",
    "warnings": {
      "large_rot_frame": true,
      "small_air_mask": false
    },
    "webapi_port": null,
    "webapi_url": "https://mriqc.nimh.nih.gov/api/v1"
  },
  "qi_1": 0.0,
  "qi_2": 0.0033609680826065277,
  "rpve_csf": 20.89101357145894,
  "rpve_gm": 13.532939005178568,
  "rpve_wm": 14.298013696446377,
  "size_x": 256,
  "size_y": 320,
  "size_z": 320,
  "snr_csf": 3.2256901769701325,
  "snr_gm": 12.349701690185146,
  "snr_total": 11.232379745940355,
  "snr_wm": 18.12174737066578,
  "snrd_csf": 16.878908544936138,
  "snrd_gm": 45.021078663103026,
  "snrd_total": 40.272109655405295,
  "snrd_wm": 58.91634175817672,
  "spacing_x": 0.7999978065490723,
  "spacing_y": 0.800000011920929,
  "spacing_z": 0.800000011920929,
  "summary_bg_k": 2624.259683486379,
  "summary_bg_mad": 0.0,
  "summary_bg_mean": 5.289023900941057,
  "summary_bg_median": 0.0,
  "summary_bg_n": 4032271.0,
  "summary_bg_p05": 0.0,
  "summary_bg_p95": 20.873276744037867,
  "summary_bg_stdv": 11.120578226727007,
  "summary_csf_k": 1.726047963619843,
  "summary_csf_mad": 73.31755577122767,
  "summary_csf_mean": 294.7062386738308,
  "summary_csf_median": 286.5101417899132,
  "summary_csf_n": 243755.0,
  "summary_csf_p05": 167.63737336546183,
  "summary_csf_p95": 454.6539724767208,
  "summary_csf_stdv": 88.82116333856057,
  "summary_gm_k": 0.12112515170303917,
  "summary_gm_mad": 60.820854604661434,
  "summary_gm_mean": 764.4764629042597,
  "summary_gm_median": 764.2079223878682,
  "summary_gm_n": 48303.0,
  "summary_gm_p05": 663.5350595612078,
  "summary_gm_p95": 867.0911096669734,
  "summary_gm_stdv": 61.88003815432329,
  "summary_wm_k": 0.45393947474231444,
  "summary_wm_mad": 52.66850019557101,
  "summary_wm_mean": 1004.062827998637,
  "summary_wm_median": 1000.0723320432007,
  "summary_wm_n": 617036.0,
  "summary_wm_p05": 920.6308836378157,
  "summary_wm_p95": 1100.965865559876,
  "summary_wm_stdv": 55.18626328924629,
  "tpm_overlap_csf": 0.16458518032904615,
  "tpm_overlap_gm": 0.39004068843373124,
  "tpm_overlap_wm": 0.4832112916388823,
  "wm2max": 0.5417507691704717
}