{
  "aor": 0.0009138869257950531,
  "aqi": 0.0033214424734982336,
  "bids_meta": {
    "EchoTime": 0.03,
    "EffectiveEchoSpacing": 0.00049999,
    "FlipAngle": 65,
    "ImageType": [
      "ORIGINAL",
      "PRIMARY",
      "M",
      "MB",
      "ND",
      "MOSAI"
    ],
    "MagneticFieldStrength": 3,
    "Manufacturer": "Siemens",
    "ManufacturersModelName": "Prisma",
    "PhaseEncodingDirection": "j-",
    "RepetitionTime": 1.224,
    "SliceTiming": [
      1.135,
      1.07,
      1.0025,
      0.935,
      0.8675,
      0.8025,
      0.735,
      0.6675,
      0.6,
      0.535,
      0.4675,
      0.4,
      0.3325,
      0.2675,
      0.2,
      0.1325,
      0.065,
      0,
      1.135,
      1.07,
      1.0025,
      0.935,
      0.8675,
      0.8025,
      0.735,
      0.6675,
      0.6,
      0.535,
      0.4675,
      0.4,
      0.3325,
      0.2675,
      0.2,
      0.1325,
      0.065,
      0,
      1.135,
      1.07,
      1.0025,
      0.935,
      0.8675,
      0.8025,
      0.735,
      0.6675,
      0.6,
      0.535,
      0.4675,
      0.4,
      0.3325,
      0.2675,
      0.2,
      0.1325,
      0.065,
      0
    ],
    "TaskName": "illusion",
    "dataset": "ds002872",
    "modality": "bold",
    "run_id": 1,
    "subject_id": "03",
    "task_id": "illusion"
  },
  "dummy_trs": 1,
  "dvars_nstd": 32.57356624719859,
  "dvars_std": 1.155220440921985,
  "dvars_vstd": 1.0096651607446807,
  "efc": 0.500003810695863,
  "fber": 15591.541015625,
  "fd_mean": 0.1469500993442351,
  "fd_num": 78,
  "fd_perc": 27.56183745583039,
  "fwhm_avg": 2.7885173333333335,
  "fwhm_x": 2.472408,
  "fwhm_y": 2.991152,
  "fwhm_z": 2.901992,
  "gcor": 0.0165913,
  "gsr_x": -0.005521062761545181,
  "gsr_y": 0.05323176085948944,
  "provenance": {
    "md5sum": "353c1559c77a817c81d2409676401dc7",
    "settings": {
      "fd_thres": 0.2,
      "testing": false
    },
    "software": "mriqc",
    "version": "23.0.1",
    "webapi_port": null,
    "webapi_url": "https://mriqc.nimh.nih.gov/api/v1"
  },
  "size_t": 283,
  "size_x": 84,
  "size_y": 84,
  "size_z": 54,
  "snr": 3.061973091130065,
  "spacing_tr": 1.2239999771118164,
  "spacing_x": 2.5,
  "spacing_y": 2.5,
  "spacing_z": 2.5,
  "summary_bg_k": 46.829832704792814,
  "summary_bg_mad": 42.96926723325319,
  "summary_bg_mean": 449.47430419921875,
  "summary_bg_median": 66.63603973388672,
  "summary_bg_n": 238931.0,
  "summary_bg_p05": 33.77561950683594,
  "summary_bg_p95": 2243.395751953125,
  "summary_bg_stdv": 1142.0235595703125,
  "summary_fg_k": 0.6112688017217831,
  "summary_fg_mad": 2784.258917228257,
  "summary_fg_mean": 9077.4365234375,
  "summary_fg_median": 8675.40625,
  "summary_fg_n": 76387.0,
  "summary_fg_p05": 5213.3693359375,
  "summary_fg_p95": 14239.89375,
  "summary_fg_stdv": 2833.254638671875,
  "tsnr": 53.044491421664134
}