{
  "aor": 0.001071060070671378,
  "aqi": 0.0030972616607773847,
  "bids_meta": {
    "EchoTime": 0.03,
    "EffectiveEchoSpacing": 0.00049999,
    "FlipAngle": 65,
    "ImageType": [
      "ORIGINAL",
      "PRIMARY",
      "M",
      "MB",
      "ND",
      "MOSAI"
    ],
    "MagneticFieldStrength": 3,
    "Manufacturer": "Siemens",
    "ManufacturersModelName": "Prisma",
    "PhaseEncodingDirection": "j-",
    "RepetitionTime": 1.224,
    "SliceTiming": [
      1.1375,
      1.07,
      1.0025,
      0.9375,
      0.87,
      0.8025,
      0.735,
      0.67,
      0.6025,
      0.535,
      0.4675,
      0.4025,
      0.335,
      0.2675,
      0.2,
      0.135,
      0.0675,
      0,
      1.1375,
      1.07,
      1.0025,
      0.9375,
      0.87,
      0.8025,
      0.735,
      0.67,
      0.6025,
      0.535,
      0.4675,
      0.4025,
      0.335,
      0.2675,
      0.2,
      0.135,
      0.0675,
      0,
      1.1375,
      1.07,
      1.0025,
      0.9375,
      0.87,
      0.8025,
      0.735,
      0.67,
      0.6025,
      0.535,
      0.4675,
      0.4025,
      0.335,
      0.2675,
      0.2,
      0.135,
      0.0675,
      0
    ],
    "TaskName": "illusion",
    "dataset": "ds002872",
    "modality": "bold",
    "run_id": 3,
    "subject_id": "03",
    "task_id": "illusion"
  },
  "dummy_trs": 1,
  "dvars_nstd": 33.12763789028368,
  "dvars_std": 1.1644062263829786,
  "dvars_vstd": 1.0124715866312066,
  "efc": 0.5008142868160725,
  "fber": 15403.3330078125,
  "fd_mean": 0.15253221212691823,
  "fd_num": 76,
  "fd_perc": 26.85512367491166,
  "fwhm_avg": 2.7891386666666667,
  "fwhm_x": 2.480556,
  "fwhm_y": 2.98352,
  "fwhm_z": 2.90334,
  "gcor": 0.00976616,
  "gsr_x": -0.007385218515992165,
  "gsr_y": 0.058077845722436905,
  "provenance": {
    "md5sum": "40bb3baa8ae2a8af0df3093a4bdf6563",
    "settings": {
      "fd_thres": 0.2,
      "testing": false
    },
    "software": "mriqc",
    "version": "23.0.1",
    "webapi_port": null,
    "webapi_url": "https://mriqc.nimh.nih.gov/api/v1"
  },
  "size_t": 283,
  "size_x": 84,
  "size_y": 84,
  "size_z": 54,
  "snr": 3.068874833584718,
  "spacing_tr": 1.2239999771118164,
  "spacing_x": 2.5,
  "spacing_y": 2.5,
  "spacing_z": 2.5,
  "summary_bg_k": 50.137689447200756,
  "summary_bg_mad": 42.8121015798335,
  "summary_bg_mean": 461.9888000488281,
  "summary_bg_median": 66.98233032226562,
  "summary_bg_n": 238973.0,
  "summary_bg_p05": 34.56183624267578,
  "summary_bg_p95": 2291.155468749999,
  "summary_bg_stdv": 1198.199462890625,
  "summary_fg_k": 0.5976260640932729,
  "summary_fg_mad": 2773.4897811918854,
  "summary_fg_mean": 9052.6669921875,
  "summary_fg_median": 8650.0107421875,
  "summary_fg_n": 76400.0,
  "summary_fg_p05": 5208.773706054688,
  "summary_fg_p95": 14192.714599609375,
  "summary_fg_stdv": 2818.607666015625,
  "tsnr": 53.32835563458502
}