{
  "aor": 0.0004449896480331263,
  "aqi": 0.004918643229813665,
  "bids_meta": {
    "EchoTime": 0.03,
    "EffectiveEchoSpacing": 0.00049999,
    "FlipAngle": 65,
    "ImageType": [
      "ORIGINAL",
      "PRIMARY",
      "M",
      "MB",
      "ND",
      "MOSAI"
    ],
    "MagneticFieldStrength": 3,
    "Manufacturer": "Siemens",
    "ManufacturersModelName": "Prisma",
    "PhaseEncodingDirection": "j-",
    "RepetitionTime": 1.224,
    "SliceTiming": [
      1.1375,
      1.07,
      1.0025,
      0.935,
      0.87,
      0.8025,
      0.735,
      0.6675,
      0.6025,
      0.535,
      0.4675,
      0.4,
      0.335,
      0.2675,
      0.2,
      0.1325,
      0.0675,
      0,
      1.1375,
      1.07,
      1.0025,
      0.935,
      0.87,
      0.8025,
      0.735,
      0.6675,
      0.6025,
      0.535,
      0.4675,
      0.4,
      0.335,
      0.2675,
      0.2,
      0.1325,
      0.0675,
      0,
      1.1375,
      1.07,
      1.0025,
      0.935,
      0.87,
      0.8025,
      0.735,
      0.6675,
      0.6025,
      0.535,
      0.4675,
      0.4,
      0.335,
      0.2675,
      0.2,
      0.1325,
      0.0675,
      0
    ],
    "TaskName": "rest",
    "dataset": "ds002872",
    "modality": "bold",
    "subject_id": "03",
    "task_id": "rest"
  },
  "dummy_trs": 1,
  "dvars_nstd": 32.00307425041496,
  "dvars_std": 1.1176531217012442,
  "dvars_vstd": 0.9854720712240671,
  "efc": 0.49986281684378836,
  "fber": 15194.4873046875,
  "fd_mean": 0.14413131218500927,
  "fd_num": 107,
  "fd_perc": 22.15320910973085,
  "fwhm_avg": 2.823414666666667,
  "fwhm_x": 2.513068,
  "fwhm_y": 3.015232,
  "fwhm_z": 2.9419440000000003,
  "gcor": 0.0125064,
  "gsr_x": -0.004013616591691971,
  "gsr_y": 0.05147623270750046,
  "provenance": {
    "md5sum": "34120e4657255ff88c5716fdcf5c9cf4",
    "settings": {
      "fd_thres": 0.2,
      "testing": false
    },
    "software": "mriqc",
    "version": "23.0.1",
    "webapi_port": null,
    "webapi_url": "https://mriqc.nimh.nih.gov/api/v1"
  },
  "size_t": 483,
  "size_x": 84,
  "size_y": 84,
  "size_z": 54,
  "snr": 3.0690842220374086,
  "spacing_tr": 1.2239999771118164,
  "spacing_x": 2.5,
  "spacing_y": 2.5,
  "spacing_z": 2.5,
  "summary_bg_k": 36.351695112991926,
  "summary_bg_mad": 45.9790836632895,
  "summary_bg_mean": 444.40325927734375,
  "summary_bg_median": 67.51345825195312,
  "summary_bg_n": 239283.0,
  "summary_bg_p05": 32.34389228820801,
  "summary_bg_p95": 2257.0017822265627,
  "summary_bg_stdv": 1098.522705078125,
  "summary_fg_k": 0.6285625211580834,
  "summary_fg_mad": 2755.3532414554493,
  "summary_fg_mean": 9039.5048828125,
  "summary_fg_median": 8628.541015625,
  "summary_fg_n": 76370.0,
  "summary_fg_p05": 5205.668994140625,
  "summary_fg_p95": 14156.797851562504,
  "summary_fg_stdv": 2811.419921875,
  "tsnr": 48.033412570133805
}