{
  "aor": 0.0009800000000000002,
  "aqi": 0.003051575406360424,
  "bids_meta": {
    "EchoTime": 0.03,
    "EffectiveEchoSpacing": 0.00049999,
    "FlipAngle": 65,
    "ImageType": [
      "ORIGINAL",
      "PRIMARY",
      "M",
      "MB",
      "ND",
      "MOSAI"
    ],
    "MagneticFieldStrength": 3,
    "Manufacturer": "Siemens",
    "ManufacturersModelName": "Prisma",
    "PhaseEncodingDirection": "j-",
    "RepetitionTime": 1.224,
    "SliceTiming": [
      1.1375,
      1.0725,
      1.005,
      0.9375,
      0.87,
      0.805,
      0.7375,
      0.67,
      0.6025,
      0.535,
      0.47,
      0.4025,
      0.335,
      0.2675,
      0.2025,
      0.135,
      0.0675,
      0,
      1.1375,
      1.0725,
      1.005,
      0.9375,
      0.87,
      0.805,
      0.7375,
      0.67,
      0.6025,
      0.535,
      0.47,
      0.4025,
      0.335,
      0.2675,
      0.2025,
      0.135,
      0.0675,
      0,
      1.1375,
      1.0725,
      1.005,
      0.9375,
      0.87,
      0.805,
      0.7375,
      0.67,
      0.6025,
      0.535,
      0.47,
      0.4025,
      0.335,
      0.2675,
      0.2025,
      0.135,
      0.0675,
      0
    ],
    "TaskName": "illusion",
    "dataset": "ds002872",
    "modality": "bold",
    "run_id": 2,
    "subject_id": "03",
    "task_id": "illusion"
  },
  "dummy_trs": 1,
  "dvars_nstd": 32.8849050912766,
  "dvars_std": 1.1647475958865252,
  "dvars_vstd": 1.011453012659575,
  "efc": 0.5010110811164796,
  "fber": 15125.865234375,
  "fd_mean": 0.139597862912013,
  "fd_num": 57,
  "fd_perc": 20.141342756183747,
  "fwhm_avg": 2.7865226666666665,
  "fwhm_x": 2.463012,
  "fwhm_y": 2.9937560000000003,
  "fwhm_z": 2.9028,
  "gcor": 0.013232,
  "gsr_x": -0.007398566696792841,
  "gsr_y": 0.057978302240371704,
  "provenance": {
    "md5sum": "2c6bc5ce74a44158756ae92f4e169262",
    "settings": {
      "fd_thres": 0.2,
      "testing": false
    },
    "software": "mriqc",
    "version": "23.0.1",
    "webapi_port": null,
    "webapi_url": "https://mriqc.nimh.nih.gov/api/v1"
  },
  "size_t": 283,
  "size_x": 84,
  "size_y": 84,
  "size_z": 54,
  "snr": 3.060799944112512,
  "spacing_tr": 1.2239999771118164,
  "spacing_x": 2.5,
  "spacing_y": 2.5,
  "spacing_z": 2.5,
  "summary_bg_k": 50.787440985687645,
  "summary_bg_mad": 43.77081263126149,
  "summary_bg_mean": 462.57177734375,
  "summary_bg_median": 67.68904876708984,
  "summary_bg_n": 238892.0,
  "summary_bg_p05": 34.66625537872315,
  "summary_bg_p95": 2295.7621459960897,
  "summary_bg_stdv": 1200.850341796875,
  "summary_fg_k": 0.5909870723001527,
  "summary_fg_mad": 2782.9544010184195,
  "summary_fg_mean": 9056.6357421875,
  "summary_fg_median": 8649.41015625,
  "summary_fg_n": 76469.0,
  "summary_fg_p05": 5206.57099609375,
  "summary_fg_p95": 14218.4990234375,
  "summary_fg_stdv": 2825.847412109375,
  "tsnr": 53.79421275947243
}