{
  "aor": 0.0008043309859154928,
  "aqi": 0.005077002464788732,
  "bids_meta": {
    "EchoTime": 0.03,
    "EffectiveEchoSpacing": 0.00049999,
    "FlipAngle": 65,
    "ImageType": [
      "ORIGINAL",
      "PRIMARY",
      "M",
      "MB",
      "ND",
      "MOSAI"
    ],
    "MagneticFieldStrength": 3,
    "Manufacturer": "Siemens",
    "ManufacturersModelName": "Prisma",
    "PhaseEncodingDirection": "j-",
    "RepetitionTime": 1.224,
    "SliceTiming": [
      1.1375,
      1.07,
      1.0025,
      0.9375,
      0.87,
      0.8025,
      0.735,
      0.67,
      0.6025,
      0.535,
      0.4675,
      0.4025,
      0.335,
      0.2675,
      0.2,
      0.135,
      0.0675,
      0,
      1.1375,
      1.07,
      1.0025,
      0.9375,
      0.87,
      0.8025,
      0.735,
      0.67,
      0.6025,
      0.535,
      0.4675,
      0.4025,
      0.335,
      0.2675,
      0.2,
      0.135,
      0.0675,
      0,
      1.1375,
      1.07,
      1.0025,
      0.9375,
      0.87,
      0.8025,
      0.735,
      0.67,
      0.6025,
      0.535,
      0.4675,
      0.4025,
      0.335,
      0.2675,
      0.2,
      0.135,
      0.0675,
      0
    ],
    "TaskName": "illusion",
    "dataset": "ds002872",
    "modality": "bold",
    "run_id": 2,
    "subject_id": "31",
    "task_id": "illusion"
  },
  "dummy_trs": 0,
  "dvars_nstd": 30.053890578869243,
  "dvars_std": 1.099104819575972,
  "dvars_vstd": 0.9775207205300351,
  "efc": 0.5005583064913172,
  "fber": 13231.3037109375,
  "fd_mean": 0.12110051943643602,
  "fd_num": 15,
  "fd_perc": 5.28169014084507,
  "fwhm_avg": 2.782474666666667,
  "fwhm_x": 2.498044,
  "fwhm_y": 2.986456,
  "fwhm_z": 2.862924,
  "gcor": 0.00821607,
  "gsr_x": -0.015274451114237309,
  "gsr_y": 0.05038373917341232,
  "provenance": {
    "md5sum": "4d11d207ce743ddc74373a2201d3cc66",
    "settings": {
      "fd_thres": 0.2,
      "testing": false
    },
    "software": "mriqc",
    "version": "23.0.1",
    "webapi_port": null,
    "webapi_url": "https://mriqc.nimh.nih.gov/api/v1"
  },
  "size_t": 284,
  "size_x": 84,
  "size_y": 84,
  "size_z": 54,
  "snr": 2.997120465142402,
  "spacing_tr": 1.2239999771118164,
  "spacing_x": 2.5,
  "spacing_y": 2.5,
  "spacing_z": 2.5,
  "summary_bg_k": 81.42775937425996,
  "summary_bg_mad": 61.27766042050821,
  "summary_bg_mean": 450.4712219238281,
  "summary_bg_median": 75.31419372558594,
  "summary_bg_n": 238077.0,
  "summary_bg_p05": 27.851729965209962,
  "summary_bg_p95": 2147.4637695312463,
  "summary_bg_stdv": 1117.9249267578125,
  "summary_fg_k": 0.1545380783848258,
  "summary_fg_mad": 3140.9717079323486,
  "summary_fg_mean": 9516.31640625,
  "summary_fg_median": 9123.07421875,
  "summary_fg_n": 77264.0,
  "summary_fg_p05": 5286.643774414062,
  "summary_fg_p95": 15048.127978515624,
  "summary_fg_stdv": 3043.9267578125,
  "tsnr": 47.89653396606445
}