{
  "aor": 0.0022999999999999995,
  "aqi": 0.006492196408450703,
  "bids_meta": {
    "EchoTime": 0.03,
    "EffectiveEchoSpacing": 0.00049999,
    "FlipAngle": 65,
    "ImageType": [
      "ORIGINAL",
      "PRIMARY",
      "M",
      "MB",
      "ND",
      "MOSAI"
    ],
    "MagneticFieldStrength": 3,
    "Manufacturer": "Siemens",
    "ManufacturersModelName": "Prisma",
    "PhaseEncodingDirection": "j-",
    "RepetitionTime": 1.224,
    "SliceTiming": [
      1.1375,
      1.07,
      1.0025,
      0.935,
      0.87,
      0.8025,
      0.735,
      0.6675,
      0.6025,
      0.535,
      0.4675,
      0.4,
      0.335,
      0.2675,
      0.2,
      0.1325,
      0.0675,
      0,
      1.1375,
      1.07,
      1.0025,
      0.935,
      0.87,
      0.8025,
      0.735,
      0.6675,
      0.6025,
      0.535,
      0.4675,
      0.4,
      0.335,
      0.2675,
      0.2,
      0.1325,
      0.0675,
      0,
      1.1375,
      1.07,
      1.0025,
      0.935,
      0.87,
      0.8025,
      0.735,
      0.6675,
      0.6025,
      0.535,
      0.4675,
      0.4,
      0.335,
      0.2675,
      0.2,
      0.1325,
      0.0675,
      0
    ],
    "TaskName": "illusion",
    "dataset": "ds002872",
    "modality": "bold",
    "run_id": 3,
    "subject_id": "31",
    "task_id": "illusion"
  },
  "dummy_trs": 0,
  "dvars_nstd": 28.83804371826855,
  "dvars_std": 1.0875085694346294,
  "dvars_vstd": 0.9915886880212014,
  "efc": 0.5011356395358959,
  "fber": 11493.0830078125,
  "fd_mean": 0.1232179505447926,
  "fd_num": 20,
  "fd_perc": 7.042253521126761,
  "fwhm_avg": 2.7711733333333335,
  "fwhm_x": 2.506012,
  "fwhm_y": 2.971604,
  "fwhm_z": 2.835904,
  "gcor": 0.0103774,
  "gsr_x": -0.015494020655751228,
  "gsr_y": 0.04951884225010872,
  "provenance": {
    "md5sum": "2d583d20604396d7b7133e33ee53cd80",
    "settings": {
      "fd_thres": 0.2,
      "testing": false
    },
    "software": "mriqc",
    "version": "23.0.1",
    "webapi_port": null,
    "webapi_url": "https://mriqc.nimh.nih.gov/api/v1"
  },
  "size_t": 284,
  "size_x": 84,
  "size_y": 84,
  "size_z": 54,
  "snr": 3.0136683800845194,
  "spacing_tr": 1.2239999771118164,
  "spacing_x": 2.5,
  "spacing_y": 2.5,
  "spacing_z": 2.5,
  "summary_bg_k": 72.4263720994628,
  "summary_bg_mad": 76.41144201383679,
  "summary_bg_mean": 456.1784362792969,
  "summary_bg_median": 81.83098602294922,
  "summary_bg_n": 238415.0,
  "summary_bg_p05": 20.859153747558594,
  "summary_bg_p95": 2203.440502929687,
  "summary_bg_stdv": 1105.7100830078125,
  "summary_fg_k": 0.13011709067034527,
  "summary_fg_mad": 3139.4463940288374,
  "summary_fg_mean": 9533.4931640625,
  "summary_fg_median": 9147.9150390625,
  "summary_fg_n": 77113.0,
  "summary_fg_p05": 5305.73798828125,
  "summary_fg_p95": 15058.782421874992,
  "summary_fg_stdv": 3035.455322265625,
  "tsnr": 44.4619180788286
}