{
  "aor": 0.001274452296819788,
  "aqi": 0.004261143498233215,
  "bids_meta": {
    "EchoTime": 0.03,
    "EffectiveEchoSpacing": 0.00049999,
    "FlipAngle": 65,
    "ImageType": [
      "ORIGINAL",
      "PRIMARY",
      "M",
      "MB",
      "ND",
      "MOSAI"
    ],
    "MagneticFieldStrength": 3,
    "Manufacturer": "Siemens",
    "ManufacturersModelName": "Prisma",
    "PhaseEncodingDirection": "j-",
    "RepetitionTime": 1.224,
    "SliceTiming": [
      1.1375,
      1.07,
      1.005,
      0.9375,
      0.87,
      0.8025,
      0.7375,
      0.67,
      0.6025,
      0.535,
      0.47,
      0.4025,
      0.335,
      0.2675,
      0.2,
      0.135,
      0.0675,
      0,
      1.1375,
      1.07,
      1.005,
      0.9375,
      0.87,
      0.8025,
      0.7375,
      0.67,
      0.6025,
      0.535,
      0.47,
      0.4025,
      0.335,
      0.2675,
      0.2,
      0.135,
      0.0675,
      0,
      1.1375,
      1.07,
      1.005,
      0.9375,
      0.87,
      0.8025,
      0.7375,
      0.67,
      0.6025,
      0.535,
      0.47,
      0.4025,
      0.335,
      0.2675,
      0.2,
      0.135,
      0.0675,
      0
    ],
    "TaskName": "illusion",
    "dataset": "ds002872",
    "modality": "bold",
    "run_id": 4,
    "subject_id": "31",
    "task_id": "illusion"
  },
  "dummy_trs": 1,
  "dvars_nstd": 29.38652338875885,
  "dvars_std": 1.1234179956028367,
  "dvars_vstd": 1.007623756276596,
  "efc": 0.5010882414716752,
  "fber": 13519.11328125,
  "fd_mean": 0.12546124448722096,
  "fd_num": 20,
  "fd_perc": 7.067137809187279,
  "fwhm_avg": 2.791708,
  "fwhm_x": 2.520176,
  "fwhm_y": 2.987548,
  "fwhm_z": 2.8674,
  "gcor": 0.0119754,
  "gsr_x": -0.015612396411597729,
  "gsr_y": 0.04963305592536926,
  "provenance": {
    "md5sum": "9feb44282ecbc7fbdeb2cb9bd51dcf82",
    "settings": {
      "fd_thres": 0.2,
      "testing": false
    },
    "software": "mriqc",
    "version": "23.0.1",
    "webapi_port": null,
    "webapi_url": "https://mriqc.nimh.nih.gov/api/v1"
  },
  "size_t": 283,
  "size_x": 84,
  "size_y": 84,
  "size_z": 54,
  "snr": 3.0033053147891136,
  "spacing_tr": 1.2239999771118164,
  "spacing_x": 2.5,
  "spacing_y": 2.5,
  "spacing_z": 2.5,
  "summary_bg_k": 77.66963547987584,
  "summary_bg_mad": 58.453734835648,
  "summary_bg_mean": 453.4217224121094,
  "summary_bg_median": 74.78287506103516,
  "summary_bg_n": 238175.0,
  "summary_bg_p05": 29.60731887817383,
  "summary_bg_p95": 2169.704956054686,
  "summary_bg_stdv": 1118.4696044921875,
  "summary_fg_k": 0.09608059007497527,
  "summary_fg_mad": 3136.177140308734,
  "summary_fg_mean": 9497.7294921875,
  "summary_fg_median": 9104.7109375,
  "summary_fg_n": 77297.0,
  "summary_fg_p05": 5271.26826171875,
  "summary_fg_p95": 15011.1017578125,
  "summary_fg_stdv": 3031.5439453125,
  "tsnr": 50.116939544677734
}