{
  "aor": 0.0008430434782608695,
  "aqi": 0.003624332629399586,
  "bids_meta": {
    "EchoTime": 0.03,
    "EffectiveEchoSpacing": 0.00049999,
    "FlipAngle": 65,
    "ImageType": [
      "ORIGINAL",
      "PRIMARY",
      "M",
      "MB",
      "ND",
      "MOSAI"
    ],
    "MagneticFieldStrength": 3,
    "Manufacturer": "Siemens",
    "ManufacturersModelName": "Prisma",
    "PhaseEncodingDirection": "j-",
    "RepetitionTime": 1.224,
    "SliceTiming": [
      1.1375,
      1.07,
      1.0025,
      0.9375,
      0.87,
      0.8025,
      0.735,
      0.67,
      0.6025,
      0.535,
      0.4675,
      0.4025,
      0.335,
      0.2675,
      0.2,
      0.135,
      0.0675,
      0,
      1.1375,
      1.07,
      1.0025,
      0.9375,
      0.87,
      0.8025,
      0.735,
      0.67,
      0.6025,
      0.535,
      0.4675,
      0.4025,
      0.335,
      0.2675,
      0.2,
      0.135,
      0.0675,
      0,
      1.1375,
      1.07,
      1.0025,
      0.9375,
      0.87,
      0.8025,
      0.735,
      0.67,
      0.6025,
      0.535,
      0.4675,
      0.4025,
      0.335,
      0.2675,
      0.2,
      0.135,
      0.0675,
      0
    ],
    "TaskName": "rest",
    "dataset": "ds002872",
    "modality": "bold",
    "subject_id": "31",
    "task_id": "rest"
  },
  "dummy_trs": 1,
  "dvars_nstd": 29.513898663589234,
  "dvars_std": 1.1466884278423233,
  "dvars_vstd": 1.0014021147510366,
  "efc": 0.4987537329189886,
  "fber": 15673.10546875,
  "fd_mean": 0.11244165255833753,
  "fd_num": 9,
  "fd_perc": 1.8633540372670807,
  "fwhm_avg": 2.809132,
  "fwhm_x": 2.54548,
  "fwhm_y": 2.981748,
  "fwhm_z": 2.900168,
  "gcor": 0.0073737,
  "gsr_x": -0.014236449263989925,
  "gsr_y": 0.043756015598773956,
  "provenance": {
    "md5sum": "c8f6995de7eb2bd8afe08f7143b71489",
    "settings": {
      "fd_thres": 0.2,
      "testing": false
    },
    "software": "mriqc",
    "version": "23.0.1",
    "webapi_port": null,
    "webapi_url": "https://mriqc.nimh.nih.gov/api/v1"
  },
  "size_t": 483,
  "size_x": 84,
  "size_y": 84,
  "size_z": 54,
  "snr": 2.975579700957574,
  "spacing_tr": 1.2239999771118164,
  "spacing_x": 2.5,
  "spacing_y": 2.5,
  "spacing_z": 2.5,
  "summary_bg_k": 40.17270577017164,
  "summary_bg_mad": 49.93269146453065,
  "summary_bg_mean": 424.12481689453125,
  "summary_bg_median": 68.9565200805664,
  "summary_bg_n": 238065.0,
  "summary_bg_p05": 30.51138687133789,
  "summary_bg_p95": 2070.9147460937497,
  "summary_bg_stdv": 968.5254516601562,
  "summary_fg_k": 0.21190107287292648,
  "summary_fg_mad": 3135.5234343500865,
  "summary_fg_mean": 9504.662109375,
  "summary_fg_median": 9098.025390625,
  "summary_fg_n": 77147.0,
  "summary_fg_p05": 5276.68173828125,
  "summary_fg_p95": 15084.67646484375,
  "summary_fg_stdv": 3057.544189453125,
  "tsnr": 51.4493159847334
}