{
  "aor": 0.0008720774647887324,
  "aqi": 0.004707427464788733,
  "bids_meta": {
    "EchoTime": 0.03,
    "EffectiveEchoSpacing": 0.00049999,
    "FlipAngle": 65,
    "ImageType": [
      "ORIGINAL",
      "PRIMARY",
      "M",
      "MB",
      "ND",
      "MOSAI"
    ],
    "MagneticFieldStrength": 3,
    "Manufacturer": "Siemens",
    "ManufacturersModelName": "Prisma",
    "PhaseEncodingDirection": "j-",
    "RepetitionTime": 1.224,
    "SliceTiming": [
      1.1375,
      1.07,
      1.005,
      0.9375,
      0.87,
      0.8025,
      0.7375,
      0.67,
      0.6025,
      0.535,
      0.47,
      0.4025,
      0.335,
      0.2675,
      0.2025,
      0.135,
      0.0675,
      0,
      1.1375,
      1.07,
      1.005,
      0.9375,
      0.87,
      0.8025,
      0.7375,
      0.67,
      0.6025,
      0.535,
      0.47,
      0.4025,
      0.335,
      0.2675,
      0.2025,
      0.135,
      0.0675,
      0,
      1.1375,
      1.07,
      1.005,
      0.9375,
      0.87,
      0.8025,
      0.7375,
      0.67,
      0.6025,
      0.535,
      0.47,
      0.4025,
      0.335,
      0.2675,
      0.2025,
      0.135,
      0.0675,
      0
    ],
    "TaskName": "illusion",
    "dataset": "ds002872",
    "modality": "bold",
    "run_id": 1,
    "subject_id": "31",
    "task_id": "illusion"
  },
  "dummy_trs": 0,
  "dvars_nstd": 30.35628173219079,
  "dvars_std": 1.1223847898939916,
  "dvars_vstd": 0.9906545351590105,
  "efc": 0.5001355403808398,
  "fber": 11438.16796875,
  "fd_mean": 0.11634014597090972,
  "fd_num": 17,
  "fd_perc": 5.985915492957746,
  "fwhm_avg": 2.777829333333333,
  "fwhm_x": 2.500196,
  "fwhm_y": 2.977152,
  "fwhm_z": 2.85614,
  "gcor": 0.0126533,
  "gsr_x": -0.014268594793975353,
  "gsr_y": 0.04656115919351578,
  "provenance": {
    "md5sum": "eb95574786d74069610360f07c61a103",
    "settings": {
      "fd_thres": 0.2,
      "testing": false
    },
    "software": "mriqc",
    "version": "23.0.1",
    "webapi_port": null,
    "webapi_url": "https://mriqc.nimh.nih.gov/api/v1"
  },
  "size_t": 284,
  "size_x": 84,
  "size_y": 84,
  "size_z": 54,
  "snr": 2.9808328684528864,
  "spacing_tr": 1.2239999771118164,
  "spacing_x": 2.5,
  "spacing_y": 2.5,
  "spacing_z": 2.5,
  "summary_bg_k": 78.13449137388307,
  "summary_bg_mad": 74.14576867156433,
  "summary_bg_mean": 441.5274963378906,
  "summary_bg_median": 81.63027954101562,
  "summary_bg_n": 238077.0,
  "summary_bg_p05": 22.112674713134766,
  "summary_bg_p95": 2135.599999999995,
  "summary_bg_stdv": 1054.9276123046875,
  "summary_fg_k": 0.148164778085615,
  "summary_fg_mad": 3158.834603314002,
  "summary_fg_mean": 9543.900390625,
  "summary_fg_median": 9139.1689453125,
  "summary_fg_n": 77337.0,
  "summary_fg_p05": 5299.18369140625,
  "summary_fg_p95": 15111.5373046875,
  "summary_fg_stdv": 3065.95849609375,
  "tsnr": 49.356466880999506
}