{
  "aor": 0.0003841078838174274,
  "aqi": 0.0034548641078838175,
  "bids_meta": {
    "EchoTime": 0.03,
    "EffectiveEchoSpacing": 0.00049999,
    "FlipAngle": 65,
    "ImageType": [
      "ORIGINAL",
      "PRIMARY",
      "M",
      "MB",
      "ND",
      "MOSAI"
    ],
    "MagneticFieldStrength": 3,
    "Manufacturer": "Siemens",
    "ManufacturersModelName": "Prisma",
    "PhaseEncodingDirection": "j-",
    "RepetitionTime": 1.224,
    "SliceTiming": [
      1.1375,
      1.07,
      1.0025,
      0.9375,
      0.87,
      0.8025,
      0.735,
      0.67,
      0.6025,
      0.535,
      0.4675,
      0.4025,
      0.335,
      0.2675,
      0.2,
      0.135,
      0.0675,
      0,
      1.1375,
      1.07,
      1.0025,
      0.9375,
      0.87,
      0.8025,
      0.735,
      0.67,
      0.6025,
      0.535,
      0.4675,
      0.4025,
      0.335,
      0.2675,
      0.2,
      0.135,
      0.0675,
      0,
      1.1375,
      1.07,
      1.0025,
      0.9375,
      0.87,
      0.8025,
      0.735,
      0.67,
      0.6025,
      0.535,
      0.4675,
      0.4025,
      0.335,
      0.2675,
      0.2,
      0.135,
      0.0675,
      0
    ],
    "TaskName": "rest",
    "dataset": "ds002872",
    "modality": "bold",
    "subject_id": "24",
    "task_id": "rest"
  },
  "dummy_trs": 2,
  "dvars_nstd": 27.896396220810807,
  "dvars_std": 1.0916571121621619,
  "dvars_vstd": 0.9906451038253635,
  "efc": 0.4758775188923419,
  "fber": 16795.65234375,
  "fd_mean": 0.13080316427598296,
  "fd_num": 29,
  "fd_perc": 6.016597510373444,
  "fwhm_avg": 3.0504386666666665,
  "fwhm_x": 2.8346039999999997,
  "fwhm_y": 3.068436,
  "fwhm_z": 3.2482759999999997,
  "gcor": 0.00733456,
  "gsr_x": -0.013866833411157131,
  "gsr_y": 0.03834480047225952,
  "provenance": {
    "md5sum": "cafb7497795ac8b75de03685b30753d4",
    "settings": {
      "fd_thres": 0.2,
      "testing": false
    },
    "software": "mriqc",
    "version": "23.0.1",
    "webapi_port": null,
    "webapi_url": "https://mriqc.nimh.nih.gov/api/v1"
  },
  "size_t": 482,
  "size_x": 84,
  "size_y": 84,
  "size_z": 54,
  "snr": 2.7365661112409088,
  "spacing_tr": 1.2239999771118164,
  "spacing_x": 2.5,
  "spacing_y": 2.5,
  "spacing_z": 2.5,
  "summary_bg_k": 47.26023961445349,
  "summary_bg_mad": 50.86270560259538,
  "summary_bg_mean": 344.9537048339844,
  "summary_bg_median": 67.36021423339844,
  "summary_bg_n": 243311.0,
  "summary_bg_p05": 27.510355949401855,
  "summary_bg_p95": 1537.8330688476562,
  "summary_bg_stdv": 842.9300537109375,
  "summary_fg_k": 2.242531735042509,
  "summary_fg_mad": 2868.256151316736,
  "summary_fg_mean": 9625.921875,
  "summary_fg_median": 9065.111328125,
  "summary_fg_n": 74255.0,
  "summary_fg_p05": 5439.543310546875,
  "summary_fg_p95": 15859.547851562502,
  "summary_fg_stdv": 3312.56396484375,
  "tsnr": 52.80501174926758
}