{
  "aor": 0.0012353356890459364,
  "aqi": 0.005347830918727915,
  "bids_meta": {
    "EchoTime": 0.03,
    "EffectiveEchoSpacing": 0.00049999,
    "FlipAngle": 65,
    "ImageType": [
      "ORIGINAL",
      "PRIMARY",
      "M",
      "MB",
      "ND",
      "MOSAI"
    ],
    "MagneticFieldStrength": 3,
    "Manufacturer": "Siemens",
    "ManufacturersModelName": "Prisma",
    "PhaseEncodingDirection": "j-",
    "RepetitionTime": 1.224,
    "SliceTiming": [
      1.1375,
      1.07,
      1.005,
      0.9375,
      0.87,
      0.8025,
      0.7375,
      0.67,
      0.6025,
      0.535,
      0.47,
      0.4025,
      0.335,
      0.2675,
      0.2025,
      0.135,
      0.0675,
      0,
      1.1375,
      1.07,
      1.005,
      0.9375,
      0.87,
      0.8025,
      0.7375,
      0.67,
      0.6025,
      0.535,
      0.47,
      0.4025,
      0.335,
      0.2675,
      0.2025,
      0.135,
      0.0675,
      0,
      1.1375,
      1.07,
      1.005,
      0.9375,
      0.87,
      0.8025,
      0.7375,
      0.67,
      0.6025,
      0.535,
      0.47,
      0.4025,
      0.335,
      0.2675,
      0.2025,
      0.135,
      0.0675,
      0
    ],
    "TaskName": "illusion",
    "dataset": "ds002872",
    "modality": "bold",
    "run_id": 1,
    "subject_id": "24",
    "task_id": "illusion"
  },
  "dummy_trs": 1,
  "dvars_nstd": 31.74105592804966,
  "dvars_std": 1.079884180496454,
  "dvars_vstd": 0.9873738804964536,
  "efc": 0.4770264910582001,
  "fber": 17024.013671875,
  "fd_mean": 0.2268226225063949,
  "fd_num": 99,
  "fd_perc": 34.98233215547703,
  "fwhm_avg": 3.0186546666666665,
  "fwhm_x": 2.805532,
  "fwhm_y": 3.0418600000000002,
  "fwhm_z": 3.208572,
  "gcor": 0.0213767,
  "gsr_x": -0.014341249130666256,
  "gsr_y": 0.041886039078235626,
  "provenance": {
    "md5sum": "e431d68af41871d0d8e0d629dd54fc34",
    "settings": {
      "fd_thres": 0.2,
      "testing": false
    },
    "software": "mriqc",
    "version": "23.0.1",
    "webapi_port": null,
    "webapi_url": "https://mriqc.nimh.nih.gov/api/v1"
  },
  "size_t": 283,
  "size_x": 84,
  "size_y": 84,
  "size_z": 54,
  "snr": 2.7659408184794403,
  "spacing_tr": 1.2239999771118164,
  "spacing_x": 2.5,
  "spacing_y": 2.5,
  "spacing_z": 2.5,
  "summary_bg_k": 61.716661225665604,
  "summary_bg_mad": 46.913217963235425,
  "summary_bg_mean": 364.22088623046875,
  "summary_bg_median": 67.25141906738281,
  "summary_bg_n": 243632.0,
  "summary_bg_p05": 31.865661334991454,
  "summary_bg_p95": 1572.0208923339815,
  "summary_bg_stdv": 913.9830322265625,
  "summary_fg_k": 2.208688236137826,
  "summary_fg_mad": 2876.623659980113,
  "summary_fg_mean": 9669.0556640625,
  "summary_fg_median": 9107.5546875,
  "summary_fg_n": 73678.0,
  "summary_fg_p05": 5508.881030273437,
  "summary_fg_p95": 15841.364257812498,
  "summary_fg_stdv": 3292.728759765625,
  "tsnr": 45.64949417114258
}